{
  "aor": 0.0013452690582959638,
  "aqi": 0.014347152062780267,
  "bids_meta": {
    "AcquisitionMatrixPE": 82,
    "AcquisitionNumber": 1,
    "AcquisitionTime": "15:22:34.130000",
    "BandwidthPerPixelPhaseEncode": 23.912,
    "BaseResolution": 82,
    "ConversionSoftware": "dcm2niix",
    "ConversionSoftwareVersion": "v1.0.20171215 Clang9.0.0",
    "DerivedVendorReportedEchoSpacing": 0.00051,
    "DeviceSerialNumber": "35451",
    "DwellTime": 2.2e-06,
    "EchoTime": 0.029,
    "EffectiveEchoSpacing": 0.00051,
    "FlipAngle": 44,
    "ImageComments": "Unaliased_MB8_PE3_(remote)",
    "ImageOrientationPatientDICOM": [
      0.999843,
      0.00765898,
      0.0159829,
      3.97412e-08,
      0.901804,
      -0.432145
    ],
    "ImageType": [
      "ORIGINAL",
      "PRIMARY",
      "M",
      "MB",
      "ND",
      "NORM",
      "MOSAIC"
    ],
    "InPlanePhaseEncodingDirectionDICOM": "COL",
    "InstitutionAddress": "Exposition_Drive_1777_Boulder-_c0d8dc-_Denver_US_80301",
    "InstitutionName": "Intermountain_Neuroimaging_Consortium",
    "InstitutionalDepartmentName": "Department",
    "MRAcquisitionType": "2D",
    "MagneticFieldStrength": 3,
    "Manufacturer": "Siemens",
    "ManufacturersModelName": "TrioTim",
    "Modality": "MR",
    "MultibandAccelerationFactor": 8,
    "PartialFourier": 1,
    "PatientPosition": "HFS",
    "PercentPhaseFOV": 100,
    "PhaseEncodingDirection": "j",
    "PhaseEncodingSteps": 82,
    "PhaseResolution": 1,
    "PixelBandwidth": 2772,
    "ProcedureStepDescription": "VMITTAL_adaptcog_200068",
    "ProtocolName": "ritl_pa_32ch_mb8_v01_r04",
    "PulseSequenceDetails": "%CustomerSeq%_cmrr_mbep2d_bold",
    "ReceiveCoilName": "32Ch_Head",
    "ReconMatrixPE": 82,
    "RepetitionTime": 0.46,
    "SAR": 0.141331,
    "ScanOptions": "FS",
    "ScanningSequence": "EP",
    "SequenceName": "epfid2d1_82",
    "SequenceVariant": "SK_SS",
    "SeriesDescription": "ritl_pa_32ch_mb8_v01_r04",
    "SeriesNumber": 12,
    "ShimSetting": [
      6787,
      12673,
      -6749,
      533,
      306,
      164,
      -121,
      169
    ],
    "SliceThickness": 3,
    "SliceTiming": [
      0,
      0.265,
      0.0675,
      0.33,
      0.1325,
      0.3975,
      0.2,
      0,
      0.265,
      0.0675,
      0.33,
      0.1325,
      0.3975,
      0.2,
      0,
      0.265,
      0.0675,
      0.33,
      0.1325,
      0.3975,
      0.2,
      0,
      0.265,
      0.0675,
      0.33,
      0.1325,
      0.3975,
      0.2,
      0,
      0.265,
      0.0675,
      0.33,
      0.1325,
      0.3975,
      0.2,
      0,
      0.265,
      0.0675,
      0.33,
      0.1325,
      0.3975,
      0.2,
      0,
      0.265,
      0.0675,
      0.33,
      0.1325,
      0.3975,
      0.2,
      0,
      0.265,
      0.0675,
      0.33,
      0.1325,
      0.3975,
      0.2
    ],
    "SoftwareVersions": "syngo_MR_B17",
    "SpacingBetweenSlices": 3,
    "StationName": "MRC35451",
    "TaskName": "ritl",
    "TotalReadoutTime": 0.04131,
    "TxRefAmp": 346.473,
    "acq_id": "MB",
    "dataset": "ds001371",
    "modality": "bold",
    "run_id": 4,
    "subject_id": "M80392216",
    "task_id": "ritl"
  },
  "dummy_trs": 2,
  "dvars_nstd": 32.409741101010134,
  "dvars_std": 1.1866143311111106,
  "dvars_vstd": 1.0182194929292938,
  "efc": 0.43236431639315065,
  "fber": 19921.80078125,
  "fd_mean": 0.059944045804759975,
  "fd_num": 5,
  "fd_perc": 0.5605381165919282,
  "fwhm_avg": 1.74980258956019,
  "fwhm_x": 1.586789286397421,
  "fwhm_y": 1.8906984822831499,
  "fwhm_z": 1.77192,
  "gcor": 0.0119429,
  "gsr_x": -0.02612772025167942,
  "gsr_y": 0.038364991545677185,
  "provenance": {
    "md5sum": "08bac00e6a8c8d176baca08524c0e840",
    "settings": {
      "fd_thres": 0.2,
      "testing": false
    },
    "software": "mriqc",
    "version": "22.0.6",
    "webapi_port": null,
    "webapi_url": "https://mriqc.nimh.nih.gov/api/v1"
  },
  "size_t": 892,
  "size_x": 82,
  "size_y": 82,
  "size_z": 56,
  "snr": 6.82779260902813,
  "spacing_tr": 0.46000000834465027,
  "spacing_x": 3.02439022064209,
  "spacing_y": 3.02439022064209,
  "spacing_z": 3.0,
  "summary_bg_k": 16.50061745732765,
  "summary_bg_mad": 2.3751554168591706,
  "summary_bg_mean": 11.250725746154785,
  "summary_bg_median": 1.8396861553192139,
  "summary_bg_n": 277607.0,
  "summary_bg_p05": 0.030269060283899307,
  "summary_bg_p95": 62.54821014404297,
  "summary_bg_stdv": 23.416126251220703,
  "summary_fg_k": 1.7913480946956062,
  "summary_fg_mad": 34.0533161018699,
  "summary_fg_mean": 255.02853393554688,
  "summary_fg_median": 254.22982788085938,
  "summary_fg_n": 45395.0,
  "summary_fg_p05": 198.5960891723633,
  "summary_fg_p95": 316.0958679199218,
  "summary_fg_stdv": 37.23414611816406,
  "tsnr": 44.57023643888533
}