{
  "bids_meta": {
    "AcquisitionMatrixPE": 320,
    "AcquisitionNumber": 1,
    "AcquisitionTime": "10:10:34.167500",
    "BaseResolution": 320,
    "ConversionSoftware": "dcm2niix",
    "ConversionSoftwareVersion": "v1.0.20171215 Clang9.0.0",
    "DeviceSerialNumber": "35451",
    "DwellTime": 6.5e-06,
    "EchoTime": 0.00201,
    "FlipAngle": 8,
    "ImageOrientationPatientDICOM": [
      -0.0244635,
      0.999701,
      5.08709e-08,
      -0.0645057,
      -0.00157845,
      -0.997916
    ],
    "ImageType": [
      "ORIGINAL",
      "PRIMARY",
      "M",
      "ND",
      "NORM"
    ],
    "InPlanePhaseEncodingDirectionDICOM": "ROW",
    "InstitutionAddress": "Exposition_Drive_1777_Boulder-_6392da-_Denver_US_80301",
    "InstitutionName": "Intermountain_Neuroimaging_Consortium",
    "InstitutionalDepartmentName": "Department",
    "InversionTime": 1,
    "MRAcquisitionType": "3D",
    "MagneticFieldStrength": 3,
    "Manufacturer": "Siemens",
    "ManufacturersModelName": "TrioTim",
    "Modality": "MR",
    "ParallelReductionFactorInPlane": 2,
    "PartialFourier": 1,
    "PatientPosition": "HFS",
    "PercentPhaseFOV": 100,
    "PhaseEncodingSteps": 319,
    "PhaseResolution": 1,
    "PixelBandwidth": 240,
    "ProcedureStepDescription": "VMITTAL_adaptcog_200068",
    "ProtocolName": "t1w_32ch_mpr_08mm",
    "PulseSequenceDetails": "%SiemensSeq%_tfl",
    "ReceiveCoilName": "32Ch_Head",
    "ReconMatrixPE": 320,
    "RepetitionTime": 2.4,
    "SAR": 0.0746624,
    "ScanOptions": "IR_WE",
    "ScanningSequence": "GR_IR",
    "SequenceName": "_tfl3d1_ns",
    "SequenceVariant": "SP_MP",
    "SeriesDescription": "t1w_32ch_mpr_08mm",
    "SeriesNumber": 2,
    "ShimSetting": [
      6740,
      12622,
      -6773,
      180,
      339,
      -489,
      443,
      113
    ],
    "SliceThickness": 0.8,
    "SoftwareVersions": "syngo_MR_B17",
    "StationName": "MRC35451",
    "TxRefAmp": 346.13,
    "dataset": "ds001371",
    "modality": "T1w",
    "subject_id": "M80397330"
  },
  "cjv": 0.33841614585621166,
  "cnr": 3.874336405586224,
  "efc": 0.5070990078300818,
  "fber": 23649.651260353545,
  "fwhm_avg": 4.6679924180805115,
  "fwhm_x": 4.490514896003168,
  "fwhm_y": 4.815574928242342,
  "fwhm_z": 4.697887429996022,
  "icvs_csf": 0.2277172279709941,
  "icvs_gm": 0.4269451154616126,
  "icvs_wm": 0.3453376565673933,
  "inu_med": 0.4767107516527176,
  "inu_range": 0.20295591056346896,
  "provenance": {
    "md5sum": "2fa263d547e7e2563b21bfe28011797d",
    "settings": {
      "testing": false
    },
    "software": "mriqc",
    "version": "22.0.6",
    "warnings": {
      "large_rot_frame": true,
      "small_air_mask": false
    },
    "webapi_port": null,
    "webapi_url": "https://mriqc.nimh.nih.gov/api/v1"
  },
  "qi_1": 2.6188911091265737e-06,
  "qi_2": 0.015323227922546034,
  "rpve_csf": 24.892159893727545,
  "rpve_gm": 13.643027129938124,
  "rpve_wm": 19.323624008368782,
  "size_x": 224,
  "size_y": 320,
  "size_z": 320,
  "snr_csf": 2.5605362716649123,
  "snr_gm": 12.69009204961476,
  "snr_total": 13.065556415257982,
  "snr_wm": 23.946040924494273,
  "snrd_csf": 38.157084611140725,
  "snrd_gm": 109.3643031526171,
  "snrd_total": 99.4753486749243,
  "snrd_wm": 150.90465826101507,
  "spacing_x": 0.8000018000602722,
  "spacing_y": 0.800000011920929,
  "spacing_z": 0.800000011920929,
  "summary_bg_k": 8.848917594705458,
  "summary_bg_mad": 4.341489932808372,
  "summary_bg_mean": 4.347396902737081,
  "summary_bg_median": 2.9282904602587223,
  "summary_bg_n": 6888846.0,
  "summary_bg_p05": 0.0,
  "summary_bg_p95": 17.32385577633977,
  "summary_bg_stdv": 6.546333892916728,
  "summary_csf_k": 1.1669415314771747,
  "summary_csf_mad": 75.52866837305557,
  "summary_csf_mean": 262.87528178732356,
  "summary_csf_median": 252.86123424768448,
  "summary_csf_n": 108412.0,
  "summary_csf_p05": 106.57077239546925,
  "summary_csf_p95": 452.1515180943533,
  "summary_csf_stdv": 98.7527772358305,
  "summary_gm_k": 0.3448424349834953,
  "summary_gm_mad": 54.51718274404406,
  "summary_gm_mean": 722.7795964122588,
  "summary_gm_median": 724.7407122328877,
  "summary_gm_n": 83514.0,
  "summary_gm_p05": 625.5588437430561,
  "summary_gm_p95": 813.5059138946235,
  "summary_gm_stdv": 57.110411047385526,
  "summary_wm_k": 0.6080087027918135,
  "summary_wm_mad": 38.642574516447034,
  "summary_wm_mean": 999.2226298476604,
  "summary_wm_median": 1000.0223688594997,
  "summary_wm_n": 400164.0,
  "summary_wm_p05": 929.4751574657857,
  "summary_wm_p95": 1066.7248019389808,
  "summary_wm_stdv": 41.76143866521765,
  "tpm_overlap_csf": 0.14779641321968626,
  "tpm_overlap_gm": 0.4548021103485118,
  "tpm_overlap_wm": 0.4998669545056676,
  "wm2max": 0.9033033154302791
}