{
  "aor": 0.00044520134228187916,
  "aqi": 0.011099033903803132,
  "bids_meta": {
    "AcquisitionMatrixPE": 82,
    "AcquisitionNumber": 1,
    "AcquisitionTime": "15:29:9.982500",
    "BandwidthPerPixelPhaseEncode": 23.912,
    "BaseResolution": 82,
    "ConversionSoftware": "dcm2niix",
    "ConversionSoftwareVersion": "v1.0.20171215 Clang9.0.0",
    "DerivedVendorReportedEchoSpacing": 0.00051,
    "DeviceSerialNumber": "35451",
    "DwellTime": 2.2e-06,
    "EchoTime": 0.029,
    "EffectiveEchoSpacing": 0.00051,
    "FlipAngle": 44,
    "ImageComments": "Unaliased_MB8_PE3_(remote)",
    "ImageOrientationPatientDICOM": [
      0.999984,
      -0.00203494,
      -0.00527504,
      -9.36599e-09,
      0.932984,
      -0.359917
    ],
    "ImageType": [
      "ORIGINAL",
      "PRIMARY",
      "M",
      "MB",
      "ND",
      "NORM",
      "MOSAIC"
    ],
    "InPlanePhaseEncodingDirectionDICOM": "COL",
    "InstitutionAddress": "Exposition_Drive_1777_Boulder-_6392da-_Denver_US_80301",
    "InstitutionName": "Intermountain_Neuroimaging_Consortium",
    "InstitutionalDepartmentName": "Department",
    "MRAcquisitionType": "2D",
    "MagneticFieldStrength": 3,
    "Manufacturer": "Siemens",
    "ManufacturersModelName": "TrioTim",
    "Modality": "MR",
    "MultibandAccelerationFactor": 8,
    "PartialFourier": 1,
    "PatientPosition": "HFS",
    "PercentPhaseFOV": 100,
    "PhaseEncodingDirection": "j",
    "PhaseEncodingSteps": 82,
    "PhaseResolution": 1,
    "PixelBandwidth": 2772,
    "ProcedureStepDescription": "VMITTAL_adaptcog_200068",
    "ProtocolName": "ritl_pa_32ch_mb8_v01_r01",
    "PulseSequenceDetails": "%CustomerSeq%_cmrr_mbep2d_bold",
    "ReceiveCoilName": "32Ch_Head",
    "ReconMatrixPE": 82,
    "RepetitionTime": 0.46,
    "SAR": 0.177529,
    "ScanOptions": "FS",
    "ScanningSequence": "EP",
    "SequenceName": "epfid2d1_82",
    "SequenceVariant": "SK_SS",
    "SeriesDescription": "ritl_pa_32ch_mb8_v01_r01",
    "SeriesNumber": 6,
    "ShimSetting": [
      6788,
      12634,
      -6762,
      573,
      364,
      8,
      77,
      -95
    ],
    "SliceThickness": 3,
    "SliceTiming": [
      0,
      0.2625,
      0.065,
      0.3275,
      0.13,
      0.395,
      0.1975,
      0,
      0.2625,
      0.065,
      0.3275,
      0.13,
      0.395,
      0.1975,
      0,
      0.2625,
      0.065,
      0.3275,
      0.13,
      0.395,
      0.1975,
      0,
      0.2625,
      0.065,
      0.3275,
      0.13,
      0.395,
      0.1975,
      0,
      0.2625,
      0.065,
      0.3275,
      0.13,
      0.395,
      0.1975,
      0,
      0.2625,
      0.065,
      0.3275,
      0.13,
      0.395,
      0.1975,
      0,
      0.2625,
      0.065,
      0.3275,
      0.13,
      0.395,
      0.1975,
      0,
      0.2625,
      0.065,
      0.3275,
      0.13,
      0.395,
      0.1975
    ],
    "SoftwareVersions": "syngo_MR_B17",
    "SpacingBetweenSlices": 3,
    "StationName": "MRC35451",
    "TaskName": "ritl",
    "TotalReadoutTime": 0.04131,
    "TxRefAmp": 331.967,
    "acq_id": "MB",
    "dataset": "ds001371",
    "modality": "bold",
    "run_id": 1,
    "subject_id": "M80319012",
    "task_id": "ritl"
  },
  "dummy_trs": 0,
  "dvars_nstd": 29.874383917793978,
  "dvars_std": 1.1769709491937288,
  "dvars_vstd": 1.0104216534042563,
  "efc": 0.36943627287695685,
  "fber": 49039.25,
  "fd_mean": 0.05019490671553445,
  "fd_num": 0,
  "fd_perc": 0.0,
  "fwhm_avg": 1.8216018461906665,
  "fwhm_x": 1.7071639647425678,
  "fwhm_y": 1.909998240496099,
  "fwhm_z": 1.8476433333333333,
  "gcor": 0.0291786,
  "gsr_x": -0.021564383059740067,
  "gsr_y": 0.011519134044647217,
  "provenance": {
    "md5sum": "8f59ce46b056f041b01fcc058a8f12eb",
    "settings": {
      "fd_thres": 0.2,
      "testing": false
    },
    "software": "mriqc",
    "version": "22.0.6",
    "webapi_port": null,
    "webapi_url": "https://mriqc.nimh.nih.gov/api/v1"
  },
  "size_t": 894,
  "size_x": 82,
  "size_y": 82,
  "size_z": 56,
  "snr": 7.52733067709198,
  "spacing_tr": 0.46000000834465027,
  "spacing_x": 3.02439022064209,
  "spacing_y": 3.02439022064209,
  "spacing_z": 3.0,
  "summary_bg_k": 30.31364798117167,
  "summary_bg_mad": 1.5472794657277078,
  "summary_bg_mean": 6.633603572845459,
  "summary_bg_median": 1.1610738039016724,
  "summary_bg_n": 289638.0,
  "summary_bg_p05": 0.010067114606499672,
  "summary_bg_p95": 34.7598421096801,
  "summary_bg_stdv": 16.327978134155273,
  "summary_fg_k": 1.545869275921917,
  "summary_fg_mad": 31.630479934017064,
  "summary_fg_mean": 255.57369995117188,
  "summary_fg_median": 254.63198852539062,
  "summary_fg_n": 35960.0,
  "summary_fg_p05": 205.0913848876953,
  "summary_fg_p95": 311.17393035888665,
  "summary_fg_stdv": 33.82719039916992,
  "tsnr": 53.79727804614231
}