{
  "aor": 0.0005046584546472564,
  "aqi": 0.01317104587905935,
  "bids_meta": {
    "AcquisitionMatrixPE": 82,
    "AcquisitionNumber": 1,
    "AcquisitionTime": "16:06:41.635000",
    "BandwidthPerPixelPhaseEncode": 23.912,
    "BaseResolution": 82,
    "ConversionSoftware": "dcm2niix",
    "ConversionSoftwareVersion": "v1.0.20171215 Clang9.0.0",
    "DerivedVendorReportedEchoSpacing": 0.00051,
    "DeviceSerialNumber": "35451",
    "DwellTime": 2.2e-06,
    "EchoTime": 0.029,
    "EffectiveEchoSpacing": 0.00051,
    "FlipAngle": 44,
    "ImageComments": "Unaliased_MB8_PE3_(remote)",
    "ImageOrientationPatientDICOM": [
      0.999984,
      -0.00203494,
      -0.00527504,
      -9.36599e-09,
      0.932984,
      -0.359917
    ],
    "ImageType": [
      "ORIGINAL",
      "PRIMARY",
      "M",
      "MB",
      "ND",
      "NORM",
      "MOSAIC"
    ],
    "InPlanePhaseEncodingDirectionDICOM": "COL",
    "InstitutionAddress": "Exposition_Drive_1777_Boulder-_6392da-_Denver_US_80301",
    "InstitutionName": "Intermountain_Neuroimaging_Consortium",
    "InstitutionalDepartmentName": "Department",
    "MRAcquisitionType": "2D",
    "MagneticFieldStrength": 3,
    "Manufacturer": "Siemens",
    "ManufacturersModelName": "TrioTim",
    "Modality": "MR",
    "MultibandAccelerationFactor": 8,
    "PartialFourier": 1,
    "PatientPosition": "HFS",
    "PercentPhaseFOV": 100,
    "PhaseEncodingDirection": "j",
    "PhaseEncodingSteps": 82,
    "PhaseResolution": 1,
    "PixelBandwidth": 2772,
    "ProcedureStepDescription": "VMITTAL_adaptcog_200068",
    "ProtocolName": "ritl_pa_32ch_mb8_v01_r06",
    "PulseSequenceDetails": "%CustomerSeq%_cmrr_mbep2d_bold",
    "ReceiveCoilName": "32Ch_Head",
    "ReconMatrixPE": 82,
    "RepetitionTime": 0.46,
    "SAR": 0.177529,
    "ScanOptions": "FS",
    "ScanningSequence": "EP",
    "SequenceName": "epfid2d1_82",
    "SequenceVariant": "SK_SS",
    "SeriesDescription": "ritl_pa_32ch_mb8_v01_r06",
    "SeriesNumber": 16,
    "ShimSetting": [
      6788,
      12634,
      -6762,
      573,
      364,
      8,
      77,
      -95
    ],
    "SliceThickness": 3,
    "SliceTiming": [
      0,
      0.265,
      0.0675,
      0.33,
      0.1325,
      0.395,
      0.1975,
      0,
      0.265,
      0.0675,
      0.33,
      0.1325,
      0.395,
      0.1975,
      0,
      0.265,
      0.0675,
      0.33,
      0.1325,
      0.395,
      0.1975,
      0,
      0.265,
      0.0675,
      0.33,
      0.1325,
      0.395,
      0.1975,
      0,
      0.265,
      0.0675,
      0.33,
      0.1325,
      0.395,
      0.1975,
      0,
      0.265,
      0.0675,
      0.33,
      0.1325,
      0.395,
      0.1975,
      0,
      0.265,
      0.0675,
      0.33,
      0.1325,
      0.395,
      0.1975,
      0,
      0.265,
      0.0675,
      0.33,
      0.1325,
      0.395,
      0.1975
    ],
    "SoftwareVersions": "syngo_MR_B17",
    "SpacingBetweenSlices": 3,
    "StationName": "MRC35451",
    "TaskName": "ritl",
    "TotalReadoutTime": 0.04131,
    "TxRefAmp": 331.967,
    "acq_id": "MB",
    "dataset": "ds001371",
    "modality": "bold",
    "run_id": 6,
    "subject_id": "M80319012",
    "task_id": "ritl"
  },
  "dummy_trs": 1,
  "dvars_nstd": 29.681210729473086,
  "dvars_std": 1.1750709825000012,
  "dvars_vstd": 1.0056216641031401,
  "efc": 0.37086006419520223,
  "fber": 46603.47265625,
  "fd_mean": 0.06065319386372815,
  "fd_num": 12,
  "fd_perc": 1.343784994400896,
  "fwhm_avg": 1.8199135128294797,
  "fwhm_x": 1.7013313840525486,
  "fwhm_y": 1.9049658211025562,
  "fwhm_z": 1.8534433333333336,
  "gcor": 0.0496988,
  "gsr_x": -0.022284328937530518,
  "gsr_y": 0.009958077222108841,
  "provenance": {
    "md5sum": "6a082209de11f575cf74cc01e43dc289",
    "settings": {
      "fd_thres": 0.2,
      "testing": false
    },
    "software": "mriqc",
    "version": "22.0.6",
    "webapi_port": null,
    "webapi_url": "https://mriqc.nimh.nih.gov/api/v1"
  },
  "size_t": 893,
  "size_x": 82,
  "size_y": 82,
  "size_z": 56,
  "snr": 7.575464406793062,
  "spacing_tr": 0.46000000834465027,
  "spacing_x": 3.02439022064209,
  "spacing_y": 3.02439022064209,
  "spacing_z": 3.0,
  "summary_bg_k": 28.54955832230105,
  "summary_bg_mad": 1.5855378671718054,
  "summary_bg_mean": 6.876936912536621,
  "summary_bg_median": 1.193729043006897,
  "summary_bg_n": 289975.0,
  "summary_bg_p05": 0.011198208667337894,
  "summary_bg_p95": 36.35084114074706,
  "summary_bg_stdv": 16.75041389465332,
  "summary_fg_k": 1.7199306036869828,
  "summary_fg_mad": 31.2517078248795,
  "summary_fg_mean": 255.30694580078125,
  "summary_fg_median": 254.37234497070312,
  "summary_fg_n": 35804.0,
  "summary_fg_p05": 205.00610580444337,
  "summary_fg_p95": 310.5525238037109,
  "summary_fg_stdv": 33.577980041503906,
  "tsnr": 49.07390433177352
}