{
  "bids_meta": {
    "AcquisitionMatrixPE": 320,
    "AcquisitionNumber": 1,
    "AcquisitionTime": "12:20:10.860000",
    "BaseResolution": 320,
    "ConversionSoftware": "dcm2niix",
    "ConversionSoftwareVersion": "v1.0.20171215 Clang9.0.0",
    "DeviceSerialNumber": "35451",
    "DwellTime": 6.5e-06,
    "EchoTime": 0.00201,
    "FlipAngle": 8,
    "ImageOrientationPatientDICOM": [
      0.00523594,
      0.999986,
      -6.37286e-09,
      0.0209422,
      -0.00010966,
      -0.999781
    ],
    "ImageType": [
      "ORIGINAL",
      "PRIMARY",
      "M",
      "ND",
      "NORM"
    ],
    "InPlanePhaseEncodingDirectionDICOM": "ROW",
    "InstitutionAddress": "Exposition_Drive_1777_Boulder-_c0d8dc-_Denver_US_80301",
    "InstitutionName": "Intermountain_Neuroimaging_Consortium",
    "InstitutionalDepartmentName": "Department",
    "InversionTime": 1,
    "MRAcquisitionType": "3D",
    "MagneticFieldStrength": 3,
    "Manufacturer": "Siemens",
    "ManufacturersModelName": "TrioTim",
    "Modality": "MR",
    "ParallelReductionFactorInPlane": 2,
    "PartialFourier": 1,
    "PatientPosition": "HFS",
    "PercentPhaseFOV": 100,
    "PhaseEncodingSteps": 319,
    "PhaseResolution": 1,
    "PixelBandwidth": 240,
    "ProcedureStepDescription": "VMITTAL_adaptcog_200068",
    "ProtocolName": "t1w_32ch_mpr_08mm",
    "PulseSequenceDetails": "%SiemensSeq%_tfl",
    "ReceiveCoilName": "32Ch_Head",
    "ReconMatrixPE": 320,
    "RepetitionTime": 2.4,
    "SAR": 0.0752642,
    "ScanOptions": "IR_WE",
    "ScanningSequence": "GR_IR",
    "SequenceName": "_tfl3d1_ns",
    "SequenceVariant": "SP_MP",
    "SeriesDescription": "t1w_32ch_mpr_08mm",
    "SeriesNumber": 2,
    "ShimSetting": [
      6810,
      12621,
      -6799,
      115,
      181,
      -569,
      281,
      52
    ],
    "SliceThickness": 0.8,
    "SoftwareVersions": "syngo_MR_B17",
    "StationName": "MRC35451",
    "TxRefAmp": 330.422,
    "dataset": "ds001371",
    "modality": "T1w",
    "subject_id": "M80391297"
  },
  "cjv": 0.3323593882400953,
  "cnr": 3.925987426910828,
  "efc": 0.5618982310005476,
  "fber": 18708.16049382716,
  "fwhm_avg": 4.683481519848103,
  "fwhm_x": 4.645794699684512,
  "fwhm_y": 4.6993999299734845,
  "fwhm_z": 4.705249929886312,
  "icvs_csf": 0.15466071491693786,
  "icvs_gm": 0.472031217548342,
  "icvs_wm": 0.3733080675347201,
  "inu_med": 0.48465496301651,
  "inu_range": 0.2290958434343338,
  "provenance": {
    "md5sum": "8a0d78117769c1c23545accfb1ac98cb",
    "settings": {
      "testing": false
    },
    "software": "mriqc",
    "version": "22.0.6",
    "warnings": {
      "large_rot_frame": true,
      "small_air_mask": false
    },
    "webapi_port": null,
    "webapi_url": "https://mriqc.nimh.nih.gov/api/v1"
  },
  "qi_1": 0.002277211274453397,
  "qi_2": 0.009431230566110935,
  "rpve_csf": 29.86502887485641,
  "rpve_gm": 11.33801165840746,
  "rpve_wm": 15.586753369263933,
  "size_x": 224,
  "size_y": 320,
  "size_z": 320,
  "snr_csf": 2.402382121525832,
  "snr_gm": 15.096009708957974,
  "snr_total": 13.383089740296507,
  "snr_wm": 22.650877390405714,
  "snrd_csf": 38.15184418005431,
  "snrd_gm": 103.82667336528536,
  "snrd_total": 94.21966813483736,
  "snrd_wm": 140.6804868591724,
  "spacing_x": 0.7999987602233887,
  "spacing_y": 0.800000011920929,
  "spacing_z": 0.800000011920929,
  "summary_bg_k": 220.2172982600914,
  "summary_bg_mad": 4.657040695644012,
  "summary_bg_mean": 5.212712719194768,
  "summary_bg_median": 3.1411262154579163,
  "summary_bg_n": 4879019.0,
  "summary_bg_p05": 0.0,
  "summary_bg_p95": 19.51985576748848,
  "summary_bg_stdv": 10.64151588365313,
  "summary_csf_k": 1.1790267395334242,
  "summary_csf_mad": 89.46092014891154,
  "summary_csf_mean": 278.6423533168836,
  "summary_csf_median": 271.202593781054,
  "summary_csf_n": 62130.0,
  "summary_csf_p05": 83.22441953625531,
  "summary_csf_p95": 482.6578819094222,
  "summary_csf_stdv": 112.88812416678667,
  "summary_gm_k": 0.5668589747198203,
  "summary_gm_mad": 45.73879254650369,
  "summary_gm_mean": 736.9346806751038,
  "summary_gm_median": 738.0524775534868,
  "summary_gm_n": 172999.0,
  "summary_gm_p05": 654.9248159229755,
  "summary_gm_p95": 815.0661613717675,
  "summary_gm_stdv": 48.89042592496936,
  "summary_wm_k": 0.6001117965852352,
  "summary_wm_mad": 41.33123617384061,
  "summary_wm_mean": 998.9284461921442,
  "summary_wm_median": 1000.0280130766332,
  "summary_wm_n": 526882.0,
  "summary_wm_p05": 925.7908604666591,
  "summary_wm_p95": 1070.2265748381615,
  "summary_wm_stdv": 44.149595039267425,
  "tpm_overlap_csf": 0.1292821456576918,
  "tpm_overlap_gm": 0.45155017408013753,
  "tpm_overlap_wm": 0.4973573686441098,
  "wm2max": 0.8574485992545389
}