{
  "aor": 0.0005666031390134529,
  "aqi": 0.010836514943946189,
  "bids_meta": {
    "AcquisitionMatrixPE": 82,
    "AcquisitionNumber": 1,
    "AcquisitionTime": "10:08:55.985000",
    "BandwidthPerPixelPhaseEncode": 23.912,
    "BaseResolution": 82,
    "ConversionSoftware": "dcm2niix",
    "ConversionSoftwareVersion": "v1.0.20171215 Clang9.0.0",
    "DerivedVendorReportedEchoSpacing": 0.00051,
    "DeviceSerialNumber": "35451",
    "DwellTime": 2.2e-06,
    "EchoTime": 0.029,
    "EffectiveEchoSpacing": 0.00051,
    "FlipAngle": 44,
    "ImageComments": "Unaliased_MB8_PE3_(remote)",
    "ImageOrientationPatientDICOM": [
      0.999917,
      -0.00495404,
      -0.0119,
      -4.43187e-08,
      0.923194,
      -0.384335
    ],
    "ImageType": [
      "ORIGINAL",
      "PRIMARY",
      "M",
      "MB",
      "ND",
      "NORM",
      "MOSAIC"
    ],
    "InPlanePhaseEncodingDirectionDICOM": "COL",
    "InstitutionAddress": "Exposition_Drive_1777_Boulder-_6392da-_Denver_US_80301",
    "InstitutionName": "Intermountain_Neuroimaging_Consortium",
    "InstitutionalDepartmentName": "Department",
    "MRAcquisitionType": "2D",
    "MagneticFieldStrength": 3,
    "Manufacturer": "Siemens",
    "ManufacturersModelName": "TrioTim",
    "Modality": "MR",
    "MultibandAccelerationFactor": 8,
    "PartialFourier": 1,
    "PatientPosition": "HFS",
    "PercentPhaseFOV": 100,
    "PhaseEncodingDirection": "j",
    "PhaseEncodingSteps": 82,
    "PhaseResolution": 1,
    "PixelBandwidth": 2772,
    "ProcedureStepDescription": "VMITTAL_adaptcog_200068",
    "ProtocolName": "ritl_pa_32ch_mb8_v01_r04",
    "PulseSequenceDetails": "%CustomerSeq%_cmrr_mbep2d_bold",
    "ReceiveCoilName": "32Ch_Head",
    "ReconMatrixPE": 82,
    "RepetitionTime": 0.46,
    "SAR": 0.165751,
    "ScanOptions": "FS",
    "ScanningSequence": "EP",
    "SequenceName": "epfid2d1_82",
    "SequenceVariant": "SK_SS",
    "SeriesDescription": "ritl_pa_32ch_mb8_v01_r04",
    "SeriesNumber": 12,
    "ShimSetting": [
      6793,
      12625,
      -6719,
      733,
      481,
      -145,
      287,
      77
    ],
    "SliceThickness": 3,
    "SliceTiming": [
      0,
      0.265,
      0.0675,
      0.33,
      0.1325,
      0.395,
      0.1975,
      0,
      0.265,
      0.0675,
      0.33,
      0.1325,
      0.395,
      0.1975,
      0,
      0.265,
      0.0675,
      0.33,
      0.1325,
      0.395,
      0.1975,
      0,
      0.265,
      0.0675,
      0.33,
      0.1325,
      0.395,
      0.1975,
      0,
      0.265,
      0.0675,
      0.33,
      0.1325,
      0.395,
      0.1975,
      0,
      0.265,
      0.0675,
      0.33,
      0.1325,
      0.395,
      0.1975,
      0,
      0.265,
      0.0675,
      0.33,
      0.1325,
      0.395,
      0.1975,
      0,
      0.265,
      0.0675,
      0.33,
      0.1325,
      0.395,
      0.1975
    ],
    "SoftwareVersions": "syngo_MR_B17",
    "SpacingBetweenSlices": 3,
    "StationName": "MRC35451",
    "TaskName": "ritl",
    "TotalReadoutTime": 0.04131,
    "TxRefAmp": 331.981,
    "acq_id": "MB",
    "dataset": "ds001371",
    "modality": "bold",
    "run_id": 4,
    "subject_id": "M80361478",
    "task_id": "ritl"
  },
  "dummy_trs": 2,
  "dvars_nstd": 26.654563961616166,
  "dvars_std": 1.1351830895847361,
  "dvars_vstd": 1.0016579192929285,
  "efc": 0.35907955068073294,
  "fber": 47798.22265625,
  "fd_mean": 0.05401015284057848,
  "fd_num": 0,
  "fd_perc": 0.0,
  "fwhm_avg": 1.6879085659522284,
  "fwhm_x": 1.5869281573662306,
  "fwhm_y": 1.769454207157121,
  "fwhm_z": 1.7073433333333332,
  "gcor": 0.019174,
  "gsr_x": -0.026834193617105484,
  "gsr_y": 0.015102999284863472,
  "provenance": {
    "md5sum": "40ddf6550b142d37c02b52ab4dc9c392",
    "settings": {
      "fd_thres": 0.2,
      "testing": false
    },
    "software": "mriqc",
    "version": "22.0.6",
    "webapi_port": null,
    "webapi_url": "https://mriqc.nimh.nih.gov/api/v1"
  },
  "size_t": 892,
  "size_x": 82,
  "size_y": 82,
  "size_z": 56,
  "snr": 7.64935402002035,
  "spacing_tr": 0.46000000834465027,
  "spacing_x": 3.02439022064209,
  "spacing_y": 3.02439022064209,
  "spacing_z": 3.0,
  "summary_bg_k": 28.408714378706332,
  "summary_bg_mad": 1.7518641734957614,
  "summary_bg_mean": 8.160039901733398,
  "summary_bg_median": 1.3968610763549805,
  "summary_bg_n": 294941.0,
  "summary_bg_p05": 0.035874441266059875,
  "summary_bg_p95": 43.5908088684082,
  "summary_bg_stdv": 19.99032211303711,
  "summary_fg_k": 2.1568124325904785,
  "summary_fg_mad": 35.15447673092508,
  "summary_fg_mean": 295.1130676269531,
  "summary_fg_median": 295.2483215332031,
  "summary_fg_n": 31700.0,
  "summary_fg_p05": 235.1487243652344,
  "summary_fg_p95": 356.7837158203125,
  "summary_fg_stdv": 38.59720230102539,
  "tsnr": 55.13667074870318
}