{
  "aor": 0.0003176292134831461,
  "aqi": 0.010973631629213483,
  "bids_meta": {
    "AcquisitionMatrixPE": 82,
    "AcquisitionNumber": 1,
    "AcquisitionTime": "14:32:44.842500",
    "BandwidthPerPixelPhaseEncode": 23.912,
    "BaseResolution": 82,
    "ConversionSoftware": "dcm2niix",
    "ConversionSoftwareVersion": "v1.0.20171215 Clang9.0.0",
    "DerivedVendorReportedEchoSpacing": 0.00051,
    "DeviceSerialNumber": "35451",
    "DwellTime": 2.2e-06,
    "EchoTime": 0.029,
    "EffectiveEchoSpacing": 0.00051,
    "FlipAngle": 44,
    "ImageComments": "Unaliased_MB8_PE3_(remote)",
    "ImageOrientationPatientDICOM": [
      0.999155,
      0.0129884,
      0.0390016,
      1.49137e-08,
      0.948772,
      -0.315962
    ],
    "ImageType": [
      "ORIGINAL",
      "PRIMARY",
      "M",
      "ND",
      "NORM",
      "MOSAIC"
    ],
    "InPlanePhaseEncodingDirectionDICOM": "COL",
    "InstitutionAddress": "Exposition_Drive_1777_Boulder-_6392da-_Denver_US_80301",
    "InstitutionName": "Intermountain_Neuroimaging_Consortium",
    "InstitutionalDepartmentName": "Department",
    "MRAcquisitionType": "2D",
    "MagneticFieldStrength": 3,
    "Manufacturer": "Siemens",
    "ManufacturersModelName": "TrioTim",
    "Modality": "MR",
    "MultibandAccelerationFactor": 8,
    "PartialFourier": 1,
    "PatientPosition": "HFS",
    "PercentPhaseFOV": 100,
    "PhaseEncodingDirection": "j",
    "PhaseEncodingSteps": 82,
    "PhaseResolution": 1,
    "PixelBandwidth": 2772,
    "ProcedureStepDescription": "VMITTAL_adaptcog_200068",
    "ProtocolName": "ritl_pa_32ch_mb8_v01_r05",
    "PulseSequenceDetails": "%CustomerSeq%_cmrr_mbep2d_bold",
    "ReceiveCoilName": "32Ch_Head",
    "ReconMatrixPE": 82,
    "RepetitionTime": 0.46,
    "SAR": 0.170188,
    "ScanOptions": "FS",
    "ScanningSequence": "EP",
    "SequenceName": "epfid2d1_82",
    "SequenceVariant": "SK",
    "SeriesDescription": "ritl_pa_32ch_mb8_v01_r05",
    "SeriesNumber": 14,
    "ShimSetting": [
      6842,
      12612,
      -6788,
      469,
      472,
      -85,
      -59,
      -30
    ],
    "SliceThickness": 3,
    "SliceTiming": [
      0,
      0.265,
      0.0675,
      0.33,
      0.1325,
      0.3975,
      0.2,
      0,
      0.265,
      0.0675,
      0.33,
      0.1325,
      0.3975,
      0.2,
      0,
      0.265,
      0.0675,
      0.33,
      0.1325,
      0.3975,
      0.2,
      0,
      0.265,
      0.0675,
      0.33,
      0.1325,
      0.3975,
      0.2,
      0,
      0.265,
      0.0675,
      0.33,
      0.1325,
      0.3975,
      0.2,
      0,
      0.265,
      0.0675,
      0.33,
      0.1325,
      0.3975,
      0.2,
      0,
      0.265,
      0.0675,
      0.33,
      0.1325,
      0.3975,
      0.2,
      0,
      0.265,
      0.0675,
      0.33,
      0.1325,
      0.3975,
      0.2
    ],
    "SoftwareVersions": "syngo_MR_B17",
    "SpacingBetweenSlices": 3,
    "StationName": "MRC35451",
    "TaskName": "ritl",
    "TotalReadoutTime": 0.04131,
    "TxRefAmp": 343.2,
    "acq_id": "MB",
    "dataset": "ds001371",
    "modality": "bold",
    "run_id": 5,
    "subject_id": "M80375491",
    "task_id": "ritl"
  },
  "dummy_trs": 4,
  "dvars_nstd": 28.619819033948257,
  "dvars_std": 1.164364752935882,
  "dvars_vstd": 0.9952885102362213,
  "efc": 0.39150697512459043,
  "fber": 24195.83203125,
  "fd_mean": 0.042830427283646874,
  "fd_num": 4,
  "fd_perc": 0.449438202247191,
  "fwhm_avg": 1.7340974640518423,
  "fwhm_x": 1.6754352548211255,
  "fwhm_y": 1.7785238040010682,
  "fwhm_z": 1.7483333333333333,
  "gcor": 0.0276627,
  "gsr_x": -0.020353900268673897,
  "gsr_y": 0.007532388903200626,
  "provenance": {
    "md5sum": "7efd7454743616c1abe2bcd70d7b49e1",
    "settings": {
      "fd_thres": 0.2,
      "testing": false
    },
    "software": "mriqc",
    "version": "22.0.6",
    "webapi_port": null,
    "webapi_url": "https://mriqc.nimh.nih.gov/api/v1"
  },
  "size_t": 890,
  "size_x": 82,
  "size_y": 82,
  "size_z": 56,
  "snr": 7.107714399428135,
  "spacing_tr": 0.46000000834465027,
  "spacing_x": 3.02439022064209,
  "spacing_y": 3.02439022064209,
  "spacing_z": 3.0,
  "summary_bg_k": 34.812932336786574,
  "summary_bg_mad": 2.5770625032300867,
  "summary_bg_mean": 11.315557479858398,
  "summary_bg_median": 2.0224719047546387,
  "summary_bg_n": 289192.0,
  "summary_bg_p05": 0.03932584449648857,
  "summary_bg_p95": 58.90050621032716,
  "summary_bg_stdv": 27.493640899658203,
  "summary_fg_k": 1.1426657473945454,
  "summary_fg_mad": 41.53034947647755,
  "summary_fg_mean": 303.9564514160156,
  "summary_fg_median": 301.908447265625,
  "summary_fg_n": 37188.0,
  "summary_fg_p05": 241.6714065551758,
  "summary_fg_p95": 375.7622634887696,
  "summary_fg_stdv": 42.47559356689453,
  "tsnr": 52.90062691492494
}