{
  "aor": 0.0006100896860986547,
  "aqi": 0.009471846782511211,
  "bids_meta": {
    "AcquisitionMatrixPE": 82,
    "AcquisitionNumber": 1,
    "AcquisitionTime": "14:25:11.167500",
    "BandwidthPerPixelPhaseEncode": 23.912,
    "BaseResolution": 82,
    "ConversionSoftware": "dcm2niix",
    "ConversionSoftwareVersion": "v1.0.20171215 Clang9.0.0",
    "DerivedVendorReportedEchoSpacing": 0.00051,
    "DeviceSerialNumber": "35451",
    "DwellTime": 2.2e-06,
    "EchoTime": 0.029,
    "EffectiveEchoSpacing": 0.00051,
    "FlipAngle": 44,
    "ImageComments": "Unaliased_MB8_PE3_(remote)",
    "ImageOrientationPatientDICOM": [
      0.999155,
      0.0129884,
      0.0390016,
      1.49137e-08,
      0.948772,
      -0.315962
    ],
    "ImageType": [
      "ORIGINAL",
      "PRIMARY",
      "M",
      "ND",
      "NORM",
      "MOSAIC"
    ],
    "InPlanePhaseEncodingDirectionDICOM": "COL",
    "InstitutionAddress": "Exposition_Drive_1777_Boulder-_6392da-_Denver_US_80301",
    "InstitutionName": "Intermountain_Neuroimaging_Consortium",
    "InstitutionalDepartmentName": "Department",
    "MRAcquisitionType": "2D",
    "MagneticFieldStrength": 3,
    "Manufacturer": "Siemens",
    "ManufacturersModelName": "TrioTim",
    "Modality": "MR",
    "MultibandAccelerationFactor": 8,
    "PartialFourier": 1,
    "PatientPosition": "HFS",
    "PercentPhaseFOV": 100,
    "PhaseEncodingDirection": "j",
    "PhaseEncodingSteps": 82,
    "PhaseResolution": 1,
    "PixelBandwidth": 2772,
    "ProcedureStepDescription": "VMITTAL_adaptcog_200068",
    "ProtocolName": "ritl_pa_32ch_mb8_v01_r04",
    "PulseSequenceDetails": "%CustomerSeq%_cmrr_mbep2d_bold",
    "ReceiveCoilName": "32Ch_Head",
    "ReconMatrixPE": 82,
    "RepetitionTime": 0.46,
    "SAR": 0.167571,
    "ScanOptions": "FS",
    "ScanningSequence": "EP",
    "SequenceName": "epfid2d1_82",
    "SequenceVariant": "SK",
    "SeriesDescription": "ritl_pa_32ch_mb8_v01_r04",
    "SeriesNumber": 12,
    "ShimSetting": [
      6842,
      12612,
      -6788,
      469,
      472,
      -85,
      -59,
      -30
    ],
    "SliceThickness": 3,
    "SliceTiming": [
      0,
      0.2625,
      0.065,
      0.33,
      0.1325,
      0.395,
      0.1975,
      0,
      0.2625,
      0.065,
      0.33,
      0.1325,
      0.395,
      0.1975,
      0,
      0.2625,
      0.065,
      0.33,
      0.1325,
      0.395,
      0.1975,
      0,
      0.2625,
      0.065,
      0.33,
      0.1325,
      0.395,
      0.1975,
      0,
      0.2625,
      0.065,
      0.33,
      0.1325,
      0.395,
      0.1975,
      0,
      0.2625,
      0.065,
      0.33,
      0.1325,
      0.395,
      0.1975,
      0,
      0.2625,
      0.065,
      0.33,
      0.1325,
      0.395,
      0.1975,
      0,
      0.2625,
      0.065,
      0.33,
      0.1325,
      0.395,
      0.1975
    ],
    "SoftwareVersions": "syngo_MR_B17",
    "SpacingBetweenSlices": 3,
    "StationName": "MRC35451",
    "TaskName": "ritl",
    "TotalReadoutTime": 0.04131,
    "TxRefAmp": 343.2,
    "acq_id": "MB",
    "dataset": "ds001371",
    "modality": "bold",
    "run_id": 4,
    "subject_id": "M80375491",
    "task_id": "ritl"
  },
  "dummy_trs": 2,
  "dvars_nstd": 28.80774663890012,
  "dvars_std": 1.181293519090909,
  "dvars_vstd": 1.009144213501683,
  "efc": 0.3913384567398126,
  "fber": 24354.6796875,
  "fd_mean": 0.044159562524088335,
  "fd_num": 6,
  "fd_perc": 0.672645739910314,
  "fwhm_avg": 1.7274425177884296,
  "fwhm_x": 1.6766950128953302,
  "fwhm_y": 1.7667892071366251,
  "fwhm_z": 1.7388433333333333,
  "gcor": 0.0243834,
  "gsr_x": -0.020208628848195076,
  "gsr_y": 0.00708942674100399,
  "provenance": {
    "md5sum": "0659a366b6dcef93e534081d5626264f",
    "settings": {
      "fd_thres": 0.2,
      "testing": false
    },
    "software": "mriqc",
    "version": "22.0.6",
    "webapi_port": null,
    "webapi_url": "https://mriqc.nimh.nih.gov/api/v1"
  },
  "size_t": 892,
  "size_x": 82,
  "size_y": 82,
  "size_z": 56,
  "snr": 7.1036803758233615,
  "spacing_tr": 0.46000000834465027,
  "spacing_x": 3.02439022064209,
  "spacing_y": 3.02439022064209,
  "spacing_z": 3.0,
  "summary_bg_k": 35.28660231831107,
  "summary_bg_mad": 2.594554147494739,
  "summary_bg_mean": 11.295591354370117,
  "summary_bg_median": 2.017937421798706,
  "summary_bg_n": 289224.0,
  "summary_bg_p05": 0.035874441266059875,
  "summary_bg_p95": 58.7599254608154,
  "summary_bg_stdv": 27.48102378845215,
  "summary_fg_k": 1.211062810965391,
  "summary_fg_mad": 41.66576904556895,
  "summary_fg_mean": 303.8202209472656,
  "summary_fg_median": 301.70013427734375,
  "summary_fg_n": 37192.0,
  "summary_fg_p05": 241.73953247070312,
  "summary_fg_p95": 375.872395324707,
  "summary_fg_stdv": 42.47039031982422,
  "tsnr": 57.10518036666326
}