{
  "bids_meta": {
    "AcquisitionMatrixPE": 320,
    "AcquisitionNumber": 1,
    "AcquisitionTime": "09:53:4.337500",
    "BaseResolution": 320,
    "ConversionSoftware": "dcm2niix",
    "ConversionSoftwareVersion": "v1.0.20171215 Clang9.0.0",
    "DeviceSerialNumber": "35451",
    "DwellTime": 6.5e-06,
    "EchoTime": 0.00201,
    "FlipAngle": 8,
    "ImageOrientationPatientDICOM": [
      1e-16,
      1,
      0,
      0.0383878,
      -1e-16,
      -0.999263
    ],
    "ImageType": [
      "ORIGINAL",
      "PRIMARY",
      "M",
      "ND",
      "NORM"
    ],
    "InPlanePhaseEncodingDirectionDICOM": "ROW",
    "InstitutionAddress": "Exposition_Drive_1777_Boulder-_6392da-_Denver_US_80301",
    "InstitutionName": "Intermountain_Neuroimaging_Consortium",
    "InstitutionalDepartmentName": "Department",
    "InversionTime": 1,
    "MRAcquisitionType": "3D",
    "MagneticFieldStrength": 3,
    "Manufacturer": "Siemens",
    "ManufacturersModelName": "TrioTim",
    "Modality": "MR",
    "ParallelReductionFactorInPlane": 2,
    "PartialFourier": 1,
    "PatientPosition": "HFS",
    "PercentPhaseFOV": 100,
    "PhaseEncodingSteps": 319,
    "PhaseResolution": 1,
    "PixelBandwidth": 240,
    "ProcedureStepDescription": "VMITTAL_adaptcog_200068",
    "ProtocolName": "t1w_32ch_mpr_08mm",
    "PulseSequenceDetails": "%SiemensSeq%_tfl",
    "ReceiveCoilName": "32Ch_Head",
    "ReconMatrixPE": 320,
    "RepetitionTime": 2.4,
    "SAR": 0.0769439,
    "ScanOptions": "IR_WE",
    "ScanningSequence": "GR_IR",
    "SequenceName": "_tfl3d1_ns",
    "SequenceVariant": "SP_MP",
    "SeriesDescription": "t1w_32ch_mpr_08mm",
    "SeriesNumber": 2,
    "ShimSetting": [
      6774,
      12594,
      -6799,
      114,
      351,
      -691,
      713,
      26
    ],
    "SliceThickness": 0.8,
    "SoftwareVersions": "syngo_MR_B17",
    "StationName": "MRC35451",
    "TxRefAmp": 352.699,
    "dataset": "ds001371",
    "modality": "T1w",
    "subject_id": "M80365393"
  },
  "cjv": 0.3631186182222277,
  "cnr": 3.6553079141112157,
  "efc": 0.5651819213936451,
  "fber": 22478.828512110726,
  "fwhm_avg": 4.630970718661452,
  "fwhm_x": 4.609262294321518,
  "fwhm_y": 4.685499930180611,
  "fwhm_z": 4.598149931482227,
  "icvs_csf": 0.21643140306050604,
  "icvs_gm": 0.41945226766641847,
  "icvs_wm": 0.3641163292730755,
  "inu_med": 0.4793911576271057,
  "inu_range": 0.19505873322486877,
  "provenance": {
    "md5sum": "45c961e0bac71ea15f9888e7dfbcc517",
    "settings": {
      "testing": false
    },
    "software": "mriqc",
    "version": "22.0.6",
    "warnings": {
      "large_rot_frame": true,
      "small_air_mask": false
    },
    "webapi_port": null,
    "webapi_url": "https://mriqc.nimh.nih.gov/api/v1"
  },
  "qi_1": 0.0,
  "qi_2": 0.018779065001311268,
  "rpve_csf": 24.26159378697185,
  "rpve_gm": 12.9477818692719,
  "rpve_wm": 17.20214055689506,
  "size_x": 224,
  "size_y": 320,
  "size_z": 320,
  "snr_csf": 2.6016366974889307,
  "snr_gm": 12.055249082780925,
  "snr_total": 12.442045708883848,
  "snr_wm": 22.66925134638169,
  "snrd_csf": 26.284068364522614,
  "snrd_gm": 70.4708843489604,
  "snrd_total": 64.6068041673544,
  "snrd_wm": 97.06545978858018,
  "spacing_x": 0.799997866153717,
  "spacing_y": 0.800000011920929,
  "spacing_z": 0.800000011920929,
  "summary_bg_k": 10.168332757497469,
  "summary_bg_mad": 0.0,
  "summary_bg_mean": 4.294138599284283,
  "summary_bg_median": 0.0,
  "summary_bg_n": 5879120.0,
  "summary_bg_p05": 0.0,
  "summary_bg_p95": 18.07037729769945,
  "summary_bg_stdv": 6.749428888186297,
  "summary_csf_k": 0.5871185490347224,
  "summary_csf_mad": 92.61059757069286,
  "summary_csf_mean": 276.37290391281573,
  "summary_csf_median": 270.78704574890435,
  "summary_csf_n": 111088.0,
  "summary_csf_p05": 105.29657690227032,
  "summary_csf_p95": 457.5382902634329,
  "summary_csf_stdv": 104.08287491189893,
  "summary_gm_k": 0.2591683768328683,
  "summary_gm_mad": 57.85447025721939,
  "summary_gm_mean": 725.4952699677584,
  "summary_gm_median": 726.0140370782465,
  "summary_gm_n": 87792.0,
  "summary_gm_p05": 625.8833903345279,
  "summary_gm_p95": 824.8150459248573,
  "summary_gm_stdv": 60.223550523764835,
  "summary_wm_k": 0.42777973963650595,
  "summary_wm_mad": 41.634944177598435,
  "summary_wm_mean": 1000.0905644431423,
  "summary_wm_median": 1000.0000279974192,
  "summary_wm_n": 484236.0,
  "summary_wm_p05": 927.8161965217441,
  "summary_wm_p95": 1073.038539480418,
  "summary_wm_stdv": 44.11257258401239,
  "tpm_overlap_csf": 0.1410366194642794,
  "tpm_overlap_gm": 0.45019967135685757,
  "tpm_overlap_wm": 0.5161307704288491,
  "wm2max": 0.8793995748061932
}