{
  "aor": 0.0009004606741573033,
  "aqi": 0.008295801314606742,
  "bids_meta": {
    "AcquisitionMatrixPE": 82,
    "AcquisitionNumber": 1,
    "AcquisitionTime": "11:07:35.192500",
    "BandwidthPerPixelPhaseEncode": 23.912,
    "BaseResolution": 82,
    "ConversionSoftware": "dcm2niix",
    "ConversionSoftwareVersion": "v1.0.20171215 Clang9.0.0",
    "DerivedVendorReportedEchoSpacing": 0.00051,
    "DeviceSerialNumber": "35451",
    "DwellTime": 2.2e-06,
    "EchoTime": 0.029,
    "EffectiveEchoSpacing": 0.00051,
    "FlipAngle": 44,
    "ImageComments": "Unaliased_MB8_PE3_(remote)",
    "ImageOrientationPatientDICOM": [
      0.999994,
      0.000941609,
      0.00320819,
      -5.37068e-08,
      0.95953,
      -0.281607
    ],
    "ImageType": [
      "ORIGINAL",
      "PRIMARY",
      "M",
      "ND",
      "NORM",
      "MOSAIC"
    ],
    "InPlanePhaseEncodingDirectionDICOM": "COL",
    "InstitutionAddress": "Exposition_Drive_1777_Boulder-_6392da-_Denver_US_80301",
    "InstitutionName": "Intermountain_Neuroimaging_Consortium",
    "InstitutionalDepartmentName": "Department",
    "MRAcquisitionType": "2D",
    "MagneticFieldStrength": 3,
    "Manufacturer": "Siemens",
    "ManufacturersModelName": "TrioTim",
    "Modality": "MR",
    "MultibandAccelerationFactor": 8,
    "PartialFourier": 1,
    "PatientPosition": "HFS",
    "PercentPhaseFOV": 100,
    "PhaseEncodingDirection": "j",
    "PhaseEncodingSteps": 82,
    "PhaseResolution": 1,
    "PixelBandwidth": 2772,
    "ProcedureStepDescription": "VMITTAL_adaptcog_200068",
    "ProtocolName": "ritl_pa_32ch_mb8_v01_r01",
    "PulseSequenceDetails": "%CustomerSeq%_cmrr_mbep2d_bold",
    "ReceiveCoilName": "32Ch_Head",
    "ReconMatrixPE": 82,
    "RepetitionTime": 0.46,
    "SAR": 0.145153,
    "ScanOptions": "FS",
    "ScanningSequence": "EP",
    "SequenceName": "epfid2d1_82",
    "SequenceVariant": "SK",
    "SeriesDescription": "ritl_pa_32ch_mb8_v01_r01",
    "SeriesNumber": 22,
    "ShimSetting": [
      6780,
      12634,
      -6782,
      607,
      153,
      152,
      202,
      22
    ],
    "SliceThickness": 3,
    "SliceTiming": [
      0,
      0.265,
      0.0675,
      0.33,
      0.1325,
      0.395,
      0.1975,
      0,
      0.265,
      0.0675,
      0.33,
      0.1325,
      0.395,
      0.1975,
      0,
      0.265,
      0.0675,
      0.33,
      0.1325,
      0.395,
      0.1975,
      0,
      0.265,
      0.0675,
      0.33,
      0.1325,
      0.395,
      0.1975,
      0,
      0.265,
      0.0675,
      0.33,
      0.1325,
      0.395,
      0.1975,
      0,
      0.265,
      0.0675,
      0.33,
      0.1325,
      0.395,
      0.1975,
      0,
      0.265,
      0.0675,
      0.33,
      0.1325,
      0.395,
      0.1975,
      0,
      0.265,
      0.0675,
      0.33,
      0.1325,
      0.395,
      0.1975
    ],
    "SoftwareVersions": "syngo_MR_B17",
    "SpacingBetweenSlices": 3,
    "StationName": "MRC35451",
    "TaskName": "ritl",
    "TotalReadoutTime": 0.04131,
    "TxRefAmp": 343.253,
    "acq_id": "MB",
    "dataset": "ds001371",
    "modality": "bold",
    "run_id": 1,
    "subject_id": "M80323465",
    "task_id": "ritl"
  },
  "dummy_trs": 4,
  "dvars_nstd": 27.50119725912264,
  "dvars_std": 1.1943204033295842,
  "dvars_vstd": 1.0086234353993255,
  "efc": 0.3795796355514457,
  "fber": 55993.89453125,
  "fd_mean": 0.06825161946952318,
  "fd_num": 25,
  "fd_perc": 2.808988764044944,
  "fwhm_avg": 1.7761757260301732,
  "fwhm_x": 1.6844519484388591,
  "fwhm_y": 1.8980685629849938,
  "fwhm_z": 1.7460066666666665,
  "gcor": 0.00704471,
  "gsr_x": -0.022731347009539604,
  "gsr_y": 0.014159994199872017,
  "provenance": {
    "md5sum": "35af1eba1c329b41025b663f52f31155",
    "settings": {
      "fd_thres": 0.2,
      "testing": false
    },
    "software": "mriqc",
    "version": "22.0.6",
    "webapi_port": null,
    "webapi_url": "https://mriqc.nimh.nih.gov/api/v1"
  },
  "size_t": 890,
  "size_x": 82,
  "size_y": 82,
  "size_z": 56,
  "snr": 6.6365322740802055,
  "spacing_tr": 0.46000000834465027,
  "spacing_x": 3.02439022064209,
  "spacing_y": 3.02439022064209,
  "spacing_z": 3.0,
  "summary_bg_k": 35.47410134385544,
  "summary_bg_mad": 1.8041103385076767,
  "summary_bg_mean": 8.850106239318848,
  "summary_bg_median": 1.2932584285736084,
  "summary_bg_n": 287783.0,
  "summary_bg_p05": 0.007865168154239655,
  "summary_bg_p95": 46.83707809448242,
  "summary_bg_stdv": 22.796106338500977,
  "summary_fg_k": 1.7339270614227704,
  "summary_fg_mad": 41.103074267418165,
  "summary_fg_mean": 296.5331726074219,
  "summary_fg_median": 293.7264099121094,
  "summary_fg_n": 37584.0,
  "summary_fg_p05": 232.6161262512207,
  "summary_fg_p95": 371.7997711181641,
  "summary_fg_stdv": 44.25843048095703,
  "tsnr": 57.77081839740276
}