{
  "aor": 0.0006123825503355704,
  "aqi": 0.01238726008948546,
  "bids_meta": {
    "AcquisitionMatrixPE": 82,
    "AcquisitionNumber": 1,
    "AcquisitionTime": "16:32:45.745000",
    "BandwidthPerPixelPhaseEncode": 23.912,
    "BaseResolution": 82,
    "ConversionSoftware": "dcm2niix",
    "ConversionSoftwareVersion": "v1.0.20171215 Clang9.0.0",
    "DerivedVendorReportedEchoSpacing": 0.00051,
    "DeviceSerialNumber": "35451",
    "DwellTime": 2.2e-06,
    "EchoTime": 0.029,
    "EffectiveEchoSpacing": 0.00051,
    "FlipAngle": 44,
    "ImageComments": "Unaliased_MB8_PE3_(remote)",
    "ImageOrientationPatientDICOM": [
      0.999879,
      -0.00801345,
      -0.0133341,
      5.44898e-09,
      0.857124,
      -0.51511
    ],
    "ImageType": [
      "ORIGINAL",
      "PRIMARY",
      "M",
      "MB",
      "ND",
      "NORM",
      "MOSAIC"
    ],
    "InPlanePhaseEncodingDirectionDICOM": "COL",
    "InstitutionAddress": "Exposition_Drive_1777_Boulder-_c0d8dc-_Denver_US_80301",
    "InstitutionName": "Intermountain_Neuroimaging_Consortium",
    "InstitutionalDepartmentName": "Department",
    "MRAcquisitionType": "2D",
    "MagneticFieldStrength": 3,
    "Manufacturer": "Siemens",
    "ManufacturersModelName": "TrioTim",
    "Modality": "MR",
    "MultibandAccelerationFactor": 8,
    "PartialFourier": 1,
    "PatientPosition": "HFS",
    "PercentPhaseFOV": 100,
    "PhaseEncodingDirection": "j",
    "PhaseEncodingSteps": 82,
    "PhaseResolution": 1,
    "PixelBandwidth": 2772,
    "ProcedureStepDescription": "VMITTAL_adaptcog_200068",
    "ProtocolName": "ritl_pa_32ch_mb8_v01_r01",
    "PulseSequenceDetails": "%CustomerSeq%_cmrr_mbep2d_bold",
    "ReceiveCoilName": "32Ch_Head",
    "ReconMatrixPE": 82,
    "RepetitionTime": 0.46,
    "SAR": 0.147309,
    "ScanOptions": "FS",
    "ScanningSequence": "EP",
    "SequenceName": "epfid2d1_82",
    "SequenceVariant": "SK_SS",
    "SeriesDescription": "ritl_pa_32ch_mb8_v01_r01",
    "SeriesNumber": 20,
    "ShimSetting": [
      6754,
      12742,
      -6790,
      506,
      83,
      -217,
      -282,
      114
    ],
    "SliceThickness": 3,
    "SliceTiming": [
      0,
      0.265,
      0.065,
      0.33,
      0.1325,
      0.395,
      0.1975,
      0,
      0.265,
      0.065,
      0.33,
      0.1325,
      0.395,
      0.1975,
      0,
      0.265,
      0.065,
      0.33,
      0.1325,
      0.395,
      0.1975,
      0,
      0.265,
      0.065,
      0.33,
      0.1325,
      0.395,
      0.1975,
      0,
      0.265,
      0.065,
      0.33,
      0.1325,
      0.395,
      0.1975,
      0,
      0.265,
      0.065,
      0.33,
      0.1325,
      0.395,
      0.1975,
      0,
      0.265,
      0.065,
      0.33,
      0.1325,
      0.395,
      0.1975,
      0,
      0.265,
      0.065,
      0.33,
      0.1325,
      0.395,
      0.1975
    ],
    "SoftwareVersions": "syngo_MR_B17",
    "SpacingBetweenSlices": 3,
    "StationName": "MRC35451",
    "TaskName": "ritl",
    "TotalReadoutTime": 0.04131,
    "TxRefAmp": 337.336,
    "acq_id": "MB",
    "dataset": "ds001371",
    "modality": "bold",
    "run_id": 1,
    "subject_id": "M80353242",
    "task_id": "ritl"
  },
  "dummy_trs": 0,
  "dvars_nstd": 30.510481566248625,
  "dvars_std": 1.1440007114557669,
  "dvars_vstd": 1.0044330836618132,
  "efc": 0.4089867444649633,
  "fber": 24931.017578125,
  "fd_mean": 0.05387306429193337,
  "fd_num": 4,
  "fd_perc": 0.44742729306487694,
  "fwhm_avg": 1.8673927963248333,
  "fwhm_x": 1.7602589651509175,
  "fwhm_y": 1.979142757156916,
  "fwhm_z": 1.8627766666666667,
  "gcor": 0.0123532,
  "gsr_x": -0.02238074503839016,
  "gsr_y": 0.02371867187321186,
  "provenance": {
    "md5sum": "c943ec5de8dc21b4a43f8331272c4a1e",
    "settings": {
      "fd_thres": 0.2,
      "testing": false
    },
    "software": "mriqc",
    "version": "22.0.6",
    "webapi_port": null,
    "webapi_url": "https://mriqc.nimh.nih.gov/api/v1"
  },
  "size_t": 894,
  "size_x": 82,
  "size_y": 82,
  "size_z": 56,
  "snr": 6.566889855728099,
  "spacing_tr": 0.46000000834465027,
  "spacing_x": 3.02439022064209,
  "spacing_y": 3.02439022064209,
  "spacing_z": 3.0,
  "summary_bg_k": 19.83850972028063,
  "summary_bg_mad": 2.140983700164889,
  "summary_bg_mean": 9.960125923156738,
  "summary_bg_median": 1.5883668661117554,
  "summary_bg_n": 284742.0,
  "summary_bg_p05": 0.01230425015091896,
  "summary_bg_p95": 56.30704650878919,
  "summary_bg_stdv": 22.544410705566406,
  "summary_fg_k": 1.342062237702942,
  "summary_fg_mad": 34.94394974964131,
  "summary_fg_mean": 245.36973571777344,
  "summary_fg_median": 243.74273681640625,
  "summary_fg_n": 40097.0,
  "summary_fg_p05": 189.476953125,
  "summary_fg_p95": 308.1467651367187,
  "summary_fg_stdv": 37.116458892822266,
  "tsnr": 45.402528556995094
}