{
  "aor": 0.001279156355455568,
  "aqi": 0.014905267840269966,
  "bids_meta": {
    "AcquisitionMatrixPE": 82,
    "AcquisitionNumber": 1,
    "AcquisitionTime": "16:40:3.477500",
    "BandwidthPerPixelPhaseEncode": 23.912,
    "BaseResolution": 82,
    "ConversionSoftware": "dcm2niix",
    "ConversionSoftwareVersion": "v1.0.20171215 Clang9.0.0",
    "DerivedVendorReportedEchoSpacing": 0.00051,
    "DeviceSerialNumber": "35451",
    "DwellTime": 2.2e-06,
    "EchoTime": 0.029,
    "EffectiveEchoSpacing": 0.00051,
    "FlipAngle": 44,
    "ImageComments": "Unaliased_MB8_PE3_(remote)",
    "ImageOrientationPatientDICOM": [
      0.999879,
      -0.00801345,
      -0.0133341,
      5.44898e-09,
      0.857124,
      -0.51511
    ],
    "ImageType": [
      "ORIGINAL",
      "PRIMARY",
      "M",
      "MB",
      "ND",
      "NORM",
      "MOSAIC"
    ],
    "InPlanePhaseEncodingDirectionDICOM": "COL",
    "InstitutionAddress": "Exposition_Drive_1777_Boulder-_c0d8dc-_Denver_US_80301",
    "InstitutionName": "Intermountain_Neuroimaging_Consortium",
    "InstitutionalDepartmentName": "Department",
    "MRAcquisitionType": "2D",
    "MagneticFieldStrength": 3,
    "Manufacturer": "Siemens",
    "ManufacturersModelName": "TrioTim",
    "Modality": "MR",
    "MultibandAccelerationFactor": 8,
    "PartialFourier": 1,
    "PatientPosition": "HFS",
    "PercentPhaseFOV": 100,
    "PhaseEncodingDirection": "j",
    "PhaseEncodingSteps": 82,
    "PhaseResolution": 1,
    "PixelBandwidth": 2772,
    "ProcedureStepDescription": "VMITTAL_adaptcog_200068",
    "ProtocolName": "ritl_pa_32ch_mb8_v01_r02",
    "PulseSequenceDetails": "%CustomerSeq%_cmrr_mbep2d_bold",
    "ReceiveCoilName": "32Ch_Head",
    "ReconMatrixPE": 82,
    "RepetitionTime": 0.46,
    "SAR": 0.142418,
    "ScanOptions": "FS",
    "ScanningSequence": "EP",
    "SequenceName": "epfid2d1_82",
    "SequenceVariant": "SK_SS",
    "SeriesDescription": "ritl_pa_32ch_mb8_v01_r02",
    "SeriesNumber": 22,
    "ShimSetting": [
      6754,
      12742,
      -6790,
      506,
      83,
      -217,
      -282,
      114
    ],
    "SliceThickness": 3,
    "SliceTiming": [
      0,
      0.2625,
      0.065,
      0.33,
      0.1325,
      0.395,
      0.1975,
      0,
      0.2625,
      0.065,
      0.33,
      0.1325,
      0.395,
      0.1975,
      0,
      0.2625,
      0.065,
      0.33,
      0.1325,
      0.395,
      0.1975,
      0,
      0.2625,
      0.065,
      0.33,
      0.1325,
      0.395,
      0.1975,
      0,
      0.2625,
      0.065,
      0.33,
      0.1325,
      0.395,
      0.1975,
      0,
      0.2625,
      0.065,
      0.33,
      0.1325,
      0.395,
      0.1975,
      0,
      0.2625,
      0.065,
      0.33,
      0.1325,
      0.395,
      0.1975,
      0,
      0.2625,
      0.065,
      0.33,
      0.1325,
      0.395,
      0.1975
    ],
    "SoftwareVersions": "syngo_MR_B17",
    "SpacingBetweenSlices": 3,
    "StationName": "MRC35451",
    "TaskName": "ritl",
    "TotalReadoutTime": 0.04131,
    "TxRefAmp": 337.336,
    "acq_id": "MB",
    "dataset": "ds001371",
    "modality": "bold",
    "run_id": 2,
    "subject_id": "M80353242",
    "task_id": "ritl"
  },
  "dummy_trs": 5,
  "dvars_nstd": 30.0956378775788,
  "dvars_std": 1.1222170019819822,
  "dvars_vstd": 0.9936678469481973,
  "efc": 0.40694376119264547,
  "fber": 27206.30078125,
  "fd_mean": 0.05347500348615489,
  "fd_num": 6,
  "fd_perc": 0.6749156355455568,
  "fwhm_avg": 1.8727643644699565,
  "fwhm_x": 1.7642234006652786,
  "fwhm_y": 1.992639692744591,
  "fwhm_z": 1.8614300000000001,
  "gcor": 0.00808049,
  "gsr_x": -0.021175703033804893,
  "gsr_y": 0.0227567870169878,
  "provenance": {
    "md5sum": "56071ebf351ff79a10ce39fbfb171594",
    "settings": {
      "fd_thres": 0.2,
      "testing": false
    },
    "software": "mriqc",
    "version": "22.0.6",
    "webapi_port": null,
    "webapi_url": "https://mriqc.nimh.nih.gov/api/v1"
  },
  "size_t": 889,
  "size_x": 82,
  "size_y": 82,
  "size_z": 56,
  "snr": 6.613058323714043,
  "spacing_tr": 0.46000000834465027,
  "spacing_x": 3.02439022064209,
  "spacing_y": 3.02439022064209,
  "spacing_z": 3.0,
  "summary_bg_k": 21.369353995212297,
  "summary_bg_mad": 2.027946501340017,
  "summary_bg_mean": 9.733506202697754,
  "summary_bg_median": 1.5106862783432007,
  "summary_bg_n": 284879.0,
  "summary_bg_p05": 0.012373453937470913,
  "summary_bg_p95": 55.14769515991177,
  "summary_bg_stdv": 22.451181411743164,
  "summary_fg_k": 1.2886826747046323,
  "summary_fg_mad": 34.244953116533004,
  "summary_fg_mean": 244.0599365234375,
  "summary_fg_median": 242.40383911132812,
  "summary_fg_n": 40043.0,
  "summary_fg_p05": 188.67447204589843,
  "summary_fg_p95": 305.98561096191406,
  "summary_fg_stdv": 36.65487289428711,
  "tsnr": 42.61705891182646
}