{
  "aor": 0.0009968686868686869,
  "aqi": 0.010250019551066218,
  "bids_meta": {
    "AcquisitionMatrixPE": 82,
    "AcquisitionNumber": 1,
    "AcquisitionTime": "16:47:20.737500",
    "BandwidthPerPixelPhaseEncode": 23.912,
    "BaseResolution": 82,
    "ConversionSoftware": "dcm2niix",
    "ConversionSoftwareVersion": "v1.0.20171215 Clang9.0.0",
    "DerivedVendorReportedEchoSpacing": 0.00051,
    "DeviceSerialNumber": "35451",
    "DwellTime": 2.2e-06,
    "EchoTime": 0.029,
    "EffectiveEchoSpacing": 0.00051,
    "FlipAngle": 44,
    "ImageComments": "Unaliased_MB8_PE3_(remote)",
    "ImageOrientationPatientDICOM": [
      0.999879,
      -0.00801345,
      -0.0133341,
      5.44898e-09,
      0.857124,
      -0.51511
    ],
    "ImageType": [
      "ORIGINAL",
      "PRIMARY",
      "M",
      "MB",
      "ND",
      "NORM",
      "MOSAIC"
    ],
    "InPlanePhaseEncodingDirectionDICOM": "COL",
    "InstitutionAddress": "Exposition_Drive_1777_Boulder-_c0d8dc-_Denver_US_80301",
    "InstitutionName": "Intermountain_Neuroimaging_Consortium",
    "InstitutionalDepartmentName": "Department",
    "MRAcquisitionType": "2D",
    "MagneticFieldStrength": 3,
    "Manufacturer": "Siemens",
    "ManufacturersModelName": "TrioTim",
    "Modality": "MR",
    "MultibandAccelerationFactor": 8,
    "PartialFourier": 1,
    "PatientPosition": "HFS",
    "PercentPhaseFOV": 100,
    "PhaseEncodingDirection": "j",
    "PhaseEncodingSteps": 82,
    "PhaseResolution": 1,
    "PixelBandwidth": 2772,
    "ProcedureStepDescription": "VMITTAL_adaptcog_200068",
    "ProtocolName": "ritl_pa_32ch_mb8_v01_r03",
    "PulseSequenceDetails": "%CustomerSeq%_cmrr_mbep2d_bold",
    "ReceiveCoilName": "32Ch_Head",
    "ReconMatrixPE": 82,
    "RepetitionTime": 0.46,
    "SAR": 0.14217,
    "ScanOptions": "FS",
    "ScanningSequence": "EP",
    "SequenceName": "epfid2d1_82",
    "SequenceVariant": "SK_SS",
    "SeriesDescription": "ritl_pa_32ch_mb8_v01_r03",
    "SeriesNumber": 24,
    "ShimSetting": [
      6754,
      12742,
      -6790,
      506,
      83,
      -217,
      -282,
      114
    ],
    "SliceThickness": 3,
    "SliceTiming": [
      0,
      0.265,
      0.0675,
      0.33,
      0.1325,
      0.3975,
      0.1975,
      0,
      0.265,
      0.0675,
      0.33,
      0.1325,
      0.3975,
      0.1975,
      0,
      0.265,
      0.0675,
      0.33,
      0.1325,
      0.3975,
      0.1975,
      0,
      0.265,
      0.0675,
      0.33,
      0.1325,
      0.3975,
      0.1975,
      0,
      0.265,
      0.0675,
      0.33,
      0.1325,
      0.3975,
      0.1975,
      0,
      0.265,
      0.0675,
      0.33,
      0.1325,
      0.3975,
      0.1975,
      0,
      0.265,
      0.0675,
      0.33,
      0.1325,
      0.3975,
      0.1975,
      0,
      0.265,
      0.0675,
      0.33,
      0.1325,
      0.3975,
      0.1975
    ],
    "SoftwareVersions": "syngo_MR_B17",
    "SpacingBetweenSlices": 3,
    "StationName": "MRC35451",
    "TaskName": "ritl",
    "TotalReadoutTime": 0.04131,
    "TxRefAmp": 337.336,
    "acq_id": "MB",
    "dataset": "ds001371",
    "modality": "bold",
    "run_id": 3,
    "subject_id": "M80353242",
    "task_id": "ritl"
  },
  "dummy_trs": 3,
  "dvars_nstd": 30.312785255831468,
  "dvars_std": 1.1569032290000003,
  "dvars_vstd": 1.020932152325844,
  "efc": 0.4081771248767496,
  "fber": 27766.673828125,
  "fd_mean": 0.05122764784065168,
  "fd_num": 3,
  "fd_perc": 0.3367003367003367,
  "fwhm_avg": 1.8592569629329019,
  "fwhm_x": 1.757660094163188,
  "fwhm_y": 1.9588841279688507,
  "fwhm_z": 1.8612266666666668,
  "gcor": 0.0103984,
  "gsr_x": -0.021406425163149834,
  "gsr_y": 0.023225799202919006,
  "provenance": {
    "md5sum": "e6e1a7acfb6155c92183e57621076cfc",
    "settings": {
      "fd_thres": 0.2,
      "testing": false
    },
    "software": "mriqc",
    "version": "22.0.6",
    "webapi_port": null,
    "webapi_url": "https://mriqc.nimh.nih.gov/api/v1"
  },
  "size_t": 891,
  "size_x": 82,
  "size_y": 82,
  "size_z": 56,
  "snr": 6.5607696801505595,
  "spacing_tr": 0.46000000834465027,
  "spacing_x": 3.02439022064209,
  "spacing_y": 3.02439022064209,
  "spacing_z": 3.0,
  "summary_bg_k": 20.633417407021486,
  "summary_bg_mad": 1.9934428187769455,
  "summary_bg_mean": 9.733882904052734,
  "summary_bg_median": 1.4814815521240234,
  "summary_bg_n": 284432.0,
  "summary_bg_p05": 0.010101011022925377,
  "summary_bg_p95": 55.56347122192395,
  "summary_bg_stdv": 22.50857925415039,
  "summary_fg_k": 1.251115686785064,
  "summary_fg_mad": 34.14477973665716,
  "summary_fg_mean": 242.91099548339844,
  "summary_fg_median": 241.11337280273438,
  "summary_fg_n": 40391.0,
  "summary_fg_p05": 187.19866180419922,
  "summary_fg_p95": 305.11785888671875,
  "summary_fg_stdv": 36.75032043457031,
  "tsnr": 49.31707478268072
}