{
  "aor": 0.0008911198208286673,
  "aqi": 0.011978288611422173,
  "bids_meta": {
    "AcquisitionMatrixPE": 82,
    "AcquisitionNumber": 1,
    "AcquisitionTime": "13:18:30.650000",
    "BandwidthPerPixelPhaseEncode": 23.912,
    "BaseResolution": 82,
    "ConversionSoftware": "dcm2niix",
    "ConversionSoftwareVersion": "v1.0.20171215 Clang9.0.0",
    "DerivedVendorReportedEchoSpacing": 0.00051,
    "DeviceSerialNumber": "35451",
    "DwellTime": 2.2e-06,
    "EchoTime": 0.029,
    "EffectiveEchoSpacing": 0.00051,
    "FlipAngle": 44,
    "ImageComments": "Unaliased_MB8_PE3_(remote)",
    "ImageOrientationPatientDICOM": [
      0.999516,
      -0.0119382,
      -0.0287422,
      2.12704e-08,
      0.923507,
      -0.383581
    ],
    "ImageType": [
      "ORIGINAL",
      "PRIMARY",
      "M",
      "MB",
      "ND",
      "NORM",
      "MOSAIC"
    ],
    "InPlanePhaseEncodingDirectionDICOM": "COL",
    "InstitutionAddress": "Exposition_Drive_1777_Boulder-_c0d8dc-_Denver_US_80301",
    "InstitutionName": "Intermountain_Neuroimaging_Consortium",
    "InstitutionalDepartmentName": "Department",
    "MRAcquisitionType": "2D",
    "MagneticFieldStrength": 3,
    "Manufacturer": "Siemens",
    "ManufacturersModelName": "TrioTim",
    "Modality": "MR",
    "MultibandAccelerationFactor": 8,
    "PartialFourier": 1,
    "PatientPosition": "HFS",
    "PercentPhaseFOV": 100,
    "PhaseEncodingDirection": "j",
    "PhaseEncodingSteps": 82,
    "PhaseResolution": 1,
    "PixelBandwidth": 2772,
    "ProcedureStepDescription": "VMITTAL_adaptcog_200068",
    "ProtocolName": "ritl_pa_32ch_mb8_v01_r05",
    "PulseSequenceDetails": "%CustomerSeq%_cmrr_mbep2d_bold",
    "ReceiveCoilName": "32Ch_Head",
    "ReconMatrixPE": 82,
    "RepetitionTime": 0.46,
    "SAR": 0.150278,
    "ScanOptions": "FS",
    "ScanningSequence": "EP",
    "SequenceName": "epfid2d1_82",
    "SequenceVariant": "SK_SS",
    "SeriesDescription": "ritl_pa_32ch_mb8_v01_r05",
    "SeriesNumber": 14,
    "ShimSetting": [
      6735,
      12649,
      -6785,
      765,
      163,
      196,
      -75,
      2
    ],
    "SliceThickness": 3,
    "SliceTiming": [
      0,
      0.265,
      0.0675,
      0.33,
      0.1325,
      0.3975,
      0.1975,
      0,
      0.265,
      0.0675,
      0.33,
      0.1325,
      0.3975,
      0.1975,
      0,
      0.265,
      0.0675,
      0.33,
      0.1325,
      0.3975,
      0.1975,
      0,
      0.265,
      0.0675,
      0.33,
      0.1325,
      0.3975,
      0.1975,
      0,
      0.265,
      0.0675,
      0.33,
      0.1325,
      0.3975,
      0.1975,
      0,
      0.265,
      0.0675,
      0.33,
      0.1325,
      0.3975,
      0.1975,
      0,
      0.265,
      0.0675,
      0.33,
      0.1325,
      0.3975,
      0.1975,
      0,
      0.265,
      0.0675,
      0.33,
      0.1325,
      0.3975,
      0.1975
    ],
    "SoftwareVersions": "syngo_MR_B17",
    "SpacingBetweenSlices": 3,
    "StationName": "MRC35451",
    "TaskName": "ritl",
    "TotalReadoutTime": 0.04131,
    "TxRefAmp": 330.178,
    "acq_id": "MB",
    "dataset": "ds001371",
    "modality": "bold",
    "run_id": 5,
    "subject_id": "M80322566",
    "task_id": "ritl"
  },
  "dummy_trs": 1,
  "dvars_nstd": 29.994908598026896,
  "dvars_std": 1.173419821042601,
  "dvars_vstd": 1.0229124525784763,
  "efc": 0.38251361562389824,
  "fber": 41022.64453125,
  "fd_mean": 0.06402308741949454,
  "fd_num": 14,
  "fd_perc": 1.5677491601343785,
  "fwhm_avg": 1.7260249461488437,
  "fwhm_x": 1.63016662544071,
  "fwhm_y": 1.8308715463391547,
  "fwhm_z": 1.7170366666666668,
  "gcor": 0.029971,
  "gsr_x": -0.02562176249921322,
  "gsr_y": 0.012086614035069942,
  "provenance": {
    "md5sum": "0eefc213485481b16d8e23021af8484e",
    "settings": {
      "fd_thres": 0.2,
      "testing": false
    },
    "software": "mriqc",
    "version": "22.0.6",
    "webapi_port": null,
    "webapi_url": "https://mriqc.nimh.nih.gov/api/v1"
  },
  "size_t": 893,
  "size_x": 82,
  "size_y": 82,
  "size_z": 56,
  "snr": 7.446529133260093,
  "spacing_tr": 0.46000000834465027,
  "spacing_x": 3.02439022064209,
  "spacing_y": 3.02439022064209,
  "spacing_z": 3.0,
  "summary_bg_k": 25.1345574663631,
  "summary_bg_mad": 1.7731458073091395,
  "summary_bg_mean": 7.768484592437744,
  "summary_bg_median": 1.3258678913116455,
  "summary_bg_n": 287452.0,
  "summary_bg_p05": 0.012318029999732971,
  "summary_bg_p95": 40.85268898010255,
  "summary_bg_stdv": 18.742382049560547,
  "summary_fg_k": 2.7291561737005425,
  "summary_fg_mad": 31.343024412022412,
  "summary_fg_mean": 262.9346618652344,
  "summary_fg_median": 261.2082824707031,
  "summary_fg_n": 38096.0,
  "summary_fg_p05": 212.93337631225586,
  "summary_fg_p95": 321.94793701171875,
  "summary_fg_stdv": 35.077396392822266,
  "tsnr": 53.61957810865715
}