{
  "aor": 0.0007373042505592841,
  "aqi": 0.012326978903803132,
  "bids_meta": {
    "AcquisitionMatrixPE": 82,
    "AcquisitionNumber": 1,
    "AcquisitionTime": "13:11:5.330000",
    "BandwidthPerPixelPhaseEncode": 23.912,
    "BaseResolution": 82,
    "ConversionSoftware": "dcm2niix",
    "ConversionSoftwareVersion": "v1.0.20171215 Clang9.0.0",
    "DerivedVendorReportedEchoSpacing": 0.00051,
    "DeviceSerialNumber": "35451",
    "DwellTime": 2.2e-06,
    "EchoTime": 0.029,
    "EffectiveEchoSpacing": 0.00051,
    "FlipAngle": 44,
    "ImageComments": "Unaliased_MB8_PE3_(remote)",
    "ImageOrientationPatientDICOM": [
      0.999516,
      -0.0119382,
      -0.0287422,
      2.12704e-08,
      0.923507,
      -0.383581
    ],
    "ImageType": [
      "ORIGINAL",
      "PRIMARY",
      "M",
      "MB",
      "ND",
      "NORM",
      "MOSAIC"
    ],
    "InPlanePhaseEncodingDirectionDICOM": "COL",
    "InstitutionAddress": "Exposition_Drive_1777_Boulder-_c0d8dc-_Denver_US_80301",
    "InstitutionName": "Intermountain_Neuroimaging_Consortium",
    "InstitutionalDepartmentName": "Department",
    "MRAcquisitionType": "2D",
    "MagneticFieldStrength": 3,
    "Manufacturer": "Siemens",
    "ManufacturersModelName": "TrioTim",
    "Modality": "MR",
    "MultibandAccelerationFactor": 8,
    "PartialFourier": 1,
    "PatientPosition": "HFS",
    "PercentPhaseFOV": 100,
    "PhaseEncodingDirection": "j",
    "PhaseEncodingSteps": 82,
    "PhaseResolution": 1,
    "PixelBandwidth": 2772,
    "ProcedureStepDescription": "VMITTAL_adaptcog_200068",
    "ProtocolName": "ritl_pa_32ch_mb8_v01_r04",
    "PulseSequenceDetails": "%CustomerSeq%_cmrr_mbep2d_bold",
    "ReceiveCoilName": "32Ch_Head",
    "ReconMatrixPE": 82,
    "RepetitionTime": 0.46,
    "SAR": 0.149548,
    "ScanOptions": "FS",
    "ScanningSequence": "EP",
    "SequenceName": "epfid2d1_82",
    "SequenceVariant": "SK_SS",
    "SeriesDescription": "ritl_pa_32ch_mb8_v01_r04",
    "SeriesNumber": 12,
    "ShimSetting": [
      6735,
      12649,
      -6785,
      765,
      163,
      196,
      -75,
      2
    ],
    "SliceThickness": 3,
    "SliceTiming": [
      0,
      0.265,
      0.065,
      0.33,
      0.1325,
      0.395,
      0.1975,
      0,
      0.265,
      0.065,
      0.33,
      0.1325,
      0.395,
      0.1975,
      0,
      0.265,
      0.065,
      0.33,
      0.1325,
      0.395,
      0.1975,
      0,
      0.265,
      0.065,
      0.33,
      0.1325,
      0.395,
      0.1975,
      0,
      0.265,
      0.065,
      0.33,
      0.1325,
      0.395,
      0.1975,
      0,
      0.265,
      0.065,
      0.33,
      0.1325,
      0.395,
      0.1975,
      0,
      0.265,
      0.065,
      0.33,
      0.1325,
      0.395,
      0.1975,
      0,
      0.265,
      0.065,
      0.33,
      0.1325,
      0.395,
      0.1975
    ],
    "SoftwareVersions": "syngo_MR_B17",
    "SpacingBetweenSlices": 3,
    "StationName": "MRC35451",
    "TaskName": "ritl",
    "TotalReadoutTime": 0.04131,
    "TxRefAmp": 330.178,
    "acq_id": "MB",
    "dataset": "ds001371",
    "modality": "bold",
    "run_id": 4,
    "subject_id": "M80322566",
    "task_id": "ritl"
  },
  "dummy_trs": 0,
  "dvars_nstd": 30.41947269116461,
  "dvars_std": 1.1803439646472569,
  "dvars_vstd": 1.0170392011982092,
  "efc": 0.38133497857964654,
  "fber": 42253.47265625,
  "fd_mean": 0.05886264922960702,
  "fd_num": 7,
  "fd_perc": 0.7829977628635347,
  "fwhm_avg": 1.7221331271362803,
  "fwhm_x": 1.6297037222113435,
  "fwhm_y": 1.825035659197497,
  "fwhm_z": 1.71166,
  "gcor": 0.0267308,
  "gsr_x": -0.025441361591219902,
  "gsr_y": 0.010937638580799103,
  "provenance": {
    "md5sum": "e2337ef5c434c5b4b3c56fbe7829a87d",
    "settings": {
      "fd_thres": 0.2,
      "testing": false
    },
    "software": "mriqc",
    "version": "22.0.6",
    "webapi_port": null,
    "webapi_url": "https://mriqc.nimh.nih.gov/api/v1"
  },
  "size_t": 894,
  "size_x": 82,
  "size_y": 82,
  "size_z": 56,
  "snr": 7.3858988936245265,
  "spacing_tr": 0.46000000834465027,
  "spacing_x": 3.02439022064209,
  "spacing_y": 3.02439022064209,
  "spacing_z": 3.0,
  "summary_bg_k": 25.223281683913008,
  "summary_bg_mad": 1.7496033601488308,
  "summary_bg_mean": 7.673572063446045,
  "summary_bg_median": 1.3087248802185059,
  "summary_bg_n": 287568.0,
  "summary_bg_p05": 0.01230425015091896,
  "summary_bg_p95": 40.334061050415,
  "summary_bg_stdv": 18.54274559020996,
  "summary_fg_k": 2.7189895181985895,
  "summary_fg_mad": 31.94973168126363,
  "summary_fg_mean": 263.6835632324219,
  "summary_fg_median": 261.77685546875,
  "summary_fg_n": 37936.0,
  "summary_fg_p05": 213.4667205810547,
  "summary_fg_p95": 323.38226318359375,
  "summary_fg_stdv": 35.44232177734375,
  "tsnr": 52.74370154016651
}