{
  "aor": 0.0005723456790123456,
  "aqi": 0.013316047093153762,
  "bids_meta": {
    "AcquisitionMatrixPE": 82,
    "AcquisitionNumber": 1,
    "AcquisitionTime": "15:31:7.125000",
    "BandwidthPerPixelPhaseEncode": 23.912,
    "BaseResolution": 82,
    "ConversionSoftware": "dcm2niix",
    "ConversionSoftwareVersion": "v1.0.20171215 Clang9.0.0",
    "DerivedVendorReportedEchoSpacing": 0.00051,
    "DeviceSerialNumber": "35451",
    "DwellTime": 2.2e-06,
    "EchoTime": 0.029,
    "EffectiveEchoSpacing": 0.00051,
    "FlipAngle": 44,
    "ImageComments": "Unaliased_MB8_PE3_(remote)",
    "ImageOrientationPatientDICOM": [
      0.998449,
      0.0282006,
      0.0479979,
      -1.14798e-08,
      0.862197,
      -0.506573
    ],
    "ImageType": [
      "ORIGINAL",
      "PRIMARY",
      "M",
      "MB",
      "ND",
      "NORM",
      "MOSAIC"
    ],
    "InPlanePhaseEncodingDirectionDICOM": "COL",
    "InstitutionAddress": "Exposition_Drive_1777_Boulder-_6392da-_Denver_US_80301",
    "InstitutionName": "Intermountain_Neuroimaging_Consortium",
    "InstitutionalDepartmentName": "Department",
    "MRAcquisitionType": "2D",
    "MagneticFieldStrength": 3,
    "Manufacturer": "Siemens",
    "ManufacturersModelName": "TrioTim",
    "Modality": "MR",
    "MultibandAccelerationFactor": 8,
    "PartialFourier": 1,
    "PatientPosition": "HFS",
    "PercentPhaseFOV": 100,
    "PhaseEncodingDirection": "j",
    "PhaseEncodingSteps": 82,
    "PhaseResolution": 1,
    "PixelBandwidth": 2772,
    "ProcedureStepDescription": "VMITTAL_adaptcog_200068",
    "ProtocolName": "ritl_pa_32ch_mb8_v01_r05",
    "PulseSequenceDetails": "%CustomerSeq%_cmrr_mbep2d_bold",
    "ReceiveCoilName": "32Ch_Head",
    "ReconMatrixPE": 82,
    "RepetitionTime": 0.46,
    "SAR": 0.152972,
    "ScanOptions": "FS",
    "ScanningSequence": "EP",
    "SequenceName": "epfid2d1_82",
    "SequenceVariant": "SK_SS",
    "SeriesDescription": "ritl_pa_32ch_mb8_v01_r05",
    "SeriesNumber": 14,
    "ShimSetting": [
      6778,
      12711,
      -6808,
      391,
      -12,
      161,
      59,
      75
    ],
    "SliceThickness": 3,
    "SliceTiming": [
      0,
      0.2625,
      0.065,
      0.33,
      0.1325,
      0.395,
      0.1975,
      0,
      0.2625,
      0.065,
      0.33,
      0.1325,
      0.395,
      0.1975,
      0,
      0.2625,
      0.065,
      0.33,
      0.1325,
      0.395,
      0.1975,
      0,
      0.2625,
      0.065,
      0.33,
      0.1325,
      0.395,
      0.1975,
      0,
      0.2625,
      0.065,
      0.33,
      0.1325,
      0.395,
      0.1975,
      0,
      0.2625,
      0.065,
      0.33,
      0.1325,
      0.395,
      0.1975,
      0,
      0.2625,
      0.065,
      0.33,
      0.1325,
      0.395,
      0.1975,
      0,
      0.2625,
      0.065,
      0.33,
      0.1325,
      0.395,
      0.1975
    ],
    "SoftwareVersions": "syngo_MR_B17",
    "SpacingBetweenSlices": 3,
    "StationName": "MRC35451",
    "TaskName": "ritl",
    "TotalReadoutTime": 0.04131,
    "TxRefAmp": 338.9,
    "acq_id": "MB",
    "dataset": "ds001371",
    "modality": "bold",
    "run_id": 5,
    "subject_id": "M80333697",
    "task_id": "ritl"
  },
  "dummy_trs": 3,
  "dvars_nstd": 30.227621730011226,
  "dvars_std": 1.12290476096629,
  "dvars_vstd": 0.9996381862471911,
  "efc": 0.4085442210124757,
  "fber": 24830.921875,
  "fd_mean": 0.07225669900353904,
  "fd_num": 27,
  "fd_perc": 3.0303030303030303,
  "fwhm_avg": 1.8211980917223405,
  "fwhm_x": 1.6921824323692816,
  "fwhm_y": 1.9296451761310731,
  "fwhm_z": 1.8417666666666666,
  "gcor": 0.0186877,
  "gsr_x": -0.03181251510977745,
  "gsr_y": 0.029865792021155357,
  "provenance": {
    "md5sum": "e8603d0f9f930713fd68ca0b7f6c1259",
    "settings": {
      "fd_thres": 0.2,
      "testing": false
    },
    "software": "mriqc",
    "version": "22.0.6",
    "webapi_port": null,
    "webapi_url": "https://mriqc.nimh.nih.gov/api/v1"
  },
  "size_t": 891,
  "size_x": 82,
  "size_y": 82,
  "size_z": 56,
  "snr": 6.774845482796862,
  "spacing_tr": 0.46000000834465027,
  "spacing_x": 3.02439022064209,
  "spacing_y": 3.02439022064209,
  "spacing_z": 3.0,
  "summary_bg_k": 21.232194039979102,
  "summary_bg_mad": 2.104929146570282,
  "summary_bg_mean": 9.08194351196289,
  "summary_bg_median": 1.5634119510650635,
  "summary_bg_n": 283705.0,
  "summary_bg_p05": 0.011223345063626766,
  "summary_bg_p95": 50.51851959228509,
  "summary_bg_stdv": 19.41002082824707,
  "summary_fg_k": 2.19716820851675,
  "summary_fg_mad": 31.08306679952168,
  "summary_fg_mean": 241.48724365234375,
  "summary_fg_median": 240.548828125,
  "summary_fg_n": 40497.0,
  "summary_fg_p05": 187.34927673339843,
  "summary_fg_p95": 300.5836181640625,
  "summary_fg_stdv": 35.505733489990234,
  "tsnr": 46.599134235293604
}