{
  "aor": 0.002524731543624161,
  "aqi": 0.019639477102908278,
  "bids_meta": {
    "AcquisitionMatrixPE": 82,
    "AcquisitionNumber": 1,
    "AcquisitionTime": "10:30:12.472500",
    "BandwidthPerPixelPhaseEncode": 23.912,
    "BaseResolution": 82,
    "ConversionSoftware": "dcm2niix",
    "ConversionSoftwareVersion": "v1.0.20171215 Clang9.0.0",
    "DerivedVendorReportedEchoSpacing": 0.00051,
    "DeviceSerialNumber": "35451",
    "DwellTime": 2.2e-06,
    "EchoTime": 0.029,
    "EffectiveEchoSpacing": 0.00051,
    "FlipAngle": 44,
    "ImageComments": "Unaliased_MB8_PE3_(remote)",
    "ImageOrientationPatientDICOM": [
      0.999518,
      -0.0129024,
      -0.0282421,
      -3.54703e-08,
      0.909574,
      -0.415542
    ],
    "ImageType": [
      "ORIGINAL",
      "PRIMARY",
      "M",
      "MB",
      "ND",
      "NORM",
      "MOSAIC"
    ],
    "InPlanePhaseEncodingDirectionDICOM": "COL",
    "InstitutionAddress": "Exposition_Drive_1777_Boulder-_6392da-_Denver_US_80301",
    "InstitutionName": "Intermountain_Neuroimaging_Consortium",
    "InstitutionalDepartmentName": "Department",
    "MRAcquisitionType": "2D",
    "MagneticFieldStrength": 3,
    "Manufacturer": "Siemens",
    "ManufacturersModelName": "TrioTim",
    "Modality": "MR",
    "MultibandAccelerationFactor": 8,
    "PartialFourier": 1,
    "PatientPosition": "HFS",
    "PercentPhaseFOV": 100,
    "PhaseEncodingDirection": "j",
    "PhaseEncodingSteps": 82,
    "PhaseResolution": 1,
    "PixelBandwidth": 2772,
    "ProcedureStepDescription": "VMITTAL_adaptcog_200068",
    "ProtocolName": "ritl_pa_32ch_mb8_v01_r06",
    "PulseSequenceDetails": "%CustomerSeq%_cmrr_mbep2d_bold",
    "ReceiveCoilName": "32Ch_Head",
    "ReconMatrixPE": 82,
    "RepetitionTime": 0.46,
    "SAR": 0.181729,
    "ScanOptions": "FS",
    "ScanningSequence": "EP",
    "SequenceName": "epfid2d1_82",
    "SequenceVariant": "SK_SS",
    "SeriesDescription": "ritl_pa_32ch_mb8_v01_r06",
    "SeriesNumber": 16,
    "ShimSetting": [
      6750,
      12583,
      -6814,
      244,
      353,
      8,
      19,
      16
    ],
    "SliceThickness": 3,
    "SliceTiming": [
      0,
      0.265,
      0.0675,
      0.33,
      0.1325,
      0.3975,
      0.2,
      0,
      0.265,
      0.0675,
      0.33,
      0.1325,
      0.3975,
      0.2,
      0,
      0.265,
      0.0675,
      0.33,
      0.1325,
      0.3975,
      0.2,
      0,
      0.265,
      0.0675,
      0.33,
      0.1325,
      0.3975,
      0.2,
      0,
      0.265,
      0.0675,
      0.33,
      0.1325,
      0.3975,
      0.2,
      0,
      0.265,
      0.0675,
      0.33,
      0.1325,
      0.3975,
      0.2,
      0,
      0.265,
      0.0675,
      0.33,
      0.1325,
      0.3975,
      0.2,
      0,
      0.265,
      0.0675,
      0.33,
      0.1325,
      0.3975,
      0.2
    ],
    "SoftwareVersions": "syngo_MR_B17",
    "SpacingBetweenSlices": 3,
    "StationName": "MRC35451",
    "TaskName": "ritl",
    "TotalReadoutTime": 0.04131,
    "TxRefAmp": 356.56,
    "acq_id": "MB",
    "dataset": "ds001371",
    "modality": "bold",
    "run_id": 6,
    "subject_id": "M80340633",
    "task_id": "ritl"
  },
  "dummy_trs": 0,
  "dvars_nstd": 30.851980732597983,
  "dvars_std": 1.1273047107390815,
  "dvars_vstd": 1.0238254243337064,
  "efc": 0.4580976439470142,
  "fber": 7627.42333984375,
  "fd_mean": 0.07627806767159581,
  "fd_num": 51,
  "fd_perc": 5.704697986577181,
  "fwhm_avg": 1.8226084591433447,
  "fwhm_x": 1.7391803359565454,
  "fwhm_y": 1.8972717081401556,
  "fwhm_z": 1.8313733333333333,
  "gcor": 0.024346,
  "gsr_x": 0.0014873980544507504,
  "gsr_y": 0.01885540783405304,
  "provenance": {
    "md5sum": "2e1981d524054ca60e8f419984fe7c75",
    "settings": {
      "fd_thres": 0.2,
      "testing": false
    },
    "software": "mriqc",
    "version": "22.0.6",
    "webapi_port": null,
    "webapi_url": "https://mriqc.nimh.nih.gov/api/v1"
  },
  "size_t": 894,
  "size_x": 82,
  "size_y": 82,
  "size_z": 56,
  "snr": 6.743493282454985,
  "spacing_tr": 0.46000000834465027,
  "spacing_x": 3.02439022064209,
  "spacing_y": 3.02439022064209,
  "spacing_z": 3.0,
  "summary_bg_k": 22.10715542562493,
  "summary_bg_mad": 4.253774814434262,
  "summary_bg_mean": 15.020760536193848,
  "summary_bg_median": 3.4328858852386475,
  "summary_bg_n": 271647.0,
  "summary_bg_p05": 0.12080536782741547,
  "summary_bg_p95": 72.20514755249019,
  "summary_bg_stdv": 28.514122009277344,
  "summary_fg_k": 1.8367277287658306,
  "summary_fg_mad": 38.32210921742341,
  "summary_fg_mean": 294.8267822265625,
  "summary_fg_median": 294.5324401855469,
  "summary_fg_n": 49625.0,
  "summary_fg_p05": 225.205810546875,
  "summary_fg_p95": 365.5290832519531,
  "summary_fg_stdv": 43.67609786987305,
  "tsnr": 37.11352142470423
}