{
  "bids_meta": {
    "AcquisitionMatrixPE": 320,
    "AcquisitionNumber": 1,
    "AcquisitionTime": "12:36:41.187500",
    "BaseResolution": 320,
    "ConversionSoftware": "dcm2niix",
    "ConversionSoftwareVersion": "v1.0.20171215 Clang9.0.0",
    "DeviceSerialNumber": "35451",
    "DwellTime": 6.5e-06,
    "EchoTime": 0.00201,
    "FlipAngle": 8,
    "ImageOrientationPatientDICOM": [
      0.0348995,
      0.999391,
      -1.85063e-08,
      -0.0191857,
      0.000669961,
      -0.999816
    ],
    "ImageType": [
      "ORIGINAL",
      "PRIMARY",
      "M",
      "ND",
      "NORM"
    ],
    "InPlanePhaseEncodingDirectionDICOM": "ROW",
    "InstitutionAddress": "Exposition_Drive_1777_Boulder-_c0d8dc-_Denver_US_80301",
    "InstitutionName": "Intermountain_Neuroimaging_Consortium",
    "InstitutionalDepartmentName": "Department",
    "InversionTime": 1,
    "MRAcquisitionType": "3D",
    "MagneticFieldStrength": 3,
    "Manufacturer": "Siemens",
    "ManufacturersModelName": "TrioTim",
    "Modality": "MR",
    "ParallelReductionFactorInPlane": 2,
    "PartialFourier": 1,
    "PatientPosition": "HFS",
    "PercentPhaseFOV": 100,
    "PhaseEncodingSteps": 319,
    "PhaseResolution": 1,
    "PixelBandwidth": 240,
    "ProcedureStepDescription": "VMITTAL_adaptcog_200068",
    "ProtocolName": "t1w_32ch_mpr_08mm",
    "PulseSequenceDetails": "%SiemensSeq%_tfl",
    "ReceiveCoilName": "32Ch_Head",
    "ReconMatrixPE": 320,
    "RepetitionTime": 2.4,
    "SAR": 0.0745804,
    "ScanOptions": "IR_WE",
    "ScanningSequence": "GR_IR",
    "SequenceName": "_tfl3d1_ns",
    "SequenceVariant": "SP_MP",
    "SeriesDescription": "t1w_32ch_mpr_08mm",
    "SeriesNumber": 2,
    "ShimSetting": [
      6748,
      12654,
      -6806,
      224,
      251,
      -510,
      279,
      161
    ],
    "SliceThickness": 0.8,
    "SoftwareVersions": "syngo_MR_B17",
    "StationName": "MRC35451",
    "TxRefAmp": 330.178,
    "dataset": "ds001371",
    "modality": "T1w",
    "subject_id": "M80322566"
  },
  "cjv": 0.36134300728462776,
  "cnr": 3.582683716611713,
  "efc": 0.5482973229299555,
  "fber": 17693.244935491173,
  "fwhm_avg": 4.394292190989137,
  "fwhm_x": 4.39148920396929,
  "fwhm_y": 4.415712434200757,
  "fwhm_z": 4.375674934797362,
  "icvs_csf": 0.19338501243796194,
  "icvs_gm": 0.4467674330921963,
  "icvs_wm": 0.35984755446984173,
  "inu_med": 0.4676383137702942,
  "inu_range": 0.18683430999517442,
  "provenance": {
    "md5sum": "49c78073d9ae5dbcf2ad84573d10c8b8",
    "settings": {
      "testing": false
    },
    "software": "mriqc",
    "version": "22.0.6",
    "warnings": {
      "large_rot_frame": true,
      "small_air_mask": false
    },
    "webapi_port": null,
    "webapi_url": "https://mriqc.nimh.nih.gov/api/v1"
  },
  "qi_1": 0.0,
  "qi_2": 0.016164935333588735,
  "rpve_csf": 27.40126763679032,
  "rpve_gm": 13.027369716628995,
  "rpve_wm": 18.230461699148194,
  "size_x": 224,
  "size_y": 320,
  "size_z": 320,
  "snr_csf": 2.96300114886922,
  "snr_gm": 13.686519527314358,
  "snr_total": 13.31142865228579,
  "snr_wm": 23.284765280673785,
  "snrd_csf": 35.18258300942784,
  "snrd_gm": 91.75913897036959,
  "snrd_total": 83.14449919522666,
  "snrd_wm": 122.49177560588254,
  "spacing_x": 0.800004243850708,
  "spacing_y": 0.800000011920929,
  "spacing_z": 0.800000011920929,
  "summary_bg_k": 6.781624055625656,
  "summary_bg_mad": 5.34868290297894,
  "summary_bg_mean": 5.86497812362692,
  "summary_bg_median": 3.6076317951083183,
  "summary_bg_n": 4773956.0,
  "summary_bg_p05": 0.0,
  "summary_bg_p95": 22.052284494042397,
  "summary_bg_stdv": 8.008751878636572,
  "summary_csf_k": 1.8347104700127401,
  "summary_csf_mad": 74.6178931746569,
  "summary_csf_mean": 299.92176703042736,
  "summary_csf_median": 287.2386272922158,
  "summary_csf_n": 81943.0,
  "summary_csf_p05": 163.77378056906167,
  "summary_csf_p95": 480.2215224727988,
  "summary_csf_stdv": 96.94119582880403,
  "summary_gm_k": 0.45123247229304386,
  "summary_gm_mad": 50.66182045427235,
  "summary_gm_mean": 748.1615710474534,
  "summary_gm_median": 749.1425263546407,
  "summary_gm_n": 100464.0,
  "summary_gm_p05": 656.3095222748816,
  "summary_gm_p95": 838.1100291835141,
  "summary_gm_stdv": 54.735522529120765,
  "summary_wm_k": 0.7156734939413454,
  "summary_wm_mad": 40.00212142932137,
  "summary_wm_mean": 999.9185898708084,
  "summary_wm_median": 1000.0507771186531,
  "summary_wm_n": 444872.0,
  "summary_wm_p05": 930.3116976991296,
  "summary_wm_p95": 1070.3995971232653,
  "summary_wm_stdv": 42.9486679847358,
  "tpm_overlap_csf": 0.15410742195563296,
  "tpm_overlap_gm": 0.4611319428231907,
  "tpm_overlap_wm": 0.522659492219483,
  "wm2max": 0.8683461648761334
}