{
  "bids_meta": {
    "AcquisitionMatrixPE": 320,
    "AcquisitionNumber": 1,
    "AcquisitionTime": "09:59:58.980000",
    "BaseResolution": 320,
    "ConversionSoftware": "dcm2niix",
    "ConversionSoftwareVersion": "v1.0.20171215 Clang9.0.0",
    "DeviceSerialNumber": "35451",
    "DwellTime": 6.5e-06,
    "EchoTime": 0.00201,
    "FlipAngle": 8,
    "ImageOrientationPatientDICOM": [
      0.045363,
      0.998971,
      0,
      0,
      -1e-16,
      -1
    ],
    "ImageType": [
      "ORIGINAL",
      "PRIMARY",
      "M",
      "ND",
      "NORM"
    ],
    "InPlanePhaseEncodingDirectionDICOM": "ROW",
    "InstitutionAddress": "Exposition_Drive_1777_Boulder-_c0d8dc-_Denver_US_80301",
    "InstitutionName": "Intermountain_Neuroimaging_Consortium",
    "InstitutionalDepartmentName": "Department",
    "InversionTime": 1,
    "MRAcquisitionType": "3D",
    "MagneticFieldStrength": 3,
    "Manufacturer": "Siemens",
    "ManufacturersModelName": "TrioTim",
    "Modality": "MR",
    "ParallelReductionFactorInPlane": 2,
    "PartialFourier": 1,
    "PatientPosition": "HFS",
    "PercentPhaseFOV": 100,
    "PhaseEncodingSteps": 319,
    "PhaseResolution": 1,
    "PixelBandwidth": 240,
    "ProcedureStepDescription": "VMITTAL_adaptcog_200068",
    "ProtocolName": "t1w_32ch_mpr_08mm",
    "PulseSequenceDetails": "%SiemensSeq%_tfl",
    "ReceiveCoilName": "32Ch_Head",
    "ReconMatrixPE": 320,
    "RepetitionTime": 2.4,
    "SAR": 0.0848463,
    "ScanOptions": "IR_WE",
    "ScanningSequence": "GR_IR",
    "SequenceName": "_tfl3d1_ns",
    "SequenceVariant": "SP_MP",
    "SeriesDescription": "t1w_32ch_mpr_08mm",
    "SeriesNumber": 2,
    "ShimSetting": [
      6773,
      12635,
      -6775,
      65,
      252,
      -489,
      187,
      55
    ],
    "SliceThickness": 0.8,
    "SoftwareVersions": "syngo_MR_B17",
    "StationName": "MRC35451",
    "TxRefAmp": 333.922,
    "dataset": "ds001371",
    "modality": "T1w",
    "subject_id": "M80363038"
  },
  "cjv": 0.35439872101686476,
  "cnr": 3.717823169615732,
  "efc": 0.5329742499241509,
  "fber": 17708.528322531773,
  "fwhm_avg": 4.534624583634979,
  "fwhm_x": 4.545411385886542,
  "fwhm_y": 4.493137433047035,
  "fwhm_z": 4.565324931971357,
  "icvs_csf": 0.1939343085910271,
  "icvs_gm": 0.44055406295011335,
  "icvs_wm": 0.3655116284588596,
  "inu_med": 0.4725058078765869,
  "inu_range": 0.19053581655025464,
  "provenance": {
    "md5sum": "880d9d4219f6042ac47bfcd8d4dcf613",
    "settings": {
      "testing": false
    },
    "software": "mriqc",
    "version": "22.0.6",
    "warnings": {
      "large_rot_frame": true,
      "small_air_mask": false
    },
    "webapi_port": null,
    "webapi_url": "https://mriqc.nimh.nih.gov/api/v1"
  },
  "qi_1": 0.0,
  "qi_2": 0.022490326152865447,
  "rpve_csf": 26.3639043806262,
  "rpve_gm": 12.587606177005046,
  "rpve_wm": 17.19202368270963,
  "size_x": 224,
  "size_y": 320,
  "size_z": 320,
  "snr_csf": 2.553061609451436,
  "snr_gm": 12.796833682854647,
  "snr_total": 12.689560775564132,
  "snr_wm": 22.718787034386317,
  "snrd_csf": 35.14797605931936,
  "snrd_gm": 93.49057661454285,
  "snrd_total": 85.55451187276988,
  "snrd_wm": 128.02498294444743,
  "spacing_x": 0.80000239610672,
  "spacing_y": 0.800000011920929,
  "spacing_z": 0.800000011920929,
  "summary_bg_k": 9.88207555549714,
  "summary_bg_mad": 5.117366674356177,
  "summary_bg_mean": 5.95486039502238,
  "summary_bg_median": 3.4516113698482513,
  "summary_bg_n": 6052501.0,
  "summary_bg_p05": 0.0,
  "summary_bg_p95": 22.5563902258873,
  "summary_bg_stdv": 8.39182825007763,
  "summary_csf_k": 1.0804076632092956,
  "summary_csf_mad": 86.6040971577348,
  "summary_csf_mean": 286.1331623680316,
  "summary_csf_median": 274.54600501060486,
  "summary_csf_n": 88108.0,
  "summary_csf_p05": 121.0042610168457,
  "summary_csf_p95": 489.5275306269525,
  "summary_csf_stdv": 107.53537869256212,
  "summary_gm_k": 0.3816169191033034,
  "summary_gm_mad": 54.00940496438335,
  "summary_gm_mean": 729.4348721062779,
  "summary_gm_median": 730.2686297595501,
  "summary_gm_n": 105247.0,
  "summary_gm_p05": 634.0038481980562,
  "summary_gm_p95": 822.1584389477968,
  "summary_gm_stdv": 57.06608201224004,
  "summary_wm_k": 0.6090049114169931,
  "summary_wm_mad": 41.59082723871644,
  "summary_wm_mean": 999.7336293630074,
  "summary_wm_median": 1000.0219514667988,
  "summary_wm_n": 481872.0,
  "summary_wm_p05": 927.6260518431664,
  "summary_wm_p95": 1070.8129617273808,
  "summary_wm_stdv": 44.01735498950449,
  "tpm_overlap_csf": 0.13909051435996325,
  "tpm_overlap_gm": 0.4434197961960092,
  "tpm_overlap_wm": 0.488365627949242,
  "wm2max": 0.8699951336159337
}