{
  "bids_meta": {
    "AcquisitionMatrixPE": 320,
    "AcquisitionNumber": 1,
    "AcquisitionTime": "15:17:56.242500",
    "BaseResolution": 320,
    "ConversionSoftware": "dcm2niix",
    "ConversionSoftwareVersion": "v1.0.20171215 Clang9.0.0",
    "DeviceSerialNumber": "35451",
    "DwellTime": 6.5e-06,
    "EchoTime": 0.00201,
    "FlipAngle": 8,
    "ImageOrientationPatientDICOM": [
      0.0157074,
      0.999877,
      0,
      0,
      0,
      -1
    ],
    "ImageType": [
      "ORIGINAL",
      "PRIMARY",
      "M",
      "ND",
      "NORM"
    ],
    "InPlanePhaseEncodingDirectionDICOM": "ROW",
    "InstitutionAddress": "Exposition_Drive_1777_Boulder-_6392da-_Denver_US_80301",
    "InstitutionName": "Intermountain_Neuroimaging_Consortium",
    "InstitutionalDepartmentName": "Department",
    "InversionTime": 1,
    "MRAcquisitionType": "3D",
    "MagneticFieldStrength": 3,
    "Manufacturer": "Siemens",
    "ManufacturersModelName": "TrioTim",
    "Modality": "MR",
    "ParallelReductionFactorInPlane": 2,
    "PartialFourier": 1,
    "PatientPosition": "HFS",
    "PercentPhaseFOV": 100,
    "PhaseEncodingSteps": 319,
    "PhaseResolution": 1,
    "PixelBandwidth": 240,
    "ProcedureStepDescription": "VMITTAL_adaptcog_200068",
    "ProtocolName": "t1w_32ch_mpr_08mm",
    "PulseSequenceDetails": "%SiemensSeq%_tfl",
    "ReceiveCoilName": "32Ch_Head",
    "ReconMatrixPE": 320,
    "RepetitionTime": 2.4,
    "SAR": 0.086983,
    "ScanOptions": "IR_WE",
    "ScanningSequence": "GR_IR",
    "SequenceName": "_tfl3d1_ns",
    "SequenceVariant": "SP_MP",
    "SeriesDescription": "t1w_32ch_mpr_08mm",
    "SeriesNumber": 2,
    "ShimSetting": [
      6788,
      12611,
      -6770,
      109,
      324,
      -627,
      342,
      -30
    ],
    "SliceThickness": 0.8,
    "SoftwareVersions": "syngo_MR_B17",
    "StationName": "MRC35451",
    "TxRefAmp": 331.967,
    "dataset": "ds001371",
    "modality": "T1w",
    "subject_id": "M80319012"
  },
  "cjv": 0.3324438080068267,
  "cnr": 4.004484326527051,
  "efc": 0.5345771648770495,
  "fber": 19991.43225866858,
  "fwhm_avg": 4.436832981619003,
  "fwhm_x": 4.372486578043773,
  "fwhm_y": 4.514349932730943,
  "fwhm_z": 4.423662434082293,
  "icvs_csf": 0.14792937085237837,
  "icvs_gm": 0.49234128871536453,
  "icvs_wm": 0.3597293404322571,
  "inu_med": 0.46455860137939453,
  "inu_range": 0.19926042556762696,
  "provenance": {
    "md5sum": "b6e3ab529865c029e432c671377948df",
    "settings": {
      "testing": false
    },
    "software": "mriqc",
    "version": "22.0.6",
    "warnings": {
      "large_rot_frame": true,
      "small_air_mask": false
    },
    "webapi_port": null,
    "webapi_url": "https://mriqc.nimh.nih.gov/api/v1"
  },
  "qi_1": 3.335877656514995e-05,
  "qi_2": 0.020229530054888138,
  "rpve_csf": 34.58910433979686,
  "rpve_gm": 12.371538969159047,
  "rpve_wm": 18.177211252237335,
  "size_x": 224,
  "size_y": 320,
  "size_z": 320,
  "snr_csf": 2.0969384557576243,
  "snr_gm": 13.985371314620936,
  "snr_total": 13.195314212377594,
  "snr_wm": 23.503632866754224,
  "snrd_csf": 35.57987040323968,
  "snrd_gm": 95.38355583216061,
  "snrd_total": 87.27794150522965,
  "snrd_wm": 130.87039828028864,
  "spacing_x": 0.8000024557113647,
  "spacing_y": 0.800000011920929,
  "spacing_z": 0.800000011920929,
  "summary_bg_k": 7.91102517048588,
  "summary_bg_mad": 5.006121019437934,
  "summary_bg_mean": 5.321105148649203,
  "summary_bg_median": 3.376577315852046,
  "summary_bg_n": 5479801.0,
  "summary_bg_p05": 0.0,
  "summary_bg_p95": 20.74183208309114,
  "summary_bg_stdv": 7.687380288284674,
  "summary_csf_k": 0.5011467609874387,
  "summary_csf_mad": 127.86310603782452,
  "summary_csf_mean": 270.6874736431548,
  "summary_csf_median": 271.877943424508,
  "summary_csf_n": 48689.0,
  "summary_csf_p05": 58.74736773595214,
  "summary_csf_p95": 486.4048480782658,
  "summary_csf_stdv": 129.65337665413503,
  "summary_gm_k": 0.3216761321925117,
  "summary_gm_mad": 50.211770225039125,
  "summary_gm_mean": 728.3670767389865,
  "summary_gm_median": 728.8583320360631,
  "summary_gm_n": 195104.0,
  "summary_gm_p05": 642.4128751903772,
  "summary_gm_p95": 813.0950503367931,
  "summary_gm_stdv": 52.11563195325178,
  "summary_wm_k": 0.4643300752242796,
  "summary_wm_mad": 39.93604813250863,
  "summary_wm_mean": 1000.0035396378588,
  "summary_wm_median": 1000.0254170782864,
  "summary_wm_n": 439070.0,
  "summary_wm_p05": 929.9804786238819,
  "summary_wm_p95": 1070.0703555326909,
  "summary_wm_stdv": 42.547647163628056,
  "tpm_overlap_csf": 0.12039177082420367,
  "tpm_overlap_gm": 0.4674891021093056,
  "tpm_overlap_wm": 0.5066764732272773,
  "wm2max": 0.8605284105399015
}