{
  "aor": 0.0013681390134529148,
  "aqi": 0.009661752208520181,
  "bids_meta": {
    "AcquisitionMatrixPE": 82,
    "AcquisitionNumber": 1,
    "AcquisitionTime": "10:18:29.217500",
    "BandwidthPerPixelPhaseEncode": 23.912,
    "BaseResolution": 82,
    "ConversionSoftware": "dcm2niix",
    "ConversionSoftwareVersion": "v1.0.20171215 Clang9.0.0",
    "DerivedVendorReportedEchoSpacing": 0.00051,
    "DeviceSerialNumber": "35451",
    "DwellTime": 2.2e-06,
    "EchoTime": 0.029,
    "EffectiveEchoSpacing": 0.00051,
    "FlipAngle": 44,
    "ImageComments": "Unaliased_MB8_PE3_(remote)",
    "ImageOrientationPatientDICOM": [
      0.999359,
      0.0129517,
      0.0333636,
      6.4256e-08,
      0.932221,
      -0.36189
    ],
    "ImageType": [
      "ORIGINAL",
      "PRIMARY",
      "M",
      "MB",
      "ND",
      "NORM",
      "MOSAIC"
    ],
    "InPlanePhaseEncodingDirectionDICOM": "COL",
    "InstitutionAddress": "Exposition_Drive_1777_Boulder-_6392da-_Denver_US_80301",
    "InstitutionName": "Intermountain_Neuroimaging_Consortium",
    "InstitutionalDepartmentName": "Department",
    "MRAcquisitionType": "2D",
    "MagneticFieldStrength": 3,
    "Manufacturer": "Siemens",
    "ManufacturersModelName": "TrioTim",
    "Modality": "MR",
    "MultibandAccelerationFactor": 8,
    "PartialFourier": 1,
    "PatientPosition": "HFS",
    "PercentPhaseFOV": 100,
    "PhaseEncodingDirection": "j",
    "PhaseEncodingSteps": 82,
    "PhaseResolution": 1,
    "PixelBandwidth": 2772,
    "ProcedureStepDescription": "VMITTAL_adaptcog_200068",
    "ProtocolName": "ritl_pa_32ch_mb8_v01_r02",
    "PulseSequenceDetails": "%CustomerSeq%_cmrr_mbep2d_bold",
    "ReceiveCoilName": "32Ch_Head",
    "ReconMatrixPE": 82,
    "RepetitionTime": 0.46,
    "SAR": 0.152681,
    "ScanOptions": "FS",
    "ScanningSequence": "EP",
    "SequenceName": "epfid2d1_82",
    "SequenceVariant": "SK_SS",
    "SeriesDescription": "ritl_pa_32ch_mb8_v01_r02",
    "SeriesNumber": 8,
    "ShimSetting": [
      6784,
      12649,
      -6750,
      592,
      209,
      13,
      176,
      123
    ],
    "SliceThickness": 3,
    "SliceTiming": [
      0,
      0.265,
      0.0675,
      0.33,
      0.1325,
      0.395,
      0.1975,
      0,
      0.265,
      0.0675,
      0.33,
      0.1325,
      0.395,
      0.1975,
      0,
      0.265,
      0.0675,
      0.33,
      0.1325,
      0.395,
      0.1975,
      0,
      0.265,
      0.0675,
      0.33,
      0.1325,
      0.395,
      0.1975,
      0,
      0.265,
      0.0675,
      0.33,
      0.1325,
      0.395,
      0.1975,
      0,
      0.265,
      0.0675,
      0.33,
      0.1325,
      0.395,
      0.1975,
      0,
      0.265,
      0.0675,
      0.33,
      0.1325,
      0.395,
      0.1975,
      0,
      0.265,
      0.0675,
      0.33,
      0.1325,
      0.395,
      0.1975
    ],
    "SoftwareVersions": "syngo_MR_B17",
    "SpacingBetweenSlices": 3,
    "StationName": "MRC35451",
    "TaskName": "ritl",
    "TotalReadoutTime": 0.04131,
    "TxRefAmp": 352.699,
    "acq_id": "MB",
    "dataset": "ds001371",
    "modality": "bold",
    "run_id": 2,
    "subject_id": "M80365393",
    "task_id": "ritl"
  },
  "dummy_trs": 2,
  "dvars_nstd": 30.95109018224466,
  "dvars_std": 1.1504452992143657,
  "dvars_vstd": 1.0146974813355774,
  "efc": 0.42775977929852,
  "fber": 15434.7822265625,
  "fd_mean": 0.09381922802226184,
  "fd_num": 71,
  "fd_perc": 7.959641255605381,
  "fwhm_avg": 1.7989590147214989,
  "fwhm_x": 1.7202740454885577,
  "fwhm_y": 1.9249929986759386,
  "fwhm_z": 1.7516100000000001,
  "gcor": 0.0173369,
  "gsr_x": -0.03234591335058212,
  "gsr_y": 0.022086527198553085,
  "provenance": {
    "md5sum": "31997f912672f290faf3af86a9e17157",
    "settings": {
      "fd_thres": 0.2,
      "testing": false
    },
    "software": "mriqc",
    "version": "22.0.6",
    "webapi_port": null,
    "webapi_url": "https://mriqc.nimh.nih.gov/api/v1"
  },
  "size_t": 892,
  "size_x": 82,
  "size_y": 82,
  "size_z": 56,
  "snr": 6.401900323058609,
  "spacing_tr": 0.46000000834465027,
  "spacing_x": 3.02439022064209,
  "spacing_y": 3.02439022064209,
  "spacing_z": 3.0,
  "summary_bg_k": 12.780596068690327,
  "summary_bg_mad": 2.6527279055596793,
  "summary_bg_mean": 13.094396591186523,
  "summary_bg_median": 1.9831839799880981,
  "summary_bg_n": 285858.0,
  "summary_bg_p05": 0.014573991298675537,
  "summary_bg_p95": 73.79630355834954,
  "summary_bg_stdv": 27.380455017089844,
  "summary_fg_k": 1.6700789635529194,
  "summary_fg_mad": 35.28410488510045,
  "summary_fg_mean": 245.2513885498047,
  "summary_fg_median": 243.98712158203125,
  "summary_fg_n": 37846.0,
  "summary_fg_p05": 188.94255447387695,
  "summary_fg_p95": 308.4677963256836,
  "summary_fg_stdv": 38.111167907714844,
  "tsnr": 46.61094929371029
}