{
  "aor": 0.0011592255892255894,
  "aqi": 0.011929416475869807,
  "bids_meta": {
    "AcquisitionMatrixPE": 82,
    "AcquisitionNumber": 1,
    "AcquisitionTime": "14:10:26.417500",
    "BandwidthPerPixelPhaseEncode": 23.912,
    "BaseResolution": 82,
    "ConversionSoftware": "dcm2niix",
    "ConversionSoftwareVersion": "v1.0.20171215 Clang9.0.0",
    "DerivedVendorReportedEchoSpacing": 0.00051,
    "DeviceSerialNumber": "35451",
    "DwellTime": 2.2e-06,
    "EchoTime": 0.029,
    "EffectiveEchoSpacing": 0.00051,
    "FlipAngle": 44,
    "ImageComments": "Unaliased_MB8_PE3_(remote)",
    "ImageOrientationPatientDICOM": [
      0.999532,
      0.011773,
      0.0282518,
      1.12312e-08,
      0.92306,
      -0.384656
    ],
    "ImageType": [
      "ORIGINAL",
      "PRIMARY",
      "M",
      "MB",
      "ND",
      "NORM",
      "MOSAIC"
    ],
    "InPlanePhaseEncodingDirectionDICOM": "COL",
    "InstitutionAddress": "Exposition_Drive_1777_Boulder-_6392da-_Denver_US_80301",
    "InstitutionName": "Intermountain_Neuroimaging_Consortium",
    "InstitutionalDepartmentName": "Department",
    "MRAcquisitionType": "2D",
    "MagneticFieldStrength": 3,
    "Manufacturer": "Siemens",
    "ManufacturersModelName": "TrioTim",
    "Modality": "MR",
    "MultibandAccelerationFactor": 8,
    "PartialFourier": 1,
    "PatientPosition": "HFS",
    "PercentPhaseFOV": 100,
    "PhaseEncodingDirection": "j",
    "PhaseEncodingSteps": 82,
    "PhaseResolution": 1,
    "PixelBandwidth": 2772,
    "ProcedureStepDescription": "VMITTAL_adaptcog_200068",
    "ProtocolName": "ritl_pa_32ch_mb8_v01_r04",
    "PulseSequenceDetails": "%CustomerSeq%_cmrr_mbep2d_bold",
    "ReceiveCoilName": "32Ch_Head",
    "ReconMatrixPE": 82,
    "RepetitionTime": 0.46,
    "SAR": 0.151364,
    "ScanOptions": "FS",
    "ScanningSequence": "EP",
    "SequenceName": "epfid2d1_82",
    "SequenceVariant": "SK_SS",
    "SeriesDescription": "ritl_pa_32ch_mb8_v01_r04",
    "SeriesNumber": 12,
    "ShimSetting": [
      6793,
      12714,
      -6686,
      561,
      251,
      345,
      -18,
      -8
    ],
    "SliceThickness": 3,
    "SliceTiming": [
      0,
      0.265,
      0.0675,
      0.33,
      0.1325,
      0.395,
      0.1975,
      0,
      0.265,
      0.0675,
      0.33,
      0.1325,
      0.395,
      0.1975,
      0,
      0.265,
      0.0675,
      0.33,
      0.1325,
      0.395,
      0.1975,
      0,
      0.265,
      0.0675,
      0.33,
      0.1325,
      0.395,
      0.1975,
      0,
      0.265,
      0.0675,
      0.33,
      0.1325,
      0.395,
      0.1975,
      0,
      0.265,
      0.0675,
      0.33,
      0.1325,
      0.395,
      0.1975,
      0,
      0.265,
      0.0675,
      0.33,
      0.1325,
      0.395,
      0.1975,
      0,
      0.265,
      0.0675,
      0.33,
      0.1325,
      0.395,
      0.1975
    ],
    "SoftwareVersions": "syngo_MR_B17",
    "SpacingBetweenSlices": 3,
    "StationName": "MRC35451",
    "TaskName": "ritl",
    "TotalReadoutTime": 0.04131,
    "TxRefAmp": 340.595,
    "acq_id": "MB",
    "dataset": "ds001371",
    "modality": "bold",
    "run_id": 4,
    "subject_id": "M80390041",
    "task_id": "ritl"
  },
  "dummy_trs": 3,
  "dvars_nstd": 32.28828754211234,
  "dvars_std": 1.2565915626179784,
  "dvars_vstd": 1.024634292999999,
  "efc": 0.4091439828401679,
  "fber": 25813.775390625,
  "fd_mean": 0.059976826809695655,
  "fd_num": 7,
  "fd_perc": 0.7856341189674523,
  "fwhm_avg": 1.6827468992556056,
  "fwhm_x": 1.5789827540793169,
  "fwhm_y": 1.7657146103541668,
  "fwhm_z": 1.7035433333333332,
  "gcor": 0.0495838,
  "gsr_x": -0.017404885962605476,
  "gsr_y": 0.014006543904542923,
  "provenance": {
    "md5sum": "428e546e0607e1081a2b959f291d5b9e",
    "settings": {
      "fd_thres": 0.2,
      "testing": false
    },
    "software": "mriqc",
    "version": "22.0.6",
    "webapi_port": null,
    "webapi_url": "https://mriqc.nimh.nih.gov/api/v1"
  },
  "size_t": 891,
  "size_x": 82,
  "size_y": 82,
  "size_z": 56,
  "snr": 6.8969092873403675,
  "spacing_tr": 0.46000000834465027,
  "spacing_x": 3.02439022064209,
  "spacing_y": 3.02439022064209,
  "spacing_z": 3.0,
  "summary_bg_k": 21.305874552409385,
  "summary_bg_mad": 2.1964479021316836,
  "summary_bg_mean": 9.937554359436035,
  "summary_bg_median": 1.65656578540802,
  "summary_bg_n": 282596.0,
  "summary_bg_p05": 0.008978676050901413,
  "summary_bg_p95": 58.98905849456787,
  "summary_bg_stdv": 23.72776222229004,
  "summary_fg_k": 2.3864934555011956,
  "summary_fg_mad": 32.66301455858864,
  "summary_fg_mean": 256.6808776855469,
  "summary_fg_median": 254.6240234375,
  "summary_fg_n": 41562.0,
  "summary_fg_p05": 203.34350051879883,
  "summary_fg_p95": 319.2637695312499,
  "summary_fg_stdv": 36.91812515258789,
  "tsnr": 50.55317244492471
}