{
  "aor": 0.0051668876404494385,
  "aqi": 0.018750584966292137,
  "bids_meta": {
    "AcquisitionMatrixPE": 82,
    "AcquisitionNumber": 1,
    "AcquisitionTime": "16:09:4.795000",
    "BandwidthPerPixelPhaseEncode": 23.912,
    "BaseResolution": 82,
    "ConversionSoftware": "dcm2niix",
    "ConversionSoftwareVersion": "v1.0.20171215 Clang9.0.0",
    "DerivedVendorReportedEchoSpacing": 0.00051,
    "DeviceSerialNumber": "35451",
    "DwellTime": 2.2e-06,
    "EchoTime": 0.029,
    "EffectiveEchoSpacing": 0.00051,
    "FlipAngle": 44,
    "ImageComments": "Unaliased_MB8_PE3_(remote)",
    "ImageOrientationPatientDICOM": [
      0.998001,
      -0.0242444,
      -0.0583673,
      -6.33921e-08,
      0.923499,
      -0.383601
    ],
    "ImageType": [
      "ORIGINAL",
      "PRIMARY",
      "M",
      "MB",
      "ND",
      "NORM",
      "MOSAIC"
    ],
    "InPlanePhaseEncodingDirectionDICOM": "COL",
    "InstitutionAddress": "Exposition_Drive_1777_Boulder-_6392da-_Denver_US_80301",
    "InstitutionName": "Intermountain_Neuroimaging_Consortium",
    "InstitutionalDepartmentName": "Department",
    "MRAcquisitionType": "2D",
    "MagneticFieldStrength": 3,
    "Manufacturer": "Siemens",
    "ManufacturersModelName": "TrioTim",
    "Modality": "MR",
    "MultibandAccelerationFactor": 8,
    "PartialFourier": 1,
    "PatientPosition": "HFS",
    "PercentPhaseFOV": 100,
    "PhaseEncodingDirection": "j",
    "PhaseEncodingSteps": 82,
    "PhaseResolution": 1,
    "PixelBandwidth": 2772,
    "ProcedureStepDescription": "VMITTAL_adaptcog_200068",
    "ProtocolName": "ritl_pa_32ch_mb8_v01_r03",
    "PulseSequenceDetails": "%CustomerSeq%_cmrr_mbep2d_bold",
    "ReceiveCoilName": "32Ch_Head",
    "ReconMatrixPE": 82,
    "RepetitionTime": 0.46,
    "SAR": 0.165956,
    "ScanOptions": "FS",
    "ScanningSequence": "EP",
    "SequenceName": "epfid2d1_82",
    "SequenceVariant": "SK_SS",
    "SeriesDescription": "ritl_pa_32ch_mb8_v01_r03",
    "SeriesNumber": 16,
    "ShimSetting": [
      6737,
      12690,
      -6698,
      598,
      180,
      87,
      -42,
      -8
    ],
    "SliceThickness": 3,
    "SliceTiming": [
      0,
      0.265,
      0.0675,
      0.33,
      0.1325,
      0.395,
      0.1975,
      0,
      0.265,
      0.0675,
      0.33,
      0.1325,
      0.395,
      0.1975,
      0,
      0.265,
      0.0675,
      0.33,
      0.1325,
      0.395,
      0.1975,
      0,
      0.265,
      0.0675,
      0.33,
      0.1325,
      0.395,
      0.1975,
      0,
      0.265,
      0.0675,
      0.33,
      0.1325,
      0.395,
      0.1975,
      0,
      0.265,
      0.0675,
      0.33,
      0.1325,
      0.395,
      0.1975,
      0,
      0.265,
      0.0675,
      0.33,
      0.1325,
      0.395,
      0.1975,
      0,
      0.265,
      0.0675,
      0.33,
      0.1325,
      0.395,
      0.1975
    ],
    "SoftwareVersions": "syngo_MR_B17",
    "SpacingBetweenSlices": 3,
    "StationName": "MRC35451",
    "TaskName": "ritl",
    "TotalReadoutTime": 0.04131,
    "TxRefAmp": 334.813,
    "acq_id": "MB",
    "dataset": "ds001371",
    "modality": "bold",
    "run_id": 3,
    "subject_id": "M80398983",
    "task_id": "ritl"
  },
  "dummy_trs": 4,
  "dvars_nstd": 27.453034457829013,
  "dvars_std": 1.1848955009223856,
  "dvars_vstd": 1.0516322509223843,
  "efc": 0.3739877257507114,
  "fber": 44314.22265625,
  "fd_mean": 0.10063629377299159,
  "fd_num": 69,
  "fd_perc": 7.752808988764045,
  "fwhm_avg": 1.747475707834708,
  "fwhm_x": 1.6780903354867067,
  "fwhm_y": 1.7974267880174173,
  "fwhm_z": 1.76691,
  "gcor": 0.0273553,
  "gsr_x": -0.021271316334605217,
  "gsr_y": 0.020861657336354256,
  "provenance": {
    "md5sum": "28920af40a6bec4c830d8659db355d51",
    "settings": {
      "fd_thres": 0.2,
      "testing": false
    },
    "software": "mriqc",
    "version": "22.0.6",
    "webapi_port": null,
    "webapi_url": "https://mriqc.nimh.nih.gov/api/v1"
  },
  "size_t": 890,
  "size_x": 82,
  "size_y": 82,
  "size_z": 56,
  "snr": 7.1411064399652435,
  "spacing_tr": 0.46000000834465027,
  "spacing_x": 3.02439022064209,
  "spacing_y": 3.02439022064209,
  "spacing_z": 3.0,
  "summary_bg_k": 34.61713582900145,
  "summary_bg_mad": 1.8357615265322536,
  "summary_bg_mean": 8.629056930541992,
  "summary_bg_median": 1.4438202381134033,
  "summary_bg_n": 290403.0,
  "summary_bg_p05": 0.024719100445508957,
  "summary_bg_p95": 46.51449432373043,
  "summary_bg_stdv": 21.218334197998047,
  "summary_fg_k": 1.6127864624098995,
  "summary_fg_mad": 37.667272123049884,
  "summary_fg_mean": 294.7978820800781,
  "summary_fg_median": 291.8927001953125,
  "summary_fg_n": 35942.0,
  "summary_fg_p05": 236.52028884887696,
  "summary_fg_p95": 365.60192718505857,
  "summary_fg_stdv": 40.874427795410156,
  "tsnr": 41.532559676561505
}