{
  "aor": 0.011299573512906847,
  "aqi": 0.0166946448372615,
  "bids_meta": {
    "AcquisitionMatrixPE": 82,
    "AcquisitionNumber": 1,
    "AcquisitionTime": "16:16:36.357500",
    "BandwidthPerPixelPhaseEncode": 23.912,
    "BaseResolution": 82,
    "ConversionSoftware": "dcm2niix",
    "ConversionSoftwareVersion": "v1.0.20171215 Clang9.0.0",
    "DerivedVendorReportedEchoSpacing": 0.00051,
    "DeviceSerialNumber": "35451",
    "DwellTime": 2.2e-06,
    "EchoTime": 0.029,
    "EffectiveEchoSpacing": 0.00051,
    "FlipAngle": 44,
    "ImageComments": "Unaliased_MB8_PE3_(remote)",
    "ImageOrientationPatientDICOM": [
      0.998001,
      -0.0242444,
      -0.0583673,
      -6.33921e-08,
      0.923499,
      -0.383601
    ],
    "ImageType": [
      "ORIGINAL",
      "PRIMARY",
      "M",
      "MB",
      "ND",
      "NORM",
      "MOSAIC"
    ],
    "InPlanePhaseEncodingDirectionDICOM": "COL",
    "InstitutionAddress": "Exposition_Drive_1777_Boulder-_6392da-_Denver_US_80301",
    "InstitutionName": "Intermountain_Neuroimaging_Consortium",
    "InstitutionalDepartmentName": "Department",
    "MRAcquisitionType": "2D",
    "MagneticFieldStrength": 3,
    "Manufacturer": "Siemens",
    "ManufacturersModelName": "TrioTim",
    "Modality": "MR",
    "MultibandAccelerationFactor": 8,
    "PartialFourier": 1,
    "PatientPosition": "HFS",
    "PercentPhaseFOV": 100,
    "PhaseEncodingDirection": "j",
    "PhaseEncodingSteps": 82,
    "PhaseResolution": 1,
    "PixelBandwidth": 2772,
    "ProcedureStepDescription": "VMITTAL_adaptcog_200068",
    "ProtocolName": "ritl_pa_32ch_mb8_v01_r04",
    "PulseSequenceDetails": "%CustomerSeq%_cmrr_mbep2d_bold",
    "ReceiveCoilName": "32Ch_Head",
    "ReconMatrixPE": 82,
    "RepetitionTime": 0.46,
    "SAR": 0.162838,
    "ScanOptions": "FS",
    "ScanningSequence": "EP",
    "SequenceName": "epfid2d1_82",
    "SequenceVariant": "SK_SS",
    "SeriesDescription": "ritl_pa_32ch_mb8_v01_r04",
    "SeriesNumber": 18,
    "ShimSetting": [
      6737,
      12690,
      -6698,
      598,
      180,
      87,
      -42,
      -8
    ],
    "SliceThickness": 3,
    "SliceTiming": [
      0,
      0.2625,
      0.065,
      0.33,
      0.13,
      0.395,
      0.1975,
      0,
      0.2625,
      0.065,
      0.33,
      0.13,
      0.395,
      0.1975,
      0,
      0.2625,
      0.065,
      0.33,
      0.13,
      0.395,
      0.1975,
      0,
      0.2625,
      0.065,
      0.33,
      0.13,
      0.395,
      0.1975,
      0,
      0.2625,
      0.065,
      0.33,
      0.13,
      0.395,
      0.1975,
      0,
      0.2625,
      0.065,
      0.33,
      0.13,
      0.395,
      0.1975,
      0,
      0.2625,
      0.065,
      0.33,
      0.13,
      0.395,
      0.1975,
      0,
      0.2625,
      0.065,
      0.33,
      0.13,
      0.395,
      0.1975
    ],
    "SoftwareVersions": "syngo_MR_B17",
    "SpacingBetweenSlices": 3,
    "StationName": "MRC35451",
    "TaskName": "ritl",
    "TotalReadoutTime": 0.04131,
    "TxRefAmp": 334.813,
    "acq_id": "MB",
    "dataset": "ds001371",
    "modality": "bold",
    "run_id": 4,
    "subject_id": "M80398983",
    "task_id": "ritl"
  },
  "dummy_trs": 3,
  "dvars_nstd": 27.028550137280906,
  "dvars_std": 1.2609129070674152,
  "dvars_vstd": 1.173065248752807,
  "efc": 0.374500904208218,
  "fber": 44558.6953125,
  "fd_mean": 0.09758100348528072,
  "fd_num": 75,
  "fd_perc": 8.417508417508417,
  "fwhm_avg": 1.7767381362897208,
  "fwhm_x": 1.7032788840675266,
  "fwhm_y": 1.8266921914683019,
  "fwhm_z": 1.8002433333333334,
  "gcor": 0.0253346,
  "gsr_x": -0.02087445929646492,
  "gsr_y": 0.0208893995732069,
  "provenance": {
    "md5sum": "127ac95eafcc6428ddea9da6b0a0eed7",
    "settings": {
      "fd_thres": 0.2,
      "testing": false
    },
    "software": "mriqc",
    "version": "22.0.6",
    "webapi_port": null,
    "webapi_url": "https://mriqc.nimh.nih.gov/api/v1"
  },
  "size_t": 891,
  "size_x": 82,
  "size_y": 82,
  "size_z": 56,
  "snr": 7.02855329360103,
  "spacing_tr": 0.46000000834465027,
  "spacing_x": 3.02439022064209,
  "spacing_y": 3.02439022064209,
  "spacing_z": 3.0,
  "summary_bg_k": 34.29851550199753,
  "summary_bg_mad": 1.847012968944664,
  "summary_bg_mean": 8.644584655761719,
  "summary_bg_median": 1.4377105236053467,
  "summary_bg_n": 290106.0,
  "summary_bg_p05": 0.02132435515522957,
  "summary_bg_p95": 46.9455680847168,
  "summary_bg_stdv": 21.291431427001953,
  "summary_fg_k": 1.5307139871250746,
  "summary_fg_mad": 37.88037809378845,
  "summary_fg_mean": 294.4358215332031,
  "summary_fg_median": 291.32659912109375,
  "summary_fg_n": 36183.0,
  "summary_fg_p05": 235.23536682128906,
  "summary_fg_p95": 366.6956451416016,
  "summary_fg_stdv": 41.44844055175781,
  "tsnr": 43.221629588864744
}