{
  "aor": 0.0029905711086226205,
  "aqi": 0.02086324712206047,
  "bids_meta": {
    "AcquisitionMatrixPE": 82,
    "AcquisitionNumber": 1,
    "AcquisitionTime": "16:01:28.005000",
    "BandwidthPerPixelPhaseEncode": 23.912,
    "BaseResolution": 82,
    "ConversionSoftware": "dcm2niix",
    "ConversionSoftwareVersion": "v1.0.20171215 Clang9.0.0",
    "DerivedVendorReportedEchoSpacing": 0.00051,
    "DeviceSerialNumber": "35451",
    "DwellTime": 2.2e-06,
    "EchoTime": 0.029,
    "EffectiveEchoSpacing": 0.00051,
    "FlipAngle": 44,
    "ImageComments": "Unaliased_MB8_PE3_(remote)",
    "ImageOrientationPatientDICOM": [
      0.998001,
      -0.0242444,
      -0.0583673,
      -6.33921e-08,
      0.923499,
      -0.383601
    ],
    "ImageType": [
      "ORIGINAL",
      "PRIMARY",
      "M",
      "MB",
      "ND",
      "NORM",
      "MOSAIC"
    ],
    "InPlanePhaseEncodingDirectionDICOM": "COL",
    "InstitutionAddress": "Exposition_Drive_1777_Boulder-_6392da-_Denver_US_80301",
    "InstitutionName": "Intermountain_Neuroimaging_Consortium",
    "InstitutionalDepartmentName": "Department",
    "MRAcquisitionType": "2D",
    "MagneticFieldStrength": 3,
    "Manufacturer": "Siemens",
    "ManufacturersModelName": "TrioTim",
    "Modality": "MR",
    "MultibandAccelerationFactor": 8,
    "PartialFourier": 1,
    "PatientPosition": "HFS",
    "PercentPhaseFOV": 100,
    "PhaseEncodingDirection": "j",
    "PhaseEncodingSteps": 82,
    "PhaseResolution": 1,
    "PixelBandwidth": 2772,
    "ProcedureStepDescription": "VMITTAL_adaptcog_200068",
    "ProtocolName": "ritl_pa_32ch_mb8_v01_r02",
    "PulseSequenceDetails": "%CustomerSeq%_cmrr_mbep2d_bold",
    "ReceiveCoilName": "32Ch_Head",
    "ReconMatrixPE": 82,
    "RepetitionTime": 0.46,
    "SAR": 0.159259,
    "ScanOptions": "FS",
    "ScanningSequence": "EP",
    "SequenceName": "epfid2d1_82",
    "SequenceVariant": "SK_SS",
    "SeriesDescription": "ritl_pa_32ch_mb8_v01_r02",
    "SeriesNumber": 14,
    "ShimSetting": [
      6737,
      12690,
      -6698,
      598,
      180,
      87,
      -42,
      -8
    ],
    "SliceThickness": 3,
    "SliceTiming": [
      0,
      0.2625,
      0.065,
      0.3275,
      0.13,
      0.395,
      0.1975,
      0,
      0.2625,
      0.065,
      0.3275,
      0.13,
      0.395,
      0.1975,
      0,
      0.2625,
      0.065,
      0.3275,
      0.13,
      0.395,
      0.1975,
      0,
      0.2625,
      0.065,
      0.3275,
      0.13,
      0.395,
      0.1975,
      0,
      0.2625,
      0.065,
      0.3275,
      0.13,
      0.395,
      0.1975,
      0,
      0.2625,
      0.065,
      0.3275,
      0.13,
      0.395,
      0.1975,
      0,
      0.2625,
      0.065,
      0.3275,
      0.13,
      0.395,
      0.1975,
      0,
      0.2625,
      0.065,
      0.3275,
      0.13,
      0.395,
      0.1975
    ],
    "SoftwareVersions": "syngo_MR_B17",
    "SpacingBetweenSlices": 3,
    "StationName": "MRC35451",
    "TaskName": "ritl",
    "TotalReadoutTime": 0.04131,
    "TxRefAmp": 334.813,
    "acq_id": "MB",
    "dataset": "ds001371",
    "modality": "bold",
    "run_id": 2,
    "subject_id": "M80398983",
    "task_id": "ritl"
  },
  "dummy_trs": 1,
  "dvars_nstd": 26.622955255975373,
  "dvars_std": 1.1200341225896848,
  "dvars_vstd": 0.9942324248991024,
  "efc": 0.3743014587642257,
  "fber": 43088.11328125,
  "fd_mean": 0.08716543711543544,
  "fd_num": 53,
  "fd_perc": 5.93505039193729,
  "fwhm_avg": 1.767049534062182,
  "fwhm_x": 1.6877484807222771,
  "fwhm_y": 1.8121867881309355,
  "fwhm_z": 1.8012133333333333,
  "gcor": 0.0245701,
  "gsr_x": -0.021627206355333328,
  "gsr_y": 0.020293574780225754,
  "provenance": {
    "md5sum": "c547a29dc43304a3388f29830f02d490",
    "settings": {
      "fd_thres": 0.2,
      "testing": false
    },
    "software": "mriqc",
    "version": "22.0.6",
    "webapi_port": null,
    "webapi_url": "https://mriqc.nimh.nih.gov/api/v1"
  },
  "size_t": 893,
  "size_x": 82,
  "size_y": 82,
  "size_z": 56,
  "snr": 7.106839520581649,
  "spacing_tr": 0.46000000834465027,
  "spacing_x": 3.02439022064209,
  "spacing_y": 3.02439022064209,
  "spacing_z": 3.0,
  "summary_bg_k": 35.27232260916812,
  "summary_bg_mad": 1.8827222831254646,
  "summary_bg_mean": 8.7332124710083,
  "summary_bg_median": 1.472564458847046,
  "summary_bg_n": 290439.0,
  "summary_bg_p05": 0.024636059999465942,
  "summary_bg_p95": 47.10582618713366,
  "summary_bg_stdv": 21.375707626342773,
  "summary_fg_k": 1.410969636491049,
  "summary_fg_mad": 38.10606229379779,
  "summary_fg_mean": 295.72564697265625,
  "summary_fg_median": 292.5940856933594,
  "summary_fg_n": 35868.0,
  "summary_fg_p05": 236.7794647216797,
  "summary_fg_p95": 367.95140228271487,
  "summary_fg_stdv": 41.17020034790039,
  "tsnr": 40.559782126452774
}