{
  "bids_meta": {
    "AcquisitionMatrixPE": 320,
    "AcquisitionNumber": 1,
    "AcquisitionTime": "11:25:59.815000",
    "BaseResolution": 320,
    "ConversionSoftware": "dcm2niix",
    "ConversionSoftwareVersion": "v1.0.20171215 Clang9.0.0",
    "DeviceSerialNumber": "35451",
    "DwellTime": 6.5e-06,
    "EchoTime": 0.00201,
    "FlipAngle": 8,
    "ImageOrientationPatientDICOM": [
      -0.0191974,
      0.999816,
      0,
      0,
      0,
      -1
    ],
    "ImageType": [
      "ORIGINAL",
      "PRIMARY",
      "M",
      "ND",
      "NORM"
    ],
    "InPlanePhaseEncodingDirectionDICOM": "ROW",
    "InstitutionAddress": "Exposition_Drive_1777_Boulder-_6392da-_Denver_US_80301",
    "InstitutionName": "Intermountain_Neuroimaging_Consortium",
    "InstitutionalDepartmentName": "Department",
    "InversionTime": 1,
    "MRAcquisitionType": "3D",
    "MagneticFieldStrength": 3,
    "Manufacturer": "Siemens",
    "ManufacturersModelName": "TrioTim",
    "Modality": "MR",
    "ParallelReductionFactorInPlane": 2,
    "PartialFourier": 1,
    "PatientPosition": "HFS",
    "PercentPhaseFOV": 100,
    "PhaseEncodingSteps": 319,
    "PhaseResolution": 1,
    "PixelBandwidth": 240,
    "ProcedureStepDescription": "VMITTAL_adaptcog_200068",
    "ProtocolName": "t1w_32ch_mpr_08mm",
    "PulseSequenceDetails": "%SiemensSeq%_tfl",
    "ReceiveCoilName": "32Ch_Head",
    "ReconMatrixPE": 320,
    "RepetitionTime": 2.4,
    "SAR": 0.0875226,
    "ScanOptions": "IR_WE",
    "ScanningSequence": "GR_IR",
    "SequenceName": "_tfl3d1_ns",
    "SequenceVariant": "SP_MP",
    "SeriesDescription": "t1w_32ch_mpr_08mm",
    "SeriesNumber": 2,
    "ShimSetting": [
      6767,
      12605,
      -6840,
      230,
      136,
      -599,
      534,
      112
    ],
    "SliceThickness": 0.8,
    "SoftwareVersions": "syngo_MR_B17",
    "StationName": "MRC35451",
    "TxRefAmp": 342.166,
    "dataset": "ds001371",
    "modality": "T1w",
    "subject_id": "M80335622"
  },
  "cjv": 0.34711605748821933,
  "cnr": 3.882359459476889,
  "efc": 0.548265795115235,
  "fber": 20367.128894360656,
  "fwhm_avg": 4.856116946892498,
  "fwhm_x": 4.788663486406191,
  "fwhm_y": 4.994649925573916,
  "fwhm_z": 4.785037428697386,
  "icvs_csf": 0.18750612687961385,
  "icvs_gm": 0.4494604205889507,
  "icvs_wm": 0.36303345253143543,
  "inu_med": 0.4755067229270935,
  "inu_range": 0.21117884665727615,
  "provenance": {
    "md5sum": "97e7e8d39d0288e5c37ea9d587d64eef",
    "settings": {
      "testing": false
    },
    "software": "mriqc",
    "version": "22.0.6",
    "warnings": {
      "large_rot_frame": true,
      "small_air_mask": false
    },
    "webapi_port": null,
    "webapi_url": "https://mriqc.nimh.nih.gov/api/v1"
  },
  "qi_1": 0.0,
  "qi_2": 0.01788807107133061,
  "rpve_csf": 30.541594043421338,
  "rpve_gm": 13.790992100158338,
  "rpve_wm": 18.8545427173753,
  "size_x": 224,
  "size_y": 320,
  "size_z": 320,
  "snr_csf": 2.4722907645179224,
  "snr_gm": 14.096319976166672,
  "snr_total": 13.315204819876977,
  "snr_wm": 23.377003718946337,
  "snrd_csf": 36.90756932397524,
  "snrd_gm": 100.64570910777047,
  "snrd_total": 91.3972404688284,
  "snrd_wm": 136.6384429747395,
  "spacing_x": 0.7999977469444275,
  "spacing_y": 0.800000011920929,
  "spacing_z": 0.800000011920929,
  "summary_bg_k": 8.70152382677822,
  "summary_bg_mad": 4.794792436840052,
  "summary_bg_mean": 4.579001064154343,
  "summary_bg_median": 3.2340383529663086,
  "summary_bg_n": 5204202.0,
  "summary_bg_p05": 0.0,
  "summary_bg_p95": 17.610349468886852,
  "summary_bg_stdv": 6.576382203340497,
  "summary_csf_k": 0.7868995624345856,
  "summary_csf_mad": 90.95121903630974,
  "summary_csf_mean": 280.86164508856706,
  "summary_csf_median": 270.1180002465844,
  "summary_csf_n": 83141.0,
  "summary_csf_p05": 104.3735346570611,
  "summary_csf_p95": 483.1097448989749,
  "summary_csf_stdv": 109.25752733502668,
  "summary_gm_k": 0.2749408118853003,
  "summary_gm_mad": 50.607535798210236,
  "summary_gm_mean": 736.8689547521251,
  "summary_gm_median": 736.6027667373419,
  "summary_gm_n": 136835.0,
  "summary_gm_p05": 651.7092599719763,
  "summary_gm_p95": 823.1132926791906,
  "summary_gm_stdv": 52.25477829709376,
  "summary_wm_k": 0.3445332880419718,
  "summary_wm_mad": 40.83065434496607,
  "summary_wm_mean": 999.4634482656365,
  "summary_wm_median": 1000.0252969563007,
  "summary_wm_n": 431387.0,
  "summary_wm_p05": 928.371134698391,
  "summary_wm_p95": 1068.9254734292626,
  "summary_wm_stdv": 42.778114333948594,
  "tpm_overlap_csf": 0.13495937704550773,
  "tpm_overlap_gm": 0.4522752518753951,
  "tpm_overlap_wm": 0.5027989448886888,
  "wm2max": 0.8934738933158762
}