{
  "bids_meta": {
    "AcquisitionMatrixPE": 320,
    "AcquisitionNumber": 1,
    "AcquisitionTime": "12:25:11.665000",
    "BaseResolution": 320,
    "ConversionSoftware": "dcm2niix",
    "ConversionSoftwareVersion": "v1.0.20171215 Clang9.0.0",
    "DeviceSerialNumber": "35451",
    "DwellTime": 6.5e-06,
    "EchoTime": 0.00201,
    "FlipAngle": 8,
    "ImageOrientationPatientDICOM": [
      -0.012217,
      0.999925,
      -2.5011e-08,
      0.0383849,
      0.000468959,
      -0.999263
    ],
    "ImageType": [
      "ORIGINAL",
      "PRIMARY",
      "M",
      "ND",
      "NORM"
    ],
    "InPlanePhaseEncodingDirectionDICOM": "ROW",
    "InstitutionAddress": "Exposition_Drive_1777_Boulder-_c0d8dc-_Denver_US_80301",
    "InstitutionName": "Intermountain_Neuroimaging_Consortium",
    "InstitutionalDepartmentName": "Department",
    "InversionTime": 1,
    "MRAcquisitionType": "3D",
    "MagneticFieldStrength": 3,
    "Manufacturer": "Siemens",
    "ManufacturersModelName": "TrioTim",
    "Modality": "MR",
    "ParallelReductionFactorInPlane": 2,
    "PartialFourier": 1,
    "PatientPosition": "HFS",
    "PercentPhaseFOV": 100,
    "PhaseEncodingSteps": 319,
    "PhaseResolution": 1,
    "PixelBandwidth": 240,
    "ProcedureStepDescription": "VMITTAL_adaptcog_200068",
    "ProtocolName": "t1w_32ch_mpr_08mm",
    "PulseSequenceDetails": "%SiemensSeq%_tfl",
    "ReceiveCoilName": "32Ch_Head",
    "ReconMatrixPE": 320,
    "RepetitionTime": 2.4,
    "SAR": 0.0883054,
    "ScanOptions": "IR_WE",
    "ScanningSequence": "GR_IR",
    "SequenceName": "_tfl3d1_ns",
    "SequenceVariant": "SP_MP",
    "SeriesDescription": "t1w_32ch_mpr_08mm",
    "SeriesNumber": 2,
    "ShimSetting": [
      6800,
      12667,
      -6723,
      -560,
      151,
      -455,
      616,
      -14
    ],
    "SliceThickness": 0.8,
    "SoftwareVersions": "syngo_MR_B17",
    "StationName": "MRC35451",
    "TxRefAmp": 375.602,
    "dataset": "ds001371",
    "modality": "T1w",
    "subject_id": "M80319521"
  },
  "cjv": 0.4393765687171911,
  "cnr": 3.0943868613176586,
  "efc": 0.619133818006084,
  "fber": 11233.535018929153,
  "fwhm_avg": 4.434426310763773,
  "fwhm_x": 4.446116564273323,
  "fwhm_y": 4.446662433739566,
  "fwhm_z": 4.4104999342784295,
  "icvs_csf": 0.23651838760066818,
  "icvs_gm": 0.42611669215367104,
  "icvs_wm": 0.3373649202456608,
  "inu_med": 0.6510953307151794,
  "inu_range": 0.31767395734786985,
  "provenance": {
    "md5sum": "e12663f62f090ce5fe3f50620970a9f5",
    "settings": {
      "testing": false
    },
    "software": "mriqc",
    "version": "22.0.6",
    "warnings": {
      "large_rot_frame": true,
      "small_air_mask": false
    },
    "webapi_port": null,
    "webapi_url": "https://mriqc.nimh.nih.gov/api/v1"
  },
  "qi_1": 4.311070221585816e-06,
  "qi_2": 0.018021033110356566,
  "rpve_csf": 23.182704376287937,
  "rpve_gm": 12.921582026957052,
  "rpve_wm": 17.83615215695611,
  "size_x": 224,
  "size_y": 320,
  "size_z": 320,
  "snr_csf": 2.9658060434365523,
  "snr_gm": 13.173718125892382,
  "snr_total": 11.12918049489607,
  "snr_wm": 17.24801731535928,
  "snrd_csf": 16.293629612107086,
  "snrd_gm": 42.06845798102194,
  "snrd_total": 38.2372514811886,
  "snrd_wm": 56.34966685043679,
  "spacing_x": 0.8000037670135498,
  "spacing_y": 0.800000011920929,
  "spacing_z": 0.800000011920929,
  "summary_bg_k": 114.65408953148896,
  "summary_bg_mad": 0.0,
  "summary_bg_mean": 6.727451610139212,
  "summary_bg_median": 0.0,
  "summary_bg_n": 5895270.0,
  "summary_bg_p05": 0.0,
  "summary_bg_p95": 28.38493651151657,
  "summary_bg_stdv": 11.627047298481456,
  "summary_csf_k": 1.5351792761716903,
  "summary_csf_mad": 78.11266383801558,
  "summary_csf_mean": 299.59404524438776,
  "summary_csf_median": 289.17154071107507,
  "summary_csf_n": 149770.0,
  "summary_csf_p05": 158.77656497117135,
  "summary_csf_p95": 481.50626381859183,
  "summary_csf_stdv": 97.50151260363651,
  "summary_gm_k": 0.2649951684653473,
  "summary_gm_mad": 55.13543171793857,
  "summary_gm_mean": 744.2472330201109,
  "summary_gm_median": 746.6108595393598,
  "summary_gm_n": 81954.0,
  "summary_gm_p05": 648.1338746137917,
  "summary_gm_p95": 833.6401460133493,
  "summary_gm_stdv": 56.6739243492331,
  "summary_wm_k": 0.3199735966669226,
  "summary_wm_mad": 56.22722244502646,
  "summary_wm_mean": 1001.5780212493036,
  "summary_wm_median": 1000.0669199936092,
  "summary_wm_n": 396216.0,
  "summary_wm_p05": 909.5564620606601,
  "summary_wm_p95": 1099.3137793764472,
  "summary_wm_stdv": 57.98148504175475,
  "tpm_overlap_csf": 0.13822443379425664,
  "tpm_overlap_gm": 0.430698157189978,
  "tpm_overlap_wm": 0.4627327325262176,
  "wm2max": 0.7154282703958239
}