{
  "aor": 0.0008700224466891135,
  "aqi": 0.011155930213243547,
  "bids_meta": {
    "AcquisitionMatrixPE": 82,
    "AcquisitionNumber": 1,
    "AcquisitionTime": "13:03:33.087500",
    "BandwidthPerPixelPhaseEncode": 23.912,
    "BaseResolution": 82,
    "ConversionSoftware": "dcm2niix",
    "ConversionSoftwareVersion": "v1.0.20171215 Clang9.0.0",
    "DerivedVendorReportedEchoSpacing": 0.00051,
    "DeviceSerialNumber": "35451",
    "DwellTime": 2.2e-06,
    "EchoTime": 0.029,
    "EffectiveEchoSpacing": 0.00051,
    "FlipAngle": 44,
    "ImageComments": "Unaliased_MB8_PE3_(remote)",
    "ImageOrientationPatientDICOM": [
      0.998832,
      -0.0185898,
      -0.0445978,
      1.41367e-08,
      0.923023,
      -0.384745
    ],
    "ImageType": [
      "ORIGINAL",
      "PRIMARY",
      "M",
      "ND",
      "NORM",
      "MOSAIC"
    ],
    "InPlanePhaseEncodingDirectionDICOM": "COL",
    "InstitutionAddress": "Exposition_Drive_1777_Boulder-_6392da-_Denver_US_80301",
    "InstitutionName": "Intermountain_Neuroimaging_Consortium",
    "InstitutionalDepartmentName": "Department",
    "MRAcquisitionType": "2D",
    "MagneticFieldStrength": 3,
    "Manufacturer": "Siemens",
    "ManufacturersModelName": "TrioTim",
    "Modality": "MR",
    "MultibandAccelerationFactor": 8,
    "PartialFourier": 1,
    "PatientPosition": "HFS",
    "PercentPhaseFOV": 100,
    "PhaseEncodingDirection": "j",
    "PhaseEncodingSteps": 82,
    "PhaseResolution": 1,
    "PixelBandwidth": 2772,
    "ProcedureStepDescription": "VMITTAL_adaptcog_200068",
    "ProtocolName": "ritl_pa_32ch_mb8_v01_r01",
    "PulseSequenceDetails": "%CustomerSeq%_cmrr_mbep2d_bold",
    "ReceiveCoilName": "32Ch_Head",
    "ReconMatrixPE": 82,
    "RepetitionTime": 0.46,
    "SAR": 0.179104,
    "ScanOptions": "FS",
    "ScanningSequence": "EP",
    "SequenceName": "epfid2d1_82",
    "SequenceVariant": "SK",
    "SeriesDescription": "ritl_pa_32ch_mb8_v01_r01",
    "SeriesNumber": 13,
    "ShimSetting": [
      6808,
      12664,
      -6741,
      492,
      417,
      -8,
      263,
      301
    ],
    "SliceThickness": 3,
    "SliceTiming": [
      0,
      0.265,
      0.0675,
      0.33,
      0.1325,
      0.3975,
      0.1975,
      0,
      0.265,
      0.0675,
      0.33,
      0.1325,
      0.3975,
      0.1975,
      0,
      0.265,
      0.0675,
      0.33,
      0.1325,
      0.3975,
      0.1975,
      0,
      0.265,
      0.0675,
      0.33,
      0.1325,
      0.3975,
      0.1975,
      0,
      0.265,
      0.0675,
      0.33,
      0.1325,
      0.3975,
      0.1975,
      0,
      0.265,
      0.0675,
      0.33,
      0.1325,
      0.3975,
      0.1975,
      0,
      0.265,
      0.0675,
      0.33,
      0.1325,
      0.3975,
      0.1975,
      0,
      0.265,
      0.0675,
      0.33,
      0.1325,
      0.3975,
      0.1975
    ],
    "SoftwareVersions": "syngo_MR_B17",
    "SpacingBetweenSlices": 3,
    "StationName": "MRC35451",
    "TaskName": "ritl",
    "TotalReadoutTime": 0.04131,
    "TxRefAmp": 353.587,
    "acq_id": "MB",
    "dataset": "ds001371",
    "modality": "bold",
    "run_id": 1,
    "subject_id": "M80301092",
    "task_id": "ritl"
  },
  "dummy_trs": 3,
  "dvars_nstd": 31.68195593325842,
  "dvars_std": 1.2499402189662916,
  "dvars_vstd": 1.0182111908764049,
  "efc": 0.4128097380391641,
  "fber": 27644.62109375,
  "fd_mean": 0.054019651633952614,
  "fd_num": 2,
  "fd_perc": 0.2244668911335578,
  "fwhm_avg": 1.857845305153749,
  "fwhm_x": 1.7545917070428148,
  "fwhm_y": 1.9334542084184325,
  "fwhm_z": 1.8854899999999999,
  "gcor": 0.0257541,
  "gsr_x": -0.024964312091469765,
  "gsr_y": 0.01979309692978859,
  "provenance": {
    "md5sum": "2deb3a12405f68fc4cf23b065c259413",
    "settings": {
      "fd_thres": 0.2,
      "testing": false
    },
    "software": "mriqc",
    "version": "22.0.6",
    "webapi_port": null,
    "webapi_url": "https://mriqc.nimh.nih.gov/api/v1"
  },
  "size_t": 891,
  "size_x": 82,
  "size_y": 82,
  "size_z": 56,
  "snr": 6.452772935719357,
  "spacing_tr": 0.46000000834465027,
  "spacing_x": 3.02439022064209,
  "spacing_y": 3.02439022064209,
  "spacing_z": 3.0,
  "summary_bg_k": 21.348749941904423,
  "summary_bg_mad": 2.2363832012430156,
  "summary_bg_mean": 11.403253555297852,
  "summary_bg_median": 1.7418631315231323,
  "summary_bg_n": 281753.0,
  "summary_bg_p05": 0.01907968707382679,
  "summary_bg_p95": 69.37643585205055,
  "summary_bg_stdv": 26.5509033203125,
  "summary_fg_k": 3.7849559957865475,
  "summary_fg_mad": 40.54112603884641,
  "summary_fg_mean": 283.2948913574219,
  "summary_fg_median": 280.29742431640625,
  "summary_fg_n": 42431.0,
  "summary_fg_p05": 222.80472564697266,
  "summary_fg_p95": 353.8681335449219,
  "summary_fg_stdv": 43.43777847290039,
  "tsnr": 52.93127598473802
}