{
  "aor": 0.0021662065095398426,
  "aqi": 0.011985588664421997,
  "bids_meta": {
    "AcquisitionMatrixPE": 82,
    "AcquisitionNumber": 1,
    "AcquisitionTime": "13:33:56.347500",
    "BandwidthPerPixelPhaseEncode": 23.912,
    "BaseResolution": 82,
    "ConversionSoftware": "dcm2niix",
    "ConversionSoftwareVersion": "v1.0.20171215 Clang9.0.0",
    "DerivedVendorReportedEchoSpacing": 0.00051,
    "DeviceSerialNumber": "35451",
    "DwellTime": 2.2e-06,
    "EchoTime": 0.029,
    "EffectiveEchoSpacing": 0.00051,
    "FlipAngle": 44,
    "ImageComments": "Unaliased_MB8_PE3_(remote)",
    "ImageOrientationPatientDICOM": [
      0.998832,
      -0.0185898,
      -0.0445978,
      1.41367e-08,
      0.923023,
      -0.384745
    ],
    "ImageType": [
      "ORIGINAL",
      "PRIMARY",
      "M",
      "ND",
      "NORM",
      "MOSAIC"
    ],
    "InPlanePhaseEncodingDirectionDICOM": "COL",
    "InstitutionAddress": "Exposition_Drive_1777_Boulder-_6392da-_Denver_US_80301",
    "InstitutionName": "Intermountain_Neuroimaging_Consortium",
    "InstitutionalDepartmentName": "Department",
    "MRAcquisitionType": "2D",
    "MagneticFieldStrength": 3,
    "Manufacturer": "Siemens",
    "ManufacturersModelName": "TrioTim",
    "Modality": "MR",
    "MultibandAccelerationFactor": 8,
    "PartialFourier": 1,
    "PatientPosition": "HFS",
    "PercentPhaseFOV": 100,
    "PhaseEncodingDirection": "j",
    "PhaseEncodingSteps": 82,
    "PhaseResolution": 1,
    "PixelBandwidth": 2772,
    "ProcedureStepDescription": "VMITTAL_adaptcog_200068",
    "ProtocolName": "ritl_pa_32ch_mb8_v01_r05",
    "PulseSequenceDetails": "%CustomerSeq%_cmrr_mbep2d_bold",
    "ReceiveCoilName": "32Ch_Head",
    "ReconMatrixPE": 82,
    "RepetitionTime": 0.46,
    "SAR": 0.177217,
    "ScanOptions": "FS",
    "ScanningSequence": "EP",
    "SequenceName": "epfid2d1_82",
    "SequenceVariant": "SK",
    "SeriesDescription": "ritl_pa_32ch_mb8_v01_r05",
    "SeriesNumber": 21,
    "ShimSetting": [
      6808,
      12664,
      -6741,
      492,
      417,
      -8,
      263,
      301
    ],
    "SliceThickness": 3,
    "SliceTiming": [
      0,
      0.2625,
      0.065,
      0.33,
      0.1325,
      0.395,
      0.1975,
      0,
      0.2625,
      0.065,
      0.33,
      0.1325,
      0.395,
      0.1975,
      0,
      0.2625,
      0.065,
      0.33,
      0.1325,
      0.395,
      0.1975,
      0,
      0.2625,
      0.065,
      0.33,
      0.1325,
      0.395,
      0.1975,
      0,
      0.2625,
      0.065,
      0.33,
      0.1325,
      0.395,
      0.1975,
      0,
      0.2625,
      0.065,
      0.33,
      0.1325,
      0.395,
      0.1975,
      0,
      0.2625,
      0.065,
      0.33,
      0.1325,
      0.395,
      0.1975,
      0,
      0.2625,
      0.065,
      0.33,
      0.1325,
      0.395,
      0.1975
    ],
    "SoftwareVersions": "syngo_MR_B17",
    "SpacingBetweenSlices": 3,
    "StationName": "MRC35451",
    "TaskName": "ritl",
    "TotalReadoutTime": 0.04131,
    "TxRefAmp": 353.587,
    "acq_id": "MB",
    "dataset": "ds001371",
    "modality": "bold",
    "run_id": 5,
    "subject_id": "M80301092",
    "task_id": "ritl"
  },
  "dummy_trs": 3,
  "dvars_nstd": 30.971178393426968,
  "dvars_std": 1.2546439015842694,
  "dvars_vstd": 1.0361876318314607,
  "efc": 0.41648692819291994,
  "fber": 26628.91796875,
  "fd_mean": 0.06330583290812461,
  "fd_num": 3,
  "fd_perc": 0.3367003367003367,
  "fwhm_avg": 1.8251495523364791,
  "fwhm_x": 1.7338999326901277,
  "fwhm_y": 1.9037887243193097,
  "fwhm_z": 1.83776,
  "gcor": 0.0209135,
  "gsr_x": -0.02634929120540619,
  "gsr_y": 0.019528433680534363,
  "provenance": {
    "md5sum": "10862857f37c66e467a74eb40dea44e3",
    "settings": {
      "fd_thres": 0.2,
      "testing": false
    },
    "software": "mriqc",
    "version": "22.0.6",
    "webapi_port": null,
    "webapi_url": "https://mriqc.nimh.nih.gov/api/v1"
  },
  "size_t": 891,
  "size_x": 82,
  "size_y": 82,
  "size_z": 56,
  "snr": 6.539982746737546,
  "spacing_tr": 0.46000000834465027,
  "spacing_x": 3.02439022064209,
  "spacing_y": 3.02439022064209,
  "spacing_z": 3.0,
  "summary_bg_k": 18.026273950200693,
  "summary_bg_mad": 2.246367175145187,
  "summary_bg_mean": 11.953633308410645,
  "summary_bg_median": 1.7586982250213623,
  "summary_bg_n": 281741.0,
  "summary_bg_p05": 0.028058363124728203,
  "summary_bg_p95": 73.48709869384766,
  "summary_bg_stdv": 27.23521614074707,
  "summary_fg_k": 4.064259234547287,
  "summary_fg_mad": 38.60672558874633,
  "summary_fg_mean": 281.0267028808594,
  "summary_fg_median": 277.951171875,
  "summary_fg_n": 42406.0,
  "summary_fg_p05": 222.94501113891602,
  "summary_fg_p95": 350.251708984375,
  "summary_fg_stdv": 42.49979019165039,
  "tsnr": 50.96125916345045
}