{
  "aor": 0.0003981075027995521,
  "aqi": 0.009036693561030235,
  "bids_meta": {
    "AcquisitionMatrixPE": 82,
    "AcquisitionNumber": 1,
    "AcquisitionTime": "15:12:6.487500",
    "BandwidthPerPixelPhaseEncode": 23.912,
    "BaseResolution": 82,
    "ConversionSoftware": "dcm2niix",
    "ConversionSoftwareVersion": "v1.0.20171215 Clang9.0.0",
    "DerivedVendorReportedEchoSpacing": 0.00051,
    "DeviceSerialNumber": "35451",
    "DwellTime": 2.2e-06,
    "EchoTime": 0.029,
    "EffectiveEchoSpacing": 0.00051,
    "FlipAngle": 44,
    "ImageComments": "Unaliased_MB8_PE3_(remote)",
    "ImageOrientationPatientDICOM": [
      0.999738,
      -0.00934921,
      -0.0208946,
      9.66038e-09,
      0.912792,
      -0.408424
    ],
    "ImageType": [
      "ORIGINAL",
      "PRIMARY",
      "M",
      "MB",
      "ND",
      "NORM",
      "MOSAIC"
    ],
    "InPlanePhaseEncodingDirectionDICOM": "COL",
    "InstitutionAddress": "Exposition_Drive_1777_Boulder-_6392da-_Denver_US_80301",
    "InstitutionName": "Intermountain_Neuroimaging_Consortium",
    "InstitutionalDepartmentName": "Department",
    "MRAcquisitionType": "2D",
    "MagneticFieldStrength": 3,
    "Manufacturer": "Siemens",
    "ManufacturersModelName": "TrioTim",
    "Modality": "MR",
    "MultibandAccelerationFactor": 8,
    "PartialFourier": 1,
    "PatientPosition": "HFS",
    "PercentPhaseFOV": 100,
    "PhaseEncodingDirection": "j",
    "PhaseEncodingSteps": 82,
    "PhaseResolution": 1,
    "PixelBandwidth": 2772,
    "ProcedureStepDescription": "VMITTAL_adaptcog_200068",
    "ProtocolName": "ritl_pa_32ch_mb8_v01_r05",
    "PulseSequenceDetails": "%CustomerSeq%_cmrr_mbep2d_bold",
    "ReceiveCoilName": "32Ch_Head",
    "ReconMatrixPE": 82,
    "RepetitionTime": 0.46,
    "SAR": 0.156489,
    "ScanOptions": "FS",
    "ScanningSequence": "EP",
    "SequenceName": "epfid2d1_82",
    "SequenceVariant": "SK_SS",
    "SeriesDescription": "ritl_pa_32ch_mb8_v01_r05",
    "SeriesNumber": 14,
    "ShimSetting": [
      6759,
      12633,
      -6859,
      661,
      310,
      -190,
      -35,
      110
    ],
    "SliceThickness": 3,
    "SliceTiming": [
      0,
      0.2625,
      0.065,
      0.33,
      0.1325,
      0.395,
      0.1975,
      0,
      0.2625,
      0.065,
      0.33,
      0.1325,
      0.395,
      0.1975,
      0,
      0.2625,
      0.065,
      0.33,
      0.1325,
      0.395,
      0.1975,
      0,
      0.2625,
      0.065,
      0.33,
      0.1325,
      0.395,
      0.1975,
      0,
      0.2625,
      0.065,
      0.33,
      0.1325,
      0.395,
      0.1975,
      0,
      0.2625,
      0.065,
      0.33,
      0.1325,
      0.395,
      0.1975,
      0,
      0.2625,
      0.065,
      0.33,
      0.1325,
      0.395,
      0.1975,
      0,
      0.2625,
      0.065,
      0.33,
      0.1325,
      0.395,
      0.1975
    ],
    "SoftwareVersions": "syngo_MR_B17",
    "SpacingBetweenSlices": 3,
    "StationName": "MRC35451",
    "TaskName": "ritl",
    "TotalReadoutTime": 0.04131,
    "TxRefAmp": 328.784,
    "acq_id": "MB",
    "dataset": "ds001371",
    "modality": "bold",
    "run_id": 5,
    "subject_id": "M80345728",
    "task_id": "ritl"
  },
  "dummy_trs": 1,
  "dvars_nstd": 28.859940039204023,
  "dvars_std": 1.1637405887219732,
  "dvars_vstd": 0.9961200152017926,
  "efc": 0.3934296589541522,
  "fber": 21635.208984375,
  "fd_mean": 0.056546513671325,
  "fd_num": 21,
  "fd_perc": 2.3516237402015676,
  "fwhm_avg": 1.8742802963576801,
  "fwhm_x": 1.8105765461830672,
  "fwhm_y": 1.9416376762233065,
  "fwhm_z": 1.8706266666666667,
  "gcor": 0.0274062,
  "gsr_x": -0.017595352604985237,
  "gsr_y": 0.0006419976125471294,
  "provenance": {
    "md5sum": "1d2ccd0f2b5de60bd6b03c06c316e1b0",
    "settings": {
      "fd_thres": 0.2,
      "testing": false
    },
    "software": "mriqc",
    "version": "22.0.6",
    "webapi_port": null,
    "webapi_url": "https://mriqc.nimh.nih.gov/api/v1"
  },
  "size_t": 893,
  "size_x": 82,
  "size_y": 82,
  "size_z": 56,
  "snr": 6.556534365450447,
  "spacing_tr": 0.46000000834465027,
  "spacing_x": 3.02439022064209,
  "spacing_y": 3.02439022064209,
  "spacing_z": 3.0,
  "summary_bg_k": 19.412304167670175,
  "summary_bg_mad": 2.565084527038804,
  "summary_bg_mean": 10.65680980682373,
  "summary_bg_median": 1.980963110923767,
  "summary_bg_n": 289429.0,
  "summary_bg_p05": 0.030235163867473602,
  "summary_bg_p95": 56.973126220702994,
  "summary_bg_stdv": 24.06110191345215,
  "summary_fg_k": 0.8319989755585144,
  "summary_fg_mad": 41.05215053704317,
  "summary_fg_mean": 285.3956604003906,
  "summary_fg_median": 281.8689880371094,
  "summary_fg_n": 36704.0,
  "summary_fg_p05": 223.97223205566405,
  "summary_fg_p95": 360.94961242675777,
  "summary_fg_stdv": 42.989959716796875,
  "tsnr": 52.92176328599453
}