{
  "aor": 0.0009627659574468087,
  "aqi": 0.009650526091825307,
  "bids_meta": {
    "AcquisitionMatrixPE": 82,
    "AcquisitionNumber": 1,
    "AcquisitionTime": "14:50:1.310000",
    "BandwidthPerPixelPhaseEncode": 23.912,
    "BaseResolution": 82,
    "ConversionSoftware": "dcm2niix",
    "ConversionSoftwareVersion": "v1.0.20171215 Clang9.0.0",
    "DerivedVendorReportedEchoSpacing": 0.00051,
    "DeviceSerialNumber": "35451",
    "DwellTime": 2.2e-06,
    "EchoTime": 0.029,
    "EffectiveEchoSpacing": 0.00051,
    "FlipAngle": 44,
    "ImageComments": "Unaliased_MB8_PE3_(remote)",
    "ImageOrientationPatientDICOM": [
      0.999738,
      -0.00934921,
      -0.0208946,
      9.66038e-09,
      0.912792,
      -0.408424
    ],
    "ImageType": [
      "ORIGINAL",
      "PRIMARY",
      "M",
      "MB",
      "ND",
      "NORM",
      "MOSAIC"
    ],
    "InPlanePhaseEncodingDirectionDICOM": "COL",
    "InstitutionAddress": "Exposition_Drive_1777_Boulder-_6392da-_Denver_US_80301",
    "InstitutionName": "Intermountain_Neuroimaging_Consortium",
    "InstitutionalDepartmentName": "Department",
    "MRAcquisitionType": "2D",
    "MagneticFieldStrength": 3,
    "Manufacturer": "Siemens",
    "ManufacturersModelName": "TrioTim",
    "Modality": "MR",
    "MultibandAccelerationFactor": 8,
    "PartialFourier": 1,
    "PatientPosition": "HFS",
    "PercentPhaseFOV": 100,
    "PhaseEncodingDirection": "j",
    "PhaseEncodingSteps": 82,
    "PhaseResolution": 1,
    "PixelBandwidth": 2772,
    "ProcedureStepDescription": "VMITTAL_adaptcog_200068",
    "ProtocolName": "ritl_pa_32ch_mb8_v01_r02",
    "PulseSequenceDetails": "%CustomerSeq%_cmrr_mbep2d_bold",
    "ReceiveCoilName": "32Ch_Head",
    "ReconMatrixPE": 82,
    "RepetitionTime": 0.46,
    "SAR": 0.153678,
    "ScanOptions": "FS",
    "ScanningSequence": "EP",
    "SequenceName": "epfid2d1_82",
    "SequenceVariant": "SK_SS",
    "SeriesDescription": "ritl_pa_32ch_mb8_v01_r02",
    "SeriesNumber": 8,
    "ShimSetting": [
      6759,
      12633,
      -6859,
      661,
      310,
      -190,
      -35,
      110
    ],
    "SliceThickness": 3,
    "SliceTiming": [
      0,
      0.265,
      0.0675,
      0.33,
      0.1325,
      0.3975,
      0.1975,
      0,
      0.265,
      0.0675,
      0.33,
      0.1325,
      0.3975,
      0.1975,
      0,
      0.265,
      0.0675,
      0.33,
      0.1325,
      0.3975,
      0.1975,
      0,
      0.265,
      0.0675,
      0.33,
      0.1325,
      0.3975,
      0.1975,
      0,
      0.265,
      0.0675,
      0.33,
      0.1325,
      0.3975,
      0.1975,
      0,
      0.265,
      0.0675,
      0.33,
      0.1325,
      0.3975,
      0.1975,
      0,
      0.265,
      0.0675,
      0.33,
      0.1325,
      0.3975,
      0.1975,
      0,
      0.265,
      0.0675,
      0.33,
      0.1325,
      0.3975,
      0.1975
    ],
    "SoftwareVersions": "syngo_MR_B17",
    "SpacingBetweenSlices": 3,
    "StationName": "MRC35451",
    "TaskName": "ritl",
    "TotalReadoutTime": 0.04131,
    "TxRefAmp": 328.784,
    "acq_id": "MB",
    "dataset": "ds001371",
    "modality": "bold",
    "run_id": 2,
    "subject_id": "M80345728",
    "task_id": "ritl"
  },
  "dummy_trs": 1,
  "dvars_nstd": 28.834725258161438,
  "dvars_std": 1.1741936080493263,
  "dvars_vstd": 1.0097522152017941,
  "efc": 0.39303507554235073,
  "fber": 22195.451171875,
  "fd_mean": 0.0591768926565129,
  "fd_num": 9,
  "fd_perc": 1.007838745800672,
  "fwhm_avg": 1.8650440238970125,
  "fwhm_x": 1.8002306590067239,
  "fwhm_y": 1.9288780793509799,
  "fwhm_z": 1.8660233333333334,
  "gcor": 0.0183153,
  "gsr_x": -0.017459340393543243,
  "gsr_y": 0.0006641008658334613,
  "provenance": {
    "md5sum": "4b1f0ba98cdb2c1a37e0864106fe9266",
    "settings": {
      "fd_thres": 0.2,
      "testing": false
    },
    "software": "mriqc",
    "version": "22.0.6",
    "webapi_port": null,
    "webapi_url": "https://mriqc.nimh.nih.gov/api/v1"
  },
  "size_t": 893,
  "size_x": 82,
  "size_y": 82,
  "size_z": 56,
  "snr": 6.645593395030014,
  "spacing_tr": 0.46000000834465027,
  "spacing_x": 3.02439022064209,
  "spacing_y": 3.02439022064209,
  "spacing_z": 3.0,
  "summary_bg_k": 20.081137128902668,
  "summary_bg_mad": 2.5418410576085164,
  "summary_bg_mean": 10.54649543762207,
  "summary_bg_median": 1.9552072286605835,
  "summary_bg_n": 289202.0,
  "summary_bg_p05": 0.02799552120268345,
  "summary_bg_p95": 55.94949951171878,
  "summary_bg_stdv": 24.051921844482422,
  "summary_fg_k": 0.8231655404803515,
  "summary_fg_mad": 40.22617260735783,
  "summary_fg_mean": 285.6509094238281,
  "summary_fg_median": 281.986572265625,
  "summary_fg_n": 36851.0,
  "summary_fg_p05": 224.47705078125,
  "summary_fg_p95": 360.80516052246094,
  "summary_fg_stdv": 42.43153762817383,
  "tsnr": 51.60362936696038
}