{
  "aor": 0.0010463310961968681,
  "aqi": 0.013503098389261746,
  "bids_meta": {
    "AcquisitionMatrixPE": 82,
    "AcquisitionNumber": 1,
    "AcquisitionTime": "11:14:56.572500",
    "BandwidthPerPixelPhaseEncode": 23.912,
    "BaseResolution": 82,
    "ConversionSoftware": "dcm2niix",
    "ConversionSoftwareVersion": "v1.0.20171215 Clang9.0.0",
    "DerivedVendorReportedEchoSpacing": 0.00051,
    "DeviceSerialNumber": "35451",
    "DwellTime": 2.2e-06,
    "EchoTime": 0.029,
    "EffectiveEchoSpacing": 0.00051,
    "FlipAngle": 44,
    "ImageComments": "Unaliased_MB8_PE3_(remote)",
    "ImageOrientationPatientDICOM": [
      0.999994,
      0.000941609,
      0.00320819,
      -5.37068e-08,
      0.95953,
      -0.281607
    ],
    "ImageType": [
      "ORIGINAL",
      "PRIMARY",
      "M",
      "ND",
      "NORM",
      "MOSAIC"
    ],
    "InPlanePhaseEncodingDirectionDICOM": "COL",
    "InstitutionAddress": "Exposition_Drive_1777_Boulder-_6392da-_Denver_US_80301",
    "InstitutionName": "Intermountain_Neuroimaging_Consortium",
    "InstitutionalDepartmentName": "Department",
    "MRAcquisitionType": "2D",
    "MagneticFieldStrength": 3,
    "Manufacturer": "Siemens",
    "ManufacturersModelName": "TrioTim",
    "Modality": "MR",
    "MultibandAccelerationFactor": 8,
    "PartialFourier": 1,
    "PatientPosition": "HFS",
    "PercentPhaseFOV": 100,
    "PhaseEncodingDirection": "j",
    "PhaseEncodingSteps": 82,
    "PhaseResolution": 1,
    "PixelBandwidth": 2772,
    "ProcedureStepDescription": "VMITTAL_adaptcog_200068",
    "ProtocolName": "ritl_pa_32ch_mb8_v01_r02",
    "PulseSequenceDetails": "%CustomerSeq%_cmrr_mbep2d_bold",
    "ReceiveCoilName": "32Ch_Head",
    "ReconMatrixPE": 82,
    "RepetitionTime": 0.46,
    "SAR": 0.145444,
    "ScanOptions": "FS",
    "ScanningSequence": "EP",
    "SequenceName": "epfid2d1_82",
    "SequenceVariant": "SK",
    "SeriesDescription": "ritl_pa_32ch_mb8_v01_r02",
    "SeriesNumber": 24,
    "ShimSetting": [
      6780,
      12634,
      -6782,
      607,
      153,
      152,
      202,
      22
    ],
    "SliceThickness": 3,
    "SliceTiming": [
      0,
      0.2625,
      0.065,
      0.33,
      0.13,
      0.395,
      0.1975,
      0,
      0.2625,
      0.065,
      0.33,
      0.13,
      0.395,
      0.1975,
      0,
      0.2625,
      0.065,
      0.33,
      0.13,
      0.395,
      0.1975,
      0,
      0.2625,
      0.065,
      0.33,
      0.13,
      0.395,
      0.1975,
      0,
      0.2625,
      0.065,
      0.33,
      0.13,
      0.395,
      0.1975,
      0,
      0.2625,
      0.065,
      0.33,
      0.13,
      0.395,
      0.1975,
      0,
      0.2625,
      0.065,
      0.33,
      0.13,
      0.395,
      0.1975,
      0,
      0.2625,
      0.065,
      0.33,
      0.13,
      0.395,
      0.1975
    ],
    "SoftwareVersions": "syngo_MR_B17",
    "SpacingBetweenSlices": 3,
    "StationName": "MRC35451",
    "TaskName": "ritl",
    "TotalReadoutTime": 0.04131,
    "TxRefAmp": 343.253,
    "acq_id": "MB",
    "dataset": "ds001371",
    "modality": "bold",
    "run_id": 2,
    "subject_id": "M80323465",
    "task_id": "ritl"
  },
  "dummy_trs": 0,
  "dvars_nstd": 27.45237862223965,
  "dvars_std": 1.1193068264501678,
  "dvars_vstd": 0.9601859498544236,
  "efc": 0.37945019434268934,
  "fber": 58603.6875,
  "fd_mean": 0.08862213678889885,
  "fd_num": 62,
  "fd_perc": 6.935123042505593,
  "fwhm_avg": 1.795992733324441,
  "fwhm_x": 1.7093329970173143,
  "fwhm_y": 1.9222618696226756,
  "fwhm_z": 1.7563833333333332,
  "gcor": 0.0104686,
  "gsr_x": -0.022506412118673325,
  "gsr_y": 0.013674777001142502,
  "provenance": {
    "md5sum": "93a648c791ee4a3f8d80ad7e11214438",
    "settings": {
      "fd_thres": 0.2,
      "testing": false
    },
    "software": "mriqc",
    "version": "22.0.6",
    "webapi_port": null,
    "webapi_url": "https://mriqc.nimh.nih.gov/api/v1"
  },
  "size_t": 894,
  "size_x": 82,
  "size_y": 82,
  "size_z": 56,
  "snr": 6.659320093296034,
  "spacing_tr": 0.46000000834465027,
  "spacing_x": 3.02439022064209,
  "spacing_y": 3.02439022064209,
  "spacing_z": 3.0,
  "summary_bg_k": 35.0513998249733,
  "summary_bg_mad": 1.7454572616789334,
  "summary_bg_mean": 8.756780624389648,
  "summary_bg_median": 1.2488813400268555,
  "summary_bg_n": 287796.0,
  "summary_bg_p05": 0.007829977199435234,
  "summary_bg_p95": 46.190714836120605,
  "summary_bg_stdv": 22.579736709594727,
  "summary_fg_k": 1.571652440445889,
  "summary_fg_mad": 40.731790276785325,
  "summary_fg_mean": 295.1482849121094,
  "summary_fg_median": 292.2248229980469,
  "summary_fg_n": 37541.0,
  "summary_fg_p05": 231.80313110351562,
  "summary_fg_p95": 370.3221435546875,
  "summary_fg_stdv": 43.88149642944336,
  "tsnr": 47.38588370522484
}