{
  "bids_meta": {
    "AcquisitionMatrixPE": 320,
    "AcquisitionNumber": 1,
    "AcquisitionTime": "15:39:20.595000",
    "BaseResolution": 320,
    "ConversionSoftware": "dcm2niix",
    "ConversionSoftwareVersion": "v1.0.20171215 Clang9.0.0",
    "DeviceSerialNumber": "35451",
    "DwellTime": 6.5e-06,
    "EchoTime": 0.00201,
    "FlipAngle": 8,
    "ImageOrientationPatientDICOM": [
      0.00523595,
      0.999986,
      1.95234e-08,
      0.0436188,
      -0.000228369,
      -0.999048
    ],
    "ImageType": [
      "ORIGINAL",
      "PRIMARY",
      "M",
      "ND",
      "NORM"
    ],
    "InPlanePhaseEncodingDirectionDICOM": "ROW",
    "InstitutionAddress": "Exposition_Drive_1777_Boulder-_c0d8dc-_Denver_US_80301",
    "InstitutionName": "Intermountain_Neuroimaging_Consortium",
    "InstitutionalDepartmentName": "Department",
    "InversionTime": 1,
    "MRAcquisitionType": "3D",
    "MagneticFieldStrength": 3,
    "Manufacturer": "Siemens",
    "ManufacturersModelName": "TrioTim",
    "Modality": "MR",
    "ParallelReductionFactorInPlane": 2,
    "PartialFourier": 1,
    "PatientPosition": "HFS",
    "PercentPhaseFOV": 100,
    "PhaseEncodingSteps": 319,
    "PhaseResolution": 1,
    "PixelBandwidth": 240,
    "ProcedureStepDescription": "VMITTAL_adaptcog_200068",
    "ProtocolName": "t1w_32ch_mpr_08mm",
    "PulseSequenceDetails": "%SiemensSeq%_tfl",
    "ReceiveCoilName": "32Ch_Head",
    "ReconMatrixPE": 320,
    "RepetitionTime": 2.4,
    "SAR": 0.0751015,
    "ScanOptions": "IR_WE",
    "ScanningSequence": "GR_IR",
    "SequenceName": "_tfl3d1_ns",
    "SequenceVariant": "SP_MP",
    "SeriesDescription": "t1w_32ch_mpr_08mm",
    "SeriesNumber": 2,
    "ShimSetting": [
      6789,
      12669,
      -6826,
      159,
      224,
      -617,
      441,
      80
    ],
    "SliceThickness": 0.8,
    "SoftwareVersions": "syngo_MR_B17",
    "StationName": "MRC35451",
    "TxRefAmp": 336.719,
    "dataset": "ds001371",
    "modality": "T1w",
    "subject_id": "M80362559"
  },
  "cjv": 0.3775088779135575,
  "cnr": 3.5822558129959474,
  "efc": 0.5789122109617891,
  "fber": 12119.620350339523,
  "fwhm_avg": 4.590776013060299,
  "fwhm_x": 4.593865675950643,
  "fwhm_y": 4.662237430527249,
  "fwhm_z": 4.516224932703004,
  "icvs_csf": 0.15293087401359753,
  "icvs_gm": 0.453601915435608,
  "icvs_wm": 0.3934672105507944,
  "inu_med": 0.4840342104434967,
  "inu_range": 0.22798684835433963,
  "provenance": {
    "md5sum": "aa75d8a6c79810c57ae195aba919f5c0",
    "settings": {
      "testing": false
    },
    "software": "mriqc",
    "version": "22.0.6",
    "warnings": {
      "large_rot_frame": true,
      "small_air_mask": false
    },
    "webapi_port": null,
    "webapi_url": "https://mriqc.nimh.nih.gov/api/v1"
  },
  "qi_1": 9.134710142625774e-05,
  "qi_2": 0.025293380392298632,
  "rpve_csf": 28.54827927487754,
  "rpve_gm": 11.040406447995405,
  "rpve_wm": 14.198021605964758,
  "size_x": 224,
  "size_y": 320,
  "size_z": 320,
  "snr_csf": 2.569185362644641,
  "snr_gm": 12.663316434814531,
  "snr_total": 12.13871020940598,
  "snr_wm": 21.18362883075877,
  "snrd_csf": 33.28118430123384,
  "snrd_gm": 82.67873955882963,
  "snrd_total": 76.34874576642112,
  "snrd_wm": 113.08631343919988,
  "spacing_x": 0.7999972701072693,
  "spacing_y": 0.800000011920929,
  "spacing_z": 0.800000011920929,
  "summary_bg_k": 6.866800240648898,
  "summary_bg_mad": 5.793382846421377,
  "summary_bg_mean": 6.187588524244451,
  "summary_bg_median": 3.907577348873019,
  "summary_bg_n": 4727277.0,
  "summary_bg_p05": 0.0,
  "summary_bg_p95": 23.54254676029086,
  "summary_bg_stdv": 8.51396343877504,
  "summary_csf_k": 0.7464152307418463,
  "summary_csf_mad": 97.94775222334775,
  "summary_csf_mean": 299.9108274352628,
  "summary_csf_median": 294.30610517039895,
  "summary_csf_n": 65184.0,
  "summary_csf_p05": 103.32022841088474,
  "summary_csf_p95": 500.6067726574838,
  "summary_csf_stdv": 114.55142627628301,
  "summary_gm_k": 0.23149193684556613,
  "summary_gm_mad": 56.24259247799138,
  "summary_gm_mean": 732.0880298450762,
  "summary_gm_median": 731.1295655742288,
  "summary_gm_n": 136496.0,
  "summary_gm_p05": 638.9920468744822,
  "summary_gm_p95": 828.55808962835,
  "summary_gm_stdv": 57.73581439934005,
  "summary_wm_k": 0.34314476385343706,
  "summary_wm_mad": 45.2675504397397,
  "summary_wm_mean": 1000.203060244108,
  "summary_wm_median": 1000.0242826435715,
  "summary_wm_n": 572074.0,
  "summary_wm_p05": 923.4503290057182,
  "summary_wm_p95": 1078.4755723555568,
  "summary_wm_stdv": 47.20737021020322,
  "tpm_overlap_csf": 0.13463352930446723,
  "tpm_overlap_gm": 0.4375511886333994,
  "tpm_overlap_wm": 0.49189417779418665,
  "wm2max": 0.8651730220057114
}