{
  "aor": 0.002427337807606264,
  "aqi": 0.011640869563758389,
  "bids_meta": {
    "AcquisitionMatrixPE": 82,
    "AcquisitionNumber": 1,
    "AcquisitionTime": "11:02:25.797500",
    "BandwidthPerPixelPhaseEncode": 23.912,
    "BaseResolution": 82,
    "ConversionSoftware": "dcm2niix",
    "ConversionSoftwareVersion": "v1.0.20171215 Clang9.0.0",
    "DerivedVendorReportedEchoSpacing": 0.00051,
    "DeviceSerialNumber": "35451",
    "DwellTime": 2.2e-06,
    "EchoTime": 0.029,
    "EffectiveEchoSpacing": 0.00051,
    "FlipAngle": 44,
    "ImageComments": "Unaliased_MB8_PE3_(remote)",
    "ImageOrientationPatientDICOM": [
      0.999813,
      -0.0074068,
      -0.0178738,
      -2.85385e-09,
      0.92382,
      -0.382827
    ],
    "ImageType": [
      "ORIGINAL",
      "PRIMARY",
      "M",
      "MB",
      "ND",
      "NORM",
      "MOSAIC"
    ],
    "InPlanePhaseEncodingDirectionDICOM": "COL",
    "InstitutionAddress": "Exposition_Drive_1777_Boulder-_6392da-_Denver_US_80301",
    "InstitutionName": "Intermountain_Neuroimaging_Consortium",
    "InstitutionalDepartmentName": "Department",
    "MRAcquisitionType": "2D",
    "MagneticFieldStrength": 3,
    "Manufacturer": "Siemens",
    "ManufacturersModelName": "TrioTim",
    "Modality": "MR",
    "MultibandAccelerationFactor": 8,
    "PartialFourier": 1,
    "PatientPosition": "HFS",
    "PercentPhaseFOV": 100,
    "PhaseEncodingDirection": "j",
    "PhaseEncodingSteps": 82,
    "PhaseResolution": 1,
    "PixelBandwidth": 2772,
    "ProcedureStepDescription": "VMITTAL_adaptcog_200068",
    "ProtocolName": "ritl_pa_32ch_mb8_v01_r06",
    "PulseSequenceDetails": "%CustomerSeq%_cmrr_mbep2d_bold",
    "ReceiveCoilName": "32Ch_Head",
    "ReconMatrixPE": 82,
    "RepetitionTime": 0.46,
    "SAR": 0.18637,
    "ScanOptions": "FS",
    "ScanningSequence": "EP",
    "SequenceName": "epfid2d1_82",
    "SequenceVariant": "SK_SS",
    "SeriesDescription": "ritl_pa_32ch_mb8_v01_r06",
    "SeriesNumber": 22,
    "ShimSetting": [
      6780,
      12643,
      -6799,
      384,
      425,
      111,
      410,
      175
    ],
    "SliceThickness": 3,
    "SliceTiming": [
      0,
      0.265,
      0.0675,
      0.33,
      0.1325,
      0.395,
      0.1975,
      0,
      0.265,
      0.0675,
      0.33,
      0.1325,
      0.395,
      0.1975,
      0,
      0.265,
      0.0675,
      0.33,
      0.1325,
      0.395,
      0.1975,
      0,
      0.265,
      0.0675,
      0.33,
      0.1325,
      0.395,
      0.1975,
      0,
      0.265,
      0.0675,
      0.33,
      0.1325,
      0.395,
      0.1975,
      0,
      0.265,
      0.0675,
      0.33,
      0.1325,
      0.395,
      0.1975,
      0,
      0.265,
      0.0675,
      0.33,
      0.1325,
      0.395,
      0.1975,
      0,
      0.265,
      0.0675,
      0.33,
      0.1325,
      0.395,
      0.1975
    ],
    "SoftwareVersions": "syngo_MR_B17",
    "SpacingBetweenSlices": 3,
    "StationName": "MRC35451",
    "TaskName": "ritl",
    "TotalReadoutTime": 0.04131,
    "TxRefAmp": 349.52,
    "acq_id": "MB",
    "dataset": "ds001371",
    "modality": "bold",
    "run_id": 6,
    "subject_id": "M80334186",
    "task_id": "ritl"
  },
  "dummy_trs": 0,
  "dvars_nstd": 29.831862098219457,
  "dvars_std": 1.1665903493169083,
  "dvars_vstd": 1.0368533574020165,
  "efc": 0.4351097901517739,
  "fber": 19439.521484375,
  "fd_mean": 0.08989835034621901,
  "fd_num": 45,
  "fd_perc": 5.033557046979865,
  "fwhm_avg": 1.8983563626685938,
  "fwhm_x": 1.7424438037235799,
  "fwhm_y": 2.0108119509488684,
  "fwhm_z": 1.9418133333333334,
  "gcor": 0.0242236,
  "gsr_x": -0.031953006982803345,
  "gsr_y": 0.03513089939951897,
  "provenance": {
    "md5sum": "666440e6dd301dcedb773da758209a44",
    "settings": {
      "fd_thres": 0.2,
      "testing": false
    },
    "software": "mriqc",
    "version": "22.0.6",
    "webapi_port": null,
    "webapi_url": "https://mriqc.nimh.nih.gov/api/v1"
  },
  "size_t": 894,
  "size_x": 82,
  "size_y": 82,
  "size_z": 56,
  "snr": 6.483998232965076,
  "spacing_tr": 0.46000000834465027,
  "spacing_x": 3.02439022064209,
  "spacing_y": 3.02439022064209,
  "spacing_z": 3.0,
  "summary_bg_k": 19.888493275262196,
  "summary_bg_mad": 2.593724795245792,
  "summary_bg_mean": 13.216525077819824,
  "summary_bg_median": 2.143176794052124,
  "summary_bg_n": 276043.0,
  "summary_bg_p05": 0.0615212544798851,
  "summary_bg_p95": 72.40145339965817,
  "summary_bg_stdv": 28.542329788208008,
  "summary_fg_k": 1.3314140990379055,
  "summary_fg_mad": 42.63558219414556,
  "summary_fg_mean": 297.1962890625,
  "summary_fg_median": 295.2550354003906,
  "summary_fg_n": 46729.0,
  "summary_fg_p05": 228.13602294921876,
  "summary_fg_p95": 372.7830017089844,
  "summary_fg_stdv": 45.535465240478516,
  "tsnr": 46.36997675523162
}