{
  "bids_meta": {
    "AcquisitionMatrixPE": 320,
    "AcquisitionNumber": 1,
    "AcquisitionTime": "13:37:20.505000",
    "BaseResolution": 320,
    "ConversionSoftware": "dcm2niix",
    "ConversionSoftwareVersion": "v1.0.20171215 Clang9.0.0",
    "DeviceSerialNumber": "35451",
    "DwellTime": 6.5e-06,
    "EchoTime": 0.00201,
    "FlipAngle": 8,
    "ImageOrientationPatientDICOM": [
      0,
      1,
      0,
      0.0331552,
      0,
      -0.99945
    ],
    "ImageType": [
      "ORIGINAL",
      "PRIMARY",
      "M",
      "ND",
      "NORM"
    ],
    "InPlanePhaseEncodingDirectionDICOM": "ROW",
    "InstitutionAddress": "Exposition_Drive_1777_Boulder-_6392da-_Denver_US_80301",
    "InstitutionName": "Intermountain_Neuroimaging_Consortium",
    "InstitutionalDepartmentName": "Department",
    "InversionTime": 1,
    "MRAcquisitionType": "3D",
    "MagneticFieldStrength": 3,
    "Manufacturer": "Siemens",
    "ManufacturersModelName": "TrioTim",
    "Modality": "MR",
    "ParallelReductionFactorInPlane": 2,
    "PartialFourier": 1,
    "PatientPosition": "HFS",
    "PercentPhaseFOV": 100,
    "PhaseEncodingSteps": 319,
    "PhaseResolution": 1,
    "PixelBandwidth": 240,
    "ProcedureStepDescription": "VMITTAL_adaptcog_200068",
    "ProtocolName": "t1w_32ch_mpr_08mm",
    "PulseSequenceDetails": "%SiemensSeq%_tfl",
    "ReceiveCoilName": "32Ch_Head",
    "ReconMatrixPE": 320,
    "RepetitionTime": 2.4,
    "SAR": 0.0750159,
    "ScanOptions": "IR_WE",
    "ScanningSequence": "GR_IR",
    "SequenceName": "_tfl3d1_ns",
    "SequenceVariant": "SP_MP",
    "SeriesDescription": "t1w_32ch_mpr_08mm",
    "SeriesNumber": 2,
    "ShimSetting": [
      6799,
      12613,
      -6741,
      230,
      148,
      -439,
      424,
      -57
    ],
    "SliceThickness": 0.8,
    "SoftwareVersions": "syngo_MR_B17",
    "StationName": "MRC35451",
    "TxRefAmp": 340.595,
    "dataset": "ds001371",
    "modality": "T1w",
    "subject_id": "M80390041"
  },
  "cjv": 0.3598597801856861,
  "cnr": 3.747563011578659,
  "efc": 0.5526023359149022,
  "fber": 25784.738868141336,
  "fwhm_avg": 4.725523997730725,
  "fwhm_x": 4.690172134550549,
  "fwhm_y": 4.758899929086865,
  "fwhm_z": 4.727499929554762,
  "icvs_csf": 0.2053960540959639,
  "icvs_gm": 0.4376337256730682,
  "icvs_wm": 0.3569702202309679,
  "inu_med": 0.48156948387622833,
  "inu_range": 0.21138564497232437,
  "provenance": {
    "md5sum": "4a84b8460f44387e0cd545afbd7efec4",
    "settings": {
      "testing": false
    },
    "software": "mriqc",
    "version": "22.0.6",
    "warnings": {
      "large_rot_frame": true,
      "small_air_mask": false
    },
    "webapi_port": null,
    "webapi_url": "https://mriqc.nimh.nih.gov/api/v1"
  },
  "qi_1": 0.0,
  "qi_2": 0.02325966092599829,
  "rpve_csf": 24.565211905668253,
  "rpve_gm": 12.228033786066627,
  "rpve_wm": 16.946863814017025,
  "size_x": 224,
  "size_y": 320,
  "size_z": 320,
  "snr_csf": 2.854042999897049,
  "snr_gm": 12.650832166392734,
  "snr_total": 12.79683599063447,
  "snr_wm": 22.88563280561363,
  "snrd_csf": 27.379949533598374,
  "snrd_gm": 74.02060000351875,
  "snrd_total": 67.68691553644145,
  "snrd_wm": 101.66019707220721,
  "spacing_x": 0.8000004887580872,
  "spacing_y": 0.800000011920929,
  "spacing_z": 0.800000011920929,
  "summary_bg_k": 9.597150715732031,
  "summary_bg_mad": 0.0,
  "summary_bg_mean": 4.107722239539012,
  "summary_bg_median": 0.0,
  "summary_bg_n": 5490490.0,
  "summary_bg_p05": 0.0,
  "summary_bg_p95": 17.649224765598774,
  "summary_bg_stdv": 6.4446713425545115,
  "summary_csf_k": 1.5246363245862264,
  "summary_csf_mad": 79.25088586401628,
  "summary_csf_mean": 280.59443394923835,
  "summary_csf_median": 269.34051614254713,
  "summary_csf_n": 115348.0,
  "summary_csf_p05": 146.4632537588477,
  "summary_csf_p95": 454.2086670771241,
  "summary_csf_stdv": 94.37116001300785,
  "summary_gm_k": 0.17045507317474584,
  "summary_gm_mad": 56.42744951316528,
  "summary_gm_mean": 727.6109112029316,
  "summary_gm_median": 728.1513278782368,
  "summary_gm_n": 112507.0,
  "summary_gm_p05": 632.6637294299901,
  "summary_gm_p95": 821.8049716800451,
  "summary_gm_stdv": 57.55732763403654,
  "summary_wm_k": 0.41673243153813955,
  "summary_wm_mad": 41.41651977568479,
  "summary_wm_mean": 999.8910287975547,
  "summary_wm_median": 1000.0460343062878,
  "summary_wm_n": 467660.0,
  "summary_wm_p05": 927.5162344872952,
  "summary_wm_p95": 1070.9880942180753,
  "summary_wm_stdv": 43.69750111774903,
  "tpm_overlap_csf": 0.15221632723247105,
  "tpm_overlap_gm": 0.46123784103963217,
  "tpm_overlap_wm": 0.5150105358997238,
  "wm2max": 0.8909717774438966
}