{
  "aor": 0.0013642170022371367,
  "aqi": 0.025252141498881428,
  "bids_meta": {
    "AcquisitionMatrixPE": 82,
    "AcquisitionNumber": 1,
    "AcquisitionTime": "11:10:24.462500",
    "BandwidthPerPixelPhaseEncode": 23.912,
    "BaseResolution": 82,
    "ConversionSoftware": "dcm2niix",
    "ConversionSoftwareVersion": "v1.0.20171215 Clang9.0.0",
    "DerivedVendorReportedEchoSpacing": 0.00051,
    "DeviceSerialNumber": "35451",
    "DwellTime": 2.2e-06,
    "EchoTime": 0.029,
    "EffectiveEchoSpacing": 0.00051,
    "FlipAngle": 44,
    "ImageComments": "Unaliased_MB8_PE3_(remote)",
    "ImageOrientationPatientDICOM": [
      0.999385,
      0.0073945,
      0.0342882,
      -3.09878e-08,
      0.977527,
      -0.21081
    ],
    "ImageType": [
      "ORIGINAL",
      "PRIMARY",
      "M",
      "MB",
      "ND",
      "NORM",
      "MOSAIC"
    ],
    "InPlanePhaseEncodingDirectionDICOM": "COL",
    "InstitutionAddress": "Exposition_Drive_1777_Boulder-_c0d8dc-_Denver_US_80301",
    "InstitutionName": "Intermountain_Neuroimaging_Consortium",
    "InstitutionalDepartmentName": "Department",
    "MRAcquisitionType": "2D",
    "MagneticFieldStrength": 3,
    "Manufacturer": "Siemens",
    "ManufacturersModelName": "TrioTim",
    "Modality": "MR",
    "MultibandAccelerationFactor": 8,
    "PartialFourier": 1,
    "PatientPosition": "HFS",
    "PercentPhaseFOV": 100,
    "PhaseEncodingDirection": "j",
    "PhaseEncodingSteps": 82,
    "PhaseResolution": 1,
    "PixelBandwidth": 2772,
    "ProcedureStepDescription": "VMITTAL_adaptcog_200068",
    "ProtocolName": "ritl_pa_32ch_mb8_v01_r01",
    "PulseSequenceDetails": "%CustomerSeq%_cmrr_mbep2d_bold",
    "ReceiveCoilName": "32Ch_Head",
    "ReconMatrixPE": 82,
    "RepetitionTime": 0.46,
    "SAR": 0.16591,
    "ScanOptions": "FS",
    "ScanningSequence": "EP",
    "SequenceName": "epfid2d1_82",
    "SequenceVariant": "SK_SS",
    "SeriesDescription": "ritl_pa_32ch_mb8_v01_r01",
    "SeriesNumber": 12,
    "ShimSetting": [
      6833,
      12605,
      -6831,
      612,
      462,
      152,
      123,
      120
    ],
    "SliceThickness": 3,
    "SliceTiming": [
      0,
      0.265,
      0.0675,
      0.33,
      0.1325,
      0.3975,
      0.1975,
      0,
      0.265,
      0.0675,
      0.33,
      0.1325,
      0.3975,
      0.1975,
      0,
      0.265,
      0.0675,
      0.33,
      0.1325,
      0.3975,
      0.1975,
      0,
      0.265,
      0.0675,
      0.33,
      0.1325,
      0.3975,
      0.1975,
      0,
      0.265,
      0.0675,
      0.33,
      0.1325,
      0.3975,
      0.1975,
      0,
      0.265,
      0.0675,
      0.33,
      0.1325,
      0.3975,
      0.1975,
      0,
      0.265,
      0.0675,
      0.33,
      0.1325,
      0.3975,
      0.1975,
      0,
      0.265,
      0.0675,
      0.33,
      0.1325,
      0.3975,
      0.1975
    ],
    "SoftwareVersions": "syngo_MR_B17",
    "SpacingBetweenSlices": 3,
    "StationName": "MRC35451",
    "TaskName": "ritl",
    "TotalReadoutTime": 0.04131,
    "TxRefAmp": 330.296,
    "acq_id": "MB",
    "dataset": "ds001371",
    "modality": "bold",
    "run_id": 1,
    "subject_id": "M80318505",
    "task_id": "ritl"
  },
  "dummy_trs": 0,
  "dvars_nstd": 30.079469990358348,
  "dvars_std": 1.144852648197089,
  "dvars_vstd": 0.9836535038073899,
  "efc": 0.3569330640238697,
  "fber": 53877.74609375,
  "fd_mean": 0.08848039580836746,
  "fd_num": 35,
  "fd_perc": 3.9149888143176734,
  "fwhm_avg": 1.7923324196321406,
  "fwhm_x": 1.7068002550623513,
  "fwhm_y": 1.896620337167404,
  "fwhm_z": 1.7735766666666668,
  "gcor": 0.0112993,
  "gsr_x": -0.024098971858620644,
  "gsr_y": 0.018138188868761063,
  "provenance": {
    "md5sum": "60ba97861734c5b0e356bebb017d3188",
    "settings": {
      "fd_thres": 0.2,
      "testing": false
    },
    "software": "mriqc",
    "version": "22.0.6",
    "webapi_port": null,
    "webapi_url": "https://mriqc.nimh.nih.gov/api/v1"
  },
  "size_t": 894,
  "size_x": 82,
  "size_y": 82,
  "size_z": 56,
  "snr": 7.746705421218319,
  "spacing_tr": 0.46000000834465027,
  "spacing_x": 3.02439022064209,
  "spacing_y": 3.02439022064209,
  "spacing_z": 3.0,
  "summary_bg_k": 60.33120298635429,
  "summary_bg_mad": 1.45772627941481,
  "summary_bg_mean": 6.034999847412109,
  "summary_bg_median": 1.064876914024353,
  "summary_bg_n": 293831.0,
  "summary_bg_p05": 0.010067114606499672,
  "summary_bg_p95": 29.697986602783203,
  "summary_bg_stdv": 15.914998054504395,
  "summary_fg_k": 2.684325318095321,
  "summary_fg_mad": 26.653675033620715,
  "summary_fg_mean": 237.0236053466797,
  "summary_fg_median": 237.13534545898438,
  "summary_fg_n": 32623.0,
  "summary_fg_p05": 188.9387008666992,
  "summary_fg_p95": 286.152587890625,
  "summary_fg_stdv": 30.610652923583984,
  "tsnr": 39.70092486409703
}