{
  "aor": 0.003726006749156355,
  "aqi": 0.02333645298087739,
  "bids_meta": {
    "AcquisitionMatrixPE": 82,
    "AcquisitionNumber": 1,
    "AcquisitionTime": "11:40:26.175000",
    "BandwidthPerPixelPhaseEncode": 23.912,
    "BaseResolution": 82,
    "ConversionSoftware": "dcm2niix",
    "ConversionSoftwareVersion": "v1.0.20171215 Clang9.0.0",
    "DerivedVendorReportedEchoSpacing": 0.00051,
    "DeviceSerialNumber": "35451",
    "DwellTime": 2.2e-06,
    "EchoTime": 0.029,
    "EffectiveEchoSpacing": 0.00051,
    "FlipAngle": 44,
    "ImageComments": "Unaliased_MB8_PE3_(remote)",
    "ImageOrientationPatientDICOM": [
      0.999385,
      0.0073945,
      0.0342882,
      -3.09878e-08,
      0.977527,
      -0.21081
    ],
    "ImageType": [
      "ORIGINAL",
      "PRIMARY",
      "M",
      "MB",
      "ND",
      "NORM",
      "MOSAIC"
    ],
    "InPlanePhaseEncodingDirectionDICOM": "COL",
    "InstitutionAddress": "Exposition_Drive_1777_Boulder-_c0d8dc-_Denver_US_80301",
    "InstitutionName": "Intermountain_Neuroimaging_Consortium",
    "InstitutionalDepartmentName": "Department",
    "MRAcquisitionType": "2D",
    "MagneticFieldStrength": 3,
    "Manufacturer": "Siemens",
    "ManufacturersModelName": "TrioTim",
    "Modality": "MR",
    "MultibandAccelerationFactor": 8,
    "PartialFourier": 1,
    "PatientPosition": "HFS",
    "PercentPhaseFOV": 100,
    "PhaseEncodingDirection": "j",
    "PhaseEncodingSteps": 82,
    "PhaseResolution": 1,
    "PixelBandwidth": 2772,
    "ProcedureStepDescription": "VMITTAL_adaptcog_200068",
    "ProtocolName": "ritl_pa_32ch_mb8_v01_r05",
    "PulseSequenceDetails": "%CustomerSeq%_cmrr_mbep2d_bold",
    "ReceiveCoilName": "32Ch_Head",
    "ReconMatrixPE": 82,
    "RepetitionTime": 0.46,
    "SAR": 0.171027,
    "ScanOptions": "FS",
    "ScanningSequence": "EP",
    "SequenceName": "epfid2d1_82",
    "SequenceVariant": "SK_SS",
    "SeriesDescription": "ritl_pa_32ch_mb8_v01_r05",
    "SeriesNumber": 20,
    "ShimSetting": [
      6833,
      12605,
      -6831,
      612,
      462,
      152,
      123,
      120
    ],
    "SliceThickness": 3,
    "SliceTiming": [
      0,
      0.265,
      0.0675,
      0.33,
      0.1325,
      0.3975,
      0.1975,
      0,
      0.265,
      0.0675,
      0.33,
      0.1325,
      0.3975,
      0.1975,
      0,
      0.265,
      0.0675,
      0.33,
      0.1325,
      0.3975,
      0.1975,
      0,
      0.265,
      0.0675,
      0.33,
      0.1325,
      0.3975,
      0.1975,
      0,
      0.265,
      0.0675,
      0.33,
      0.1325,
      0.3975,
      0.1975,
      0,
      0.265,
      0.0675,
      0.33,
      0.1325,
      0.3975,
      0.1975,
      0,
      0.265,
      0.0675,
      0.33,
      0.1325,
      0.3975,
      0.1975,
      0,
      0.265,
      0.0675,
      0.33,
      0.1325,
      0.3975,
      0.1975
    ],
    "SoftwareVersions": "syngo_MR_B17",
    "SpacingBetweenSlices": 3,
    "StationName": "MRC35451",
    "TaskName": "ritl",
    "TotalReadoutTime": 0.04131,
    "TxRefAmp": 330.296,
    "acq_id": "MB",
    "dataset": "ds001371",
    "modality": "bold",
    "run_id": 5,
    "subject_id": "M80318505",
    "task_id": "ritl"
  },
  "dummy_trs": 5,
  "dvars_nstd": 30.04366913132885,
  "dvars_std": 1.1792543654617114,
  "dvars_vstd": 1.0344710293243236,
  "efc": 0.355823470554698,
  "fber": 58700.0078125,
  "fd_mean": 0.10457079163994372,
  "fd_num": 47,
  "fd_perc": 5.286839145106861,
  "fwhm_avg": 1.8183695344731594,
  "fwhm_x": 1.723663158417849,
  "fwhm_y": 1.9365821116682953,
  "fwhm_z": 1.7948633333333335,
  "gcor": 0.0139619,
  "gsr_x": -0.023248542100191116,
  "gsr_y": 0.019371135160326958,
  "provenance": {
    "md5sum": "fd9321d624e5997983e6c3bbd82e8925",
    "settings": {
      "fd_thres": 0.2,
      "testing": false
    },
    "software": "mriqc",
    "version": "22.0.6",
    "webapi_port": null,
    "webapi_url": "https://mriqc.nimh.nih.gov/api/v1"
  },
  "size_t": 889,
  "size_x": 82,
  "size_y": 82,
  "size_z": 56,
  "snr": 7.635268770654905,
  "spacing_tr": 0.46000000834465027,
  "spacing_x": 3.02439022064209,
  "spacing_y": 3.02439022064209,
  "spacing_z": 3.0,
  "summary_bg_k": 69.14945142599545,
  "summary_bg_mad": 1.4042194061960174,
  "summary_bg_mean": 5.936519145965576,
  "summary_bg_median": 1.01912260055542,
  "summary_bg_n": 293624.0,
  "summary_bg_p05": 0.008998875506222248,
  "summary_bg_p95": 29.582509326934787,
  "summary_bg_stdv": 15.922184944152832,
  "summary_fg_k": 2.494546191676788,
  "summary_fg_mad": 26.88529769619044,
  "summary_fg_mean": 235.94293212890625,
  "summary_fg_median": 235.98818969726562,
  "summary_fg_n": 32766.0,
  "summary_fg_p05": 186.7533836364746,
  "summary_fg_p95": 286.03966522216797,
  "summary_fg_stdv": 30.907175064086914,
  "tsnr": 39.281158035155386
}