{
  "aor": 0.0007913661814109743,
  "aqi": 0.011263868510638297,
  "bids_meta": {
    "AcquisitionMatrixPE": 82,
    "AcquisitionNumber": 1,
    "AcquisitionTime": "10:28:1.732500",
    "BandwidthPerPixelPhaseEncode": 23.912,
    "BaseResolution": 82,
    "ConversionSoftware": "dcm2niix",
    "ConversionSoftwareVersion": "v1.0.20171215 Clang9.0.0",
    "DerivedVendorReportedEchoSpacing": 0.00051,
    "DeviceSerialNumber": "35451",
    "DwellTime": 2.2e-06,
    "EchoTime": 0.029,
    "EffectiveEchoSpacing": 0.00051,
    "FlipAngle": 44,
    "ImageComments": "Unaliased_MB8_PE3_(remote)",
    "ImageOrientationPatientDICOM": [
      0.998342,
      -0.0285697,
      -0.049978,
      -2.23766e-09,
      0.868162,
      -0.496282
    ],
    "ImageType": [
      "ORIGINAL",
      "PRIMARY",
      "M",
      "ND",
      "NORM",
      "MOSAIC"
    ],
    "InPlanePhaseEncodingDirectionDICOM": "COL",
    "InstitutionAddress": "Exposition_Drive_1777_Boulder-_6392da-_Denver_US_80301",
    "InstitutionName": "Intermountain_Neuroimaging_Consortium",
    "InstitutionalDepartmentName": "Department",
    "MRAcquisitionType": "2D",
    "MagneticFieldStrength": 3,
    "Manufacturer": "Siemens",
    "ManufacturersModelName": "TrioTim",
    "Modality": "MR",
    "MultibandAccelerationFactor": 8,
    "PartialFourier": 1,
    "PatientPosition": "HFS",
    "PercentPhaseFOV": 100,
    "PhaseEncodingDirection": "j",
    "PhaseEncodingSteps": 82,
    "PhaseResolution": 1,
    "PixelBandwidth": 2772,
    "ProcedureStepDescription": "VMITTAL_adaptcog_200068",
    "ProtocolName": "ritl_pa_32ch_mb8_v01_r01",
    "PulseSequenceDetails": "%CustomerSeq%_cmrr_mbep2d_bold",
    "ReceiveCoilName": "32Ch_Head",
    "ReconMatrixPE": 82,
    "RepetitionTime": 0.46,
    "SAR": 0.152384,
    "ScanOptions": "FS",
    "ScanningSequence": "EP",
    "SequenceName": "epfid2d1_82",
    "SequenceVariant": "SK",
    "SeriesDescription": "ritl_pa_32ch_mb8_v01_r01",
    "SeriesNumber": 12,
    "ShimSetting": [
      6754,
      12631,
      -6751,
      547,
      186,
      194,
      44,
      53
    ],
    "SliceThickness": 3,
    "SliceTiming": [
      0,
      0.2625,
      0.065,
      0.3275,
      0.13,
      0.395,
      0.1975,
      0,
      0.2625,
      0.065,
      0.3275,
      0.13,
      0.395,
      0.1975,
      0,
      0.2625,
      0.065,
      0.3275,
      0.13,
      0.395,
      0.1975,
      0,
      0.2625,
      0.065,
      0.3275,
      0.13,
      0.395,
      0.1975,
      0,
      0.2625,
      0.065,
      0.3275,
      0.13,
      0.395,
      0.1975,
      0,
      0.2625,
      0.065,
      0.3275,
      0.13,
      0.395,
      0.1975,
      0,
      0.2625,
      0.065,
      0.3275,
      0.13,
      0.395,
      0.1975,
      0,
      0.2625,
      0.065,
      0.3275,
      0.13,
      0.395,
      0.1975
    ],
    "SoftwareVersions": "syngo_MR_B17",
    "SpacingBetweenSlices": 3,
    "StationName": "MRC35451",
    "TaskName": "ritl",
    "TotalReadoutTime": 0.04131,
    "TxRefAmp": 346.13,
    "acq_id": "MB",
    "dataset": "ds001371",
    "modality": "bold",
    "run_id": 1,
    "subject_id": "M80397330",
    "task_id": "ritl"
  },
  "dummy_trs": 1,
  "dvars_nstd": 31.010787328878923,
  "dvars_std": 1.1325636852578476,
  "dvars_vstd": 1.016515866300449,
  "efc": 0.36984458443227736,
  "fber": 46190.7109375,
  "fd_mean": 0.06906603402461675,
  "fd_num": 13,
  "fd_perc": 1.4557670772676372,
  "fwhm_avg": 1.737101478266189,
  "fwhm_x": 1.6120538833659224,
  "fwhm_y": 1.794093884765978,
  "fwhm_z": 1.8051566666666667,
  "gcor": 0.0186616,
  "gsr_x": -0.02533213049173355,
  "gsr_y": 0.019350243732333183,
  "provenance": {
    "md5sum": "8959204d286a3c19e37adcc7b48365b0",
    "settings": {
      "fd_thres": 0.2,
      "testing": false
    },
    "software": "mriqc",
    "version": "22.0.6",
    "webapi_port": null,
    "webapi_url": "https://mriqc.nimh.nih.gov/api/v1"
  },
  "size_t": 893,
  "size_x": 82,
  "size_y": 82,
  "size_z": 56,
  "snr": 6.920118622482388,
  "spacing_tr": 0.46000000834465027,
  "spacing_x": 3.02439022064209,
  "spacing_y": 3.02439022064209,
  "spacing_z": 3.0,
  "summary_bg_k": 36.87070548955795,
  "summary_bg_mad": 1.6602489841952373,
  "summary_bg_mean": 6.8834309577941895,
  "summary_bg_median": 1.21724534034729,
  "summary_bg_n": 289459.0,
  "summary_bg_p05": 0.007838746532797813,
  "summary_bg_p95": 35.405488586425754,
  "summary_bg_stdv": 17.037363052368164,
  "summary_fg_k": 1.3284546348966222,
  "summary_fg_mad": 35.38821461730203,
  "summary_fg_mean": 258.6996765136719,
  "summary_fg_median": 256.9081726074219,
  "summary_fg_n": 36217.0,
  "summary_fg_p05": 204.24278564453124,
  "summary_fg_p95": 321.6981018066406,
  "summary_fg_stdv": 37.12430953979492,
  "tsnr": 49.277520820032805
}