{
  "aor": 0.001384809843400447,
  "aqi": 0.01781695234899329,
  "bids_meta": {
    "AcquisitionMatrixPE": 82,
    "AcquisitionNumber": 1,
    "AcquisitionTime": "10:22:53.912500",
    "BandwidthPerPixelPhaseEncode": 23.912,
    "BaseResolution": 82,
    "ConversionSoftware": "dcm2niix",
    "ConversionSoftwareVersion": "v1.0.20171215 Clang9.0.0",
    "DerivedVendorReportedEchoSpacing": 0.00051,
    "DeviceSerialNumber": "35451",
    "DwellTime": 2.2e-06,
    "EchoTime": 0.029,
    "EffectiveEchoSpacing": 0.00051,
    "FlipAngle": 44,
    "ImageComments": "Unaliased_MB8_PE3_(remote)",
    "ImageOrientationPatientDICOM": [
      0.999518,
      -0.0129024,
      -0.0282421,
      -3.54703e-08,
      0.909574,
      -0.415542
    ],
    "ImageType": [
      "ORIGINAL",
      "PRIMARY",
      "M",
      "MB",
      "ND",
      "NORM",
      "MOSAIC"
    ],
    "InPlanePhaseEncodingDirectionDICOM": "COL",
    "InstitutionAddress": "Exposition_Drive_1777_Boulder-_6392da-_Denver_US_80301",
    "InstitutionName": "Intermountain_Neuroimaging_Consortium",
    "InstitutionalDepartmentName": "Department",
    "MRAcquisitionType": "2D",
    "MagneticFieldStrength": 3,
    "Manufacturer": "Siemens",
    "ManufacturersModelName": "TrioTim",
    "Modality": "MR",
    "MultibandAccelerationFactor": 8,
    "PartialFourier": 1,
    "PatientPosition": "HFS",
    "PercentPhaseFOV": 100,
    "PhaseEncodingDirection": "j",
    "PhaseEncodingSteps": 82,
    "PhaseResolution": 1,
    "PixelBandwidth": 2772,
    "ProcedureStepDescription": "VMITTAL_adaptcog_200068",
    "ProtocolName": "ritl_pa_32ch_mb8_v01_r05",
    "PulseSequenceDetails": "%CustomerSeq%_cmrr_mbep2d_bold",
    "ReceiveCoilName": "32Ch_Head",
    "ReconMatrixPE": 82,
    "RepetitionTime": 0.46,
    "SAR": 0.183906,
    "ScanOptions": "FS",
    "ScanningSequence": "EP",
    "SequenceName": "epfid2d1_82",
    "SequenceVariant": "SK_SS",
    "SeriesDescription": "ritl_pa_32ch_mb8_v01_r05",
    "SeriesNumber": 14,
    "ShimSetting": [
      6750,
      12583,
      -6814,
      244,
      353,
      8,
      19,
      16
    ],
    "SliceThickness": 3,
    "SliceTiming": [
      0,
      0.265,
      0.0675,
      0.33,
      0.1325,
      0.395,
      0.1975,
      0,
      0.265,
      0.0675,
      0.33,
      0.1325,
      0.395,
      0.1975,
      0,
      0.265,
      0.0675,
      0.33,
      0.1325,
      0.395,
      0.1975,
      0,
      0.265,
      0.0675,
      0.33,
      0.1325,
      0.395,
      0.1975,
      0,
      0.265,
      0.0675,
      0.33,
      0.1325,
      0.395,
      0.1975,
      0,
      0.265,
      0.0675,
      0.33,
      0.1325,
      0.395,
      0.1975,
      0,
      0.265,
      0.0675,
      0.33,
      0.1325,
      0.395,
      0.1975,
      0,
      0.265,
      0.0675,
      0.33,
      0.1325,
      0.395,
      0.1975
    ],
    "SoftwareVersions": "syngo_MR_B17",
    "SpacingBetweenSlices": 3,
    "StationName": "MRC35451",
    "TaskName": "ritl",
    "TotalReadoutTime": 0.04131,
    "TxRefAmp": 356.56,
    "acq_id": "MB",
    "dataset": "ds001371",
    "modality": "bold",
    "run_id": 5,
    "subject_id": "M80340633",
    "task_id": "ritl"
  },
  "dummy_trs": 0,
  "dvars_nstd": 31.08644314402017,
  "dvars_std": 1.1127969634154529,
  "dvars_vstd": 1.0102453146024621,
  "efc": 0.4583815345176192,
  "fber": 7419.50146484375,
  "fd_mean": 0.09515283302851621,
  "fd_num": 94,
  "fd_perc": 10.51454138702461,
  "fwhm_avg": 1.8027965594541635,
  "fwhm_x": 1.7319226746104046,
  "fwhm_y": 1.8859603370854188,
  "fwhm_z": 1.7905066666666667,
  "gcor": 0.0226147,
  "gsr_x": 0.0007884224760346115,
  "gsr_y": 0.018296975642442703,
  "provenance": {
    "md5sum": "bc875781a62318d2c4771102c87c239f",
    "settings": {
      "fd_thres": 0.2,
      "testing": false
    },
    "software": "mriqc",
    "version": "22.0.6",
    "webapi_port": null,
    "webapi_url": "https://mriqc.nimh.nih.gov/api/v1"
  },
  "size_t": 894,
  "size_x": 82,
  "size_y": 82,
  "size_z": 56,
  "snr": 6.731233556994773,
  "spacing_tr": 0.46000000834465027,
  "spacing_x": 3.02439022064209,
  "spacing_y": 3.02439022064209,
  "spacing_z": 3.0,
  "summary_bg_k": 21.617768613397814,
  "summary_bg_mad": 4.368203950884199,
  "summary_bg_mean": 15.186981201171875,
  "summary_bg_median": 3.515660047531128,
  "summary_bg_n": 271794.0,
  "summary_bg_p05": 0.14429530501365662,
  "summary_bg_p95": 72.76588363647456,
  "summary_bg_stdv": 28.648998260498047,
  "summary_fg_k": 1.918968660094814,
  "summary_fg_mad": 38.30471234996078,
  "summary_fg_mean": 295.42095947265625,
  "summary_fg_median": 295.1185607910156,
  "summary_fg_n": 49642.0,
  "summary_fg_p05": 226.3110153198242,
  "summary_fg_p95": 366.0364776611328,
  "summary_fg_stdv": 43.84272003173828,
  "tsnr": 38.738922350807115
}