{
  "aor": 0.0013277181208053693,
  "aqi": 0.018589771140939598,
  "bids_meta": {
    "AcquisitionMatrixPE": 82,
    "AcquisitionNumber": 1,
    "AcquisitionTime": "10:15:16.660000",
    "BandwidthPerPixelPhaseEncode": 23.912,
    "BaseResolution": 82,
    "ConversionSoftware": "dcm2niix",
    "ConversionSoftwareVersion": "v1.0.20171215 Clang9.0.0",
    "DerivedVendorReportedEchoSpacing": 0.00051,
    "DeviceSerialNumber": "35451",
    "DwellTime": 2.2e-06,
    "EchoTime": 0.029,
    "EffectiveEchoSpacing": 0.00051,
    "FlipAngle": 44,
    "ImageComments": "Unaliased_MB8_PE3_(remote)",
    "ImageOrientationPatientDICOM": [
      0.999518,
      -0.0129024,
      -0.0282421,
      -3.54703e-08,
      0.909574,
      -0.415542
    ],
    "ImageType": [
      "ORIGINAL",
      "PRIMARY",
      "M",
      "MB",
      "ND",
      "NORM",
      "MOSAIC"
    ],
    "InPlanePhaseEncodingDirectionDICOM": "COL",
    "InstitutionAddress": "Exposition_Drive_1777_Boulder-_6392da-_Denver_US_80301",
    "InstitutionName": "Intermountain_Neuroimaging_Consortium",
    "InstitutionalDepartmentName": "Department",
    "MRAcquisitionType": "2D",
    "MagneticFieldStrength": 3,
    "Manufacturer": "Siemens",
    "ManufacturersModelName": "TrioTim",
    "Modality": "MR",
    "MultibandAccelerationFactor": 8,
    "PartialFourier": 1,
    "PatientPosition": "HFS",
    "PercentPhaseFOV": 100,
    "PhaseEncodingDirection": "j",
    "PhaseEncodingSteps": 82,
    "PhaseResolution": 1,
    "PixelBandwidth": 2772,
    "ProcedureStepDescription": "VMITTAL_adaptcog_200068",
    "ProtocolName": "ritl_pa_32ch_mb8_v01_r04",
    "PulseSequenceDetails": "%CustomerSeq%_cmrr_mbep2d_bold",
    "ReceiveCoilName": "32Ch_Head",
    "ReconMatrixPE": 82,
    "RepetitionTime": 0.46,
    "SAR": 0.178737,
    "ScanOptions": "FS",
    "ScanningSequence": "EP",
    "SequenceName": "epfid2d1_82",
    "SequenceVariant": "SK_SS",
    "SeriesDescription": "ritl_pa_32ch_mb8_v01_r04",
    "SeriesNumber": 12,
    "ShimSetting": [
      6750,
      12583,
      -6814,
      244,
      353,
      8,
      19,
      16
    ],
    "SliceThickness": 3,
    "SliceTiming": [
      0,
      0.2625,
      0.065,
      0.33,
      0.1325,
      0.395,
      0.1975,
      0,
      0.2625,
      0.065,
      0.33,
      0.1325,
      0.395,
      0.1975,
      0,
      0.2625,
      0.065,
      0.33,
      0.1325,
      0.395,
      0.1975,
      0,
      0.2625,
      0.065,
      0.33,
      0.1325,
      0.395,
      0.1975,
      0,
      0.2625,
      0.065,
      0.33,
      0.1325,
      0.395,
      0.1975,
      0,
      0.2625,
      0.065,
      0.33,
      0.1325,
      0.395,
      0.1975,
      0,
      0.2625,
      0.065,
      0.33,
      0.1325,
      0.395,
      0.1975,
      0,
      0.2625,
      0.065,
      0.33,
      0.1325,
      0.395,
      0.1975
    ],
    "SoftwareVersions": "syngo_MR_B17",
    "SpacingBetweenSlices": 3,
    "StationName": "MRC35451",
    "TaskName": "ritl",
    "TotalReadoutTime": 0.04131,
    "TxRefAmp": 356.56,
    "acq_id": "MB",
    "dataset": "ds001371",
    "modality": "bold",
    "run_id": 4,
    "subject_id": "M80340633",
    "task_id": "ritl"
  },
  "dummy_trs": 0,
  "dvars_nstd": 30.91198216350502,
  "dvars_std": 1.1147594777715557,
  "dvars_vstd": 1.00962861231803,
  "efc": 0.45805122236915524,
  "fber": 7512.86181640625,
  "fd_mean": 0.08748779414137493,
  "fd_num": 74,
  "fd_perc": 8.277404921700224,
  "fwhm_avg": 1.8065748838064355,
  "fwhm_x": 1.7284409810352401,
  "fwhm_y": 1.881450337050733,
  "fwhm_z": 1.8098333333333334,
  "gcor": 0.026363,
  "gsr_x": 0.0008016445790417492,
  "gsr_y": 0.018464727327227592,
  "provenance": {
    "md5sum": "e50f9d9429ddc5410c9356080c36940d",
    "settings": {
      "fd_thres": 0.2,
      "testing": false
    },
    "software": "mriqc",
    "version": "22.0.6",
    "webapi_port": null,
    "webapi_url": "https://mriqc.nimh.nih.gov/api/v1"
  },
  "size_t": 894,
  "size_x": 82,
  "size_y": 82,
  "size_z": 56,
  "snr": 6.712362451091633,
  "spacing_tr": 0.46000000834465027,
  "spacing_x": 3.02439022064209,
  "spacing_y": 3.02439022064209,
  "spacing_z": 3.0,
  "summary_bg_k": 23.584349026678627,
  "summary_bg_mad": 4.312647689492222,
  "summary_bg_mean": 15.060006141662598,
  "summary_bg_median": 3.4692392349243164,
  "summary_bg_n": 271702.0,
  "summary_bg_p05": 0.12086129635572555,
  "summary_bg_p95": 72.07914237976064,
  "summary_bg_stdv": 28.587627410888672,
  "summary_fg_k": 2.124672410671617,
  "summary_fg_mad": 38.24666246451331,
  "summary_fg_mean": 295.0927429199219,
  "summary_fg_median": 294.81488037109375,
  "summary_fg_n": 49694.0,
  "summary_fg_p05": 226.1874153137207,
  "summary_fg_p95": 365.7420089721679,
  "summary_fg_stdv": 43.920738220214844,
  "tsnr": 38.30621094326489
}