{
  "bids_meta": {
    "AcquisitionMatrixPE": 320,
    "AcquisitionNumber": 1,
    "AcquisitionTime": "11:25:45.577500",
    "BaseResolution": 320,
    "ConversionSoftware": "dcm2niix",
    "ConversionSoftwareVersion": "v1.0.20171215 Clang9.0.0",
    "DeviceSerialNumber": "35451",
    "DwellTime": 6.5e-06,
    "EchoTime": 0.00201,
    "FlipAngle": 8,
    "ImageOrientationPatientDICOM": [
      -0.0069813,
      0.999976,
      5.26654e-08,
      0.017452,
      0.000121893,
      -0.999848
    ],
    "ImageType": [
      "ORIGINAL",
      "PRIMARY",
      "M",
      "ND",
      "NORM"
    ],
    "InPlanePhaseEncodingDirectionDICOM": "ROW",
    "InstitutionAddress": "Exposition_Drive_1777_Boulder-_c0d8dc-_Denver_US_80301",
    "InstitutionName": "Intermountain_Neuroimaging_Consortium",
    "InstitutionalDepartmentName": "Department",
    "InversionTime": 1,
    "MRAcquisitionType": "3D",
    "MagneticFieldStrength": 3,
    "Manufacturer": "Siemens",
    "ManufacturersModelName": "TrioTim",
    "Modality": "MR",
    "ParallelReductionFactorInPlane": 2,
    "PartialFourier": 1,
    "PatientPosition": "HFS",
    "PercentPhaseFOV": 100,
    "PhaseEncodingSteps": 319,
    "PhaseResolution": 1,
    "PixelBandwidth": 240,
    "ProcedureStepDescription": "VMITTAL_adaptcog_200068",
    "ProtocolName": "t1w_32ch_mpr_08mm",
    "PulseSequenceDetails": "%SiemensSeq%_tfl",
    "ReceiveCoilName": "32Ch_Head",
    "ReconMatrixPE": 320,
    "RepetitionTime": 2.4,
    "SAR": 0.0779069,
    "ScanOptions": "IR_WE",
    "ScanningSequence": "GR_IR",
    "SequenceName": "_tfl3d1_ns",
    "SequenceVariant": "SP_MP",
    "SeriesDescription": "t1w_32ch_mpr_08mm",
    "SeriesNumber": 2,
    "ShimSetting": [
      6798,
      12520,
      -6835,
      225,
      257,
      -96,
      384,
      32
    ],
    "SliceThickness": 0.8,
    "SoftwareVersions": "syngo_MR_B17",
    "StationName": "MRC35451",
    "TxRefAmp": 332.418,
    "dataset": "ds001371",
    "modality": "T1w",
    "subject_id": "M80306555"
  },
  "cjv": 0.3517681575260896,
  "cnr": 3.8156205532895013,
  "efc": 0.5359786371000285,
  "fber": 8733.878870572511,
  "fwhm_avg": 4.624121903176118,
  "fwhm_x": 4.585203347917855,
  "fwhm_y": 4.651424930688368,
  "fwhm_z": 4.63573743092213,
  "icvs_csf": 0.17629038103605077,
  "icvs_gm": 0.46200374399287725,
  "icvs_wm": 0.361705874971072,
  "inu_med": 0.4494686424732208,
  "inu_range": 0.16924700886011118,
  "provenance": {
    "md5sum": "371467a8d35fa2924431edb980348729",
    "settings": {
      "testing": false
    },
    "software": "mriqc",
    "version": "22.0.6",
    "warnings": {
      "large_rot_frame": true,
      "small_air_mask": false
    },
    "webapi_port": null,
    "webapi_url": "https://mriqc.nimh.nih.gov/api/v1"
  },
  "qi_1": 0.00010806445731510912,
  "qi_2": 0.02348103374427438,
  "rpve_csf": 31.613818642444635,
  "rpve_gm": 13.574346969687898,
  "rpve_wm": 19.089682392825477,
  "size_x": 224,
  "size_y": 320,
  "size_z": 320,
  "snr_csf": 2.4936760392903383,
  "snr_gm": 13.24503279679633,
  "snr_total": 12.69593193270724,
  "snr_wm": 22.349086962035045,
  "snrd_csf": 34.19923821631098,
  "snrd_gm": 87.62037765756763,
  "snrd_total": 80.74733694112005,
  "snrd_wm": 120.42239494948156,
  "spacing_x": 0.7999994158744812,
  "spacing_y": 0.800000011920929,
  "spacing_z": 0.800000011920929,
  "summary_bg_k": 11.185288122346464,
  "summary_bg_mad": 5.440460941580611,
  "summary_bg_mean": 6.232366305232752,
  "summary_bg_median": 3.6695351414382458,
  "summary_bg_n": 4942540.0,
  "summary_bg_p05": 0.0,
  "summary_bg_p95": 23.929503809660673,
  "summary_bg_stdv": 8.744982825073686,
  "summary_csf_k": 0.4160017197728121,
  "summary_csf_mad": 100.4952749983517,
  "summary_csf_mean": 289.0505944450751,
  "summary_csf_median": 284.00134650990367,
  "summary_csf_n": 70171.0,
  "summary_csf_p05": 96.38990195468068,
  "summary_csf_p95": 489.1722919708118,
  "summary_csf_stdv": 113.8878179805292,
  "summary_gm_k": 0.2595567682544031,
  "summary_gm_mad": 53.56172110091334,
  "summary_gm_mean": 727.6024769853095,
  "summary_gm_median": 727.627471672371,
  "summary_gm_n": 140937.0,
  "summary_gm_p05": 638.0029521122575,
  "summary_gm_p95": 817.867025995627,
  "summary_gm_stdv": 54.935680525543006,
  "summary_wm_k": 0.4163207965290474,
  "summary_wm_mad": 42.25935506030573,
  "summary_wm_mean": 1000.4534786844571,
  "summary_wm_median": 1000.025851432234,
  "summary_wm_n": 438678.0,
  "summary_wm_p05": 927.901396645233,
  "summary_wm_p95": 1075.6389487832785,
  "summary_wm_stdv": 44.745662912883404,
  "tpm_overlap_csf": 0.135858241264516,
  "tpm_overlap_gm": 0.45874243679327037,
  "tpm_overlap_wm": 0.5104056800710349,
  "wm2max": 0.8652973146971998
}