{
  "bids_meta": {
    "AcquisitionMatrixPE": 320,
    "AcquisitionNumber": 1,
    "AcquisitionTime": "12:45:37.942500",
    "BaseResolution": 320,
    "ConversionSoftware": "dcm2niix",
    "ConversionSoftwareVersion": "v1.0.20171215 Clang9.0.0",
    "DeviceSerialNumber": "35451",
    "DwellTime": 6.5e-06,
    "EchoTime": 0.00201,
    "FlipAngle": 8,
    "ImageOrientationPatientDICOM": [
      0.0871557,
      0.996195,
      2.10281e-08,
      0.0504004,
      -0.00440944,
      -0.998719
    ],
    "ImageType": [
      "ORIGINAL",
      "PRIMARY",
      "M",
      "ND",
      "NORM"
    ],
    "InPlanePhaseEncodingDirectionDICOM": "ROW",
    "InstitutionAddress": "Exposition_Drive_1777_Boulder-_6392da-_Denver_US_80301",
    "InstitutionName": "Intermountain_Neuroimaging_Consortium",
    "InstitutionalDepartmentName": "Department",
    "InversionTime": 1,
    "MRAcquisitionType": "3D",
    "MagneticFieldStrength": 3,
    "Manufacturer": "Siemens",
    "ManufacturersModelName": "TrioTim",
    "Modality": "MR",
    "ParallelReductionFactorInPlane": 2,
    "PartialFourier": 1,
    "PatientPosition": "HFS",
    "PercentPhaseFOV": 100,
    "PhaseEncodingSteps": 319,
    "PhaseResolution": 1,
    "PixelBandwidth": 240,
    "ProcedureStepDescription": "VMITTAL_adaptcog_200068",
    "ProtocolName": "t1w_32ch_mpr_08mm",
    "PulseSequenceDetails": "%SiemensSeq%_tfl",
    "ReceiveCoilName": "32Ch_Head",
    "ReconMatrixPE": 320,
    "RepetitionTime": 2.4,
    "SAR": 0.0898519,
    "ScanOptions": "IR_WE",
    "ScanningSequence": "GR_IR",
    "SequenceName": "_tfl3d1_ns",
    "SequenceVariant": "SP_MP",
    "SeriesDescription": "t1w_32ch_mpr_08mm",
    "SeriesNumber": 2,
    "ShimSetting": [
      6797,
      12541,
      -6817,
      185,
      299,
      -696,
      461,
      40
    ],
    "SliceThickness": 0.8,
    "SoftwareVersions": "syngo_MR_B17",
    "StationName": "MRC35451",
    "TxRefAmp": 333.888,
    "dataset": "ds001371",
    "modality": "T1w",
    "subject_id": "M80325206"
  },
  "cjv": 0.36624185125297837,
  "cnr": 3.6567792324701243,
  "efc": 0.534810354494984,
  "fber": 22849.216953372565,
  "fwhm_avg": 4.480663005924028,
  "fwhm_x": 4.460814151602019,
  "fwhm_y": 4.510062432794832,
  "fwhm_z": 4.471112433375233,
  "icvs_csf": 0.20252091895962768,
  "icvs_gm": 0.4386423721585665,
  "icvs_wm": 0.35883670888180585,
  "inu_med": 0.47507210075855255,
  "inu_range": 0.1878690540790557,
  "provenance": {
    "md5sum": "7319be0acbf54b73bb046dee998c0289",
    "settings": {
      "testing": false
    },
    "software": "mriqc",
    "version": "22.0.6",
    "warnings": {
      "large_rot_frame": true,
      "small_air_mask": false
    },
    "webapi_port": null,
    "webapi_url": "https://mriqc.nimh.nih.gov/api/v1"
  },
  "qi_1": 0.0,
  "qi_2": 0.01891874646807413,
  "rpve_csf": 24.847912879329016,
  "rpve_gm": 12.190245870772792,
  "rpve_wm": 16.750810584628418,
  "size_x": 224,
  "size_y": 320,
  "size_z": 320,
  "snr_csf": 2.727092565297648,
  "snr_gm": 12.751572273064426,
  "snr_total": 12.640722256057941,
  "snr_wm": 22.443501929811752,
  "snrd_csf": 37.1696061948603,
  "snrd_gm": 96.30926135710851,
  "snrd_total": 88.30089249532197,
  "snrd_wm": 131.42380993399712,
  "spacing_x": 0.7999929785728455,
  "spacing_y": 0.800000011920929,
  "spacing_z": 0.800000011920929,
  "summary_bg_k": 6.646399384080961,
  "summary_bg_mad": 4.985143773254204,
  "summary_bg_mean": 5.130786192575781,
  "summary_bg_median": 3.36242837831378,
  "summary_bg_n": 6314591.0,
  "summary_bg_p05": 0.0,
  "summary_bg_p95": 19.66790297999978,
  "summary_bg_stdv": 7.1242321842767,
  "summary_csf_k": 0.9684034027639488,
  "summary_csf_mad": 84.57672004349769,
  "summary_csf_mean": 297.5400831363833,
  "summary_csf_median": 282.83549941144884,
  "summary_csf_n": 103611.0,
  "summary_csf_p05": 149.466850515455,
  "summary_csf_p95": 495.4630336770788,
  "summary_csf_stdv": 103.71270052067796,
  "summary_gm_k": 0.19721999683048752,
  "summary_gm_mad": 56.03165021856265,
  "summary_gm_mean": 732.6186592870065,
  "summary_gm_median": 732.8481741528958,
  "summary_gm_n": 104045.0,
  "summary_gm_p05": 637.6684207152575,
  "summary_gm_p95": 827.0422294083983,
  "summary_gm_stdv": 57.47092489196533,
  "summary_wm_k": 0.5991438549806052,
  "summary_wm_mad": 41.82740494682465,
  "summary_wm_mean": 999.4331962782879,
  "summary_wm_median": 1000.0460785720497,
  "summary_wm_n": 468031.0,
  "summary_wm_p05": 925.6350779533386,
  "summary_wm_p95": 1071.232832800597,
  "summary_wm_stdv": 44.55833199936532,
  "tpm_overlap_csf": 0.14828013351250657,
  "tpm_overlap_gm": 0.44451647765976976,
  "tpm_overlap_wm": 0.49418676432648556,
  "wm2max": 0.8855691968837949
}