{
  "aor": 0.0007104820627802691,
  "aqi": 0.01170019158071749,
  "bids_meta": {
    "AcquisitionMatrixPE": 82,
    "AcquisitionNumber": 1,
    "AcquisitionTime": "13:25:57.300000",
    "BandwidthPerPixelPhaseEncode": 23.912,
    "BaseResolution": 82,
    "ConversionSoftware": "dcm2niix",
    "ConversionSoftwareVersion": "v1.0.20171215 Clang9.0.0",
    "DerivedVendorReportedEchoSpacing": 0.00051,
    "DeviceSerialNumber": "35451",
    "DwellTime": 2.2e-06,
    "EchoTime": 0.029,
    "EffectiveEchoSpacing": 0.00051,
    "FlipAngle": 44,
    "ImageComments": "Unaliased_MB8_PE3_(remote)",
    "ImageOrientationPatientDICOM": [
      0.999516,
      -0.0119382,
      -0.0287422,
      2.12704e-08,
      0.923507,
      -0.383581
    ],
    "ImageType": [
      "ORIGINAL",
      "PRIMARY",
      "M",
      "MB",
      "ND",
      "NORM",
      "MOSAIC"
    ],
    "InPlanePhaseEncodingDirectionDICOM": "COL",
    "InstitutionAddress": "Exposition_Drive_1777_Boulder-_c0d8dc-_Denver_US_80301",
    "InstitutionName": "Intermountain_Neuroimaging_Consortium",
    "InstitutionalDepartmentName": "Department",
    "MRAcquisitionType": "2D",
    "MagneticFieldStrength": 3,
    "Manufacturer": "Siemens",
    "ManufacturersModelName": "TrioTim",
    "Modality": "MR",
    "MultibandAccelerationFactor": 8,
    "PartialFourier": 1,
    "PatientPosition": "HFS",
    "PercentPhaseFOV": 100,
    "PhaseEncodingDirection": "j",
    "PhaseEncodingSteps": 82,
    "PhaseResolution": 1,
    "PixelBandwidth": 2772,
    "ProcedureStepDescription": "VMITTAL_adaptcog_200068",
    "ProtocolName": "ritl_pa_32ch_mb8_v01_r06",
    "PulseSequenceDetails": "%CustomerSeq%_cmrr_mbep2d_bold",
    "ReceiveCoilName": "32Ch_Head",
    "ReconMatrixPE": 82,
    "RepetitionTime": 0.46,
    "SAR": 0.149612,
    "ScanOptions": "FS",
    "ScanningSequence": "EP",
    "SequenceName": "epfid2d1_82",
    "SequenceVariant": "SK_SS",
    "SeriesDescription": "ritl_pa_32ch_mb8_v01_r06",
    "SeriesNumber": 16,
    "ShimSetting": [
      6735,
      12649,
      -6785,
      765,
      163,
      196,
      -75,
      2
    ],
    "SliceThickness": 3,
    "SliceTiming": [
      0,
      0.2625,
      0.065,
      0.33,
      0.13,
      0.395,
      0.1975,
      0,
      0.2625,
      0.065,
      0.33,
      0.13,
      0.395,
      0.1975,
      0,
      0.2625,
      0.065,
      0.33,
      0.13,
      0.395,
      0.1975,
      0,
      0.2625,
      0.065,
      0.33,
      0.13,
      0.395,
      0.1975,
      0,
      0.2625,
      0.065,
      0.33,
      0.13,
      0.395,
      0.1975,
      0,
      0.2625,
      0.065,
      0.33,
      0.13,
      0.395,
      0.1975,
      0,
      0.2625,
      0.065,
      0.33,
      0.13,
      0.395,
      0.1975,
      0,
      0.2625,
      0.065,
      0.33,
      0.13,
      0.395,
      0.1975
    ],
    "SoftwareVersions": "syngo_MR_B17",
    "SpacingBetweenSlices": 3,
    "StationName": "MRC35451",
    "TaskName": "ritl",
    "TotalReadoutTime": 0.04131,
    "TxRefAmp": 330.178,
    "acq_id": "MB",
    "dataset": "ds001371",
    "modality": "bold",
    "run_id": 6,
    "subject_id": "M80322566",
    "task_id": "ritl"
  },
  "dummy_trs": 2,
  "dvars_nstd": 29.733953082098758,
  "dvars_std": 1.1664870685185187,
  "dvars_vstd": 1.012548970583614,
  "efc": 0.38225900969353144,
  "fber": 41954.51171875,
  "fd_mean": 0.052094318434919504,
  "fd_num": 1,
  "fd_perc": 0.11210762331838565,
  "fwhm_avg": 1.7604956542247774,
  "fwhm_x": 1.6605066256740526,
  "fwhm_y": 1.8748903370002803,
  "fwhm_z": 1.74609,
  "gcor": 0.0221031,
  "gsr_x": -0.025471271947026253,
  "gsr_y": 0.012638343498110771,
  "provenance": {
    "md5sum": "b375c7f0f330af17fd62c097dda20410",
    "settings": {
      "fd_thres": 0.2,
      "testing": false
    },
    "software": "mriqc",
    "version": "22.0.6",
    "webapi_port": null,
    "webapi_url": "https://mriqc.nimh.nih.gov/api/v1"
  },
  "size_t": 892,
  "size_x": 82,
  "size_y": 82,
  "size_z": 56,
  "snr": 7.282077077148934,
  "spacing_tr": 0.46000000834465027,
  "spacing_x": 3.02439022064209,
  "spacing_y": 3.02439022064209,
  "spacing_z": 3.0,
  "summary_bg_k": 25.630498524388237,
  "summary_bg_mad": 1.7485399158266324,
  "summary_bg_mean": 7.75486946105957,
  "summary_bg_median": 1.3105381727218628,
  "summary_bg_n": 287258.0,
  "summary_bg_p05": 0.01233183965086937,
  "summary_bg_p95": 41.177298736571444,
  "summary_bg_stdv": 18.85158920288086,
  "summary_fg_k": 2.592868845717553,
  "summary_fg_mad": 32.426086869464974,
  "summary_fg_mean": 263.1957702636719,
  "summary_fg_median": 261.17376708984375,
  "summary_fg_n": 38165.0,
  "summary_fg_p05": 212.07916259765625,
  "summary_fg_p95": 323.55225830078126,
  "summary_fg_stdv": 35.86481475830078,
  "tsnr": 53.27510193339549
}