{
  "bids_meta": {
    "AcquisitionMatrixPE": 320,
    "AcquisitionNumber": 1,
    "AcquisitionTime": "09:43:55.722500",
    "BaseResolution": 320,
    "ConversionSoftware": "dcm2niix",
    "ConversionSoftwareVersion": "v1.0.20171215 Clang9.0.0",
    "DeviceSerialNumber": "35451",
    "DwellTime": 6.5e-06,
    "EchoTime": 0.00201,
    "FlipAngle": 8,
    "ImageOrientationPatientDICOM": [
      0,
      1,
      0,
      0,
      0,
      -1
    ],
    "ImageType": [
      "ORIGINAL",
      "PRIMARY",
      "M",
      "ND",
      "NORM"
    ],
    "InPlanePhaseEncodingDirectionDICOM": "ROW",
    "InstitutionAddress": "Exposition_Drive_1777_Boulder-_6392da-_Denver_US_80301",
    "InstitutionName": "Intermountain_Neuroimaging_Consortium",
    "InstitutionalDepartmentName": "Department",
    "InversionTime": 1,
    "MRAcquisitionType": "3D",
    "MagneticFieldStrength": 3,
    "Manufacturer": "Siemens",
    "ManufacturersModelName": "TrioTim",
    "Modality": "MR",
    "ParallelReductionFactorInPlane": 2,
    "PartialFourier": 1,
    "PatientPosition": "HFS",
    "PercentPhaseFOV": 100,
    "PhaseEncodingSteps": 319,
    "PhaseResolution": 1,
    "PixelBandwidth": 240,
    "ProcedureStepDescription": "VMITTAL_adaptcog_200068",
    "ProtocolName": "t1w_32ch_mpr_08mm",
    "PulseSequenceDetails": "%SiemensSeq%_tfl",
    "ReceiveCoilName": "32Ch_Head",
    "ReconMatrixPE": 320,
    "RepetitionTime": 2.4,
    "SAR": 0.076405,
    "ScanOptions": "IR_WE",
    "ScanningSequence": "GR_IR",
    "SequenceName": "_tfl3d1_ns",
    "SequenceVariant": "SP_MP",
    "SeriesDescription": "t1w_32ch_mpr_08mm",
    "SeriesNumber": 2,
    "ShimSetting": [
      6743,
      12633,
      -6749,
      34,
      195,
      -620,
      468,
      136
    ],
    "SliceThickness": 0.8,
    "SoftwareVersions": "syngo_MR_B17",
    "StationName": "MRC35451",
    "TxRefAmp": 340.294,
    "dataset": "ds001371",
    "modality": "T1w",
    "subject_id": "M80397425"
  },
  "cjv": 0.36427842614758843,
  "cnr": 3.653727237048156,
  "efc": 0.565084737083348,
  "fber": 20486.45168717963,
  "fwhm_avg": 4.8298631779607355,
  "fwhm_x": 4.74987717901523,
  "fwhm_y": 4.95818742611725,
  "fwhm_z": 4.781524928749726,
  "icvs_csf": 0.19327077336193613,
  "icvs_gm": 0.4270775955553468,
  "icvs_wm": 0.3796516310827171,
  "inu_med": 0.46698273718357086,
  "inu_range": 0.20501739382743833,
  "provenance": {
    "md5sum": "9cd5c2bcca2e863851d89665692775a7",
    "settings": {
      "testing": false
    },
    "software": "mriqc",
    "version": "22.0.6",
    "warnings": {
      "large_rot_frame": true,
      "small_air_mask": false
    },
    "webapi_port": null,
    "webapi_url": "https://mriqc.nimh.nih.gov/api/v1"
  },
  "qi_1": 0.0002704335691792615,
  "qi_2": 0.014435808872068467,
  "rpve_csf": 24.333910302807407,
  "rpve_gm": 11.861641349132048,
  "rpve_wm": 15.511716376221166,
  "size_x": 224,
  "size_y": 320,
  "size_z": 320,
  "snr_csf": 2.5847287753389323,
  "snr_gm": 11.932868437730543,
  "snr_total": 12.19577416890681,
  "snr_wm": 22.069725293650958,
  "snrd_csf": 26.28379691993933,
  "snrd_gm": 64.41759756395076,
  "snrd_total": 59.95721815532522,
  "snrd_wm": 89.17025998208558,
  "spacing_x": 0.7999954223632812,
  "spacing_y": 0.800000011920929,
  "spacing_z": 0.800000011920929,
  "summary_bg_k": 20.42204596408543,
  "summary_bg_mad": 0.0,
  "summary_bg_mean": 4.496954090932885,
  "summary_bg_median": 0.0,
  "summary_bg_n": 5666523.0,
  "summary_bg_p05": 0.0,
  "summary_bg_p95": 19.317714639008045,
  "summary_bg_stdv": 7.3471957543241935,
  "summary_csf_k": 0.28562392629592903,
  "summary_csf_mad": 107.85885371711724,
  "summary_csf_mean": 296.28369458033654,
  "summary_csf_median": 294.7664045803249,
  "summary_csf_n": 92459.0,
  "summary_csf_p05": 103.41599243506789,
  "summary_csf_p95": 485.7080849383024,
  "summary_csf_stdv": 114.04090570350041,
  "summary_gm_k": 0.3006294806118879,
  "summary_gm_mad": 58.12732323675151,
  "summary_gm_mean": 721.8873545820053,
  "summary_gm_median": 722.4277254715562,
  "summary_gm_n": 114598.0,
  "summary_gm_p05": 621.1090522913262,
  "summary_gm_p95": 820.9377947503699,
  "summary_gm_stdv": 60.54073060690164,
  "summary_wm_k": 0.5175227750315212,
  "summary_wm_mad": 42.994583873427146,
  "summary_wm_mean": 1000.5151688876603,
  "summary_wm_median": 1000.0228281505406,
  "summary_wm_n": 559027.0,
  "summary_wm_p05": 927.158965960145,
  "summary_wm_p95": 1075.7181284204125,
  "summary_wm_stdv": 45.31193390097283,
  "tpm_overlap_csf": 0.14762975580457433,
  "tpm_overlap_gm": 0.45859257128361713,
  "tpm_overlap_wm": 0.5125621454414413,
  "wm2max": 0.8842472944596995
}