{
  "aor": 0.0005824887892376681,
  "aqi": 0.011673820997757847,
  "bids_meta": {
    "AcquisitionMatrixPE": 82,
    "AcquisitionNumber": 1,
    "AcquisitionTime": "10:22:2.700000",
    "BandwidthPerPixelPhaseEncode": 23.912,
    "BaseResolution": 82,
    "ConversionSoftware": "dcm2niix",
    "ConversionSoftwareVersion": "v1.0.20171215 Clang9.0.0",
    "DerivedVendorReportedEchoSpacing": 0.00051,
    "DeviceSerialNumber": "35451",
    "DwellTime": 2.2e-06,
    "EchoTime": 0.029,
    "EffectiveEchoSpacing": 0.00051,
    "FlipAngle": 44,
    "ImageComments": "Unaliased_MB8_PE3_(remote)",
    "ImageOrientationPatientDICOM": [
      0.999266,
      -0.0114121,
      -0.0365737,
      2.9851e-08,
      0.954607,
      -0.297867
    ],
    "ImageType": [
      "ORIGINAL",
      "PRIMARY",
      "M",
      "MB",
      "ND",
      "NORM",
      "MOSAIC"
    ],
    "InPlanePhaseEncodingDirectionDICOM": "COL",
    "InstitutionAddress": "Exposition_Drive_1777_Boulder-_6392da-_Denver_US_80301",
    "InstitutionName": "Intermountain_Neuroimaging_Consortium",
    "InstitutionalDepartmentName": "Department",
    "MRAcquisitionType": "2D",
    "MagneticFieldStrength": 3,
    "Manufacturer": "Siemens",
    "ManufacturersModelName": "TrioTim",
    "Modality": "MR",
    "MultibandAccelerationFactor": 8,
    "PartialFourier": 1,
    "PatientPosition": "HFS",
    "PercentPhaseFOV": 100,
    "PhaseEncodingDirection": "j",
    "PhaseEncodingSteps": 82,
    "PhaseResolution": 1,
    "PixelBandwidth": 2772,
    "ProcedureStepDescription": "VMITTAL_adaptcog_200068",
    "ProtocolName": "ritl_pa_32ch_mb8_v01_r03",
    "PulseSequenceDetails": "%CustomerSeq%_cmrr_mbep2d_bold",
    "ReceiveCoilName": "32Ch_Head",
    "ReconMatrixPE": 82,
    "RepetitionTime": 0.46,
    "SAR": 0.154463,
    "ScanOptions": "FS",
    "ScanningSequence": "EP",
    "SequenceName": "epfid2d1_82",
    "SequenceVariant": "SK_SS",
    "SeriesDescription": "ritl_pa_32ch_mb8_v01_r03",
    "SeriesNumber": 10,
    "ShimSetting": [
      6702,
      12670,
      -6720,
      779,
      105,
      1,
      -28,
      44
    ],
    "SliceThickness": 3,
    "SliceTiming": [
      0,
      0.2625,
      0.065,
      0.33,
      0.13,
      0.395,
      0.1975,
      0,
      0.2625,
      0.065,
      0.33,
      0.13,
      0.395,
      0.1975,
      0,
      0.2625,
      0.065,
      0.33,
      0.13,
      0.395,
      0.1975,
      0,
      0.2625,
      0.065,
      0.33,
      0.13,
      0.395,
      0.1975,
      0,
      0.2625,
      0.065,
      0.33,
      0.13,
      0.395,
      0.1975,
      0,
      0.2625,
      0.065,
      0.33,
      0.13,
      0.395,
      0.1975,
      0,
      0.2625,
      0.065,
      0.33,
      0.13,
      0.395,
      0.1975,
      0,
      0.2625,
      0.065,
      0.33,
      0.13,
      0.395,
      0.1975
    ],
    "SoftwareVersions": "syngo_MR_B17",
    "SpacingBetweenSlices": 3,
    "StationName": "MRC35451",
    "TaskName": "ritl",
    "TotalReadoutTime": 0.04131,
    "TxRefAmp": 334.461,
    "acq_id": "MB",
    "dataset": "ds001371",
    "modality": "bold",
    "run_id": 3,
    "subject_id": "M80353518",
    "task_id": "ritl"
  },
  "dummy_trs": 2,
  "dvars_nstd": 27.05651586175085,
  "dvars_std": 1.1530512898092027,
  "dvars_vstd": 0.9829776479012342,
  "efc": 0.36956837914292007,
  "fber": 59500.5,
  "fd_mean": 0.0759490314892306,
  "fd_num": 14,
  "fd_perc": 1.5695067264573992,
  "fwhm_avg": 1.8545088356983443,
  "fwhm_x": 1.7209551745260545,
  "fwhm_y": 1.9977679992356452,
  "fwhm_z": 1.8448033333333334,
  "gcor": 0.0251742,
  "gsr_x": -0.02282590977847576,
  "gsr_y": 0.01442670077085495,
  "provenance": {
    "md5sum": "c9f269eb7f8691fd4e3890f83f33fd9e",
    "settings": {
      "fd_thres": 0.2,
      "testing": false
    },
    "software": "mriqc",
    "version": "22.0.6",
    "webapi_port": null,
    "webapi_url": "https://mriqc.nimh.nih.gov/api/v1"
  },
  "size_t": 892,
  "size_x": 82,
  "size_y": 82,
  "size_z": 56,
  "snr": 6.748553331690395,
  "spacing_tr": 0.46000000834465027,
  "spacing_x": 3.02439022064209,
  "spacing_y": 3.02439022064209,
  "spacing_z": 3.0,
  "summary_bg_k": 35.4712035860915,
  "summary_bg_mad": 1.7036629675132617,
  "summary_bg_mean": 7.666601181030273,
  "summary_bg_median": 1.313901424407959,
  "summary_bg_n": 288094.0,
  "summary_bg_p05": 0.0033632288686931133,
  "summary_bg_p95": 40.12522678375239,
  "summary_bg_stdv": 19.507404327392578,
  "summary_fg_k": 1.2964457627304622,
  "summary_fg_mad": 44.57443931900524,
  "summary_fg_mean": 314.38238525390625,
  "summary_fg_median": 313.3822937011719,
  "summary_fg_n": 37769.0,
  "summary_fg_p05": 244.77960815429688,
  "summary_fg_p95": 390.94688720703124,
  "summary_fg_stdv": 46.436344146728516,
  "tsnr": 50.67400519293733
}