{
  "bids_meta": {
    "AcquisitionMatrixPE": 320,
    "AcquisitionNumber": 1,
    "AcquisitionTime": "09:55:30.702500",
    "BaseResolution": 320,
    "ConversionSoftware": "dcm2niix",
    "ConversionSoftwareVersion": "v1.0.20171215 Clang9.0.0",
    "DeviceSerialNumber": "35451",
    "DwellTime": 6.5e-06,
    "EchoTime": 0.00201,
    "FlipAngle": 8,
    "ImageOrientationPatientDICOM": [
      -0.0174524,
      0.999848,
      1.64724e-09,
      -0.00174505,
      -3.04585e-05,
      -0.999998
    ],
    "ImageType": [
      "ORIGINAL",
      "PRIMARY",
      "M",
      "ND",
      "NORM"
    ],
    "InPlanePhaseEncodingDirectionDICOM": "ROW",
    "InstitutionAddress": "Exposition_Drive_1777_Boulder-_6392da-_Denver_US_80301",
    "InstitutionName": "Intermountain_Neuroimaging_Consortium",
    "InstitutionalDepartmentName": "Department",
    "InversionTime": 1,
    "MRAcquisitionType": "3D",
    "MagneticFieldStrength": 3,
    "Manufacturer": "Siemens",
    "ManufacturersModelName": "TrioTim",
    "Modality": "MR",
    "ParallelReductionFactorInPlane": 2,
    "PartialFourier": 1,
    "PatientPosition": "HFS",
    "PercentPhaseFOV": 100,
    "PhaseEncodingSteps": 319,
    "PhaseResolution": 1,
    "PixelBandwidth": 240,
    "ProcedureStepDescription": "VMITTAL_adaptcog_200068",
    "ProtocolName": "t1w_32ch_mpr_08mm",
    "PulseSequenceDetails": "%SiemensSeq%_tfl",
    "ReceiveCoilName": "32Ch_Head",
    "ReconMatrixPE": 320,
    "RepetitionTime": 2.4,
    "SAR": 0.0867767,
    "ScanOptions": "IR_WE",
    "ScanningSequence": "GR_IR",
    "SequenceName": "_tfl3d1_ns",
    "SequenceVariant": "SP_MP",
    "SeriesDescription": "t1w_32ch_mpr_08mm",
    "SeriesNumber": 2,
    "ShimSetting": [
      6759,
      12601,
      -6781,
      360,
      158,
      -702,
      448,
      127
    ],
    "SliceThickness": 0.8,
    "SoftwareVersions": "syngo_MR_B17",
    "StationName": "MRC35451",
    "TxRefAmp": 348.397,
    "dataset": "ds001371",
    "modality": "T1w",
    "subject_id": "M80398281"
  },
  "cjv": 0.3512349290883498,
  "cnr": 3.810602310199493,
  "efc": 0.5198320739992919,
  "fber": 24789.497510185603,
  "fwhm_avg": 4.627862921865702,
  "fwhm_x": 4.643838903280109,
  "fwhm_y": 4.648274930735306,
  "fwhm_z": 4.591474931581692,
  "icvs_csf": 0.17699231895819964,
  "icvs_gm": 0.47274442868790656,
  "icvs_wm": 0.35026325235389383,
  "inu_med": 0.48518675565719604,
  "inu_range": 0.22993089556694035,
  "provenance": {
    "md5sum": "22dda2e4013260269c269a77a679cd4e",
    "settings": {
      "testing": false
    },
    "software": "mriqc",
    "version": "22.0.6",
    "warnings": {
      "large_rot_frame": true,
      "small_air_mask": false
    },
    "webapi_port": null,
    "webapi_url": "https://mriqc.nimh.nih.gov/api/v1"
  },
  "qi_1": 0.0,
  "qi_2": 0.02389716086790113,
  "rpve_csf": 28.421562110666446,
  "rpve_gm": 12.17235227700414,
  "rpve_wm": 18.047578617896352,
  "size_x": 224,
  "size_y": 320,
  "size_z": 320,
  "snr_csf": 2.3301322976539445,
  "snr_gm": 14.152460362914896,
  "snr_total": 12.92829609663074,
  "snr_wm": 22.302295629323385,
  "snrd_csf": 42.78839400951584,
  "snrd_gm": 117.37113829345218,
  "snrd_total": 106.45722263702633,
  "snrd_wm": 159.21213560811094,
  "spacing_x": 0.8000040650367737,
  "spacing_y": 0.800000011920929,
  "spacing_z": 0.800000011920929,
  "summary_bg_k": 13.33664086168434,
  "summary_bg_mad": 4.114955991939093,
  "summary_bg_mean": 3.878823024589865,
  "summary_bg_median": 2.7754956390708685,
  "summary_bg_n": 7276798.0,
  "summary_bg_p05": 0.0,
  "summary_bg_p95": 14.454781288281083,
  "summary_bg_stdv": 5.6949387998371215,
  "summary_csf_k": 0.6784776435425366,
  "summary_csf_mad": 93.12968400956555,
  "summary_csf_mean": 282.12005579523935,
  "summary_csf_median": 268.75679372251034,
  "summary_csf_n": 60900.0,
  "summary_csf_p05": 98.78544078581035,
  "summary_csf_p95": 505.00809271847817,
  "summary_csf_stdv": 115.33876743488898,
  "summary_gm_k": 0.3310897681218954,
  "summary_gm_mad": 49.939105918172835,
  "summary_gm_mean": 735.4443461803429,
  "summary_gm_median": 737.2160496674478,
  "summary_gm_n": 155466.0,
  "summary_gm_p05": 646.6016680430621,
  "summary_gm_p95": 818.1661554765888,
  "summary_gm_stdv": 52.09084920720931,
  "summary_wm_k": 0.47713572887399147,
  "summary_wm_mad": 42.367586893004905,
  "summary_wm_mean": 999.1092616156706,
  "summary_wm_median": 1000.0221807397902,
  "summary_wm_n": 448699.0,
  "summary_wm_p05": 924.817350903526,
  "summary_wm_p95": 1072.0296395998448,
  "summary_wm_stdv": 44.83937810719536,
  "tpm_overlap_csf": 0.1355030210578593,
  "tpm_overlap_gm": 0.45147381312179846,
  "tpm_overlap_wm": 0.4921903299311201,
  "wm2max": 0.8816459165296374
}