{
  "aor": 0.001062716049382716,
  "aqi": 0.009074123108866444,
  "bids_meta": {
    "AcquisitionMatrixPE": 82,
    "AcquisitionNumber": 1,
    "AcquisitionTime": "16:29:21.530000",
    "BandwidthPerPixelPhaseEncode": 23.912,
    "BaseResolution": 82,
    "ConversionSoftware": "dcm2niix",
    "ConversionSoftwareVersion": "v1.0.20171215 Clang9.0.0",
    "DerivedVendorReportedEchoSpacing": 0.00051,
    "DeviceSerialNumber": "35451",
    "DwellTime": 2.2e-06,
    "EchoTime": 0.029,
    "EffectiveEchoSpacing": 0.00051,
    "FlipAngle": 44,
    "ImageComments": "Unaliased_MB8_PE3_(remote)",
    "ImageOrientationPatientDICOM": [
      1,
      -2e-16,
      0,
      2e-16,
      0.92321,
      -0.384295
    ],
    "ImageType": [
      "ORIGINAL",
      "PRIMARY",
      "M",
      "MB",
      "ND",
      "NORM",
      "MOSAIC"
    ],
    "InPlanePhaseEncodingDirectionDICOM": "COL",
    "InstitutionAddress": "Exposition_Drive_1777_Boulder-_6392da-_Denver_US_80301",
    "InstitutionName": "Intermountain_Neuroimaging_Consortium",
    "InstitutionalDepartmentName": "Department",
    "MRAcquisitionType": "2D",
    "MagneticFieldStrength": 3,
    "Manufacturer": "Siemens",
    "ManufacturersModelName": "TrioTim",
    "Modality": "MR",
    "MultibandAccelerationFactor": 8,
    "PartialFourier": 1,
    "PatientPosition": "HFS",
    "PercentPhaseFOV": 100,
    "PhaseEncodingDirection": "j",
    "PhaseEncodingSteps": 82,
    "PhaseResolution": 1,
    "PixelBandwidth": 2772,
    "ProcedureStepDescription": "VMITTAL_adaptcog_200068",
    "ProtocolName": "ritl_pa_32ch_mb8_v01_r06",
    "PulseSequenceDetails": "%CustomerSeq%_cmrr_mbep2d_bold",
    "ReceiveCoilName": "32Ch_Head",
    "ReconMatrixPE": 82,
    "RepetitionTime": 0.46,
    "SAR": 0.207878,
    "ScanOptions": "FS",
    "ScanningSequence": "EP",
    "SequenceName": "epfid2d1_82",
    "SequenceVariant": "SK_SS",
    "SeriesDescription": "ritl_pa_32ch_mb8_v01_r06",
    "SeriesNumber": 20,
    "ShimSetting": [
      6812,
      12715,
      -6704,
      505,
      175,
      -2,
      -260,
      -33
    ],
    "SliceThickness": 3,
    "SliceTiming": [
      0,
      0.265,
      0.0675,
      0.33,
      0.1325,
      0.3975,
      0.2,
      0,
      0.265,
      0.0675,
      0.33,
      0.1325,
      0.3975,
      0.2,
      0,
      0.265,
      0.0675,
      0.33,
      0.1325,
      0.3975,
      0.2,
      0,
      0.265,
      0.0675,
      0.33,
      0.1325,
      0.3975,
      0.2,
      0,
      0.265,
      0.0675,
      0.33,
      0.1325,
      0.3975,
      0.2,
      0,
      0.265,
      0.0675,
      0.33,
      0.1325,
      0.3975,
      0.2,
      0,
      0.265,
      0.0675,
      0.33,
      0.1325,
      0.3975,
      0.2,
      0,
      0.265,
      0.0675,
      0.33,
      0.1325,
      0.3975,
      0.2
    ],
    "SoftwareVersions": "syngo_MR_B17",
    "SpacingBetweenSlices": 3,
    "StationName": "MRC35451",
    "TaskName": "ritl",
    "TotalReadoutTime": 0.04131,
    "TxRefAmp": 337.763,
    "acq_id": "MB",
    "dataset": "ds001371",
    "modality": "bold",
    "run_id": 6,
    "subject_id": "M80354361",
    "task_id": "ritl"
  },
  "dummy_trs": 3,
  "dvars_nstd": 34.788030830224706,
  "dvars_std": 1.2515889958426962,
  "dvars_vstd": 1.0225172313483148,
  "efc": 0.414595636258132,
  "fber": 22659.77734375,
  "fd_mean": 0.0761203806954183,
  "fd_num": 14,
  "fd_perc": 1.5712682379349046,
  "fwhm_avg": 1.7752951793137814,
  "fwhm_x": 1.6344550932156277,
  "fwhm_y": 1.9007071113923835,
  "fwhm_z": 1.7907233333333332,
  "gcor": 0.0275537,
  "gsr_x": -0.011201788671314716,
  "gsr_y": 0.008996423333883286,
  "provenance": {
    "md5sum": "4066d2dc7eb1eae20fa036c393507627",
    "settings": {
      "fd_thres": 0.2,
      "testing": false
    },
    "software": "mriqc",
    "version": "22.0.6",
    "webapi_port": null,
    "webapi_url": "https://mriqc.nimh.nih.gov/api/v1"
  },
  "size_t": 891,
  "size_x": 82,
  "size_y": 82,
  "size_z": 56,
  "snr": 6.220263991681169,
  "spacing_tr": 0.46000000834465027,
  "spacing_x": 3.02439022064209,
  "spacing_y": 3.02439022064209,
  "spacing_z": 3.0,
  "summary_bg_k": 17.650776247154415,
  "summary_bg_mad": 2.2646708732354806,
  "summary_bg_mean": 11.262460708618164,
  "summary_bg_median": 1.6666667461395264,
  "summary_bg_n": 284906.0,
  "summary_bg_p05": 0.007856341078877449,
  "summary_bg_p95": 64.68575286865234,
  "summary_bg_stdv": 26.14129066467285,
  "summary_fg_k": 1.739264770317094,
  "summary_fg_mad": 36.36286902678502,
  "summary_fg_mean": 245.9652862548828,
  "summary_fg_median": 243.90516662597656,
  "summary_fg_n": 40050.0,
  "summary_fg_p05": 188.12857208251953,
  "summary_fg_p95": 310.87340850830077,
  "summary_fg_stdv": 39.21089553833008,
  "tsnr": 51.78778688656166
}