{
  "bids_meta": {
    "AcquisitionMatrixPE": 320,
    "AcquisitionNumber": 1,
    "AcquisitionTime": "12:03:16.027500",
    "BaseResolution": 320,
    "ConversionSoftware": "dcm2niix",
    "ConversionSoftwareVersion": "v1.0.20171215 Clang9.0.0",
    "DeviceSerialNumber": "35451",
    "DwellTime": 6.5e-06,
    "EchoTime": 0.00201,
    "FlipAngle": 8,
    "ImageOrientationPatientDICOM": [
      0.0104718,
      0.999945,
      -1.26818e-08,
      0.0645288,
      -0.000675781,
      -0.997916
    ],
    "ImageType": [
      "ORIGINAL",
      "PRIMARY",
      "M",
      "ND",
      "NORM"
    ],
    "InPlanePhaseEncodingDirectionDICOM": "ROW",
    "InstitutionAddress": "Exposition_Drive_1777_Boulder-_c0d8dc-_Denver_US_80301",
    "InstitutionName": "Intermountain_Neuroimaging_Consortium",
    "InstitutionalDepartmentName": "Department",
    "InversionTime": 1,
    "MRAcquisitionType": "3D",
    "MagneticFieldStrength": 3,
    "Manufacturer": "Siemens",
    "ManufacturersModelName": "TrioTim",
    "Modality": "MR",
    "ParallelReductionFactorInPlane": 2,
    "PartialFourier": 1,
    "PatientPosition": "HFS",
    "PercentPhaseFOV": 100,
    "PhaseEncodingSteps": 319,
    "PhaseResolution": 1,
    "PixelBandwidth": 240,
    "ProcedureStepDescription": "VMITTAL_adaptcog_200068",
    "ProtocolName": "t1w_32ch_mpr_08mm",
    "PulseSequenceDetails": "%SiemensSeq%_tfl",
    "ReceiveCoilName": "32Ch_Head",
    "ReconMatrixPE": 320,
    "RepetitionTime": 2.4,
    "SAR": 0.0651628,
    "ScanOptions": "IR_WE",
    "ScanningSequence": "GR_IR",
    "SequenceName": "_tfl3d1_ns",
    "SequenceVariant": "SP_MP",
    "SeriesDescription": "t1w_32ch_mpr_08mm",
    "SeriesNumber": 2,
    "ShimSetting": [
      6780,
      12631,
      -6809,
      355,
      82,
      -675,
      459,
      26
    ],
    "SliceThickness": 0.8,
    "SoftwareVersions": "syngo_MR_B17",
    "StationName": "MRC35451",
    "TxRefAmp": 335.513,
    "dataset": "ds001371",
    "modality": "T1w",
    "subject_id": "M80305418"
  },
  "cjv": 0.3552595561377201,
  "cnr": 3.681934900249351,
  "efc": 0.559984364061007,
  "fber": 14590.973840665874,
  "fwhm_avg": 4.34377902318925,
  "fwhm_x": 4.331612199203754,
  "fwhm_y": 4.336037435388008,
  "fwhm_z": 4.36368743497599,
  "icvs_csf": 0.17918339454660354,
  "icvs_gm": 0.4564325974776156,
  "icvs_wm": 0.36438400797578085,
  "inu_med": 0.4915156662464142,
  "inu_range": 0.21213053762912748,
  "provenance": {
    "md5sum": "b10bedb5f3bb27e81ace98c92b9bbfff",
    "settings": {
      "testing": false
    },
    "software": "mriqc",
    "version": "22.0.6",
    "warnings": {
      "large_rot_frame": true,
      "small_air_mask": false
    },
    "webapi_port": null,
    "webapi_url": "https://mriqc.nimh.nih.gov/api/v1"
  },
  "qi_1": 3.6149783957888958e-06,
  "qi_2": 0.018700930856987024,
  "rpve_csf": 26.604382851538784,
  "rpve_gm": 11.597051665078094,
  "rpve_wm": 16.034047557845142,
  "size_x": 224,
  "size_y": 320,
  "size_z": 320,
  "snr_csf": 2.566081438930857,
  "snr_gm": 13.94186743170975,
  "snr_total": 12.511160335241028,
  "snr_wm": 21.02553213508247,
  "snrd_csf": 36.04063990947815,
  "snrd_gm": 91.8606331749172,
  "snrd_total": 84.19566637345787,
  "snrd_wm": 124.68572603597828,
  "spacing_x": 0.7999977469444275,
  "spacing_y": 0.800000011920929,
  "spacing_z": 0.800000011920929,
  "summary_bg_k": 7.2559044702770805,
  "summary_bg_mad": 5.254444931376109,
  "summary_bg_mean": 5.513520501331076,
  "summary_bg_median": 3.5440692491829395,
  "summary_bg_n": 5999505.0,
  "summary_bg_p05": 0.0,
  "summary_bg_p95": 20.937270641326904,
  "summary_bg_stdv": 7.611723156423997,
  "summary_csf_k": 1.2765990515208543,
  "summary_csf_mad": 92.03362391341078,
  "summary_csf_mean": 301.60945801710744,
  "summary_csf_median": 289.05974037759006,
  "summary_csf_n": 66789.0,
  "summary_csf_p05": 127.28661018796265,
  "summary_csf_p95": 509.40815663486717,
  "summary_csf_stdv": 112.64551935373079,
  "summary_gm_k": 0.48467508567599715,
  "summary_gm_mad": 49.71513281225088,
  "summary_gm_mean": 735.6044068910152,
  "summary_gm_median": 736.757472762838,
  "summary_gm_n": 130416.0,
  "summary_gm_p05": 646.6563276201487,
  "summary_gm_p95": 820.3702449724078,
  "summary_gm_stdv": 52.84476069812581,
  "summary_wm_k": 0.7890550597945505,
  "summary_wm_mad": 43.81398696624387,
  "summary_wm_mean": 999.0567194695743,
  "summary_wm_median": 1000.0272938348353,
  "summary_wm_n": 484375.0,
  "summary_wm_p05": 920.3675219416618,
  "summary_wm_p95": 1075.4341826289892,
  "summary_wm_stdv": 47.56247095784342,
  "tpm_overlap_csf": 0.14831502960174464,
  "tpm_overlap_gm": 0.4531394012161436,
  "tpm_overlap_wm": 0.5130240692310344,
  "wm2max": 0.7306152528531878
}