{
  "aor": 0.0008023825503355705,
  "aqi": 0.009167926543624161,
  "bids_meta": {
    "AcquisitionMatrixPE": 82,
    "AcquisitionNumber": 1,
    "AcquisitionTime": "13:33:55.347500",
    "BandwidthPerPixelPhaseEncode": 23.912,
    "BaseResolution": 82,
    "ConversionSoftware": "dcm2niix",
    "ConversionSoftwareVersion": "v1.0.20171215 Clang9.0.0",
    "DerivedVendorReportedEchoSpacing": 0.00051,
    "DeviceSerialNumber": "35451",
    "DwellTime": 2.2e-06,
    "EchoTime": 0.029,
    "EffectiveEchoSpacing": 0.00051,
    "FlipAngle": 44,
    "ImageComments": "Unaliased_MB8_PE3_(remote)",
    "ImageOrientationPatientDICOM": [
      0.999294,
      0.0143856,
      0.0347,
      -2.17628e-08,
      0.923763,
      -0.382964
    ],
    "ImageType": [
      "ORIGINAL",
      "PRIMARY",
      "M",
      "ND",
      "NORM",
      "MOSAIC"
    ],
    "InPlanePhaseEncodingDirectionDICOM": "COL",
    "InstitutionAddress": "Exposition_Drive_1777_Boulder-_6392da-_Denver_US_80301",
    "InstitutionName": "Intermountain_Neuroimaging_Consortium",
    "InstitutionalDepartmentName": "Department",
    "MRAcquisitionType": "2D",
    "MagneticFieldStrength": 3,
    "Manufacturer": "Siemens",
    "ManufacturersModelName": "TrioTim",
    "Modality": "MR",
    "MultibandAccelerationFactor": 8,
    "PartialFourier": 1,
    "PatientPosition": "HFS",
    "PercentPhaseFOV": 100,
    "PhaseEncodingDirection": "j",
    "PhaseEncodingSteps": 82,
    "PhaseResolution": 1,
    "PixelBandwidth": 2772,
    "ProcedureStepDescription": "VMITTAL_adaptcog_200068",
    "ProtocolName": "ritl_pa_32ch_mb8_v01_r03",
    "PulseSequenceDetails": "%CustomerSeq%_cmrr_mbep2d_bold",
    "ReceiveCoilName": "32Ch_Head",
    "ReconMatrixPE": 82,
    "RepetitionTime": 0.46,
    "SAR": 0.158679,
    "ScanOptions": "FS",
    "ScanningSequence": "EP",
    "SequenceName": "epfid2d1_82",
    "SequenceVariant": "SK",
    "SeriesDescription": "ritl_pa_32ch_mb8_v01_r03",
    "SeriesNumber": 16,
    "ShimSetting": [
      6831,
      12733,
      -6889,
      677,
      299,
      177,
      -767,
      81
    ],
    "SliceThickness": 3,
    "SliceTiming": [
      0,
      0.265,
      0.065,
      0.33,
      0.1325,
      0.395,
      0.1975,
      0,
      0.265,
      0.065,
      0.33,
      0.1325,
      0.395,
      0.1975,
      0,
      0.265,
      0.065,
      0.33,
      0.1325,
      0.395,
      0.1975,
      0,
      0.265,
      0.065,
      0.33,
      0.1325,
      0.395,
      0.1975,
      0,
      0.265,
      0.065,
      0.33,
      0.1325,
      0.395,
      0.1975,
      0,
      0.265,
      0.065,
      0.33,
      0.1325,
      0.395,
      0.1975,
      0,
      0.265,
      0.065,
      0.33,
      0.1325,
      0.395,
      0.1975,
      0,
      0.265,
      0.065,
      0.33,
      0.1325,
      0.395,
      0.1975
    ],
    "SoftwareVersions": "syngo_MR_B17",
    "SpacingBetweenSlices": 3,
    "StationName": "MRC35451",
    "TaskName": "ritl",
    "TotalReadoutTime": 0.04131,
    "TxRefAmp": 337.811,
    "acq_id": "MB",
    "dataset": "ds001371",
    "modality": "bold",
    "run_id": 3,
    "subject_id": "M80384859",
    "task_id": "ritl"
  },
  "dummy_trs": 0,
  "dvars_nstd": 28.607288759910396,
  "dvars_std": 1.2251558362709967,
  "dvars_vstd": 1.0191875333930567,
  "efc": 0.3756560825512419,
  "fber": 38807.46484375,
  "fd_mean": 0.05580529336056883,
  "fd_num": 8,
  "fd_perc": 0.8948545861297539,
  "fwhm_avg": 1.7553809499008242,
  "fwhm_x": 1.6652976740979968,
  "fwhm_y": 1.8611751756044754,
  "fwhm_z": 1.73967,
  "gcor": 0.0389547,
  "gsr_x": -0.028347034007310867,
  "gsr_y": 0.01223748829215765,
  "provenance": {
    "md5sum": "99a266b6e7e9ee7e47b4753f6e73c19f",
    "settings": {
      "fd_thres": 0.2,
      "testing": false
    },
    "software": "mriqc",
    "version": "22.0.6",
    "webapi_port": null,
    "webapi_url": "https://mriqc.nimh.nih.gov/api/v1"
  },
  "size_t": 894,
  "size_x": 82,
  "size_y": 82,
  "size_z": 56,
  "snr": 7.243785580678438,
  "spacing_tr": 0.46000000834465027,
  "spacing_x": 3.02439022064209,
  "spacing_y": 3.02439022064209,
  "spacing_z": 3.0,
  "summary_bg_k": 32.95241811892183,
  "summary_bg_mad": 1.938659971437476,
  "summary_bg_mean": 9.024794578552246,
  "summary_bg_median": 1.508948564529419,
  "summary_bg_n": 290763.0,
  "summary_bg_p05": 0.030201341956853867,
  "summary_bg_p95": 46.45302200317383,
  "summary_bg_stdv": 22.776790618896484,
  "summary_fg_k": 1.9570177763416856,
  "summary_fg_mad": 36.57418780307684,
  "summary_fg_mean": 287.7593994140625,
  "summary_fg_median": 286.6800842285156,
  "summary_fg_n": 35557.0,
  "summary_fg_p05": 228.44720764160155,
  "summary_fg_p95": 352.4926208496093,
  "summary_fg_stdv": 39.57544708251953,
  "tsnr": 58.075425588176586
}