{
  "bids_meta": {
    "AcquisitionMatrixPE": 320,
    "AcquisitionNumber": 1,
    "AcquisitionTime": "14:58:18.937500",
    "BaseResolution": 320,
    "ConversionSoftware": "dcm2niix",
    "ConversionSoftwareVersion": "v1.0.20171215 Clang9.0.0",
    "DeviceSerialNumber": "35451",
    "DwellTime": 6.5e-06,
    "EchoTime": 0.00201,
    "FlipAngle": 8,
    "ImageOrientationPatientDICOM": [
      0.0540789,
      0.998537,
      -1.62123e-08,
      0.0435555,
      -0.0023589,
      -0.999048
    ],
    "ImageType": [
      "ORIGINAL",
      "PRIMARY",
      "M",
      "ND",
      "NORM"
    ],
    "InPlanePhaseEncodingDirectionDICOM": "ROW",
    "InstitutionAddress": "Exposition_Drive_1777_Boulder-_6392da-_Denver_US_80301",
    "InstitutionName": "Intermountain_Neuroimaging_Consortium",
    "InstitutionalDepartmentName": "Department",
    "InversionTime": 1,
    "MRAcquisitionType": "3D",
    "MagneticFieldStrength": 3,
    "Manufacturer": "Siemens",
    "ManufacturersModelName": "TrioTim",
    "Modality": "MR",
    "ParallelReductionFactorInPlane": 2,
    "PartialFourier": 1,
    "PatientPosition": "HFS",
    "PercentPhaseFOV": 100,
    "PhaseEncodingSteps": 319,
    "PhaseResolution": 1,
    "PixelBandwidth": 240,
    "ProcedureStepDescription": "VMITTAL_adaptcog_200068",
    "ProtocolName": "t1w_32ch_mpr_08mm",
    "PulseSequenceDetails": "%SiemensSeq%_tfl",
    "ReceiveCoilName": "32Ch_Head",
    "ReconMatrixPE": 320,
    "RepetitionTime": 2.4,
    "SAR": 0.0692049,
    "ScanOptions": "IR_WE",
    "ScanningSequence": "GR_IR",
    "SequenceName": "_tfl3d1_ns",
    "SequenceVariant": "SP_MP",
    "SeriesDescription": "t1w_32ch_mpr_08mm",
    "SeriesNumber": 2,
    "ShimSetting": [
      6834,
      12538,
      -6765,
      20,
      280,
      -480,
      41,
      10
    ],
    "SliceThickness": 0.8,
    "SoftwareVersions": "syngo_MR_B17",
    "StationName": "MRC35451",
    "TxRefAmp": 332.258,
    "dataset": "ds001371",
    "modality": "T1w",
    "subject_id": "M80303730"
  },
  "cjv": 0.3578023342891741,
  "cnr": 3.7625242886358574,
  "efc": 0.5602940572254227,
  "fber": 13389.312099940511,
  "fwhm_avg": 4.635321870685587,
  "fwhm_x": 4.54677825151952,
  "fwhm_y": 4.725274929587917,
  "fwhm_z": 4.633912430949324,
  "icvs_csf": 0.16402738441974543,
  "icvs_gm": 0.4642455553422237,
  "icvs_wm": 0.3717270602380308,
  "inu_med": 0.4928099513053894,
  "inu_range": 0.22211904525756837,
  "provenance": {
    "md5sum": "795bfc5e26b6f51e93488d16dc128cb1",
    "settings": {
      "testing": false
    },
    "software": "mriqc",
    "version": "22.0.6",
    "warnings": {
      "large_rot_frame": true,
      "small_air_mask": false
    },
    "webapi_port": null,
    "webapi_url": "https://mriqc.nimh.nih.gov/api/v1"
  },
  "qi_1": 0.0,
  "qi_2": 0.016855647502815086,
  "rpve_csf": 28.725844554987155,
  "rpve_gm": 11.5918302065824,
  "rpve_wm": 16.004242471967626,
  "size_x": 224,
  "size_y": 320,
  "size_z": 320,
  "snr_csf": 2.6034798098455614,
  "snr_gm": 13.622617124384663,
  "snr_total": 12.419917919062835,
  "snr_wm": 21.033656822958285,
  "snrd_csf": 36.922157692188,
  "snrd_gm": 95.07250700413897,
  "snrd_total": 87.4429017904555,
  "snrd_wm": 130.3340406750395,
  "spacing_x": 0.8000038266181946,
  "spacing_y": 0.800000011920929,
  "spacing_z": 0.800000011920929,
  "summary_bg_k": 6.397159711017602,
  "summary_bg_mad": 5.026732071476688,
  "summary_bg_mean": 4.784431037800433,
  "summary_bg_median": 3.3904792591929436,
  "summary_bg_n": 4809019.0,
  "summary_bg_p05": 0.0,
  "summary_bg_p95": 18.37421017885208,
  "summary_bg_stdv": 6.545921532174972,
  "summary_csf_k": 0.8768426672153367,
  "summary_csf_mad": 92.14324192311703,
  "summary_csf_mean": 294.0518703166038,
  "summary_csf_median": 283.29641616530716,
  "summary_csf_n": 67689.0,
  "summary_csf_p05": 127.5093627203256,
  "summary_csf_p95": 495.27792907394456,
  "summary_csf_stdv": 108.81372018083096,
  "summary_gm_k": 0.24637242031578221,
  "summary_gm_mad": 52.37530513183775,
  "summary_gm_mean": 729.9124989064626,
  "summary_gm_median": 729.4725496452302,
  "summary_gm_n": 161226.0,
  "summary_gm_p05": 643.2887542825192,
  "summary_gm_p95": 818.7939054514281,
  "summary_gm_stdv": 53.548468749728336,
  "summary_wm_k": 0.6258171280060827,
  "summary_wm_mad": 44.42982540595524,
  "summary_wm_mean": 999.58799329152,
  "summary_wm_median": 1000.0273260138929,
  "summary_wm_n": 487330.0,
  "summary_wm_p05": 921.7181921564043,
  "summary_wm_p95": 1077.3247846085578,
  "summary_wm_stdv": 47.544100790642794,
  "tpm_overlap_csf": 0.1412544934259151,
  "tpm_overlap_gm": 0.4542655774155008,
  "tpm_overlap_wm": 0.5018640812955212,
  "wm2max": 0.8396736067884204
}