{
  "bids_meta": {
    "AcquisitionMatrixPE": 320,
    "AcquisitionNumber": 1,
    "AcquisitionTime": "14:32:5.527500",
    "BaseResolution": 320,
    "ConversionSoftware": "dcm2niix",
    "ConversionSoftwareVersion": "v1.0.20171215 Clang9.0.0",
    "DeviceSerialNumber": "35451",
    "DwellTime": 6.5e-06,
    "EchoTime": 0.00201,
    "FlipAngle": 8,
    "ImageOrientationPatientDICOM": [
      0.0418757,
      0.999123,
      0,
      0,
      0,
      -1
    ],
    "ImageType": [
      "ORIGINAL",
      "PRIMARY",
      "M",
      "ND",
      "NORM"
    ],
    "InPlanePhaseEncodingDirectionDICOM": "ROW",
    "InstitutionAddress": "Exposition_Drive_1777_Boulder-_6392da-_Denver_US_80301",
    "InstitutionName": "Intermountain_Neuroimaging_Consortium",
    "InstitutionalDepartmentName": "Department",
    "InversionTime": 1,
    "MRAcquisitionType": "3D",
    "MagneticFieldStrength": 3,
    "Manufacturer": "Siemens",
    "ManufacturersModelName": "TrioTim",
    "Modality": "MR",
    "ParallelReductionFactorInPlane": 2,
    "PartialFourier": 1,
    "PatientPosition": "HFS",
    "PercentPhaseFOV": 100,
    "PhaseEncodingSteps": 319,
    "PhaseResolution": 1,
    "PixelBandwidth": 240,
    "ProcedureStepDescription": "VMITTAL_adaptcog_200068",
    "ProtocolName": "t1w_32ch_mpr_08mm",
    "PulseSequenceDetails": "%SiemensSeq%_tfl",
    "ReceiveCoilName": "32Ch_Head",
    "ReconMatrixPE": 320,
    "RepetitionTime": 2.4,
    "SAR": 0.0785476,
    "ScanOptions": "IR_WE",
    "ScanningSequence": "GR_IR",
    "SequenceName": "_tfl3d1_ns",
    "SequenceVariant": "SP_MP",
    "SeriesDescription": "t1w_32ch_mpr_08mm",
    "SeriesNumber": 2,
    "ShimSetting": [
      6758,
      12617,
      -6916,
      143,
      448,
      -656,
      315,
      38
    ],
    "SliceThickness": 0.8,
    "SoftwareVersions": "syngo_MR_B17",
    "StationName": "MRC35451",
    "TxRefAmp": 328.784,
    "dataset": "ds001371",
    "modality": "T1w",
    "subject_id": "M80345728"
  },
  "cjv": 0.3457775732647375,
  "cnr": 3.853470142666744,
  "efc": 0.5578707049065001,
  "fber": 16445.712453057757,
  "fwhm_avg": 4.559282560495395,
  "fwhm_x": 4.561747817326657,
  "fwhm_y": 4.573124931855128,
  "fwhm_z": 4.542974932304398,
  "icvs_csf": 0.17456146881299447,
  "icvs_gm": 0.4608074892219719,
  "icvs_wm": 0.36463104196503365,
  "inu_med": 0.4911291003227234,
  "inu_range": 0.21895098090171816,
  "provenance": {
    "md5sum": "d633050811d41e8912d114d6239f4a1c",
    "settings": {
      "testing": false
    },
    "software": "mriqc",
    "version": "22.0.6",
    "warnings": {
      "large_rot_frame": true,
      "small_air_mask": false
    },
    "webapi_port": null,
    "webapi_url": "https://mriqc.nimh.nih.gov/api/v1"
  },
  "qi_1": 0.0,
  "qi_2": 0.01711409924363676,
  "rpve_csf": 30.510848532698148,
  "rpve_gm": 12.96987963191498,
  "rpve_wm": 18.10095837203076,
  "size_x": 224,
  "size_y": 320,
  "size_z": 320,
  "snr_csf": 2.508422324930424,
  "snr_gm": 14.030336603282723,
  "snr_total": 13.089074578048644,
  "snr_wm": 22.728464805932784,
  "snrd_csf": 33.162991962804924,
  "snrd_gm": 88.97714452401999,
  "snrd_total": 81.06889483760341,
  "snrd_wm": 121.06654802598531,
  "spacing_x": 0.8000025749206543,
  "spacing_y": 0.800000011920929,
  "spacing_z": 0.800000011920929,
  "summary_bg_k": 6.365710199320587,
  "summary_bg_mad": 5.411513427527481,
  "summary_bg_mean": 5.335906707173541,
  "summary_bg_median": 3.6500103399157524,
  "summary_bg_n": 5203026.0,
  "summary_bg_p05": 0.0,
  "summary_bg_p95": 19.79230958968401,
  "summary_bg_stdv": 7.176571838106341,
  "summary_csf_k": 2.825781760857306,
  "summary_csf_mad": 80.37240717362998,
  "summary_csf_mean": 283.5030018115033,
  "summary_csf_median": 273.9307055808604,
  "summary_csf_n": 67258.0,
  "summary_csf_p05": 102.43162820115685,
  "summary_csf_p95": 484.5041718212886,
  "summary_csf_stdv": 109.20356848746282,
  "summary_gm_k": 0.2839604298277214,
  "summary_gm_mad": 50.913957318145876,
  "summary_gm_mean": 733.8340683946435,
  "summary_gm_median": 734.9629975296557,
  "summary_gm_n": 120312.0,
  "summary_gm_p05": 646.2317602522671,
  "summary_gm_p95": 817.9878806136549,
  "summary_gm_stdv": 52.38362869690355,
  "summary_wm_k": 0.6079403823153182,
  "summary_wm_mad": 40.73878770441463,
  "summary_wm_mean": 999.2028189471182,
  "summary_wm_median": 1000.0257202424109,
  "summary_wm_n": 429425.0,
  "summary_wm_p05": 925.7145942375064,
  "summary_wm_p95": 1070.275567136705,
  "summary_wm_stdv": 43.99877265811091,
  "tpm_overlap_csf": 0.13610634952182749,
  "tpm_overlap_gm": 0.44905460341711173,
  "tpm_overlap_wm": 0.494188938078348,
  "wm2max": 0.8572971067186708
}