{
  "bids_meta": {
    "AcquisitionMatrixPE": 320,
    "AcquisitionNumber": 1,
    "AcquisitionTime": "14:29:51.612500",
    "BaseResolution": 320,
    "ConversionSoftware": "dcm2niix",
    "ConversionSoftwareVersion": "v1.0.20171215 Clang9.0.0",
    "DeviceSerialNumber": "35451",
    "DwellTime": 6.5e-06,
    "EchoTime": 0.00201,
    "FlipAngle": 8,
    "ImageOrientationPatientDICOM": [
      0,
      1,
      -1e-16,
      0.0279217,
      0,
      -0.99961
    ],
    "ImageType": [
      "ORIGINAL",
      "PRIMARY",
      "M",
      "ND",
      "NORM"
    ],
    "InPlanePhaseEncodingDirectionDICOM": "ROW",
    "InstitutionAddress": "Exposition_Drive_1777_Boulder-_6392da-_Denver_US_80301",
    "InstitutionName": "Intermountain_Neuroimaging_Consortium",
    "InstitutionalDepartmentName": "Department",
    "InversionTime": 1,
    "MRAcquisitionType": "3D",
    "MagneticFieldStrength": 3,
    "Manufacturer": "Siemens",
    "ManufacturersModelName": "TrioTim",
    "Modality": "MR",
    "ParallelReductionFactorInPlane": 2,
    "PartialFourier": 1,
    "PatientPosition": "HFS",
    "PercentPhaseFOV": 100,
    "PhaseEncodingSteps": 319,
    "PhaseResolution": 1,
    "PixelBandwidth": 240,
    "ProcedureStepDescription": "VMITTAL_adaptcog_200068",
    "ProtocolName": "t1w_32ch_mpr_08mm",
    "PulseSequenceDetails": "%SiemensSeq%_tfl",
    "ReceiveCoilName": "32Ch_Head",
    "ReconMatrixPE": 320,
    "RepetitionTime": 2.4,
    "SAR": 0.101605,
    "ScanOptions": "IR_WE",
    "ScanningSequence": "GR_IR",
    "SequenceName": "_tfl3d1_ns",
    "SequenceVariant": "SP_MP",
    "SeriesDescription": "t1w_32ch_mpr_08mm",
    "SeriesNumber": 2,
    "ShimSetting": [
      6791,
      12743,
      -6786,
      37,
      208,
      -744,
      449,
      111
    ],
    "SliceThickness": 0.8,
    "SoftwareVersions": "syngo_MR_B17",
    "StationName": "MRC35451",
    "TxRefAmp": 348.497,
    "dataset": "ds001371",
    "modality": "T1w",
    "subject_id": "M80344830"
  },
  "cjv": 0.35657707763404284,
  "cnr": 3.7184562199308773,
  "efc": 0.5667636888642761,
  "fber": 8061.474489795919,
  "fwhm_avg": 4.434467211790477,
  "fwhm_x": 4.338239268962761,
  "fwhm_y": 4.496012433004194,
  "fwhm_z": 4.469149933404476,
  "icvs_csf": 0.15994446611727625,
  "icvs_gm": 0.48671545074840716,
  "icvs_wm": 0.35334008313431653,
  "inu_med": 0.5084860324859619,
  "inu_range": 0.24286570549011233,
  "provenance": {
    "md5sum": "f2fb793ebd9f12f9cdc8bc91023ccbf6",
    "settings": {
      "testing": false
    },
    "software": "mriqc",
    "version": "22.0.6",
    "warnings": {
      "large_rot_frame": true,
      "small_air_mask": false
    },
    "webapi_port": null,
    "webapi_url": "https://mriqc.nimh.nih.gov/api/v1"
  },
  "qi_1": 0.0,
  "qi_2": 0.014879755527462677,
  "rpve_csf": 31.971808832765117,
  "rpve_gm": 12.153101488529916,
  "rpve_wm": 17.873548931816078,
  "size_x": 224,
  "size_y": 320,
  "size_z": 320,
  "snr_csf": 2.179561388633654,
  "snr_gm": 13.607903167094296,
  "snr_total": 12.124659594216068,
  "snr_wm": 20.58651422692025,
  "snrd_csf": 32.72207018871329,
  "snrd_gm": 88.2108513110294,
  "snrd_total": 80.63927640323162,
  "snrd_wm": 120.98490770995215,
  "spacing_x": 0.8000019788742065,
  "spacing_y": 0.800000011920929,
  "spacing_z": 0.800000011920929,
  "summary_bg_k": 8.364458133915072,
  "summary_bg_mad": 5.415171248726997,
  "summary_bg_mean": 6.1299364577724775,
  "summary_bg_median": 3.652477502822876,
  "summary_bg_n": 4719972.0,
  "summary_bg_p05": 0.0,
  "summary_bg_p95": 24.27823281288147,
  "summary_bg_stdv": 8.77283264061984,
  "summary_csf_k": 0.9809262009914317,
  "summary_csf_mad": 107.38762395453463,
  "summary_csf_mean": 272.7799723172244,
  "summary_csf_median": 270.4713303744793,
  "summary_csf_n": 59522.0,
  "summary_csf_p05": 61.823553025722504,
  "summary_csf_p95": 486.7718537852167,
  "summary_csf_stdv": 124.09334270059081,
  "summary_gm_k": 0.2526553436693444,
  "summary_gm_mad": 52.20065814030215,
  "summary_gm_mean": 727.6347707900926,
  "summary_gm_median": 729.1258215010166,
  "summary_gm_n": 157368.0,
  "summary_gm_p05": 637.3841806948185,
  "summary_gm_p95": 813.0522347092628,
  "summary_gm_stdv": 53.58088574834598,
  "summary_wm_k": 0.6297661133300259,
  "summary_wm_mad": 44.39644075243089,
  "summary_wm_mean": 1000.4649992159372,
  "summary_wm_median": 1000.0268551111221,
  "summary_wm_n": 409366.0,
  "summary_wm_p05": 921.82086622715,
  "summary_wm_p95": 1081.965890854597,
  "summary_wm_stdv": 48.57673439289589,
  "tpm_overlap_csf": 0.13924234618170217,
  "tpm_overlap_gm": 0.46542574994063124,
  "tpm_overlap_wm": 0.5007534174003846,
  "wm2max": 0.8478142076502733
}