{
  "bids_meta": {
    "AcquisitionMatrixPE": 320,
    "AcquisitionNumber": 1,
    "AcquisitionTime": "13:04:50.057500",
    "BaseResolution": 320,
    "ConversionSoftware": "dcm2niix",
    "ConversionSoftwareVersion": "v1.0.20171215 Clang9.0.0",
    "DeviceSerialNumber": "35451",
    "DwellTime": 6.5e-06,
    "EchoTime": 0.00201,
    "FlipAngle": 8,
    "ImageOrientationPatientDICOM": [
      0.0174524,
      0.999848,
      0,
      0,
      0,
      -1
    ],
    "ImageType": [
      "ORIGINAL",
      "PRIMARY",
      "M",
      "ND",
      "NORM"
    ],
    "InPlanePhaseEncodingDirectionDICOM": "ROW",
    "InstitutionAddress": "Exposition_Drive_1777_Boulder-_6392da-_Denver_US_80301",
    "InstitutionName": "Intermountain_Neuroimaging_Consortium",
    "InstitutionalDepartmentName": "Department",
    "InversionTime": 1,
    "MRAcquisitionType": "3D",
    "MagneticFieldStrength": 3,
    "Manufacturer": "Siemens",
    "ManufacturersModelName": "TrioTim",
    "Modality": "MR",
    "ParallelReductionFactorInPlane": 2,
    "PartialFourier": 1,
    "PatientPosition": "HFS",
    "PercentPhaseFOV": 100,
    "PhaseEncodingSteps": 319,
    "PhaseResolution": 1,
    "PixelBandwidth": 240,
    "ProcedureStepDescription": "VMITTAL_adaptcog_200068",
    "ProtocolName": "t1w_32ch_mpr_08mm",
    "PulseSequenceDetails": "%SiemensSeq%_tfl",
    "ReceiveCoilName": "32Ch_Head",
    "ReconMatrixPE": 320,
    "RepetitionTime": 2.4,
    "SAR": 0.0703966,
    "ScanOptions": "IR_WE",
    "ScanningSequence": "GR_IR",
    "SequenceName": "_tfl3d1_ns",
    "SequenceVariant": "SP_MP",
    "SeriesDescription": "t1w_32ch_mpr_08mm",
    "SeriesNumber": 2,
    "ShimSetting": [
      6774,
      12606,
      -6830,
      242,
      250,
      -495,
      392,
      47
    ],
    "SliceThickness": 0.8,
    "SoftwareVersions": "syngo_MR_B17",
    "StationName": "MRC35451",
    "TxRefAmp": 336.374,
    "dataset": "ds001371",
    "modality": "T1w",
    "subject_id": "M80397236"
  },
  "cjv": 0.3499212909299822,
  "cnr": 3.768255706107181,
  "efc": 0.546446412771818,
  "fber": 18681.919421487604,
  "fwhm_avg": 4.772726177226923,
  "fwhm_x": 4.763078674062853,
  "fwhm_y": 4.83022492802404,
  "fwhm_z": 4.724874929593877,
  "icvs_csf": 0.20033343802901563,
  "icvs_gm": 0.4480583632271663,
  "icvs_wm": 0.35160819874381805,
  "inu_med": 0.4745321273803711,
  "inu_range": 0.20334839820861816,
  "provenance": {
    "md5sum": "17eadd3b3a88b72dc667df2a23a97252",
    "settings": {
      "testing": false
    },
    "software": "mriqc",
    "version": "22.0.6",
    "warnings": {
      "large_rot_frame": true,
      "small_air_mask": false
    },
    "webapi_port": null,
    "webapi_url": "https://mriqc.nimh.nih.gov/api/v1"
  },
  "qi_1": 0.0,
  "qi_2": 0.023457887122706276,
  "rpve_csf": 27.86260344083972,
  "rpve_gm": 13.415235276709085,
  "rpve_wm": 18.903233082083304,
  "size_x": 224,
  "size_y": 320,
  "size_z": 320,
  "snr_csf": 2.339571286171699,
  "snr_gm": 14.132843226647967,
  "snr_total": 13.26827420587721,
  "snr_wm": 23.332408104811968,
  "snrd_csf": 38.24067891080682,
  "snrd_gm": 107.9868878048811,
  "snrd_total": 97.18451666783649,
  "snrd_wm": 145.32598328782154,
  "spacing_x": 0.7999951839447021,
  "spacing_y": 0.800000011920929,
  "spacing_z": 0.800000011920929,
  "summary_bg_k": 9.07487174081985,
  "summary_bg_mad": 4.508047111224484,
  "summary_bg_mean": 4.607950690109596,
  "summary_bg_median": 3.0406315699219704,
  "summary_bg_n": 5054564.0,
  "summary_bg_p05": 0.0,
  "summary_bg_p95": 18.930383644998074,
  "summary_bg_stdv": 6.9125947111710735,
  "summary_csf_k": 0.716777787014625,
  "summary_csf_mad": 91.14253312774018,
  "summary_csf_mean": 268.75922675283203,
  "summary_csf_median": 263.13723690994084,
  "summary_csf_n": 95926.0,
  "summary_csf_p05": 69.91613519145176,
  "summary_csf_p95": 468.04883137810975,
  "summary_csf_stdv": 112.47183058621522,
  "summary_gm_k": 0.4642196035984738,
  "summary_gm_mad": 49.29767647435807,
  "summary_gm_mean": 741.7485591551495,
  "summary_gm_median": 743.0666005108505,
  "summary_gm_n": 118042.0,
  "summary_gm_p05": 653.0982357524335,
  "summary_gm_p95": 826.1935442369431,
  "summary_gm_stdv": 52.5770675525578,
  "summary_wm_k": 0.44549951101277996,
  "summary_wm_mad": 40.60877921965927,
  "summary_wm_mean": 999.7126642258436,
  "summary_wm_median": 999.999968169257,
  "summary_wm_n": 426272.0,
  "summary_wm_p05": 928.8639021664858,
  "summary_wm_p95": 1069.9835367221385,
  "summary_wm_stdv": 42.85879068789232,
  "tpm_overlap_csf": 0.1502669102871139,
  "tpm_overlap_gm": 0.4656493902987622,
  "tpm_overlap_wm": 0.5167504748829127,
  "wm2max": 0.8909400738426584
}