{
  "bids_meta": {
    "AcquisitionMatrixPE": 320,
    "AcquisitionNumber": 1,
    "AcquisitionTime": "12:50:7.280000",
    "BaseResolution": 320,
    "ConversionSoftware": "dcm2niix",
    "ConversionSoftwareVersion": "v1.0.20171215 Clang9.0.0",
    "DeviceSerialNumber": "35451",
    "DwellTime": 6.5e-06,
    "EchoTime": 0.00201,
    "FlipAngle": 8,
    "ImageOrientationPatientDICOM": [
      -0.0348804,
      0.999391,
      -1.82526e-08,
      -0.0261202,
      -0.000911657,
      -0.999658
    ],
    "ImageType": [
      "ORIGINAL",
      "PRIMARY",
      "M",
      "ND",
      "NORM"
    ],
    "InPlanePhaseEncodingDirectionDICOM": "ROW",
    "InstitutionAddress": "Exposition_Drive_1777_Boulder-_6392da-_Denver_US_80301",
    "InstitutionName": "Intermountain_Neuroimaging_Consortium",
    "InstitutionalDepartmentName": "Department",
    "InversionTime": 1,
    "MRAcquisitionType": "3D",
    "MagneticFieldStrength": 3,
    "Manufacturer": "Siemens",
    "ManufacturersModelName": "TrioTim",
    "Modality": "MR",
    "ParallelReductionFactorInPlane": 2,
    "PartialFourier": 1,
    "PatientPosition": "HFS",
    "PercentPhaseFOV": 100,
    "PhaseEncodingSteps": 319,
    "PhaseResolution": 1,
    "PixelBandwidth": 240,
    "ProcedureStepDescription": "VMITTAL_adaptcog_200068",
    "ProtocolName": "t1w_32ch_mpr_08mm",
    "PulseSequenceDetails": "%SiemensSeq%_tfl",
    "ReceiveCoilName": "32Ch_Head",
    "ReconMatrixPE": 320,
    "RepetitionTime": 2.4,
    "SAR": 0.0877542,
    "ScanOptions": "IR_WE",
    "ScanningSequence": "GR_IR",
    "SequenceName": "_tfl3d1_ns",
    "SequenceVariant": "SP_MP",
    "SeriesDescription": "t1w_32ch_mpr_08mm",
    "SeriesNumber": 3,
    "ShimSetting": [
      6793,
      12608,
      -6766,
      268,
      386,
      -579,
      622,
      127
    ],
    "SliceThickness": 0.8,
    "SoftwareVersions": "syngo_MR_B17",
    "StationName": "MRC35451",
    "TxRefAmp": 353.587,
    "dataset": "ds001371",
    "modality": "T1w",
    "subject_id": "M80301092"
  },
  "cjv": 0.35364935170228806,
  "cnr": 3.7892046257762675,
  "efc": 0.5443090258670736,
  "fber": 27763.17652244898,
  "fwhm_avg": 4.669575159114131,
  "fwhm_x": 4.604263117479801,
  "fwhm_y": 4.736774929416553,
  "fwhm_z": 4.667687430446037,
  "icvs_csf": 0.20762742698612693,
  "icvs_gm": 0.44089445727374316,
  "icvs_wm": 0.35147811574012994,
  "inu_med": 0.5017386674880981,
  "inu_range": 0.23905419409275058,
  "provenance": {
    "md5sum": "efa805fcdaa994d262a79d10ef69f43d",
    "settings": {
      "testing": false
    },
    "software": "mriqc",
    "version": "22.0.6",
    "warnings": {
      "large_rot_frame": true,
      "small_air_mask": false
    },
    "webapi_port": null,
    "webapi_url": "https://mriqc.nimh.nih.gov/api/v1"
  },
  "qi_1": 0.0,
  "qi_2": 0.014553396771984195,
  "rpve_csf": 24.238478999081618,
  "rpve_gm": 12.023379553181543,
  "rpve_wm": 16.88926474711912,
  "size_x": 224,
  "size_y": 320,
  "size_z": 320,
  "snr_csf": 3.008568035721366,
  "snr_gm": 13.44263586997383,
  "snr_total": 12.687258715208367,
  "snr_wm": 21.610572239929905,
  "snrd_csf": 32.14781627394615,
  "snrd_gm": 82.87093757116479,
  "snrd_total": 76.23256645098058,
  "snrd_wm": 113.67894550783079,
  "spacing_x": 0.7999998927116394,
  "spacing_y": 0.800000011920929,
  "spacing_z": 0.800000011920929,
  "summary_bg_k": 8.288652512450195,
  "summary_bg_mad": 0.0,
  "summary_bg_mean": 3.759152396343109,
  "summary_bg_median": 0.0,
  "summary_bg_n": 6511200.0,
  "summary_bg_p05": 0.0,
  "summary_bg_p95": 15.522494092583656,
  "summary_bg_stdv": 5.763297046568151,
  "summary_csf_k": 1.2936659368326229,
  "summary_csf_mad": 77.71239771991362,
  "summary_csf_mean": 296.01702474199186,
  "summary_csf_median": 282.8073887899518,
  "summary_csf_n": 121227.0,
  "summary_csf_p05": 166.5665913373232,
  "summary_csf_p95": 474.32561103254557,
  "summary_csf_stdv": 94.00027487908848,
  "summary_gm_k": 0.22592456485987578,
  "summary_gm_mad": 52.78640167568168,
  "summary_gm_mean": 728.8321901231777,
  "summary_gm_median": 729.0234976261854,
  "summary_gm_n": 108691.0,
  "summary_gm_p05": 639.1909548081458,
  "summary_gm_p95": 817.4216552451253,
  "summary_gm_stdv": 54.23193419939489,
  "summary_wm_k": 0.4976150697086754,
  "summary_wm_mad": 43.05998787535307,
  "summary_wm_mean": 999.5166604468303,
  "summary_wm_median": 1000.0444654002786,
  "summary_wm_n": 428837.0,
  "summary_wm_p05": 922.4319949373603,
  "summary_wm_p95": 1075.237383775412,
  "summary_wm_stdv": 46.27565102398364,
  "tpm_overlap_csf": 0.14691236195747315,
  "tpm_overlap_gm": 0.4490667195337327,
  "tpm_overlap_wm": 0.49777352151770654,
  "wm2max": 0.884377412726725
}