{
  "aor": 0.0005040380313199105,
  "aqi": 0.016315736331096196,
  "bids_meta": {
    "AcquisitionMatrixPE": 82,
    "AcquisitionNumber": 1,
    "AcquisitionTime": "09:58:20.405000",
    "BandwidthPerPixelPhaseEncode": 23.912,
    "BaseResolution": 82,
    "ConversionSoftware": "dcm2niix",
    "ConversionSoftwareVersion": "v1.0.20171215 Clang9.0.0",
    "DerivedVendorReportedEchoSpacing": 0.00051,
    "DeviceSerialNumber": "35451",
    "DwellTime": 2.2e-06,
    "EchoTime": 0.029,
    "EffectiveEchoSpacing": 0.00051,
    "FlipAngle": 44,
    "ImageComments": "Unaliased_MB8_PE3_(remote)",
    "ImageOrientationPatientDICOM": [
      1,
      -2e-16,
      0,
      2e-16,
      0.92321,
      -0.384295
    ],
    "ImageType": [
      "ORIGINAL",
      "PRIMARY",
      "M",
      "MB",
      "ND",
      "NORM",
      "MOSAIC"
    ],
    "InPlanePhaseEncodingDirectionDICOM": "COL",
    "InstitutionAddress": "Exposition_Drive_1777_Boulder-_6392da-_Denver_US_80301",
    "InstitutionName": "Intermountain_Neuroimaging_Consortium",
    "InstitutionalDepartmentName": "Department",
    "MRAcquisitionType": "2D",
    "MagneticFieldStrength": 3,
    "Manufacturer": "Siemens",
    "ManufacturersModelName": "TrioTim",
    "Modality": "MR",
    "MultibandAccelerationFactor": 8,
    "PartialFourier": 1,
    "PatientPosition": "HFS",
    "PercentPhaseFOV": 100,
    "PhaseEncodingDirection": "j",
    "PhaseEncodingSteps": 82,
    "PhaseResolution": 1,
    "PixelBandwidth": 2772,
    "ProcedureStepDescription": "VMITTAL_adaptcog_200068",
    "ProtocolName": "ritl_pa_32ch_mb8_v01_r01",
    "PulseSequenceDetails": "%CustomerSeq%_cmrr_mbep2d_bold",
    "ReceiveCoilName": "32Ch_Head",
    "ReconMatrixPE": 82,
    "RepetitionTime": 0.46,
    "SAR": 0.155939,
    "ScanOptions": "FS",
    "ScanningSequence": "EP",
    "SequenceName": "epfid2d1_82",
    "SequenceVariant": "SK_SS",
    "SeriesDescription": "ritl_pa_32ch_mb8_v01_r01",
    "SeriesNumber": 8,
    "ShimSetting": [
      6754,
      12719,
      -6726,
      263,
      197,
      235,
      -42,
      206
    ],
    "SliceThickness": 3,
    "SliceTiming": [
      0,
      0.2625,
      0.065,
      0.33,
      0.1325,
      0.395,
      0.1975,
      0,
      0.2625,
      0.065,
      0.33,
      0.1325,
      0.395,
      0.1975,
      0,
      0.2625,
      0.065,
      0.33,
      0.1325,
      0.395,
      0.1975,
      0,
      0.2625,
      0.065,
      0.33,
      0.1325,
      0.395,
      0.1975,
      0,
      0.2625,
      0.065,
      0.33,
      0.1325,
      0.395,
      0.1975,
      0,
      0.2625,
      0.065,
      0.33,
      0.1325,
      0.395,
      0.1975,
      0,
      0.2625,
      0.065,
      0.33,
      0.1325,
      0.395,
      0.1975,
      0,
      0.2625,
      0.065,
      0.33,
      0.1325,
      0.395,
      0.1975
    ],
    "SoftwareVersions": "syngo_MR_B17",
    "SpacingBetweenSlices": 3,
    "StationName": "MRC35451",
    "TaskName": "ritl",
    "TotalReadoutTime": 0.04131,
    "TxRefAmp": 340.294,
    "acq_id": "MB",
    "dataset": "ds001371",
    "modality": "bold",
    "run_id": 1,
    "subject_id": "M80397425",
    "task_id": "ritl"
  },
  "dummy_trs": 0,
  "dvars_nstd": 37.64123641948488,
  "dvars_std": 1.263167337077266,
  "dvars_vstd": 0.986294070212766,
  "efc": 0.4252548424473343,
  "fber": 15612.2919921875,
  "fd_mean": 0.08236565065505119,
  "fd_num": 16,
  "fd_perc": 1.7897091722595078,
  "fwhm_avg": 1.7817488263383643,
  "fwhm_x": 1.688598238793329,
  "fwhm_y": 1.8743282402217638,
  "fwhm_z": 1.7823200000000001,
  "gcor": 0.0209592,
  "gsr_x": -0.016239173710346222,
  "gsr_y": 0.02144780382514,
  "provenance": {
    "md5sum": "aff876c701977dcaddbe6a732c326e33",
    "settings": {
      "fd_thres": 0.2,
      "testing": false
    },
    "software": "mriqc",
    "version": "22.0.6",
    "webapi_port": null,
    "webapi_url": "https://mriqc.nimh.nih.gov/api/v1"
  },
  "size_t": 894,
  "size_x": 82,
  "size_y": 82,
  "size_z": 56,
  "snr": 6.4464409095785555,
  "spacing_tr": 0.46000000834465027,
  "spacing_x": 3.02439022064209,
  "spacing_y": 3.02439022064209,
  "spacing_z": 3.0,
  "summary_bg_k": 24.91223754825742,
  "summary_bg_mad": 2.6700107536574484,
  "summary_bg_mean": 10.841036796569824,
  "summary_bg_median": 2.017897129058838,
  "summary_bg_n": 280539.0,
  "summary_bg_p05": 0.030201341956853867,
  "summary_bg_p95": 56.65794219970698,
  "summary_bg_stdv": 23.086549758911133,
  "summary_fg_k": 1.5663109891128242,
  "summary_fg_mad": 35.35775313220654,
  "summary_fg_mean": 247.5210723876953,
  "summary_fg_median": 245.30368041992188,
  "summary_fg_n": 42852.0,
  "summary_fg_p05": 191.96046447753906,
  "summary_fg_p95": 311.99244232177733,
  "summary_fg_stdv": 38.05213165283203,
  "tsnr": 42.40236116561573
}