{
  "aor": 0.00200501679731243,
  "aqi": 0.02857361332586786,
  "bids_meta": {
    "AcquisitionMatrixPE": 82,
    "AcquisitionNumber": 1,
    "AcquisitionTime": "10:29:9.037500",
    "BandwidthPerPixelPhaseEncode": 23.912,
    "BaseResolution": 82,
    "ConversionSoftware": "dcm2niix",
    "ConversionSoftwareVersion": "v1.0.20171215 Clang9.0.0",
    "DerivedVendorReportedEchoSpacing": 0.00051,
    "DeviceSerialNumber": "35451",
    "DwellTime": 2.2e-06,
    "EchoTime": 0.029,
    "EffectiveEchoSpacing": 0.00051,
    "FlipAngle": 44,
    "ImageComments": "Unaliased_MB8_PE3_(remote)",
    "ImageOrientationPatientDICOM": [
      1,
      -2e-16,
      0,
      2e-16,
      0.92321,
      -0.384295
    ],
    "ImageType": [
      "ORIGINAL",
      "PRIMARY",
      "M",
      "MB",
      "ND",
      "NORM",
      "MOSAIC"
    ],
    "InPlanePhaseEncodingDirectionDICOM": "COL",
    "InstitutionAddress": "Exposition_Drive_1777_Boulder-_6392da-_Denver_US_80301",
    "InstitutionName": "Intermountain_Neuroimaging_Consortium",
    "InstitutionalDepartmentName": "Department",
    "MRAcquisitionType": "2D",
    "MagneticFieldStrength": 3,
    "Manufacturer": "Siemens",
    "ManufacturersModelName": "TrioTim",
    "Modality": "MR",
    "MultibandAccelerationFactor": 8,
    "PartialFourier": 1,
    "PatientPosition": "HFS",
    "PercentPhaseFOV": 100,
    "PhaseEncodingDirection": "j",
    "PhaseEncodingSteps": 82,
    "PhaseResolution": 1,
    "PixelBandwidth": 2772,
    "ProcedureStepDescription": "VMITTAL_adaptcog_200068",
    "ProtocolName": "ritl_pa_32ch_mb8_v01_r05",
    "PulseSequenceDetails": "%CustomerSeq%_cmrr_mbep2d_bold",
    "ReceiveCoilName": "32Ch_Head",
    "ReconMatrixPE": 82,
    "RepetitionTime": 0.46,
    "SAR": 0.156699,
    "ScanOptions": "FS",
    "ScanningSequence": "EP",
    "SequenceName": "epfid2d1_82",
    "SequenceVariant": "SK_SS",
    "SeriesDescription": "ritl_pa_32ch_mb8_v01_r05",
    "SeriesNumber": 16,
    "ShimSetting": [
      6754,
      12719,
      -6726,
      263,
      197,
      235,
      -42,
      206
    ],
    "SliceThickness": 3,
    "SliceTiming": [
      0,
      0.2625,
      0.065,
      0.33,
      0.1325,
      0.395,
      0.1975,
      0,
      0.2625,
      0.065,
      0.33,
      0.1325,
      0.395,
      0.1975,
      0,
      0.2625,
      0.065,
      0.33,
      0.1325,
      0.395,
      0.1975,
      0,
      0.2625,
      0.065,
      0.33,
      0.1325,
      0.395,
      0.1975,
      0,
      0.2625,
      0.065,
      0.33,
      0.1325,
      0.395,
      0.1975,
      0,
      0.2625,
      0.065,
      0.33,
      0.1325,
      0.395,
      0.1975,
      0,
      0.2625,
      0.065,
      0.33,
      0.1325,
      0.395,
      0.1975,
      0,
      0.2625,
      0.065,
      0.33,
      0.1325,
      0.395,
      0.1975
    ],
    "SoftwareVersions": "syngo_MR_B17",
    "SpacingBetweenSlices": 3,
    "StationName": "MRC35451",
    "TaskName": "ritl",
    "TotalReadoutTime": 0.04131,
    "TxRefAmp": 340.294,
    "acq_id": "MB",
    "dataset": "ds001371",
    "modality": "bold",
    "run_id": 5,
    "subject_id": "M80397425",
    "task_id": "ritl"
  },
  "dummy_trs": 1,
  "dvars_nstd": 37.477034739921514,
  "dvars_std": 1.2006491098094174,
  "dvars_vstd": 0.9969551834865479,
  "efc": 0.43292828588277404,
  "fber": 12293.8505859375,
  "fd_mean": 0.1939908493131848,
  "fd_num": 229,
  "fd_perc": 25.643896976483763,
  "fwhm_avg": 1.8187306096852514,
  "fwhm_x": 1.7212924325931644,
  "fwhm_y": 1.9168260631292562,
  "fwhm_z": 1.8180733333333334,
  "gcor": 0.02878,
  "gsr_x": -0.020188214257359505,
  "gsr_y": 0.02042565867304802,
  "provenance": {
    "md5sum": "407680851913e8e86c89ca3e4e7bc1c2",
    "settings": {
      "fd_thres": 0.2,
      "testing": false
    },
    "software": "mriqc",
    "version": "22.0.6",
    "webapi_port": null,
    "webapi_url": "https://mriqc.nimh.nih.gov/api/v1"
  },
  "size_t": 893,
  "size_x": 82,
  "size_y": 82,
  "size_z": 56,
  "snr": 6.476647146488542,
  "spacing_tr": 0.46000000834465027,
  "spacing_x": 3.02439022064209,
  "spacing_y": 3.02439022064209,
  "spacing_z": 3.0,
  "summary_bg_k": 21.599697987500555,
  "summary_bg_mad": 2.9452812486010096,
  "summary_bg_mean": 11.716168403625488,
  "summary_bg_median": 2.294512987136841,
  "summary_bg_n": 280320.0,
  "summary_bg_p05": 0.0559910424053669,
  "summary_bg_p95": 59.96758155822753,
  "summary_bg_stdv": 23.582569122314453,
  "summary_fg_k": 1.3789537229220352,
  "summary_fg_mad": 35.20558144301621,
  "summary_fg_mean": 245.56883239746094,
  "summary_fg_median": 243.77940368652344,
  "summary_fg_n": 43048.0,
  "summary_fg_p05": 189.4231330871582,
  "summary_fg_p95": 309.22318878173826,
  "summary_fg_stdv": 37.63931655883789,
  "tsnr": 30.399149520671926
}