{
  "aor": 0.005851957494407159,
  "aqi": 0.018795092304250558,
  "bids_meta": {
    "AcquisitionMatrixPE": 82,
    "AcquisitionNumber": 1,
    "AcquisitionTime": "15:11:13.882500",
    "BandwidthPerPixelPhaseEncode": 23.912,
    "BaseResolution": 82,
    "ConversionSoftware": "dcm2niix",
    "ConversionSoftwareVersion": "v1.0.20171215 Clang9.0.0",
    "DerivedVendorReportedEchoSpacing": 0.00051,
    "DeviceSerialNumber": "35451",
    "DwellTime": 2.2e-06,
    "EchoTime": 0.029,
    "EffectiveEchoSpacing": 0.00051,
    "FlipAngle": 44,
    "ImageComments": "Unaliased_MB8_PE3_(remote)",
    "ImageOrientationPatientDICOM": [
      0.999724,
      0.0126977,
      0.0197692,
      1.43291e-08,
      0.841394,
      -0.540423
    ],
    "ImageType": [
      "ORIGINAL",
      "PRIMARY",
      "M",
      "MB",
      "ND",
      "NORM",
      "MOSAIC"
    ],
    "InPlanePhaseEncodingDirectionDICOM": "COL",
    "InstitutionAddress": "Exposition_Drive_1777_Boulder-_6392da-_Denver_US_80301",
    "InstitutionName": "Intermountain_Neuroimaging_Consortium",
    "InstitutionalDepartmentName": "Department",
    "MRAcquisitionType": "2D",
    "MagneticFieldStrength": 3,
    "Manufacturer": "Siemens",
    "ManufacturersModelName": "TrioTim",
    "Modality": "MR",
    "MultibandAccelerationFactor": 8,
    "PartialFourier": 1,
    "PatientPosition": "HFS",
    "PercentPhaseFOV": 100,
    "PhaseEncodingDirection": "j",
    "PhaseEncodingSteps": 82,
    "PhaseResolution": 1,
    "PixelBandwidth": 2772,
    "ProcedureStepDescription": "VMITTAL_adaptcog_200068",
    "ProtocolName": "ritl_pa_32ch_mb8_v01_r01",
    "PulseSequenceDetails": "%CustomerSeq%_cmrr_mbep2d_bold",
    "ReceiveCoilName": "32Ch_Head",
    "ReconMatrixPE": 82,
    "RepetitionTime": 0.46,
    "SAR": 0.211402,
    "ScanOptions": "FS",
    "ScanningSequence": "EP",
    "SequenceName": "epfid2d1_82",
    "SequenceVariant": "SK_SS",
    "SeriesDescription": "ritl_pa_32ch_mb8_v01_r01",
    "SeriesNumber": 14,
    "ShimSetting": [
      6816,
      12753,
      -6765,
      194,
      313,
      -188,
      -51,
      106
    ],
    "SliceThickness": 3,
    "SliceTiming": [
      0,
      0.265,
      0.0675,
      0.33,
      0.1325,
      0.395,
      0.1975,
      0,
      0.265,
      0.0675,
      0.33,
      0.1325,
      0.395,
      0.1975,
      0,
      0.265,
      0.0675,
      0.33,
      0.1325,
      0.395,
      0.1975,
      0,
      0.265,
      0.0675,
      0.33,
      0.1325,
      0.395,
      0.1975,
      0,
      0.265,
      0.0675,
      0.33,
      0.1325,
      0.395,
      0.1975,
      0,
      0.265,
      0.0675,
      0.33,
      0.1325,
      0.395,
      0.1975,
      0,
      0.265,
      0.0675,
      0.33,
      0.1325,
      0.395,
      0.1975,
      0,
      0.265,
      0.0675,
      0.33,
      0.1325,
      0.395,
      0.1975
    ],
    "SoftwareVersions": "syngo_MR_B17",
    "SpacingBetweenSlices": 3,
    "StationName": "MRC35451",
    "TaskName": "ritl",
    "TotalReadoutTime": 0.04131,
    "TxRefAmp": 348.497,
    "acq_id": "MB",
    "dataset": "ds001371",
    "modality": "bold",
    "run_id": 1,
    "subject_id": "M80344830",
    "task_id": "ritl"
  },
  "dummy_trs": 0,
  "dvars_nstd": 34.098742906875735,
  "dvars_std": 1.193478959787234,
  "dvars_vstd": 1.0828666393617017,
  "efc": 0.41211369327261477,
  "fber": 18201.25390625,
  "fd_mean": 0.12505053127435184,
  "fd_num": 115,
  "fd_perc": 12.863534675615213,
  "fwhm_avg": 1.9053345706953895,
  "fwhm_x": 1.7912701750668418,
  "fwhm_y": 2.01717687035266,
  "fwhm_z": 1.9075566666666666,
  "gcor": 0.0347387,
  "gsr_x": -0.02827342040836811,
  "gsr_y": 0.01881297305226326,
  "provenance": {
    "md5sum": "88d2ff55abc3225d9457ca6cbfda29ea",
    "settings": {
      "fd_thres": 0.2,
      "testing": false
    },
    "software": "mriqc",
    "version": "22.0.6",
    "webapi_port": null,
    "webapi_url": "https://mriqc.nimh.nih.gov/api/v1"
  },
  "size_t": 894,
  "size_x": 82,
  "size_y": 82,
  "size_z": 56,
  "snr": 6.90217963377423,
  "spacing_tr": 0.46000000834465027,
  "spacing_x": 3.02439022064209,
  "spacing_y": 3.02439022064209,
  "spacing_z": 3.0,
  "summary_bg_k": 14.180376524385025,
  "summary_bg_mad": 2.4245687054678355,
  "summary_bg_mean": 10.373689651489258,
  "summary_bg_median": 1.7483221292495728,
  "summary_bg_n": 287535.0,
  "summary_bg_p05": 0.007829977199435234,
  "summary_bg_p95": 57.91454238891599,
  "summary_bg_stdv": 21.786380767822266,
  "summary_fg_k": 1.625150285050835,
  "summary_fg_mad": 30.643756306339913,
  "summary_fg_mean": 229.32821655273438,
  "summary_fg_median": 229.39820861816406,
  "summary_fg_n": 37247.0,
  "summary_fg_p05": 177.26722717285156,
  "summary_fg_p95": 283.355810546875,
  "summary_fg_stdv": 33.235172271728516,
  "tsnr": 36.42234491324052
}