{
  "aor": 0.0034683109619686806,
  "aqi": 0.030026302013422813,
  "bids_meta": {
    "AcquisitionMatrixPE": 82,
    "AcquisitionNumber": 1,
    "AcquisitionTime": "15:40:51.970000",
    "BandwidthPerPixelPhaseEncode": 23.912,
    "BaseResolution": 82,
    "ConversionSoftware": "dcm2niix",
    "ConversionSoftwareVersion": "v1.0.20171215 Clang9.0.0",
    "DerivedVendorReportedEchoSpacing": 0.00051,
    "DeviceSerialNumber": "35451",
    "DwellTime": 2.2e-06,
    "EchoTime": 0.029,
    "EffectiveEchoSpacing": 0.00051,
    "FlipAngle": 44,
    "ImageComments": "Unaliased_MB8_PE3_(remote)",
    "ImageOrientationPatientDICOM": [
      0.999724,
      0.0126977,
      0.0197692,
      1.43291e-08,
      0.841394,
      -0.540423
    ],
    "ImageType": [
      "ORIGINAL",
      "PRIMARY",
      "M",
      "MB",
      "ND",
      "NORM",
      "MOSAIC"
    ],
    "InPlanePhaseEncodingDirectionDICOM": "COL",
    "InstitutionAddress": "Exposition_Drive_1777_Boulder-_6392da-_Denver_US_80301",
    "InstitutionName": "Intermountain_Neuroimaging_Consortium",
    "InstitutionalDepartmentName": "Department",
    "MRAcquisitionType": "2D",
    "MagneticFieldStrength": 3,
    "Manufacturer": "Siemens",
    "ManufacturersModelName": "TrioTim",
    "Modality": "MR",
    "MultibandAccelerationFactor": 8,
    "PartialFourier": 1,
    "PatientPosition": "HFS",
    "PercentPhaseFOV": 100,
    "PhaseEncodingDirection": "j",
    "PhaseEncodingSteps": 82,
    "PhaseResolution": 1,
    "PixelBandwidth": 2772,
    "ProcedureStepDescription": "VMITTAL_adaptcog_200068",
    "ProtocolName": "ritl_pa_32ch_mb8_v01_r05",
    "PulseSequenceDetails": "%CustomerSeq%_cmrr_mbep2d_bold",
    "ReceiveCoilName": "32Ch_Head",
    "ReconMatrixPE": 82,
    "RepetitionTime": 0.46,
    "SAR": 0.208419,
    "ScanOptions": "FS",
    "ScanningSequence": "EP",
    "SequenceName": "epfid2d1_82",
    "SequenceVariant": "SK_SS",
    "SeriesDescription": "ritl_pa_32ch_mb8_v01_r05",
    "SeriesNumber": 22,
    "ShimSetting": [
      6816,
      12753,
      -6765,
      194,
      313,
      -188,
      -51,
      106
    ],
    "SliceThickness": 3,
    "SliceTiming": [
      0,
      0.265,
      0.065,
      0.33,
      0.1325,
      0.395,
      0.1975,
      0,
      0.265,
      0.065,
      0.33,
      0.1325,
      0.395,
      0.1975,
      0,
      0.265,
      0.065,
      0.33,
      0.1325,
      0.395,
      0.1975,
      0,
      0.265,
      0.065,
      0.33,
      0.1325,
      0.395,
      0.1975,
      0,
      0.265,
      0.065,
      0.33,
      0.1325,
      0.395,
      0.1975,
      0,
      0.265,
      0.065,
      0.33,
      0.1325,
      0.395,
      0.1975,
      0,
      0.265,
      0.065,
      0.33,
      0.1325,
      0.395,
      0.1975,
      0,
      0.265,
      0.065,
      0.33,
      0.1325,
      0.395,
      0.1975
    ],
    "SoftwareVersions": "syngo_MR_B17",
    "SpacingBetweenSlices": 3,
    "StationName": "MRC35451",
    "TaskName": "ritl",
    "TotalReadoutTime": 0.04131,
    "TxRefAmp": 348.497,
    "acq_id": "MB",
    "dataset": "ds001371",
    "modality": "bold",
    "run_id": 5,
    "subject_id": "M80344830",
    "task_id": "ritl"
  },
  "dummy_trs": 0,
  "dvars_nstd": 36.0165985425196,
  "dvars_std": 1.1339156006942888,
  "dvars_vstd": 1.0222817964613662,
  "efc": 0.41413932268405074,
  "fber": 15147.41015625,
  "fd_mean": 0.21796302982251708,
  "fd_num": 199,
  "fd_perc": 22.25950782997763,
  "fwhm_avg": 1.910878737457968,
  "fwhm_x": 1.7988650944800924,
  "fwhm_y": 2.046994451227145,
  "fwhm_z": 1.8867766666666668,
  "gcor": 0.0278116,
  "gsr_x": -0.02882217802107334,
  "gsr_y": 0.019687015563249588,
  "provenance": {
    "md5sum": "84d036abb9b222ade0cb023714880dd8",
    "settings": {
      "fd_thres": 0.2,
      "testing": false
    },
    "software": "mriqc",
    "version": "22.0.6",
    "webapi_port": null,
    "webapi_url": "https://mriqc.nimh.nih.gov/api/v1"
  },
  "size_t": 894,
  "size_x": 82,
  "size_y": 82,
  "size_z": 56,
  "snr": 6.927997859858188,
  "spacing_tr": 0.46000000834465027,
  "spacing_x": 3.02439022064209,
  "spacing_y": 3.02439022064209,
  "spacing_z": 3.0,
  "summary_bg_k": 13.49635376926016,
  "summary_bg_mad": 2.6268925667502168,
  "summary_bg_mean": 10.641997337341309,
  "summary_bg_median": 1.926174521446228,
  "summary_bg_n": 288268.0,
  "summary_bg_p05": 0.01230425015091896,
  "summary_bg_p95": 57.43322200775139,
  "summary_bg_stdv": 21.65126609802246,
  "summary_fg_k": 1.8079271024854684,
  "summary_fg_mad": 30.37178603243131,
  "summary_fg_mean": 228.0550537109375,
  "summary_fg_median": 228.06710815429688,
  "summary_fg_n": 36941.0,
  "summary_fg_p05": 177.04251098632812,
  "summary_fg_p95": 281.80535888671875,
  "summary_fg_stdv": 32.91918182373047,
  "tsnr": 28.069776906166226
}