{
  "bids_meta": {
    "AcquisitionMatrixPE": 320,
    "AcquisitionNumber": 1,
    "AcquisitionTime": "15:13:18.375000",
    "BaseResolution": 320,
    "ConversionSoftware": "dcm2niix",
    "ConversionSoftwareVersion": "v1.0.20171215 Clang9.0.0",
    "DeviceSerialNumber": "35451",
    "DwellTime": 6.5e-06,
    "EchoTime": 0.00201,
    "FlipAngle": 8,
    "ImageOrientationPatientDICOM": [
      0.0680153,
      0.997684,
      -1.18769e-08,
      -0.0400388,
      0.00272956,
      -0.999194
    ],
    "ImageType": [
      "ORIGINAL",
      "PRIMARY",
      "M",
      "ND",
      "NORM"
    ],
    "InPlanePhaseEncodingDirectionDICOM": "ROW",
    "InstitutionAddress": "Exposition_Drive_1777_Boulder-_6392da-_Denver_US_80301",
    "InstitutionName": "Intermountain_Neuroimaging_Consortium",
    "InstitutionalDepartmentName": "Department",
    "InversionTime": 1,
    "MRAcquisitionType": "3D",
    "MagneticFieldStrength": 3,
    "Manufacturer": "Siemens",
    "ManufacturersModelName": "TrioTim",
    "Modality": "MR",
    "ParallelReductionFactorInPlane": 2,
    "PartialFourier": 1,
    "PatientPosition": "HFS",
    "PercentPhaseFOV": 100,
    "PhaseEncodingSteps": 319,
    "PhaseResolution": 1,
    "PixelBandwidth": 240,
    "ProcedureStepDescription": "VMITTAL_adaptcog_200068",
    "ProtocolName": "t1w_32ch_mpr_08mm",
    "PulseSequenceDetails": "%SiemensSeq%_tfl",
    "ReceiveCoilName": "32Ch_Head",
    "ReconMatrixPE": 320,
    "RepetitionTime": 2.4,
    "SAR": 0.079169,
    "ScanOptions": "IR_WE",
    "ScanningSequence": "GR_IR",
    "SequenceName": "_tfl3d1_ns",
    "SequenceVariant": "SP_MP",
    "SeriesDescription": "t1w_32ch_mpr_08mm",
    "SeriesNumber": 2,
    "ShimSetting": [
      6748,
      12593,
      -6761,
      257,
      194,
      -498,
      405,
      74
    ],
    "SliceThickness": 0.8,
    "SoftwareVersions": "syngo_MR_B17",
    "StationName": "MRC35451",
    "TxRefAmp": 334.813,
    "dataset": "ds001371",
    "modality": "T1w",
    "subject_id": "M80398983"
  },
  "cjv": 0.34153153635348754,
  "cnr": 3.908626446403419,
  "efc": 0.5608838465977737,
  "fber": 16545.07480760525,
  "fwhm_avg": 4.833729915426023,
  "fwhm_x": 4.878952389660579,
  "fwhm_y": 4.818599928197266,
  "fwhm_z": 4.803637428420224,
  "icvs_csf": 0.20140406717839032,
  "icvs_gm": 0.4537940962835729,
  "icvs_wm": 0.34480183653803675,
  "inu_med": 0.5312666594982147,
  "inu_range": 0.24512762874364846,
  "provenance": {
    "md5sum": "8fb94ed2f6dbd88fc2ff008bff1ba65a",
    "settings": {
      "testing": false
    },
    "software": "mriqc",
    "version": "22.0.6",
    "warnings": {
      "large_rot_frame": true,
      "small_air_mask": false
    },
    "webapi_port": null,
    "webapi_url": "https://mriqc.nimh.nih.gov/api/v1"
  },
  "qi_1": 0.0,
  "qi_2": 0.01566725683948674,
  "rpve_csf": 28.782912419461894,
  "rpve_gm": 13.7296605330199,
  "rpve_wm": 19.749733633857865,
  "size_x": 224,
  "size_y": 320,
  "size_z": 320,
  "snr_csf": 2.761875955002631,
  "snr_gm": 13.925024565704435,
  "snr_total": 12.903917483243431,
  "snr_wm": 22.024851929023228,
  "snrd_csf": 31.34299155676805,
  "snrd_gm": 89.50427905150109,
  "snrd_total": 81.25580036493436,
  "snrd_wm": 122.92013048653395,
  "spacing_x": 0.800003707408905,
  "spacing_y": 0.800000011920929,
  "spacing_z": 0.800000011920929,
  "summary_bg_k": 7.843684272945904,
  "summary_bg_mad": 5.330039101979845,
  "summary_bg_mean": 4.6160499257020495,
  "summary_bg_median": 3.5950567424297333,
  "summary_bg_n": 4675010.0,
  "summary_bg_p05": 0.0,
  "summary_bg_p95": 17.92535236850381,
  "summary_bg_stdv": 6.452873727730225,
  "summary_csf_k": 1.4967838487266327,
  "summary_csf_mad": 71.84448539543666,
  "summary_csf_mean": 271.009805120263,
  "summary_csf_median": 254.99937199428678,
  "summary_csf_n": 94529.0,
  "summary_csf_p05": 148.55573361217978,
  "summary_csf_p95": 447.25002443008106,
  "summary_csf_stdv": 92.32783345672176,
  "summary_gm_k": 0.3479563787713631,
  "summary_gm_mad": 50.061651982137086,
  "summary_gm_mean": 727.9747558340532,
  "summary_gm_median": 728.1862328806892,
  "summary_gm_n": 123298.0,
  "summary_gm_p05": 641.9672852419317,
  "summary_gm_p95": 813.8060043957084,
  "summary_gm_stdv": 52.29314149404046,
  "summary_wm_k": 0.44789455352113006,
  "summary_wm_mad": 42.78836945756042,
  "summary_wm_mean": 999.1398881493635,
  "summary_wm_median": 1000.0499161910266,
  "summary_wm_n": 395566.0,
  "summary_wm_p05": 922.68129921332,
  "summary_wm_p95": 1072.2506391014904,
  "summary_wm_stdv": 45.405465396012566,
  "tpm_overlap_csf": 0.136506225517115,
  "tpm_overlap_gm": 0.45985326589523834,
  "tpm_overlap_wm": 0.5025501201343309,
  "wm2max": 0.8963904491239063
}