{
  "bids_meta": {
    "AcquisitionMatrixPE": 320,
    "AcquisitionNumber": 1,
    "AcquisitionTime": "14:32:58.612500",
    "BaseResolution": 320,
    "ConversionSoftware": "dcm2niix",
    "ConversionSoftwareVersion": "v1.0.20171215 Clang9.0.0",
    "DeviceSerialNumber": "35451",
    "DwellTime": 6.5e-06,
    "EchoTime": 0.00201,
    "FlipAngle": 8,
    "ImageOrientationPatientDICOM": [
      -0.0191974,
      0.999816,
      7.46268e-09,
      -0.0139596,
      -0.000268031,
      -0.999903
    ],
    "ImageType": [
      "ORIGINAL",
      "PRIMARY",
      "M",
      "ND",
      "NORM"
    ],
    "InPlanePhaseEncodingDirectionDICOM": "ROW",
    "InstitutionAddress": "Exposition_Drive_1777_Boulder-_6392da-_Denver_US_80301",
    "InstitutionName": "Intermountain_Neuroimaging_Consortium",
    "InstitutionalDepartmentName": "Department",
    "InversionTime": 1,
    "MRAcquisitionType": "3D",
    "MagneticFieldStrength": 3,
    "Manufacturer": "Siemens",
    "ManufacturersModelName": "TrioTim",
    "Modality": "MR",
    "ParallelReductionFactorInPlane": 2,
    "PartialFourier": 1,
    "PatientPosition": "HFS",
    "PercentPhaseFOV": 100,
    "PhaseEncodingSteps": 319,
    "PhaseResolution": 1,
    "PixelBandwidth": 240,
    "ProcedureStepDescription": "VMITTAL_adaptcog_200068",
    "ProtocolName": "t1w_32ch_mpr_08mm",
    "PulseSequenceDetails": "%SiemensSeq%_tfl",
    "ReceiveCoilName": "32Ch_Head",
    "ReconMatrixPE": 320,
    "RepetitionTime": 2.4,
    "SAR": 0.098178,
    "ScanOptions": "IR_WE",
    "ScanningSequence": "GR_IR",
    "SequenceName": "_tfl3d1_ns",
    "SequenceVariant": "SP_MP",
    "SeriesDescription": "t1w_32ch_mpr_08mm",
    "SeriesNumber": 2,
    "ShimSetting": [
      6794,
      12549,
      -6786,
      129,
      252,
      -744,
      600,
      139
    ],
    "SliceThickness": 0.8,
    "SoftwareVersions": "syngo_MR_B17",
    "StationName": "MRC35451",
    "TxRefAmp": 349.112,
    "dataset": "ds001371",
    "modality": "T1w",
    "subject_id": "M80363504"
  },
  "cjv": 0.3481089738723832,
  "cnr": 3.902284033791043,
  "efc": 0.5654484779755042,
  "fber": 23512.87359624785,
  "fwhm_avg": 4.985621947450607,
  "fwhm_x": 4.785165993921961,
  "fwhm_y": 5.1588374231273315,
  "fwhm_z": 5.012862425302529,
  "icvs_csf": 0.17533932176145597,
  "icvs_gm": 0.42884362124839115,
  "icvs_wm": 0.39581705699015285,
  "inu_med": 0.4921000003814697,
  "inu_range": 0.2379329085350037,
  "provenance": {
    "md5sum": "9e0fbcd7c715596842c9f539573ef1c9",
    "settings": {
      "testing": false
    },
    "software": "mriqc",
    "version": "22.0.6",
    "warnings": {
      "large_rot_frame": true,
      "small_air_mask": false
    },
    "webapi_port": null,
    "webapi_url": "https://mriqc.nimh.nih.gov/api/v1"
  },
  "qi_1": 0.0,
  "qi_2": 0.020711424559829113,
  "rpve_csf": 27.449166661647162,
  "rpve_gm": 11.951113438488473,
  "rpve_wm": 14.85519305002916,
  "size_x": 224,
  "size_y": 320,
  "size_z": 320,
  "snr_csf": 2.1257690022716798,
  "snr_gm": 12.301514215482932,
  "snr_total": 12.0087975034797,
  "snr_wm": 21.59910929268449,
  "snrd_csf": 28.581484311103818,
  "snrd_gm": 76.7484957789285,
  "snrd_total": 71.13002132184897,
  "snrd_wm": 108.06008387551461,
  "spacing_x": 0.7999994158744812,
  "spacing_y": 0.800000011920929,
  "spacing_z": 0.800000011920929,
  "summary_bg_k": 10.015725522060134,
  "summary_bg_mad": 0.0,
  "summary_bg_mean": 3.629865059049403,
  "summary_bg_median": 0.0,
  "summary_bg_n": 5362193.0,
  "summary_bg_p05": 0.0,
  "summary_bg_p95": 16.524096241220832,
  "summary_bg_stdv": 6.0628464420018835,
  "summary_csf_k": 0.014335317678719317,
  "summary_csf_mad": 125.02287352148653,
  "summary_csf_mean": 267.6885733117679,
  "summary_csf_median": 264.50240051187575,
  "summary_csf_n": 82885.0,
  "summary_csf_p05": 66.80689773112535,
  "summary_csf_p95": 480.26923457086093,
  "summary_csf_stdv": 124.42593933098232,
  "summary_gm_k": 0.24303621389903096,
  "summary_gm_mad": 56.93253359085431,
  "summary_gm_mean": 711.124353278882,
  "summary_gm_median": 710.2556728068739,
  "summary_gm_n": 120044.0,
  "summary_gm_p05": 617.7487804125994,
  "summary_gm_p95": 806.0814077276736,
  "summary_gm_stdv": 57.737015301161314,
  "summary_wm_k": 0.36856840273107094,
  "summary_wm_mad": 43.93819390943595,
  "summary_wm_mean": 999.8523230924258,
  "summary_wm_median": 1000.0233463551849,
  "summary_wm_n": 539821.0,
  "summary_wm_p05": 923.1056649833918,
  "summary_wm_p95": 1075.5854441598058,
  "summary_wm_stdv": 46.29924348032626,
  "tpm_overlap_csf": 0.13310142931058075,
  "tpm_overlap_gm": 0.45962035579015875,
  "tpm_overlap_wm": 0.5104395078798052,
  "wm2max": 0.8801374089768379
}