{
  "aor": 0.0007573908174692049,
  "aqi": 0.008743858645016797,
  "bids_meta": {
    "AcquisitionMatrixPE": 82,
    "AcquisitionNumber": 1,
    "AcquisitionTime": "10:12:43.420000",
    "BandwidthPerPixelPhaseEncode": 23.912,
    "BaseResolution": 82,
    "ConversionSoftware": "dcm2niix",
    "ConversionSoftwareVersion": "v1.0.20171215 Clang9.0.0",
    "DerivedVendorReportedEchoSpacing": 0.00051,
    "DeviceSerialNumber": "35451",
    "DwellTime": 2.2e-06,
    "EchoTime": 0.029,
    "EffectiveEchoSpacing": 0.00051,
    "FlipAngle": 44,
    "ImageComments": "Unaliased_MB8_PE3_(remote)",
    "ImageOrientationPatientDICOM": [
      0.999988,
      0.00134159,
      0.00464945,
      -1.41818e-09,
      0.960802,
      -0.277237
    ],
    "ImageType": [
      "ORIGINAL",
      "PRIMARY",
      "M",
      "MB",
      "ND",
      "NORM",
      "MOSAIC"
    ],
    "InPlanePhaseEncodingDirectionDICOM": "COL",
    "InstitutionAddress": "Exposition_Drive_1777_Boulder-_6392da-_Denver_US_80301",
    "InstitutionName": "Intermountain_Neuroimaging_Consortium",
    "InstitutionalDepartmentName": "Department",
    "MRAcquisitionType": "2D",
    "MagneticFieldStrength": 3,
    "Manufacturer": "Siemens",
    "ManufacturersModelName": "TrioTim",
    "Modality": "MR",
    "MultibandAccelerationFactor": 8,
    "PartialFourier": 1,
    "PatientPosition": "HFS",
    "PercentPhaseFOV": 100,
    "PhaseEncodingDirection": "j",
    "PhaseEncodingSteps": 82,
    "PhaseResolution": 1,
    "PixelBandwidth": 2772,
    "ProcedureStepDescription": "VMITTAL_adaptcog_200068",
    "ProtocolName": "ritl_pa_32ch_mb8_v01_r02",
    "PulseSequenceDetails": "%CustomerSeq%_cmrr_mbep2d_bold",
    "ReceiveCoilName": "32Ch_Head",
    "ReconMatrixPE": 82,
    "RepetitionTime": 0.46,
    "SAR": 0.143196,
    "ScanOptions": "FS",
    "ScanningSequence": "EP",
    "SequenceName": "epfid2d1_82",
    "SequenceVariant": "SK_SS",
    "SeriesDescription": "ritl_pa_32ch_mb8_v01_r02",
    "SeriesNumber": 14,
    "ShimSetting": [
      6773,
      12695,
      -6729,
      529,
      129,
      436,
      -267,
      111
    ],
    "SliceThickness": 3,
    "SliceTiming": [
      0,
      0.265,
      0.065,
      0.33,
      0.1325,
      0.395,
      0.1975,
      0,
      0.265,
      0.065,
      0.33,
      0.1325,
      0.395,
      0.1975,
      0,
      0.265,
      0.065,
      0.33,
      0.1325,
      0.395,
      0.1975,
      0,
      0.265,
      0.065,
      0.33,
      0.1325,
      0.395,
      0.1975,
      0,
      0.265,
      0.065,
      0.33,
      0.1325,
      0.395,
      0.1975,
      0,
      0.265,
      0.065,
      0.33,
      0.1325,
      0.395,
      0.1975,
      0,
      0.265,
      0.065,
      0.33,
      0.1325,
      0.395,
      0.1975,
      0,
      0.265,
      0.065,
      0.33,
      0.1325,
      0.395,
      0.1975
    ],
    "SoftwareVersions": "syngo_MR_B17",
    "SpacingBetweenSlices": 3,
    "StationName": "MRC35451",
    "TaskName": "ritl",
    "TotalReadoutTime": 0.04131,
    "TxRefAmp": 335.959,
    "acq_id": "MB",
    "dataset": "ds001371",
    "modality": "bold",
    "run_id": 2,
    "subject_id": "M80380529",
    "task_id": "ritl"
  },
  "dummy_trs": 1,
  "dvars_nstd": 28.063853623082977,
  "dvars_std": 1.1407272625112104,
  "dvars_vstd": 1.0130890306278024,
  "efc": 0.415974896329793,
  "fber": 23443.77734375,
  "fd_mean": 0.048018403833595555,
  "fd_num": 10,
  "fd_perc": 1.1198208286674132,
  "fwhm_avg": 1.812193163465196,
  "fwhm_x": 1.672032916085281,
  "fwhm_y": 1.9725232409769737,
  "fwhm_z": 1.7920233333333335,
  "gcor": 0.0310158,
  "gsr_x": -0.021117743104696274,
  "gsr_y": 0.029014190658926964,
  "provenance": {
    "md5sum": "9d26678af5a637a0ad9e85d566229cc8",
    "settings": {
      "fd_thres": 0.2,
      "testing": false
    },
    "software": "mriqc",
    "version": "22.0.6",
    "webapi_port": null,
    "webapi_url": "https://mriqc.nimh.nih.gov/api/v1"
  },
  "size_t": 893,
  "size_x": 82,
  "size_y": 82,
  "size_z": 56,
  "snr": 6.775016605255852,
  "spacing_tr": 0.46000000834465027,
  "spacing_x": 3.02439022064209,
  "spacing_y": 3.02439022064209,
  "spacing_z": 3.0,
  "summary_bg_k": 22.306077007415915,
  "summary_bg_mad": 2.497014347627967,
  "summary_bg_mean": 11.858892440795898,
  "summary_bg_median": 1.9339306354522705,
  "summary_bg_n": 281723.0,
  "summary_bg_p05": 0.02351623773574829,
  "summary_bg_p95": 64.1846641540527,
  "summary_bg_stdv": 26.465410232543945,
  "summary_fg_k": 1.3756598290976276,
  "summary_fg_mad": 40.53664674137228,
  "summary_fg_mean": 291.52703857421875,
  "summary_fg_median": 291.0011291503906,
  "summary_fg_n": 42039.0,
  "summary_fg_p05": 224.84155731201173,
  "summary_fg_p95": 361.4693206787109,
  "summary_fg_stdv": 42.95158004760742,
  "tsnr": 53.10699375765398
}