{
  "aor": 0.001347276836158192,
  "aqi": 0.008956986802259887,
  "bids_meta": {
    "AcquisitionMatrixPE": 82,
    "AcquisitionNumber": 1,
    "AcquisitionTime": "10:42:11.642500",
    "BandwidthPerPixelPhaseEncode": 23.912,
    "BaseResolution": 82,
    "ConversionSoftware": "dcm2niix",
    "ConversionSoftwareVersion": "v1.0.20171215 Clang9.0.0",
    "DerivedVendorReportedEchoSpacing": 0.00051,
    "DeviceSerialNumber": "35451",
    "DwellTime": 2.2e-06,
    "EchoTime": 0.029,
    "EffectiveEchoSpacing": 0.00051,
    "FlipAngle": 44,
    "ImageComments": "Unaliased_MB8_PE3_(remote)",
    "ImageOrientationPatientDICOM": [
      0.999988,
      0.00134159,
      0.00464945,
      -1.41818e-09,
      0.960802,
      -0.277237
    ],
    "ImageType": [
      "ORIGINAL",
      "PRIMARY",
      "M",
      "MB",
      "ND",
      "NORM",
      "MOSAIC"
    ],
    "InPlanePhaseEncodingDirectionDICOM": "COL",
    "InstitutionAddress": "Exposition_Drive_1777_Boulder-_6392da-_Denver_US_80301",
    "InstitutionName": "Intermountain_Neuroimaging_Consortium",
    "InstitutionalDepartmentName": "Department",
    "MRAcquisitionType": "2D",
    "MagneticFieldStrength": 3,
    "Manufacturer": "Siemens",
    "ManufacturersModelName": "TrioTim",
    "Modality": "MR",
    "MultibandAccelerationFactor": 8,
    "PartialFourier": 1,
    "PatientPosition": "HFS",
    "PercentPhaseFOV": 100,
    "PhaseEncodingDirection": "j",
    "PhaseEncodingSteps": 82,
    "PhaseResolution": 1,
    "PixelBandwidth": 2772,
    "ProcedureStepDescription": "VMITTAL_adaptcog_200068",
    "ProtocolName": "ritl_pa_32ch_mb8_v01_r06",
    "PulseSequenceDetails": "%CustomerSeq%_cmrr_mbep2d_bold",
    "ReceiveCoilName": "32Ch_Head",
    "ReconMatrixPE": 82,
    "RepetitionTime": 0.46,
    "SAR": 0.144749,
    "ScanOptions": "FS",
    "ScanningSequence": "EP",
    "SequenceName": "epfid2d1_82",
    "SequenceVariant": "SK_SS",
    "SeriesDescription": "ritl_pa_32ch_mb8_v01_r06",
    "SeriesNumber": 22,
    "ShimSetting": [
      6773,
      12695,
      -6729,
      529,
      129,
      436,
      -267,
      111
    ],
    "SliceThickness": 3,
    "SliceTiming": [
      0,
      0.265,
      0.0675,
      0.33,
      0.1325,
      0.3975,
      0.1975,
      0,
      0.265,
      0.0675,
      0.33,
      0.1325,
      0.3975,
      0.1975,
      0,
      0.265,
      0.0675,
      0.33,
      0.1325,
      0.3975,
      0.1975,
      0,
      0.265,
      0.0675,
      0.33,
      0.1325,
      0.3975,
      0.1975,
      0,
      0.265,
      0.0675,
      0.33,
      0.1325,
      0.3975,
      0.1975,
      0,
      0.265,
      0.0675,
      0.33,
      0.1325,
      0.3975,
      0.1975,
      0,
      0.265,
      0.0675,
      0.33,
      0.1325,
      0.3975,
      0.1975,
      0,
      0.265,
      0.0675,
      0.33,
      0.1325,
      0.3975,
      0.1975
    ],
    "SoftwareVersions": "syngo_MR_B17",
    "SpacingBetweenSlices": 3,
    "StationName": "MRC35451",
    "TaskName": "ritl",
    "TotalReadoutTime": 0.04131,
    "TxRefAmp": 335.959,
    "acq_id": "MB",
    "dataset": "ds001371",
    "modality": "bold",
    "run_id": 6,
    "subject_id": "M80380529",
    "task_id": "ritl"
  },
  "dummy_trs": 9,
  "dvars_nstd": 28.09314462622174,
  "dvars_std": 1.1491593727262441,
  "dvars_vstd": 1.0217298929072396,
  "efc": 0.4175072112566246,
  "fber": 21847.146484375,
  "fd_mean": 0.047883031167353894,
  "fd_num": 11,
  "fd_perc": 1.2429378531073447,
  "fwhm_avg": 1.7955827691036355,
  "fwhm_x": 1.6542111417546668,
  "fwhm_y": 1.952770498889573,
  "fwhm_z": 1.7797666666666665,
  "gcor": 0.0282991,
  "gsr_x": -0.02195623703300953,
  "gsr_y": 0.02972954884171486,
  "provenance": {
    "md5sum": "cc05a4d614b0a41e0bfb3f933a1b1979",
    "settings": {
      "fd_thres": 0.2,
      "testing": false
    },
    "software": "mriqc",
    "version": "22.0.6",
    "webapi_port": null,
    "webapi_url": "https://mriqc.nimh.nih.gov/api/v1"
  },
  "size_t": 885,
  "size_x": 82,
  "size_y": 82,
  "size_z": 56,
  "snr": 6.782813030196279,
  "spacing_tr": 0.46000000834465027,
  "spacing_x": 3.02439022064209,
  "spacing_y": 3.02439022064209,
  "spacing_z": 3.0,
  "summary_bg_k": 21.738441070319343,
  "summary_bg_mad": 2.5614676763706052,
  "summary_bg_mean": 12.192479133605957,
  "summary_bg_median": 2.0056498050689697,
  "summary_bg_n": 282114.0,
  "summary_bg_p05": 0.029378531500697136,
  "summary_bg_p95": 65.89304962158201,
  "summary_bg_stdv": 26.907272338867188,
  "summary_fg_k": 1.7501174311620904,
  "summary_fg_mad": 40.16762502219102,
  "summary_fg_mean": 291.7713317871094,
  "summary_fg_median": 291.33447265625,
  "summary_fg_n": 41759.0,
  "summary_fg_p05": 225.674462890625,
  "summary_fg_p95": 361.6184143066406,
  "summary_fg_stdv": 42.951351165771484,
  "tsnr": 53.1096938084811
}