{
  "bids_meta": {
    "AcquisitionMatrixPE": 320,
    "AcquisitionNumber": 1,
    "AcquisitionTime": "13:51:34.307500",
    "BaseResolution": 320,
    "ConversionSoftware": "dcm2niix",
    "ConversionSoftwareVersion": "v1.0.20171215 Clang9.0.0",
    "DeviceSerialNumber": "35451",
    "DwellTime": 6.5e-06,
    "EchoTime": 0.00201,
    "FlipAngle": 8,
    "ImageOrientationPatientDICOM": [
      0.0296662,
      0.99956,
      -1.56623e-08,
      0.0401141,
      -0.00119057,
      -0.999194
    ],
    "ImageType": [
      "ORIGINAL",
      "PRIMARY",
      "M",
      "ND",
      "NORM"
    ],
    "InPlanePhaseEncodingDirectionDICOM": "ROW",
    "InstitutionAddress": "Exposition_Drive_1777_Boulder-_6392da-_Denver_US_80301",
    "InstitutionName": "Intermountain_Neuroimaging_Consortium",
    "InstitutionalDepartmentName": "Department",
    "InversionTime": 1,
    "MRAcquisitionType": "3D",
    "MagneticFieldStrength": 3,
    "Manufacturer": "Siemens",
    "ManufacturersModelName": "TrioTim",
    "Modality": "MR",
    "ParallelReductionFactorInPlane": 2,
    "PartialFourier": 1,
    "PatientPosition": "HFS",
    "PercentPhaseFOV": 100,
    "PhaseEncodingSteps": 319,
    "PhaseResolution": 1,
    "PixelBandwidth": 240,
    "ProcedureStepDescription": "VMITTAL_adaptcog_200068",
    "ProtocolName": "t1w_32ch_mpr_08mm",
    "PulseSequenceDetails": "%SiemensSeq%_tfl",
    "ReceiveCoilName": "32Ch_Head",
    "ReconMatrixPE": 320,
    "RepetitionTime": 2.4,
    "SAR": 0.0816242,
    "ScanOptions": "IR_WE",
    "ScanningSequence": "GR_IR",
    "SequenceName": "_tfl3d1_ns",
    "SequenceVariant": "SP_MP",
    "SeriesDescription": "t1w_32ch_mpr_08mm",
    "SeriesNumber": 2,
    "ShimSetting": [
      6820,
      12614,
      -6843,
      15,
      238,
      -486,
      52,
      -58
    ],
    "SliceThickness": 0.8,
    "SoftwareVersions": "syngo_MR_B17",
    "StationName": "MRC35451",
    "TxRefAmp": 343.2,
    "dataset": "ds001371",
    "modality": "T1w",
    "subject_id": "M80375491"
  },
  "cjv": 0.3202598195370677,
  "cnr": 4.062984303984762,
  "efc": 0.5611678115589084,
  "fber": 13894.383478453216,
  "fwhm_avg": 4.556291946590015,
  "fwhm_x": 4.66832597388869,
  "fwhm_y": 4.446312433744781,
  "fwhm_z": 4.554237432136574,
  "icvs_csf": 0.21285542295230322,
  "icvs_gm": 0.4514319634850778,
  "icvs_wm": 0.335712613562619,
  "inu_med": 0.527804046869278,
  "inu_range": 0.2247445628046989,
  "provenance": {
    "md5sum": "76564e3e9f5c6162bb682466dbb38817",
    "settings": {
      "testing": false
    },
    "software": "mriqc",
    "version": "22.0.6",
    "warnings": {
      "large_rot_frame": true,
      "small_air_mask": false
    },
    "webapi_port": null,
    "webapi_url": "https://mriqc.nimh.nih.gov/api/v1"
  },
  "qi_1": 2.785523633675787e-05,
  "qi_2": 0.00968155612253822,
  "rpve_csf": 26.53673392410604,
  "rpve_gm": 13.293960815238309,
  "rpve_wm": 19.863552405049173,
  "size_x": 224,
  "size_y": 320,
  "size_z": 320,
  "snr_csf": 2.64644958330632,
  "snr_gm": 13.307005508377337,
  "snr_total": 12.536012278209599,
  "snr_wm": 21.65458174294514,
  "snrd_csf": 32.590271816034836,
  "snrd_gm": 88.85809629038398,
  "snrd_total": 82.09625103925674,
  "snrd_wm": 124.84038501135139,
  "spacing_x": 0.7999998331069946,
  "spacing_y": 0.800000011920929,
  "spacing_z": 0.800000011920929,
  "summary_bg_k": 8.730873528735815,
  "summary_bg_mad": 5.2479112914868775,
  "summary_bg_mean": 4.6091754149305,
  "summary_bg_median": 3.5396623760461807,
  "summary_bg_n": 4698493.0,
  "summary_bg_p05": 0.0,
  "summary_bg_p95": 17.357959728688,
  "summary_bg_stdv": 6.234227040317503,
  "summary_csf_k": 2.5741124823555843,
  "summary_csf_mad": 72.20924094343964,
  "summary_csf_mean": 273.051728815422,
  "summary_csf_median": 261.0614453051239,
  "summary_csf_n": 102046.0,
  "summary_csf_p05": 119.9684608830139,
  "summary_csf_p95": 462.68605987913907,
  "summary_csf_stdv": 98.6454334186616,
  "summary_gm_k": 0.38955240174675776,
  "summary_gm_mad": 50.59524732305297,
  "summary_gm_mean": 710.1563985607523,
  "summary_gm_median": 711.789799593389,
  "summary_gm_n": 108237.0,
  "summary_gm_p05": 619.8448003612459,
  "summary_gm_p95": 795.9475415982306,
  "summary_gm_stdv": 53.48960823906753,
  "summary_wm_k": 0.9052727901802169,
  "summary_wm_mad": 41.714166675921334,
  "summary_wm_mean": 997.2016937406146,
  "summary_wm_median": 1000.0226916633546,
  "summary_wm_n": 378738.0,
  "summary_wm_p05": 917.2036681212485,
  "summary_wm_p95": 1068.1611924022436,
  "summary_wm_stdv": 46.180590478709355,
  "tpm_overlap_csf": 0.1406234623141607,
  "tpm_overlap_gm": 0.448766489996662,
  "tpm_overlap_wm": 0.47695616957459186,
  "wm2max": 0.8909576081023712
}