{
  "aor": 0.0015971797752808987,
  "aqi": 0.021881179662921347,
  "bids_meta": {
    "AcquisitionMatrixPE": 82,
    "AcquisitionNumber": 1,
    "AcquisitionTime": "10:12:55.000000",
    "BandwidthPerPixelPhaseEncode": 23.912,
    "BaseResolution": 82,
    "ConversionSoftware": "dcm2niix",
    "ConversionSoftwareVersion": "v1.0.20171215 Clang9.0.0",
    "DerivedVendorReportedEchoSpacing": 0.00051,
    "DeviceSerialNumber": "35451",
    "DwellTime": 2.2e-06,
    "EchoTime": 0.029,
    "EffectiveEchoSpacing": 0.00051,
    "FlipAngle": 44,
    "ImageComments": "Unaliased_MB8_PE3_(remote)",
    "ImageOrientationPatientDICOM": [
      1,
      0,
      0,
      0,
      0.945519,
      -0.325568
    ],
    "ImageType": [
      "ORIGINAL",
      "PRIMARY",
      "M",
      "MB",
      "ND",
      "NORM",
      "MOSAIC"
    ],
    "InPlanePhaseEncodingDirectionDICOM": "COL",
    "InstitutionAddress": "Exposition_Drive_1777_Boulder-_c0d8dc-_Denver_US_80301",
    "InstitutionName": "Intermountain_Neuroimaging_Consortium",
    "InstitutionalDepartmentName": "Department",
    "MRAcquisitionType": "2D",
    "MagneticFieldStrength": 3,
    "Manufacturer": "Siemens",
    "ManufacturersModelName": "TrioTim",
    "Modality": "MR",
    "MultibandAccelerationFactor": 8,
    "PartialFourier": 1,
    "PatientPosition": "HFS",
    "PercentPhaseFOV": 100,
    "PhaseEncodingDirection": "j",
    "PhaseEncodingSteps": 82,
    "PhaseResolution": 1,
    "PixelBandwidth": 2772,
    "ProcedureStepDescription": "VMITTAL_adaptcog_200068",
    "ProtocolName": "ritl_pa_32ch_mb8_v01_r01",
    "PulseSequenceDetails": "%CustomerSeq%_cmrr_mbep2d_bold",
    "ReceiveCoilName": "32Ch_Head",
    "ReconMatrixPE": 82,
    "RepetitionTime": 0.46,
    "SAR": 0.173168,
    "ScanOptions": "FS",
    "ScanningSequence": "EP",
    "SequenceName": "epfid2d1_82",
    "SequenceVariant": "SK_SS",
    "SeriesDescription": "ritl_pa_32ch_mb8_v01_r01",
    "SeriesNumber": 6,
    "ShimSetting": [
      6753,
      12645,
      -6744,
      470,
      257,
      245,
      -183,
      -50
    ],
    "SliceThickness": 3,
    "SliceTiming": [
      0,
      0.2625,
      0.065,
      0.3275,
      0.13,
      0.395,
      0.1975,
      0,
      0.2625,
      0.065,
      0.3275,
      0.13,
      0.395,
      0.1975,
      0,
      0.2625,
      0.065,
      0.3275,
      0.13,
      0.395,
      0.1975,
      0,
      0.2625,
      0.065,
      0.3275,
      0.13,
      0.395,
      0.1975,
      0,
      0.2625,
      0.065,
      0.3275,
      0.13,
      0.395,
      0.1975,
      0,
      0.2625,
      0.065,
      0.3275,
      0.13,
      0.395,
      0.1975,
      0,
      0.2625,
      0.065,
      0.3275,
      0.13,
      0.395,
      0.1975,
      0,
      0.2625,
      0.065,
      0.3275,
      0.13,
      0.395,
      0.1975
    ],
    "SoftwareVersions": "syngo_MR_B17",
    "SpacingBetweenSlices": 3,
    "StationName": "MRC35451",
    "TaskName": "ritl",
    "TotalReadoutTime": 0.04131,
    "TxRefAmp": 333.922,
    "acq_id": "MB",
    "dataset": "ds001371",
    "modality": "bold",
    "run_id": 1,
    "subject_id": "M80363038",
    "task_id": "ritl"
  },
  "dummy_trs": 4,
  "dvars_nstd": 33.720777844139484,
  "dvars_std": 1.1653943340382462,
  "dvars_vstd": 1.0080118418560178,
  "efc": 0.3854867038614096,
  "fber": 46672.6640625,
  "fd_mean": 0.14490599922386527,
  "fd_num": 165,
  "fd_perc": 18.53932584269663,
  "fwhm_avg": 1.8097895970415525,
  "fwhm_x": 1.6839692064996628,
  "fwhm_y": 1.9155729179583283,
  "fwhm_z": 1.8298266666666667,
  "gcor": 0.0133959,
  "gsr_x": -0.017219118773937225,
  "gsr_y": 0.021400796249508858,
  "provenance": {
    "md5sum": "506c45edaf0a7a8d1825d0b02dd73a42",
    "settings": {
      "fd_thres": 0.2,
      "testing": false
    },
    "software": "mriqc",
    "version": "22.0.6",
    "webapi_port": null,
    "webapi_url": "https://mriqc.nimh.nih.gov/api/v1"
  },
  "size_t": 890,
  "size_x": 82,
  "size_y": 82,
  "size_z": 56,
  "snr": 7.346939435336405,
  "spacing_tr": 0.46000000834465027,
  "spacing_x": 3.02439022064209,
  "spacing_y": 3.02439022064209,
  "spacing_z": 3.0,
  "summary_bg_k": 34.769400596049024,
  "summary_bg_mad": 1.5642286840176058,
  "summary_bg_mean": 7.039671421051025,
  "summary_bg_median": 1.180898904800415,
  "summary_bg_n": 284750.0,
  "summary_bg_p05": 0.013483146205544472,
  "summary_bg_p95": 37.308990478515625,
  "summary_bg_stdv": 17.89020538330078,
  "summary_fg_k": 1.6346006580055876,
  "summary_fg_mad": 31.460323186786688,
  "summary_fg_mean": 249.39544677734375,
  "summary_fg_median": 249.1129150390625,
  "summary_fg_n": 39982.0,
  "summary_fg_p05": 196.73107681274413,
  "summary_fg_p95": 305.1749557495117,
  "summary_fg_stdv": 33.90660858154297,
  "tsnr": 37.62028620403726
}