{
  "aor": 0.0013744730941704032,
  "aqi": 0.027972491031390132,
  "bids_meta": {
    "AcquisitionMatrixPE": 82,
    "AcquisitionNumber": 1,
    "AcquisitionTime": "10:27:48.432500",
    "BandwidthPerPixelPhaseEncode": 23.912,
    "BaseResolution": 82,
    "ConversionSoftware": "dcm2niix",
    "ConversionSoftwareVersion": "v1.0.20171215 Clang9.0.0",
    "DerivedVendorReportedEchoSpacing": 0.00051,
    "DeviceSerialNumber": "35451",
    "DwellTime": 2.2e-06,
    "EchoTime": 0.029,
    "EffectiveEchoSpacing": 0.00051,
    "FlipAngle": 44,
    "ImageComments": "Unaliased_MB8_PE3_(remote)",
    "ImageOrientationPatientDICOM": [
      1,
      0,
      0,
      0,
      0.945519,
      -0.325568
    ],
    "ImageType": [
      "ORIGINAL",
      "PRIMARY",
      "M",
      "MB",
      "ND",
      "NORM",
      "MOSAIC"
    ],
    "InPlanePhaseEncodingDirectionDICOM": "COL",
    "InstitutionAddress": "Exposition_Drive_1777_Boulder-_c0d8dc-_Denver_US_80301",
    "InstitutionName": "Intermountain_Neuroimaging_Consortium",
    "InstitutionalDepartmentName": "Department",
    "MRAcquisitionType": "2D",
    "MagneticFieldStrength": 3,
    "Manufacturer": "Siemens",
    "ManufacturersModelName": "TrioTim",
    "Modality": "MR",
    "MultibandAccelerationFactor": 8,
    "PartialFourier": 1,
    "PatientPosition": "HFS",
    "PercentPhaseFOV": 100,
    "PhaseEncodingDirection": "j",
    "PhaseEncodingSteps": 82,
    "PhaseResolution": 1,
    "PixelBandwidth": 2772,
    "ProcedureStepDescription": "VMITTAL_adaptcog_200068",
    "ProtocolName": "ritl_pa_32ch_mb8_v01_r03",
    "PulseSequenceDetails": "%CustomerSeq%_cmrr_mbep2d_bold",
    "ReceiveCoilName": "32Ch_Head",
    "ReconMatrixPE": 82,
    "RepetitionTime": 0.46,
    "SAR": 0.176926,
    "ScanOptions": "FS",
    "ScanningSequence": "EP",
    "SequenceName": "epfid2d1_82",
    "SequenceVariant": "SK_SS",
    "SeriesDescription": "ritl_pa_32ch_mb8_v01_r03",
    "SeriesNumber": 10,
    "ShimSetting": [
      6753,
      12645,
      -6744,
      470,
      257,
      245,
      -183,
      -50
    ],
    "SliceThickness": 3,
    "SliceTiming": [
      0,
      0.2625,
      0.065,
      0.3275,
      0.13,
      0.395,
      0.1975,
      0,
      0.2625,
      0.065,
      0.3275,
      0.13,
      0.395,
      0.1975,
      0,
      0.2625,
      0.065,
      0.3275,
      0.13,
      0.395,
      0.1975,
      0,
      0.2625,
      0.065,
      0.3275,
      0.13,
      0.395,
      0.1975,
      0,
      0.2625,
      0.065,
      0.3275,
      0.13,
      0.395,
      0.1975,
      0,
      0.2625,
      0.065,
      0.3275,
      0.13,
      0.395,
      0.1975,
      0,
      0.2625,
      0.065,
      0.3275,
      0.13,
      0.395,
      0.1975,
      0,
      0.2625,
      0.065,
      0.3275,
      0.13,
      0.395,
      0.1975
    ],
    "SoftwareVersions": "syngo_MR_B17",
    "SpacingBetweenSlices": 3,
    "StationName": "MRC35451",
    "TaskName": "ritl",
    "TotalReadoutTime": 0.04131,
    "TxRefAmp": 333.922,
    "acq_id": "MB",
    "dataset": "ds001371",
    "modality": "bold",
    "run_id": 3,
    "subject_id": "M80363038",
    "task_id": "ritl"
  },
  "dummy_trs": 2,
  "dvars_nstd": 34.97262429818184,
  "dvars_std": 1.115983707340067,
  "dvars_vstd": 0.9893951877328844,
  "efc": 0.3788148261111519,
  "fber": 54345.11328125,
  "fd_mean": 0.2512910715071785,
  "fd_num": 360,
  "fd_perc": 40.35874439461883,
  "fwhm_avg": 1.7842368370981896,
  "fwhm_x": 1.679641061305085,
  "fwhm_y": 1.8860694499894837,
  "fwhm_z": 1.787,
  "gcor": 0.0134557,
  "gsr_x": -0.014450122602283955,
  "gsr_y": 0.022161725908517838,
  "provenance": {
    "md5sum": "211cb141e53f488a7c1805efb12a63f4",
    "settings": {
      "fd_thres": 0.2,
      "testing": false
    },
    "software": "mriqc",
    "version": "22.0.6",
    "webapi_port": null,
    "webapi_url": "https://mriqc.nimh.nih.gov/api/v1"
  },
  "size_t": 892,
  "size_x": 82,
  "size_y": 82,
  "size_z": 56,
  "snr": 7.4684609011315475,
  "spacing_tr": 0.46000000834465027,
  "spacing_x": 3.02439022064209,
  "spacing_y": 3.02439022064209,
  "spacing_z": 3.0,
  "summary_bg_k": 38.612187609082795,
  "summary_bg_mad": 1.4726296995619033,
  "summary_bg_mean": 6.681072235107422,
  "summary_bg_median": 1.1132287979125977,
  "summary_bg_n": 285996.0,
  "summary_bg_p05": 0.01233183965086937,
  "summary_bg_p95": 35.01569747924805,
  "summary_bg_stdv": 17.379627227783203,
  "summary_fg_k": 1.7339533888723304,
  "summary_fg_mad": 31.076483589597593,
  "summary_fg_mean": 251.5071563720703,
  "summary_fg_median": 251.01683044433594,
  "summary_fg_n": 39295.0,
  "summary_fg_p05": 199.3797164916992,
  "summary_fg_p95": 306.62433776855465,
  "summary_fg_stdv": 33.60982131958008,
  "tsnr": 33.43622766737826
}