{
  "aor": 0.005919653243847875,
  "aqi": 0.01809777546979866,
  "bids_meta": {
    "AcquisitionMatrixPE": 82,
    "AcquisitionNumber": 1,
    "AcquisitionTime": "17:59:34.540000",
    "BandwidthPerPixelPhaseEncode": 23.912,
    "BaseResolution": 82,
    "ConversionSoftware": "dcm2niix",
    "ConversionSoftwareVersion": "v1.0.20171215 Clang9.0.0",
    "DerivedVendorReportedEchoSpacing": 0.00051,
    "DeviceSerialNumber": "35451",
    "DwellTime": 2.2e-06,
    "EchoTime": 0.029,
    "EffectiveEchoSpacing": 0.00051,
    "FlipAngle": 44,
    "ImageComments": "Unaliased_MB8_PE3_(remote)",
    "ImageOrientationPatientDICOM": [
      0.999171,
      0.0146166,
      0.0380029,
      -3.09712e-08,
      0.933345,
      -0.358981
    ],
    "ImageType": [
      "ORIGINAL",
      "PRIMARY",
      "M",
      "MB",
      "ND",
      "NORM",
      "MOSAIC"
    ],
    "InPlanePhaseEncodingDirectionDICOM": "COL",
    "InstitutionAddress": "Exposition_Drive_1777_Boulder-_6392da-_Denver_US_80301",
    "InstitutionName": "Intermountain_Neuroimaging_Consortium",
    "InstitutionalDepartmentName": "Department",
    "MRAcquisitionType": "2D",
    "MagneticFieldStrength": 3,
    "Manufacturer": "Siemens",
    "ManufacturersModelName": "TrioTim",
    "Modality": "MR",
    "MultibandAccelerationFactor": 8,
    "PartialFourier": 1,
    "PatientPosition": "HFS",
    "PercentPhaseFOV": 100,
    "PhaseEncodingDirection": "j",
    "PhaseEncodingSteps": 82,
    "PhaseResolution": 1,
    "PixelBandwidth": 2772,
    "ProcedureStepDescription": "VMITTAL_adaptcog_200068",
    "ProtocolName": "ritl_pa_32ch_mb8_v01_r06",
    "PulseSequenceDetails": "%CustomerSeq%_cmrr_mbep2d_bold",
    "ReceiveCoilName": "32Ch_Head",
    "ReconMatrixPE": 82,
    "RepetitionTime": 0.46,
    "SAR": 0.142058,
    "ScanOptions": "FS",
    "ScanningSequence": "EP",
    "SequenceName": "epfid2d1_82",
    "SequenceVariant": "SK_SS",
    "SeriesDescription": "ritl_pa_32ch_mb8_v01_r06",
    "SeriesNumber": 22,
    "ShimSetting": [
      6776,
      12650,
      -6701,
      643,
      141,
      16,
      -137,
      65
    ],
    "SliceThickness": 3,
    "SliceTiming": [
      0,
      0.265,
      0.065,
      0.33,
      0.1325,
      0.395,
      0.1975,
      0,
      0.265,
      0.065,
      0.33,
      0.1325,
      0.395,
      0.1975,
      0,
      0.265,
      0.065,
      0.33,
      0.1325,
      0.395,
      0.1975,
      0,
      0.265,
      0.065,
      0.33,
      0.1325,
      0.395,
      0.1975,
      0,
      0.265,
      0.065,
      0.33,
      0.1325,
      0.395,
      0.1975,
      0,
      0.265,
      0.065,
      0.33,
      0.1325,
      0.395,
      0.1975,
      0,
      0.265,
      0.065,
      0.33,
      0.1325,
      0.395,
      0.1975,
      0,
      0.265,
      0.065,
      0.33,
      0.1325,
      0.395,
      0.1975
    ],
    "SoftwareVersions": "syngo_MR_B17",
    "SpacingBetweenSlices": 3,
    "StationName": "MRC35451",
    "TaskName": "ritl",
    "TotalReadoutTime": 0.04131,
    "TxRefAmp": 331.467,
    "acq_id": "MB",
    "dataset": "ds001371",
    "modality": "bold",
    "run_id": 6,
    "subject_id": "M80303045",
    "task_id": "ritl"
  },
  "dummy_trs": 0,
  "dvars_nstd": 26.372154622687578,
  "dvars_std": 1.2037140099999994,
  "dvars_vstd": 1.0939982429563273,
  "efc": 0.3734654055272044,
  "fber": 49681.7734375,
  "fd_mean": 0.12366347268336886,
  "fd_num": 118,
  "fd_perc": 13.19910514541387,
  "fwhm_avg": 1.788540511000263,
  "fwhm_x": 1.6655225128094036,
  "fwhm_y": 1.9263023535247186,
  "fwhm_z": 1.7737966666666667,
  "gcor": 0.0483837,
  "gsr_x": -0.024752046912908554,
  "gsr_y": 0.02542838267982006,
  "provenance": {
    "md5sum": "0c4bb1c865f553771eaf6b7265cb1153",
    "settings": {
      "fd_thres": 0.2,
      "testing": false
    },
    "software": "mriqc",
    "version": "22.0.6",
    "webapi_port": null,
    "webapi_url": "https://mriqc.nimh.nih.gov/api/v1"
  },
  "size_t": 894,
  "size_x": 82,
  "size_y": 82,
  "size_z": 56,
  "snr": 7.400426193636186,
  "spacing_tr": 0.46000000834465027,
  "spacing_x": 3.02439022064209,
  "spacing_y": 3.02439022064209,
  "spacing_z": 3.0,
  "summary_bg_k": 32.93726246061162,
  "summary_bg_mad": 1.975144489162851,
  "summary_bg_mean": 9.854287147521973,
  "summary_bg_median": 1.501118540763855,
  "summary_bg_n": 291202.0,
  "summary_bg_p05": 0.005592841189354658,
  "summary_bg_p95": 51.6442388534546,
  "summary_bg_stdv": 24.76936149597168,
  "summary_fg_k": 2.6300128404319665,
  "summary_fg_mad": 39.016988516489846,
  "summary_fg_mean": 325.6805114746094,
  "summary_fg_median": 325.47314453125,
  "summary_fg_n": 34487.0,
  "summary_fg_p05": 258.5959777832031,
  "summary_fg_p95": 395.440493774414,
  "summary_fg_stdv": 43.97968673706055,
  "tsnr": 41.14510180125944
}