{
  "bids_meta": {
    "AcquisitionMatrixPE": 320,
    "AcquisitionNumber": 1,
    "AcquisitionTime": "09:18:14.397500",
    "BaseResolution": 320,
    "ConversionSoftware": "dcm2niix",
    "ConversionSoftwareVersion": "v1.0.20171215 Clang9.0.0",
    "DeviceSerialNumber": "35451",
    "DwellTime": 6.5e-06,
    "EchoTime": 0.00201,
    "FlipAngle": 8,
    "ImageOrientationPatientDICOM": [
      -0.0174524,
      0.999848,
      0,
      0,
      0,
      -1
    ],
    "ImageType": [
      "ORIGINAL",
      "PRIMARY",
      "M",
      "ND",
      "NORM"
    ],
    "InPlanePhaseEncodingDirectionDICOM": "ROW",
    "InstitutionAddress": "Exposition_Drive_1777_Boulder-_6392da-_Denver_US_80301",
    "InstitutionName": "Intermountain_Neuroimaging_Consortium",
    "InstitutionalDepartmentName": "Department",
    "InversionTime": 1,
    "MRAcquisitionType": "3D",
    "MagneticFieldStrength": 3,
    "Manufacturer": "Siemens",
    "ManufacturersModelName": "TrioTim",
    "Modality": "MR",
    "ParallelReductionFactorInPlane": 2,
    "PartialFourier": 1,
    "PatientPosition": "HFS",
    "PercentPhaseFOV": 100,
    "PhaseEncodingSteps": 319,
    "PhaseResolution": 1,
    "PixelBandwidth": 240,
    "ProcedureStepDescription": "VMITTAL_adaptcog_200068",
    "ProtocolName": "t1w_32ch_mpr_08mm",
    "PulseSequenceDetails": "%SiemensSeq%_tfl",
    "ReceiveCoilName": "32Ch_Head",
    "ReconMatrixPE": 320,
    "RepetitionTime": 2.4,
    "SAR": 0.0676873,
    "ScanOptions": "IR_WE",
    "ScanningSequence": "GR_IR",
    "SequenceName": "_tfl3d1_ns",
    "SequenceVariant": "SP_MP",
    "SeriesDescription": "t1w_32ch_mpr_08mm",
    "SeriesNumber": 2,
    "ShimSetting": [
      6779,
      12583,
      -6764,
      127,
      196,
      -521,
      280,
      116
    ],
    "SliceThickness": 0.8,
    "SoftwareVersions": "syngo_MR_B17",
    "StationName": "MRC35451",
    "TxRefAmp": 335.959,
    "dataset": "ds001371",
    "modality": "T1w",
    "subject_id": "M80380529"
  },
  "cjv": 0.3137733167834878,
  "cnr": 4.164717990960318,
  "efc": 0.5551000107258867,
  "fber": 17083.949625086963,
  "fwhm_avg": 4.592882098685785,
  "fwhm_x": 4.568721433295932,
  "fwhm_y": 4.640074930857495,
  "fwhm_z": 4.56984993190393,
  "icvs_csf": 0.18613264829654463,
  "icvs_gm": 0.46775131469777115,
  "icvs_wm": 0.3461160370056842,
  "inu_med": 0.4752044081687927,
  "inu_range": 0.19958463460206982,
  "provenance": {
    "md5sum": "f049e978fbe7f6ee33ce5c70b5b5dd7d",
    "settings": {
      "testing": false
    },
    "software": "mriqc",
    "version": "22.0.6",
    "warnings": {
      "large_rot_frame": true,
      "small_air_mask": false
    },
    "webapi_port": null,
    "webapi_url": "https://mriqc.nimh.nih.gov/api/v1"
  },
  "qi_1": 0.0,
  "qi_2": 0.012592220587103175,
  "rpve_csf": 25.919200879823762,
  "rpve_gm": 11.39883309159188,
  "rpve_wm": 16.7541529265827,
  "size_x": 224,
  "size_y": 320,
  "size_z": 320,
  "snr_csf": 2.6747320598046977,
  "snr_gm": 13.858909840807572,
  "snr_total": 13.655318293411367,
  "snr_wm": 24.432312979621834,
  "snrd_csf": 37.03975553060536,
  "snrd_gm": 103.43264424435449,
  "snrd_total": 94.53084423324691,
  "snrd_wm": 143.12013292478088,
  "spacing_x": 0.8000028133392334,
  "spacing_y": 0.800000011920929,
  "spacing_z": 0.800000011920929,
  "summary_bg_k": 8.325949015865818,
  "summary_bg_mad": 4.577641959968209,
  "summary_bg_mean": 4.384153972011916,
  "summary_bg_median": 3.087572582066059,
  "summary_bg_n": 5389591.0,
  "summary_bg_p05": 0.0,
  "summary_bg_p95": 17.23064699023962,
  "summary_bg_stdv": 6.236323219091829,
  "summary_csf_k": 1.5065919898921507,
  "summary_csf_mad": 71.10111624918363,
  "summary_csf_mean": 261.6642175723201,
  "summary_csf_median": 258.8083017580211,
  "summary_csf_n": 94358.0,
  "summary_csf_p05": 92.92223984180019,
  "summary_csf_p95": 437.0907185934484,
  "summary_csf_stdv": 96.75994624913484,
  "summary_gm_k": 0.5250202963421655,
  "summary_gm_mad": 48.61898759095267,
  "summary_gm_mean": 721.5555924620126,
  "summary_gm_median": 722.7160822134465,
  "summary_gm_n": 160517.0,
  "summary_gm_p05": 633.2461967144161,
  "summary_gm_p95": 805.2588492259383,
  "summary_gm_stdv": 52.147956751142544,
  "summary_wm_k": 0.6148917562218257,
  "summary_wm_mad": 38.3931261158624,
  "summary_wm_mean": 998.771109717385,
  "summary_wm_median": 1000.0249196849763,
  "summary_wm_n": 463260.0,
  "summary_wm_p05": 930.129995358456,
  "summary_wm_p95": 1063.967551868409,
  "summary_wm_stdv": 40.93037941942163,
  "tpm_overlap_csf": 0.14319133173482015,
  "tpm_overlap_gm": 0.45732807872210934,
  "tpm_overlap_wm": 0.5000090778241076,
  "wm2max": 0.8499714291761021
}