{
  "bids_meta": {
    "AcquisitionMatrixPE": 320,
    "AcquisitionNumber": 1,
    "AcquisitionTime": "13:14:35.207500",
    "BaseResolution": 320,
    "ConversionSoftware": "dcm2niix",
    "ConversionSoftwareVersion": "v1.0.20171215 Clang9.0.0",
    "DeviceSerialNumber": "35451",
    "DwellTime": 6.5e-06,
    "EchoTime": 0.00201,
    "FlipAngle": 8,
    "ImageOrientationPatientDICOM": [
      0,
      1,
      1e-16,
      0.0418757,
      0,
      -0.999123
    ],
    "ImageType": [
      "ORIGINAL",
      "PRIMARY",
      "M",
      "ND",
      "NORM"
    ],
    "InPlanePhaseEncodingDirectionDICOM": "ROW",
    "InstitutionAddress": "Exposition_Drive_1777_Boulder-_6392da-_Denver_US_80301",
    "InstitutionName": "Intermountain_Neuroimaging_Consortium",
    "InstitutionalDepartmentName": "Department",
    "InversionTime": 1,
    "MRAcquisitionType": "3D",
    "MagneticFieldStrength": 3,
    "Manufacturer": "Siemens",
    "ManufacturersModelName": "TrioTim",
    "Modality": "MR",
    "ParallelReductionFactorInPlane": 2,
    "PartialFourier": 1,
    "PatientPosition": "HFS",
    "PercentPhaseFOV": 100,
    "PhaseEncodingSteps": 319,
    "PhaseResolution": 1,
    "PixelBandwidth": 240,
    "ProcedureStepDescription": "VMITTAL_adaptcog_200068",
    "ProtocolName": "t1w_32ch_mpr_08mm",
    "PulseSequenceDetails": "%SiemensSeq%_tfl",
    "ReceiveCoilName": "32Ch_Head",
    "ReconMatrixPE": 320,
    "RepetitionTime": 2.4,
    "SAR": 0.0921286,
    "ScanOptions": "IR_WE",
    "ScanningSequence": "GR_IR",
    "SequenceName": "_tfl3d1_ns",
    "SequenceVariant": "SP_MP",
    "SeriesDescription": "t1w_32ch_mpr_08mm",
    "SeriesNumber": 2,
    "ShimSetting": [
      6805,
      12654,
      -6782,
      171,
      213,
      -629,
      741,
      56
    ],
    "SliceThickness": 0.8,
    "SoftwareVersions": "syngo_MR_B17",
    "StationName": "MRC35451",
    "TxRefAmp": 355.596,
    "dataset": "ds001371",
    "modality": "T1w",
    "subject_id": "M80392026"
  },
  "cjv": 0.3658093756785678,
  "cnr": 3.617172375496852,
  "efc": 0.5862258644999213,
  "fber": 20466.1948699573,
  "fwhm_avg": 4.423437814630653,
  "fwhm_x": 4.385838576280951,
  "fwhm_y": 4.453212433641964,
  "fwhm_z": 4.431262433969044,
  "icvs_csf": 0.1890636301982757,
  "icvs_gm": 0.4447058167980539,
  "icvs_wm": 0.3662305530036704,
  "inu_med": 0.46035152673721313,
  "inu_range": 0.20498717129230493,
  "provenance": {
    "md5sum": "fb07f1e29d3ccf70bb51af5d47a440fc",
    "settings": {
      "testing": false
    },
    "software": "mriqc",
    "version": "22.0.6",
    "warnings": {
      "large_rot_frame": true,
      "small_air_mask": false
    },
    "webapi_port": null,
    "webapi_url": "https://mriqc.nimh.nih.gov/api/v1"
  },
  "qi_1": 0.0,
  "qi_2": 0.01986501369287254,
  "rpve_csf": 25.16094253038595,
  "rpve_gm": 11.734735285056486,
  "rpve_wm": 16.025296900918594,
  "size_x": 224,
  "size_y": 320,
  "size_z": 320,
  "snr_csf": 2.6855490889557947,
  "snr_gm": 13.597848896324088,
  "snr_total": 13.112045754657084,
  "snr_wm": 23.052739278691366,
  "snrd_csf": 29.076774784827563,
  "snrd_gm": 74.78654301334376,
  "snrd_total": 68.04089964125745,
  "snrd_wm": 100.25938112560104,
  "spacing_x": 0.7999952435493469,
  "spacing_y": 0.800000011920929,
  "spacing_z": 0.800000011920929,
  "summary_bg_k": 8.943890973632358,
  "summary_bg_mad": 0.0,
  "summary_bg_mean": 4.255642159153546,
  "summary_bg_median": 0.0,
  "summary_bg_n": 5949275.0,
  "summary_bg_p05": 0.0,
  "summary_bg_p95": 17.53748557716608,
  "summary_bg_stdv": 6.5345733985333725,
  "summary_csf_k": 1.291659297603375,
  "summary_csf_mad": 90.75251058692184,
  "summary_csf_mean": 305.50911955099554,
  "summary_csf_median": 290.02253427542746,
  "summary_csf_n": 88925.0,
  "summary_csf_p05": 156.82484685592354,
  "summary_csf_p95": 508.65490626767286,
  "summary_csf_stdv": 107.99314924060177,
  "summary_gm_k": 0.388923544365646,
  "summary_gm_mad": 51.8226643359431,
  "summary_gm_mean": 744.7035925492356,
  "summary_gm_median": 745.948713188991,
  "summary_gm_n": 115636.0,
  "summary_gm_p05": 652.8595459610224,
  "summary_gm_p95": 833.926817631349,
  "summary_gm_stdv": 54.85760971842796,
  "summary_wm_k": 0.4934821161724865,
  "summary_wm_mad": 41.120547931153745,
  "summary_wm_mean": 999.6425053296826,
  "summary_wm_median": 1000.0242466405034,
  "summary_wm_n": 509831.0,
  "summary_wm_p05": 927.8880145289004,
  "summary_wm_p95": 1069.7381741143763,
  "summary_wm_stdv": 43.37980201873311,
  "tpm_overlap_csf": 0.14679184522137606,
  "tpm_overlap_gm": 0.43474939905961246,
  "tpm_overlap_wm": 0.4877597547116131,
  "wm2max": 0.8383525284363136
}