{
  "aor": 0.0028105039193729005,
  "aqi": 0.013087013269876819,
  "bids_meta": {
    "AcquisitionMatrixPE": 82,
    "AcquisitionNumber": 1,
    "AcquisitionTime": "10:10:58.542500",
    "BandwidthPerPixelPhaseEncode": 23.912,
    "BaseResolution": 82,
    "ConversionSoftware": "dcm2niix",
    "ConversionSoftwareVersion": "v1.0.20171215 Clang9.0.0",
    "DerivedVendorReportedEchoSpacing": 0.00051,
    "DeviceSerialNumber": "35451",
    "DwellTime": 2.2e-06,
    "EchoTime": 0.029,
    "EffectiveEchoSpacing": 0.00051,
    "FlipAngle": 44,
    "ImageComments": "Unaliased_MB8_PE3_(remote)",
    "ImageOrientationPatientDICOM": [
      0.999359,
      0.0129517,
      0.0333636,
      6.4256e-08,
      0.932221,
      -0.36189
    ],
    "ImageType": [
      "ORIGINAL",
      "PRIMARY",
      "M",
      "MB",
      "ND",
      "NORM",
      "MOSAIC"
    ],
    "InPlanePhaseEncodingDirectionDICOM": "COL",
    "InstitutionAddress": "Exposition_Drive_1777_Boulder-_6392da-_Denver_US_80301",
    "InstitutionName": "Intermountain_Neuroimaging_Consortium",
    "InstitutionalDepartmentName": "Department",
    "MRAcquisitionType": "2D",
    "MagneticFieldStrength": 3,
    "Manufacturer": "Siemens",
    "ManufacturersModelName": "TrioTim",
    "Modality": "MR",
    "MultibandAccelerationFactor": 8,
    "PartialFourier": 1,
    "PatientPosition": "HFS",
    "PercentPhaseFOV": 100,
    "PhaseEncodingDirection": "j",
    "PhaseEncodingSteps": 82,
    "PhaseResolution": 1,
    "PixelBandwidth": 2772,
    "ProcedureStepDescription": "VMITTAL_adaptcog_200068",
    "ProtocolName": "ritl_pa_32ch_mb8_v01_r01",
    "PulseSequenceDetails": "%CustomerSeq%_cmrr_mbep2d_bold",
    "ReceiveCoilName": "32Ch_Head",
    "ReconMatrixPE": 82,
    "RepetitionTime": 0.46,
    "SAR": 0.157039,
    "ScanOptions": "FS",
    "ScanningSequence": "EP",
    "SequenceName": "epfid2d1_82",
    "SequenceVariant": "SK_SS",
    "SeriesDescription": "ritl_pa_32ch_mb8_v01_r01",
    "SeriesNumber": 6,
    "ShimSetting": [
      6784,
      12649,
      -6750,
      592,
      209,
      13,
      176,
      123
    ],
    "SliceThickness": 3,
    "SliceTiming": [
      0,
      0.2625,
      0.065,
      0.33,
      0.13,
      0.395,
      0.1975,
      0,
      0.2625,
      0.065,
      0.33,
      0.13,
      0.395,
      0.1975,
      0,
      0.2625,
      0.065,
      0.33,
      0.13,
      0.395,
      0.1975,
      0,
      0.2625,
      0.065,
      0.33,
      0.13,
      0.395,
      0.1975,
      0,
      0.2625,
      0.065,
      0.33,
      0.13,
      0.395,
      0.1975,
      0,
      0.2625,
      0.065,
      0.33,
      0.13,
      0.395,
      0.1975,
      0,
      0.2625,
      0.065,
      0.33,
      0.13,
      0.395,
      0.1975,
      0,
      0.2625,
      0.065,
      0.33,
      0.13,
      0.395,
      0.1975
    ],
    "SoftwareVersions": "syngo_MR_B17",
    "SpacingBetweenSlices": 3,
    "StationName": "MRC35451",
    "TaskName": "ritl",
    "TotalReadoutTime": 0.04131,
    "TxRefAmp": 352.699,
    "acq_id": "MB",
    "dataset": "ds001371",
    "modality": "bold",
    "run_id": 1,
    "subject_id": "M80365393",
    "task_id": "ritl"
  },
  "dummy_trs": 1,
  "dvars_nstd": 31.93442116093051,
  "dvars_std": 1.1065123956614347,
  "dvars_vstd": 0.9942758171636764,
  "efc": 0.4288227342665717,
  "fber": 14941.302734375,
  "fd_mean": 0.13812768927408356,
  "fd_num": 89,
  "fd_perc": 9.966405375139978,
  "fwhm_avg": 1.8391813267774582,
  "fwhm_x": 1.7582750941679177,
  "fwhm_y": 1.9759288861644566,
  "fwhm_z": 1.78334,
  "gcor": 0.00948806,
  "gsr_x": -0.03151560202240944,
  "gsr_y": 0.02254258655011654,
  "provenance": {
    "md5sum": "06b8c72cf0b789ae7766767e742e078e",
    "settings": {
      "fd_thres": 0.2,
      "testing": false
    },
    "software": "mriqc",
    "version": "22.0.6",
    "webapi_port": null,
    "webapi_url": "https://mriqc.nimh.nih.gov/api/v1"
  },
  "size_t": 893,
  "size_x": 82,
  "size_y": 82,
  "size_z": 56,
  "snr": 6.489120242044793,
  "spacing_tr": 0.46000000834465027,
  "spacing_x": 3.02439022064209,
  "spacing_y": 3.02439022064209,
  "spacing_z": 3.0,
  "summary_bg_k": 13.081477588177965,
  "summary_bg_mad": 2.6896030848678496,
  "summary_bg_mean": 13.018021583557129,
  "summary_bg_median": 2.0246360301971436,
  "summary_bg_n": 285211.0,
  "summary_bg_p05": 0.020156774669885635,
  "summary_bg_p95": 72.90593719482422,
  "summary_bg_stdv": 27.13761329650879,
  "summary_fg_k": 1.7081827200393764,
  "summary_fg_mad": 35.239617317005184,
  "summary_fg_mean": 245.53936767578125,
  "summary_fg_median": 244.6634979248047,
  "summary_fg_n": 38074.0,
  "summary_fg_p05": 189.71612701416015,
  "summary_fg_p95": 307.61333923339845,
  "summary_fg_stdv": 37.70315170288086,
  "tsnr": 39.60270756657701
}