{
  "bids_meta": {
    "AcquisitionMatrixPE": 320,
    "AcquisitionNumber": 1,
    "AcquisitionTime": "15:03:20.982500",
    "BaseResolution": 320,
    "ConversionSoftware": "dcm2niix",
    "ConversionSoftwareVersion": "v1.0.20171215 Clang9.0.0",
    "DeviceSerialNumber": "35451",
    "DwellTime": 6.5e-06,
    "EchoTime": 0.00201,
    "FlipAngle": 8,
    "ImageOrientationPatientDICOM": [
      -0.0331552,
      0.99945,
      2.64e-08,
      -0.00697741,
      -0.000231438,
      -0.999976
    ],
    "ImageType": [
      "ORIGINAL",
      "PRIMARY",
      "M",
      "ND",
      "NORM"
    ],
    "InPlanePhaseEncodingDirectionDICOM": "ROW",
    "InstitutionAddress": "Exposition_Drive_1777_Boulder-_6392da-_Denver_US_80301",
    "InstitutionName": "Intermountain_Neuroimaging_Consortium",
    "InstitutionalDepartmentName": "Department",
    "InversionTime": 1,
    "MRAcquisitionType": "3D",
    "MagneticFieldStrength": 3,
    "Manufacturer": "Siemens",
    "ManufacturersModelName": "TrioTim",
    "Modality": "MR",
    "ParallelReductionFactorInPlane": 2,
    "PartialFourier": 1,
    "PatientPosition": "HFS",
    "PercentPhaseFOV": 100,
    "PhaseEncodingSteps": 319,
    "PhaseResolution": 1,
    "PixelBandwidth": 240,
    "ProcedureStepDescription": "VMITTAL_adaptcog_200068",
    "ProtocolName": "t1w_32ch_mpr_08mm",
    "PulseSequenceDetails": "%SiemensSeq%_tfl",
    "ReceiveCoilName": "32Ch_Head",
    "ReconMatrixPE": 320,
    "RepetitionTime": 2.4,
    "SAR": 0.0826267,
    "ScanOptions": "IR_WE",
    "ScanningSequence": "GR_IR",
    "SequenceName": "_tfl3d1_ns",
    "SequenceVariant": "SP_MP",
    "SeriesDescription": "t1w_32ch_mpr_08mm",
    "SeriesNumber": 2,
    "ShimSetting": [
      6773,
      12656,
      -6771,
      -32,
      372,
      -482,
      392,
      64
    ],
    "SliceThickness": 0.8,
    "SoftwareVersions": "syngo_MR_B17",
    "StationName": "MRC35451",
    "TxRefAmp": 345.509,
    "dataset": "ds001371",
    "modality": "T1w",
    "subject_id": "M80304750"
  },
  "cjv": 0.3273902368110081,
  "cnr": 3.9617200890617363,
  "efc": 0.5626020923683961,
  "fber": 19822.98356401384,
  "fwhm_avg": 4.467024943958786,
  "fwhm_x": 4.468274964985448,
  "fwhm_y": 4.448024933719263,
  "fwhm_z": 4.4847749331716456,
  "icvs_csf": 0.19499822760006943,
  "icvs_gm": 0.4538935150206788,
  "icvs_wm": 0.3511082573792517,
  "inu_med": 0.5087073445320129,
  "inu_range": 0.23307434916496278,
  "provenance": {
    "md5sum": "be6a4d3cab415025662a1b5216a97d92",
    "settings": {
      "testing": false
    },
    "software": "mriqc",
    "version": "22.0.6",
    "warnings": {
      "large_rot_frame": true,
      "small_air_mask": false
    },
    "webapi_port": null,
    "webapi_url": "https://mriqc.nimh.nih.gov/api/v1"
  },
  "qi_1": 0.0,
  "qi_2": 0.014763266739748532,
  "rpve_csf": 26.690274711438793,
  "rpve_gm": 12.62374739668113,
  "rpve_wm": 18.211318390967147,
  "size_x": 224,
  "size_y": 320,
  "size_z": 320,
  "snr_csf": 2.6386714171263006,
  "snr_gm": 13.013882082505436,
  "snr_total": 12.715674865966497,
  "snr_wm": 22.494471098267752,
  "snrd_csf": 40.189053792637296,
  "snrd_gm": 102.026650836783,
  "snrd_total": 94.76591014419591,
  "snrd_wm": 142.08202580316743,
  "spacing_x": 0.8000044822692871,
  "spacing_y": 0.800000011920929,
  "spacing_z": 0.800000011920929,
  "summary_bg_k": 10.635256517107422,
  "summary_bg_mad": 4.611093678021612,
  "summary_bg_mean": 4.475910810383728,
  "summary_bg_median": 3.1101354230195284,
  "summary_bg_n": 5292518.0,
  "summary_bg_p05": 0.0,
  "summary_bg_p95": 17.536982091143727,
  "summary_bg_stdv": 6.550521464095419,
  "summary_csf_k": 0.7417300170196168,
  "summary_csf_mad": 92.26062224680216,
  "summary_csf_mean": 294.0407991580104,
  "summary_csf_median": 282.8655099440366,
  "summary_csf_n": 73636.0,
  "summary_csf_p05": 125.34629822522402,
  "summary_csf_p95": 488.3304648017511,
  "summary_csf_stdv": 107.19924709092993,
  "summary_gm_k": 0.5171742113995541,
  "summary_gm_mad": 50.993271262827236,
  "summary_gm_mean": 717.2738313206074,
  "summary_gm_median": 718.10152002424,
  "summary_gm_n": 114075.0,
  "summary_gm_p05": 624.7713217418641,
  "summary_gm_p95": 807.1454812530428,
  "summary_gm_stdv": 55.179412873683056,
  "summary_wm_k": 0.49060985544867775,
  "summary_wm_mad": 41.30609967034486,
  "summary_wm_mean": 999.7224534229841,
  "summary_wm_median": 1000.0261486638337,
  "summary_wm_n": 434359.0,
  "summary_wm_p05": 925.9578815307468,
  "summary_wm_p95": 1072.552415881306,
  "summary_wm_stdv": 44.456479689737755,
  "tpm_overlap_csf": 0.14860716046445646,
  "tpm_overlap_gm": 0.45862441371672125,
  "tpm_overlap_wm": 0.5178911039663372,
  "wm2max": 0.8953550953550954
}