{
  "aor": 0.001556185682326622,
  "aqi": 0.01127325167785235,
  "bids_meta": {
    "AcquisitionMatrixPE": 82,
    "AcquisitionNumber": 1,
    "AcquisitionTime": "15:04:46.687500",
    "BandwidthPerPixelPhaseEncode": 23.912,
    "BaseResolution": 82,
    "ConversionSoftware": "dcm2niix",
    "ConversionSoftwareVersion": "v1.0.20171215 Clang9.0.0",
    "DerivedVendorReportedEchoSpacing": 0.00051,
    "DeviceSerialNumber": "35451",
    "DwellTime": 2.2e-06,
    "EchoTime": 0.029,
    "EffectiveEchoSpacing": 0.00051,
    "FlipAngle": 44,
    "ImageComments": "Unaliased_MB8_PE3_(remote)",
    "ImageOrientationPatientDICOM": [
      0.999738,
      -0.00934921,
      -0.0208946,
      9.66038e-09,
      0.912792,
      -0.408424
    ],
    "ImageType": [
      "ORIGINAL",
      "PRIMARY",
      "M",
      "MB",
      "ND",
      "NORM",
      "MOSAIC"
    ],
    "InPlanePhaseEncodingDirectionDICOM": "COL",
    "InstitutionAddress": "Exposition_Drive_1777_Boulder-_6392da-_Denver_US_80301",
    "InstitutionName": "Intermountain_Neuroimaging_Consortium",
    "InstitutionalDepartmentName": "Department",
    "MRAcquisitionType": "2D",
    "MagneticFieldStrength": 3,
    "Manufacturer": "Siemens",
    "ManufacturersModelName": "TrioTim",
    "Modality": "MR",
    "MultibandAccelerationFactor": 8,
    "PartialFourier": 1,
    "PatientPosition": "HFS",
    "PercentPhaseFOV": 100,
    "PhaseEncodingDirection": "j",
    "PhaseEncodingSteps": 82,
    "PhaseResolution": 1,
    "PixelBandwidth": 2772,
    "ProcedureStepDescription": "VMITTAL_adaptcog_200068",
    "ProtocolName": "ritl_pa_32ch_mb8_v01_r04",
    "PulseSequenceDetails": "%CustomerSeq%_cmrr_mbep2d_bold",
    "ReceiveCoilName": "32Ch_Head",
    "ReconMatrixPE": 82,
    "RepetitionTime": 0.46,
    "SAR": 0.155297,
    "ScanOptions": "FS",
    "ScanningSequence": "EP",
    "SequenceName": "epfid2d1_82",
    "SequenceVariant": "SK_SS",
    "SeriesDescription": "ritl_pa_32ch_mb8_v01_r04",
    "SeriesNumber": 12,
    "ShimSetting": [
      6759,
      12633,
      -6859,
      661,
      310,
      -190,
      -35,
      110
    ],
    "SliceThickness": 3,
    "SliceTiming": [
      0,
      0.265,
      0.065,
      0.33,
      0.1325,
      0.395,
      0.1975,
      0,
      0.265,
      0.065,
      0.33,
      0.1325,
      0.395,
      0.1975,
      0,
      0.265,
      0.065,
      0.33,
      0.1325,
      0.395,
      0.1975,
      0,
      0.265,
      0.065,
      0.33,
      0.1325,
      0.395,
      0.1975,
      0,
      0.265,
      0.065,
      0.33,
      0.1325,
      0.395,
      0.1975,
      0,
      0.265,
      0.065,
      0.33,
      0.1325,
      0.395,
      0.1975,
      0,
      0.265,
      0.065,
      0.33,
      0.1325,
      0.395,
      0.1975,
      0,
      0.265,
      0.065,
      0.33,
      0.1325,
      0.395,
      0.1975
    ],
    "SoftwareVersions": "syngo_MR_B17",
    "SpacingBetweenSlices": 3,
    "StationName": "MRC35451",
    "TaskName": "ritl",
    "TotalReadoutTime": 0.04131,
    "TxRefAmp": 328.784,
    "acq_id": "MB",
    "dataset": "ds001371",
    "modality": "bold",
    "run_id": 4,
    "subject_id": "M80345728",
    "task_id": "ritl"
  },
  "dummy_trs": 0,
  "dvars_nstd": 29.21136333424414,
  "dvars_std": 1.1898647842665173,
  "dvars_vstd": 1.0204500769540876,
  "efc": 0.3937011229208043,
  "fber": 21268.900390625,
  "fd_mean": 0.06314006511219585,
  "fd_num": 19,
  "fd_perc": 2.1252796420581657,
  "fwhm_avg": 1.879924785645942,
  "fwhm_x": 1.8217159817526107,
  "fwhm_y": 1.946471708518549,
  "fwhm_z": 1.8715866666666667,
  "gcor": 0.0286094,
  "gsr_x": -0.01745319552719593,
  "gsr_y": 0.00035196583485230803,
  "provenance": {
    "md5sum": "bd3c52313d15d92f6ce5503d5742c97f",
    "settings": {
      "fd_thres": 0.2,
      "testing": false
    },
    "software": "mriqc",
    "version": "22.0.6",
    "webapi_port": null,
    "webapi_url": "https://mriqc.nimh.nih.gov/api/v1"
  },
  "size_t": 894,
  "size_x": 82,
  "size_y": 82,
  "size_z": 56,
  "snr": 6.571853513257397,
  "spacing_tr": 0.46000000834465027,
  "spacing_x": 3.02439022064209,
  "spacing_y": 3.02439022064209,
  "spacing_z": 3.0,
  "summary_bg_k": 19.50337618665094,
  "summary_bg_mad": 2.60533351748159,
  "summary_bg_mean": 10.711645126342773,
  "summary_bg_median": 2.0123043060302734,
  "summary_bg_n": 289436.0,
  "summary_bg_p05": 0.032438479363918304,
  "summary_bg_p95": 56.99720287322998,
  "summary_bg_stdv": 24.149200439453125,
  "summary_fg_k": 0.8500052418069481,
  "summary_fg_mad": 41.02860029123225,
  "summary_fg_mean": 285.79559326171875,
  "summary_fg_median": 282.30426025390625,
  "summary_fg_n": 36781.0,
  "summary_fg_p05": 224.27964782714844,
  "summary_fg_p95": 360.98321533203125,
  "summary_fg_stdv": 42.95598220825195,
  "tsnr": 47.622432622592896
}