{
  "aor": 0.0008061073825503356,
  "aqi": 0.020047249105145413,
  "bids_meta": {
    "AcquisitionMatrixPE": 82,
    "AcquisitionNumber": 1,
    "AcquisitionTime": "13:05:53.440000",
    "BandwidthPerPixelPhaseEncode": 23.912,
    "BaseResolution": 82,
    "ConversionSoftware": "dcm2niix",
    "ConversionSoftwareVersion": "v1.0.20171215 Clang9.0.0",
    "DerivedVendorReportedEchoSpacing": 0.00051,
    "DeviceSerialNumber": "35451",
    "DwellTime": 2.2e-06,
    "EchoTime": 0.029,
    "EffectiveEchoSpacing": 0.00051,
    "FlipAngle": 44,
    "ImageComments": "Unaliased_MB8_PE3_(remote)",
    "ImageOrientationPatientDICOM": [
      0.998307,
      0.0179754,
      0.0553239,
      4.64036e-08,
      0.951059,
      -0.309011
    ],
    "ImageType": [
      "ORIGINAL",
      "PRIMARY",
      "M",
      "MB",
      "ND",
      "NORM",
      "MOSAIC"
    ],
    "InPlanePhaseEncodingDirectionDICOM": "COL",
    "InstitutionAddress": "Exposition_Drive_1777_Boulder-_c0d8dc-_Denver_US_80301",
    "InstitutionName": "Intermountain_Neuroimaging_Consortium",
    "InstitutionalDepartmentName": "Department",
    "MRAcquisitionType": "2D",
    "MagneticFieldStrength": 3,
    "Manufacturer": "Siemens",
    "ManufacturersModelName": "TrioTim",
    "Modality": "MR",
    "MultibandAccelerationFactor": 8,
    "PartialFourier": 1,
    "PatientPosition": "HFS",
    "PercentPhaseFOV": 100,
    "PhaseEncodingDirection": "j",
    "PhaseEncodingSteps": 82,
    "PhaseResolution": 1,
    "PixelBandwidth": 2772,
    "ProcedureStepDescription": "VMITTAL_adaptcog_200068",
    "ProtocolName": "ritl_pa_32ch_mb8_v01_r04",
    "PulseSequenceDetails": "%CustomerSeq%_cmrr_mbep2d_bold",
    "ReceiveCoilName": "32Ch_Head",
    "ReconMatrixPE": 82,
    "RepetitionTime": 0.46,
    "SAR": 0.141515,
    "ScanOptions": "FS",
    "ScanningSequence": "EP",
    "SequenceName": "epfid2d1_82",
    "SequenceVariant": "SK_SS",
    "SeriesDescription": "ritl_pa_32ch_mb8_v01_r04",
    "SeriesNumber": 18,
    "ShimSetting": [
      6769,
      12665,
      -6822,
      503,
      19,
      -96,
      67,
      0
    ],
    "SliceThickness": 3,
    "SliceTiming": [
      0,
      0.2625,
      0.065,
      0.33,
      0.1325,
      0.395,
      0.1975,
      0,
      0.2625,
      0.065,
      0.33,
      0.1325,
      0.395,
      0.1975,
      0,
      0.2625,
      0.065,
      0.33,
      0.1325,
      0.395,
      0.1975,
      0,
      0.2625,
      0.065,
      0.33,
      0.1325,
      0.395,
      0.1975,
      0,
      0.2625,
      0.065,
      0.33,
      0.1325,
      0.395,
      0.1975,
      0,
      0.2625,
      0.065,
      0.33,
      0.1325,
      0.395,
      0.1975,
      0,
      0.2625,
      0.065,
      0.33,
      0.1325,
      0.395,
      0.1975,
      0,
      0.2625,
      0.065,
      0.33,
      0.1325,
      0.395,
      0.1975
    ],
    "SoftwareVersions": "syngo_MR_B17",
    "SpacingBetweenSlices": 3,
    "StationName": "MRC35451",
    "TaskName": "ritl",
    "TotalReadoutTime": 0.04131,
    "TxRefAmp": 335.513,
    "acq_id": "MB",
    "dataset": "ds001371",
    "modality": "bold",
    "run_id": 4,
    "subject_id": "M80305418",
    "task_id": "ritl"
  },
  "dummy_trs": 0,
  "dvars_nstd": 30.915912643213847,
  "dvars_std": 1.1150687275251965,
  "dvars_vstd": 0.9820895833482634,
  "efc": 0.4064154600849417,
  "fber": 26558.818359375,
  "fd_mean": 0.11128806058765016,
  "fd_num": 96,
  "fd_perc": 10.738255033557047,
  "fwhm_avg": 1.8379946868936836,
  "fwhm_x": 1.6756104967579573,
  "fwhm_y": 2.0200435639230943,
  "fwhm_z": 1.8183299999999998,
  "gcor": 0.0508979,
  "gsr_x": -0.02469683066010475,
  "gsr_y": 0.03308447450399399,
  "provenance": {
    "md5sum": "94555e60921acb06f259d83b8c6b7e44",
    "settings": {
      "fd_thres": 0.2,
      "testing": false
    },
    "software": "mriqc",
    "version": "22.0.6",
    "webapi_port": null,
    "webapi_url": "https://mriqc.nimh.nih.gov/api/v1"
  },
  "size_t": 894,
  "size_x": 82,
  "size_y": 82,
  "size_z": 56,
  "snr": 6.6598112196854125,
  "spacing_tr": 0.46000000834465027,
  "spacing_x": 3.02439022064209,
  "spacing_y": 3.02439022064209,
  "spacing_z": 3.0,
  "summary_bg_k": 19.302808961694502,
  "summary_bg_mad": 2.283605422510342,
  "summary_bg_mean": 10.455772399902344,
  "summary_bg_median": 1.791946291923523,
  "summary_bg_n": 283976.0,
  "summary_bg_p05": 0.02572706900537014,
  "summary_bg_p95": 54.063758850097656,
  "summary_bg_stdv": 21.971895217895508,
  "summary_fg_k": 2.2483646408119826,
  "summary_fg_mad": 37.84617254944061,
  "summary_fg_mean": 281.7430419921875,
  "summary_fg_median": 282.4837646484375,
  "summary_fg_n": 40110.0,
  "summary_fg_p05": 213.3881378173828,
  "summary_fg_p95": 348.20268096923814,
  "summary_fg_stdv": 42.415653228759766,
  "tsnr": 36.42934802221134
}