{
  "aor": 0.0008944394618834081,
  "aqi": 0.01316445134529148,
  "bids_meta": {
    "AcquisitionMatrixPE": 82,
    "AcquisitionNumber": 1,
    "AcquisitionTime": "13:20:47.345000",
    "BandwidthPerPixelPhaseEncode": 23.912,
    "BaseResolution": 82,
    "ConversionSoftware": "dcm2niix",
    "ConversionSoftwareVersion": "v1.0.20171215 Clang9.0.0",
    "DerivedVendorReportedEchoSpacing": 0.00051,
    "DeviceSerialNumber": "35451",
    "DwellTime": 2.2e-06,
    "EchoTime": 0.029,
    "EffectiveEchoSpacing": 0.00051,
    "FlipAngle": 44,
    "ImageComments": "Unaliased_MB8_PE3_(remote)",
    "ImageOrientationPatientDICOM": [
      0.998307,
      0.0179754,
      0.0553239,
      4.64036e-08,
      0.951059,
      -0.309011
    ],
    "ImageType": [
      "ORIGINAL",
      "PRIMARY",
      "M",
      "MB",
      "ND",
      "NORM",
      "MOSAIC"
    ],
    "InPlanePhaseEncodingDirectionDICOM": "COL",
    "InstitutionAddress": "Exposition_Drive_1777_Boulder-_c0d8dc-_Denver_US_80301",
    "InstitutionName": "Intermountain_Neuroimaging_Consortium",
    "InstitutionalDepartmentName": "Department",
    "MRAcquisitionType": "2D",
    "MagneticFieldStrength": 3,
    "Manufacturer": "Siemens",
    "ManufacturersModelName": "TrioTim",
    "Modality": "MR",
    "MultibandAccelerationFactor": 8,
    "PartialFourier": 1,
    "PatientPosition": "HFS",
    "PercentPhaseFOV": 100,
    "PhaseEncodingDirection": "j",
    "PhaseEncodingSteps": 82,
    "PhaseResolution": 1,
    "PixelBandwidth": 2772,
    "ProcedureStepDescription": "VMITTAL_adaptcog_200068",
    "ProtocolName": "ritl_pa_32ch_mb8_v01_r06",
    "PulseSequenceDetails": "%CustomerSeq%_cmrr_mbep2d_bold",
    "ReceiveCoilName": "32Ch_Head",
    "ReconMatrixPE": 82,
    "RepetitionTime": 0.46,
    "SAR": 0.143086,
    "ScanOptions": "FS",
    "ScanningSequence": "EP",
    "SequenceName": "epfid2d1_82",
    "SequenceVariant": "SK_SS",
    "SeriesDescription": "ritl_pa_32ch_mb8_v01_r06",
    "SeriesNumber": 22,
    "ShimSetting": [
      6769,
      12665,
      -6822,
      503,
      19,
      -96,
      67,
      0
    ],
    "SliceThickness": 3,
    "SliceTiming": [
      0,
      0.2625,
      0.065,
      0.33,
      0.1325,
      0.395,
      0.1975,
      0,
      0.2625,
      0.065,
      0.33,
      0.1325,
      0.395,
      0.1975,
      0,
      0.2625,
      0.065,
      0.33,
      0.1325,
      0.395,
      0.1975,
      0,
      0.2625,
      0.065,
      0.33,
      0.1325,
      0.395,
      0.1975,
      0,
      0.2625,
      0.065,
      0.33,
      0.1325,
      0.395,
      0.1975,
      0,
      0.2625,
      0.065,
      0.33,
      0.1325,
      0.395,
      0.1975,
      0,
      0.2625,
      0.065,
      0.33,
      0.1325,
      0.395,
      0.1975,
      0,
      0.2625,
      0.065,
      0.33,
      0.1325,
      0.395,
      0.1975
    ],
    "SoftwareVersions": "syngo_MR_B17",
    "SpacingBetweenSlices": 3,
    "StationName": "MRC35451",
    "TaskName": "ritl",
    "TotalReadoutTime": 0.04131,
    "TxRefAmp": 335.513,
    "acq_id": "MB",
    "dataset": "ds001371",
    "modality": "bold",
    "run_id": 6,
    "subject_id": "M80305418",
    "task_id": "ritl"
  },
  "dummy_trs": 2,
  "dvars_nstd": 31.530858432558926,
  "dvars_std": 1.1771153002918076,
  "dvars_vstd": 1.0137026241526383,
  "efc": 0.4037583980497041,
  "fber": 29568.755859375,
  "fd_mean": 0.10125199012226442,
  "fd_num": 67,
  "fd_perc": 7.511210762331839,
  "fwhm_avg": 1.8371190686078664,
  "fwhm_x": 1.6780440451637701,
  "fwhm_y": 2.0151731606598298,
  "fwhm_z": 1.8181399999999999,
  "gcor": 0.0546715,
  "gsr_x": -0.023378361016511917,
  "gsr_y": 0.03256705030798912,
  "provenance": {
    "md5sum": "930cbf0dc4e131e5af0cbd70c52f71be",
    "settings": {
      "fd_thres": 0.2,
      "testing": false
    },
    "software": "mriqc",
    "version": "22.0.6",
    "webapi_port": null,
    "webapi_url": "https://mriqc.nimh.nih.gov/api/v1"
  },
  "size_t": 892,
  "size_x": 82,
  "size_y": 82,
  "size_z": 56,
  "snr": 6.51610893585898,
  "spacing_tr": 0.46000000834465027,
  "spacing_x": 3.02439022064209,
  "spacing_y": 3.02439022064209,
  "spacing_z": 3.0,
  "summary_bg_k": 20.72514386521966,
  "summary_bg_mad": 2.172377996661742,
  "summary_bg_mean": 10.131293296813965,
  "summary_bg_median": 1.684977650642395,
  "summary_bg_n": 284031.0,
  "summary_bg_p05": 0.01569506898522377,
  "summary_bg_p95": 53.2584114074707,
  "summary_bg_stdv": 21.929039001464844,
  "summary_fg_k": 2.253799188600623,
  "summary_fg_mad": 38.939098510412045,
  "summary_fg_mean": 282.7179260253906,
  "summary_fg_median": 283.62615966796875,
  "summary_fg_n": 40118.0,
  "summary_fg_p05": 212.6632972717285,
  "summary_fg_p95": 350.57175445556646,
  "summary_fg_stdv": 43.5263786315918,
  "tsnr": 43.504016291117296
}