{
  "aor": 0.001455011185682327,
  "aqi": 0.011269614910514541,
  "bids_meta": {
    "AcquisitionMatrixPE": 82,
    "AcquisitionNumber": 1,
    "AcquisitionTime": "12:51:12.172500",
    "BandwidthPerPixelPhaseEncode": 23.912,
    "BaseResolution": 82,
    "ConversionSoftware": "dcm2niix",
    "ConversionSoftwareVersion": "v1.0.20171215 Clang9.0.0",
    "DerivedVendorReportedEchoSpacing": 0.00051,
    "DeviceSerialNumber": "35451",
    "DwellTime": 2.2e-06,
    "EchoTime": 0.029,
    "EffectiveEchoSpacing": 0.00051,
    "FlipAngle": 44,
    "ImageComments": "Unaliased_MB8_PE3_(remote)",
    "ImageOrientationPatientDICOM": [
      0.998307,
      0.0179754,
      0.0553239,
      4.64036e-08,
      0.951059,
      -0.309011
    ],
    "ImageType": [
      "ORIGINAL",
      "PRIMARY",
      "M",
      "MB",
      "ND",
      "NORM",
      "MOSAIC"
    ],
    "InPlanePhaseEncodingDirectionDICOM": "COL",
    "InstitutionAddress": "Exposition_Drive_1777_Boulder-_c0d8dc-_Denver_US_80301",
    "InstitutionName": "Intermountain_Neuroimaging_Consortium",
    "InstitutionalDepartmentName": "Department",
    "MRAcquisitionType": "2D",
    "MagneticFieldStrength": 3,
    "Manufacturer": "Siemens",
    "ManufacturersModelName": "TrioTim",
    "Modality": "MR",
    "MultibandAccelerationFactor": 8,
    "PartialFourier": 1,
    "PatientPosition": "HFS",
    "PercentPhaseFOV": 100,
    "PhaseEncodingDirection": "j",
    "PhaseEncodingSteps": 82,
    "PhaseResolution": 1,
    "PixelBandwidth": 2772,
    "ProcedureStepDescription": "VMITTAL_adaptcog_200068",
    "ProtocolName": "ritl_pa_32ch_mb8_v01_r02",
    "PulseSequenceDetails": "%CustomerSeq%_cmrr_mbep2d_bold",
    "ReceiveCoilName": "32Ch_Head",
    "ReconMatrixPE": 82,
    "RepetitionTime": 0.46,
    "SAR": 0.138786,
    "ScanOptions": "FS",
    "ScanningSequence": "EP",
    "SequenceName": "epfid2d1_82",
    "SequenceVariant": "SK_SS",
    "SeriesDescription": "ritl_pa_32ch_mb8_v01_r02",
    "SeriesNumber": 14,
    "ShimSetting": [
      6769,
      12665,
      -6822,
      503,
      19,
      -96,
      67,
      0
    ],
    "SliceThickness": 3,
    "SliceTiming": [
      0,
      0.265,
      0.0675,
      0.33,
      0.1325,
      0.395,
      0.1975,
      0,
      0.265,
      0.0675,
      0.33,
      0.1325,
      0.395,
      0.1975,
      0,
      0.265,
      0.0675,
      0.33,
      0.1325,
      0.395,
      0.1975,
      0,
      0.265,
      0.0675,
      0.33,
      0.1325,
      0.395,
      0.1975,
      0,
      0.265,
      0.0675,
      0.33,
      0.1325,
      0.395,
      0.1975,
      0,
      0.265,
      0.0675,
      0.33,
      0.1325,
      0.395,
      0.1975,
      0,
      0.265,
      0.0675,
      0.33,
      0.1325,
      0.395,
      0.1975,
      0,
      0.265,
      0.0675,
      0.33,
      0.1325,
      0.395,
      0.1975
    ],
    "SoftwareVersions": "syngo_MR_B17",
    "SpacingBetweenSlices": 3,
    "StationName": "MRC35451",
    "TaskName": "ritl",
    "TotalReadoutTime": 0.04131,
    "TxRefAmp": 335.513,
    "acq_id": "MB",
    "dataset": "ds001371",
    "modality": "bold",
    "run_id": 2,
    "subject_id": "M80305418",
    "task_id": "ritl"
  },
  "dummy_trs": 0,
  "dvars_nstd": 31.684277625061604,
  "dvars_std": 1.2130028117469212,
  "dvars_vstd": 1.030320926696528,
  "efc": 0.40441992102871344,
  "fber": 28038.9921875,
  "fd_mean": 0.0754891139651866,
  "fd_num": 13,
  "fd_perc": 1.45413870246085,
  "fwhm_avg": 1.8154765953353138,
  "fwhm_x": 1.654131786915347,
  "fwhm_y": 1.9789079990905944,
  "fwhm_z": 1.81339,
  "gcor": 0.0596469,
  "gsr_x": -0.023789362981915474,
  "gsr_y": 0.03285858780145645,
  "provenance": {
    "md5sum": "57d55a5575a39cb7c845e7e055cae188",
    "settings": {
      "fd_thres": 0.2,
      "testing": false
    },
    "software": "mriqc",
    "version": "22.0.6",
    "webapi_port": null,
    "webapi_url": "https://mriqc.nimh.nih.gov/api/v1"
  },
  "size_t": 894,
  "size_x": 82,
  "size_y": 82,
  "size_z": 56,
  "snr": 6.587969656486212,
  "spacing_tr": 0.46000000834465027,
  "spacing_x": 3.02439022064209,
  "spacing_y": 3.02439022064209,
  "spacing_z": 3.0,
  "summary_bg_k": 20.736141816392198,
  "summary_bg_mad": 2.207319640838642,
  "summary_bg_mean": 10.13725757598877,
  "summary_bg_median": 1.7248321771621704,
  "summary_bg_n": 283950.0,
  "summary_bg_p05": 0.015659954398870468,
  "summary_bg_p95": 53.00397167205809,
  "summary_bg_stdv": 21.866744995117188,
  "summary_fg_k": 2.2297012348411567,
  "summary_fg_mad": 38.283989943464334,
  "summary_fg_mean": 282.50946044921875,
  "summary_fg_median": 283.4088134765625,
  "summary_fg_n": 40158.0,
  "summary_fg_p05": 213.28250122070312,
  "summary_fg_p95": 349.29363708496095,
  "summary_fg_stdv": 43.01860809326172,
  "tsnr": 48.14641249761917
}