{
  "aor": 0.0013638255033557047,
  "aqi": 0.012193333076062641,
  "bids_meta": {
    "AcquisitionMatrixPE": 82,
    "AcquisitionNumber": 1,
    "AcquisitionTime": "12:58:34.547500",
    "BandwidthPerPixelPhaseEncode": 23.912,
    "BaseResolution": 82,
    "ConversionSoftware": "dcm2niix",
    "ConversionSoftwareVersion": "v1.0.20171215 Clang9.0.0",
    "DerivedVendorReportedEchoSpacing": 0.00051,
    "DeviceSerialNumber": "35451",
    "DwellTime": 2.2e-06,
    "EchoTime": 0.029,
    "EffectiveEchoSpacing": 0.00051,
    "FlipAngle": 44,
    "ImageComments": "Unaliased_MB8_PE3_(remote)",
    "ImageOrientationPatientDICOM": [
      0.998307,
      0.0179754,
      0.0553239,
      4.64036e-08,
      0.951059,
      -0.309011
    ],
    "ImageType": [
      "ORIGINAL",
      "PRIMARY",
      "M",
      "MB",
      "ND",
      "NORM",
      "MOSAIC"
    ],
    "InPlanePhaseEncodingDirectionDICOM": "COL",
    "InstitutionAddress": "Exposition_Drive_1777_Boulder-_c0d8dc-_Denver_US_80301",
    "InstitutionName": "Intermountain_Neuroimaging_Consortium",
    "InstitutionalDepartmentName": "Department",
    "MRAcquisitionType": "2D",
    "MagneticFieldStrength": 3,
    "Manufacturer": "Siemens",
    "ManufacturersModelName": "TrioTim",
    "Modality": "MR",
    "MultibandAccelerationFactor": 8,
    "PartialFourier": 1,
    "PatientPosition": "HFS",
    "PercentPhaseFOV": 100,
    "PhaseEncodingDirection": "j",
    "PhaseEncodingSteps": 82,
    "PhaseResolution": 1,
    "PixelBandwidth": 2772,
    "ProcedureStepDescription": "VMITTAL_adaptcog_200068",
    "ProtocolName": "ritl_pa_32ch_mb8_v01_r03",
    "PulseSequenceDetails": "%CustomerSeq%_cmrr_mbep2d_bold",
    "ReceiveCoilName": "32Ch_Head",
    "ReconMatrixPE": 82,
    "RepetitionTime": 0.46,
    "SAR": 0.141311,
    "ScanOptions": "FS",
    "ScanningSequence": "EP",
    "SequenceName": "epfid2d1_82",
    "SequenceVariant": "SK_SS",
    "SeriesDescription": "ritl_pa_32ch_mb8_v01_r03",
    "SeriesNumber": 16,
    "ShimSetting": [
      6769,
      12665,
      -6822,
      503,
      19,
      -96,
      67,
      0
    ],
    "SliceThickness": 3,
    "SliceTiming": [
      0,
      0.2625,
      0.065,
      0.33,
      0.13,
      0.395,
      0.1975,
      0,
      0.2625,
      0.065,
      0.33,
      0.13,
      0.395,
      0.1975,
      0,
      0.2625,
      0.065,
      0.33,
      0.13,
      0.395,
      0.1975,
      0,
      0.2625,
      0.065,
      0.33,
      0.13,
      0.395,
      0.1975,
      0,
      0.2625,
      0.065,
      0.33,
      0.13,
      0.395,
      0.1975,
      0,
      0.2625,
      0.065,
      0.33,
      0.13,
      0.395,
      0.1975,
      0,
      0.2625,
      0.065,
      0.33,
      0.13,
      0.395,
      0.1975,
      0,
      0.2625,
      0.065,
      0.33,
      0.13,
      0.395,
      0.1975
    ],
    "SoftwareVersions": "syngo_MR_B17",
    "SpacingBetweenSlices": 3,
    "StationName": "MRC35451",
    "TaskName": "ritl",
    "TotalReadoutTime": 0.04131,
    "TxRefAmp": 335.513,
    "acq_id": "MB",
    "dataset": "ds001371",
    "modality": "bold",
    "run_id": 3,
    "subject_id": "M80305418",
    "task_id": "ritl"
  },
  "dummy_trs": 0,
  "dvars_nstd": 31.06552271391941,
  "dvars_std": 1.1928559065061584,
  "dvars_vstd": 1.026285952105263,
  "efc": 0.40555154770339763,
  "fber": 27786.34375,
  "fd_mean": 0.08325381106198135,
  "fd_num": 29,
  "fd_perc": 3.243847874720358,
  "fwhm_avg": 1.8194089699312872,
  "fwhm_x": 1.6611513837435277,
  "fwhm_y": 1.989052192717,
  "fwhm_z": 1.8080233333333335,
  "gcor": 0.0429323,
  "gsr_x": -0.024328909814357758,
  "gsr_y": 0.0328323170542717,
  "provenance": {
    "md5sum": "f4dc0be1bb5654e1069bb224676f6e24",
    "settings": {
      "fd_thres": 0.2,
      "testing": false
    },
    "software": "mriqc",
    "version": "22.0.6",
    "webapi_port": null,
    "webapi_url": "https://mriqc.nimh.nih.gov/api/v1"
  },
  "size_t": 894,
  "size_x": 82,
  "size_y": 82,
  "size_z": 56,
  "snr": 6.637452622855968,
  "spacing_tr": 0.46000000834465027,
  "spacing_x": 3.02439022064209,
  "spacing_y": 3.02439022064209,
  "spacing_z": 3.0,
  "summary_bg_k": 20.159250034256242,
  "summary_bg_mad": 2.2388289508626134,
  "summary_bg_mean": 10.32831859588623,
  "summary_bg_median": 1.7449665069580078,
  "summary_bg_n": 283986.0,
  "summary_bg_p05": 0.019015660509467125,
  "summary_bg_p95": 53.9183464050293,
  "summary_bg_stdv": 22.07050895690918,
  "summary_fg_k": 2.156105080346415,
  "summary_fg_mad": 38.30636380812043,
  "summary_fg_mean": 282.60162353515625,
  "summary_fg_median": 283.2964172363281,
  "summary_fg_n": 40112.0,
  "summary_fg_p05": 214.2703598022461,
  "summary_fg_p95": 349.34110565185546,
  "summary_fg_stdv": 42.680965423583984,
  "tsnr": 46.041101657319814
}