{
  "aor": 0.0022053872053872056,
  "aqi": 0.017991222177328844,
  "bids_meta": {
    "AcquisitionMatrixPE": 82,
    "AcquisitionNumber": 1,
    "AcquisitionTime": "16:28:39.662500",
    "BandwidthPerPixelPhaseEncode": 23.912,
    "BaseResolution": 82,
    "ConversionSoftware": "dcm2niix",
    "ConversionSoftwareVersion": "v1.0.20171215 Clang9.0.0",
    "DerivedVendorReportedEchoSpacing": 0.00051,
    "DeviceSerialNumber": "35451",
    "DwellTime": 2.2e-06,
    "EchoTime": 0.029,
    "EffectiveEchoSpacing": 0.00051,
    "FlipAngle": 44,
    "ImageComments": "Unaliased_MB8_PE3_(remote)",
    "ImageOrientationPatientDICOM": [
      0.999296,
      0.0155829,
      0.0341261,
      -3.31766e-08,
      0.909653,
      -0.415369
    ],
    "ImageType": [
      "ORIGINAL",
      "PRIMARY",
      "M",
      "MB",
      "ND",
      "NORM",
      "MOSAIC"
    ],
    "InPlanePhaseEncodingDirectionDICOM": "COL",
    "InstitutionAddress": "Exposition_Drive_1777_Boulder-_c0d8dc-_Denver_US_80301",
    "InstitutionName": "Intermountain_Neuroimaging_Consortium",
    "InstitutionalDepartmentName": "Department",
    "MRAcquisitionType": "2D",
    "MagneticFieldStrength": 3,
    "Manufacturer": "Siemens",
    "ManufacturersModelName": "TrioTim",
    "Modality": "MR",
    "MultibandAccelerationFactor": 8,
    "PartialFourier": 1,
    "PatientPosition": "HFS",
    "PercentPhaseFOV": 100,
    "PhaseEncodingDirection": "j",
    "PhaseEncodingSteps": 82,
    "PhaseResolution": 1,
    "PixelBandwidth": 2772,
    "ProcedureStepDescription": "VMITTAL_adaptcog_200068",
    "ProtocolName": "ritl_pa_32ch_mb8_v01_r06",
    "PulseSequenceDetails": "%CustomerSeq%_cmrr_mbep2d_bold",
    "ReceiveCoilName": "32Ch_Head",
    "ReconMatrixPE": 82,
    "RepetitionTime": 0.46,
    "SAR": 0.147858,
    "ScanOptions": "FS",
    "ScanningSequence": "EP",
    "SequenceName": "epfid2d1_82",
    "SequenceVariant": "SK_SS",
    "SeriesDescription": "ritl_pa_32ch_mb8_v01_r06",
    "SeriesNumber": 16,
    "ShimSetting": [
      6771,
      12699,
      -6802,
      535,
      245,
      98,
      -179,
      80
    ],
    "SliceThickness": 3,
    "SliceTiming": [
      0,
      0.2625,
      0.065,
      0.3275,
      0.13,
      0.395,
      0.1975,
      0,
      0.2625,
      0.065,
      0.3275,
      0.13,
      0.395,
      0.1975,
      0,
      0.2625,
      0.065,
      0.3275,
      0.13,
      0.395,
      0.1975,
      0,
      0.2625,
      0.065,
      0.3275,
      0.13,
      0.395,
      0.1975,
      0,
      0.2625,
      0.065,
      0.3275,
      0.13,
      0.395,
      0.1975,
      0,
      0.2625,
      0.065,
      0.3275,
      0.13,
      0.395,
      0.1975,
      0,
      0.2625,
      0.065,
      0.3275,
      0.13,
      0.395,
      0.1975,
      0,
      0.2625,
      0.065,
      0.3275,
      0.13,
      0.395,
      0.1975
    ],
    "SoftwareVersions": "syngo_MR_B17",
    "SpacingBetweenSlices": 3,
    "StationName": "MRC35451",
    "TaskName": "ritl",
    "TotalReadoutTime": 0.04131,
    "TxRefAmp": 336.719,
    "acq_id": "MB",
    "dataset": "ds001371",
    "modality": "bold",
    "run_id": 6,
    "subject_id": "M80362559",
    "task_id": "ritl"
  },
  "dummy_trs": 3,
  "dvars_nstd": 32.40973682184269,
  "dvars_std": 1.1359135215617973,
  "dvars_vstd": 1.0085414686179777,
  "efc": 0.43523399421322845,
  "fber": 15659.6572265625,
  "fd_mean": 0.14012983866039846,
  "fd_num": 147,
  "fd_perc": 16.4983164983165,
  "fwhm_avg": 1.90745212445694,
  "fwhm_x": 1.771844771691636,
  "fwhm_y": 2.035864935012517,
  "fwhm_z": 1.9146466666666668,
  "gcor": 0.0231967,
  "gsr_x": -0.012125863693654537,
  "gsr_y": 0.017817942425608635,
  "provenance": {
    "md5sum": "11df37ddd9fe3120f89bf216d39ef9fd",
    "settings": {
      "fd_thres": 0.2,
      "testing": false
    },
    "software": "mriqc",
    "version": "22.0.6",
    "webapi_port": null,
    "webapi_url": "https://mriqc.nimh.nih.gov/api/v1"
  },
  "size_t": 891,
  "size_x": 82,
  "size_y": 82,
  "size_z": 56,
  "snr": 6.588378944711723,
  "spacing_tr": 0.46000000834465027,
  "spacing_x": 3.02439022064209,
  "spacing_y": 3.02439022064209,
  "spacing_z": 3.0,
  "summary_bg_k": 15.594575763543325,
  "summary_bg_mad": 2.569178443036351,
  "summary_bg_mean": 11.344257354736328,
  "summary_bg_median": 1.9753087759017944,
  "summary_bg_n": 277162.0,
  "summary_bg_p05": 0.028058363124728203,
  "summary_bg_p95": 65.56661186218265,
  "summary_bg_stdv": 24.450151443481445,
  "summary_fg_k": 1.9374891769156397,
  "summary_fg_mad": 33.98006375226783,
  "summary_fg_mean": 245.4193115234375,
  "summary_fg_median": 244.27162170410156,
  "summary_fg_n": 44537.0,
  "summary_fg_p05": 189.40628967285156,
  "summary_fg_p95": 306.03706054687495,
  "summary_fg_stdv": 37.07571792602539,
  "tsnr": 37.114054859033786
}