{
  "aor": 0.0030233632286995513,
  "aqi": 0.013650271087443945,
  "bids_meta": {
    "AcquisitionMatrixPE": 82,
    "AcquisitionNumber": 1,
    "AcquisitionTime": "15:51:27.545000",
    "BandwidthPerPixelPhaseEncode": 23.912,
    "BaseResolution": 82,
    "ConversionSoftware": "dcm2niix",
    "ConversionSoftwareVersion": "v1.0.20171215 Clang9.0.0",
    "DerivedVendorReportedEchoSpacing": 0.00051,
    "DeviceSerialNumber": "35451",
    "DwellTime": 2.2e-06,
    "EchoTime": 0.029,
    "EffectiveEchoSpacing": 0.00051,
    "FlipAngle": 44,
    "ImageComments": "Unaliased_MB8_PE3_(remote)",
    "ImageOrientationPatientDICOM": [
      0.999296,
      0.0155829,
      0.0341261,
      -3.31766e-08,
      0.909653,
      -0.415369
    ],
    "ImageType": [
      "ORIGINAL",
      "PRIMARY",
      "M",
      "MB",
      "ND",
      "NORM",
      "MOSAIC"
    ],
    "InPlanePhaseEncodingDirectionDICOM": "COL",
    "InstitutionAddress": "Exposition_Drive_1777_Boulder-_c0d8dc-_Denver_US_80301",
    "InstitutionName": "Intermountain_Neuroimaging_Consortium",
    "InstitutionalDepartmentName": "Department",
    "MRAcquisitionType": "2D",
    "MagneticFieldStrength": 3,
    "Manufacturer": "Siemens",
    "ManufacturersModelName": "TrioTim",
    "Modality": "MR",
    "MultibandAccelerationFactor": 8,
    "PartialFourier": 1,
    "PatientPosition": "HFS",
    "PercentPhaseFOV": 100,
    "PhaseEncodingDirection": "j",
    "PhaseEncodingSteps": 82,
    "PhaseResolution": 1,
    "PixelBandwidth": 2772,
    "ProcedureStepDescription": "VMITTAL_adaptcog_200068",
    "ProtocolName": "ritl_pa_32ch_mb8_v01_r01",
    "PulseSequenceDetails": "%CustomerSeq%_cmrr_mbep2d_bold",
    "ReceiveCoilName": "32Ch_Head",
    "ReconMatrixPE": 82,
    "RepetitionTime": 0.46,
    "SAR": 0.153279,
    "ScanOptions": "FS",
    "ScanningSequence": "EP",
    "SequenceName": "epfid2d1_82",
    "SequenceVariant": "SK_SS",
    "SeriesDescription": "ritl_pa_32ch_mb8_v01_r01",
    "SeriesNumber": 6,
    "ShimSetting": [
      6771,
      12699,
      -6802,
      535,
      245,
      98,
      -179,
      80
    ],
    "SliceThickness": 3,
    "SliceTiming": [
      0,
      0.2625,
      0.065,
      0.3275,
      0.13,
      0.395,
      0.1975,
      0,
      0.2625,
      0.065,
      0.3275,
      0.13,
      0.395,
      0.1975,
      0,
      0.2625,
      0.065,
      0.3275,
      0.13,
      0.395,
      0.1975,
      0,
      0.2625,
      0.065,
      0.3275,
      0.13,
      0.395,
      0.1975,
      0,
      0.2625,
      0.065,
      0.3275,
      0.13,
      0.395,
      0.1975,
      0,
      0.2625,
      0.065,
      0.3275,
      0.13,
      0.395,
      0.1975,
      0,
      0.2625,
      0.065,
      0.3275,
      0.13,
      0.395,
      0.1975,
      0,
      0.2625,
      0.065,
      0.3275,
      0.13,
      0.395,
      0.1975
    ],
    "SoftwareVersions": "syngo_MR_B17",
    "SpacingBetweenSlices": 3,
    "StationName": "MRC35451",
    "TaskName": "ritl",
    "TotalReadoutTime": 0.04131,
    "TxRefAmp": 336.719,
    "acq_id": "MB",
    "dataset": "ds001371",
    "modality": "bold",
    "run_id": 1,
    "subject_id": "M80362559",
    "task_id": "ritl"
  },
  "dummy_trs": 2,
  "dvars_nstd": 32.88872446517392,
  "dvars_std": 1.1959265744668894,
  "dvars_vstd": 1.0464030425701476,
  "efc": 0.43119054462775336,
  "fber": 16857.638671875,
  "fd_mean": 0.10707391675413835,
  "fd_num": 84,
  "fd_perc": 9.417040358744394,
  "fwhm_avg": 1.8744996242680056,
  "fwhm_x": 1.7330435617157993,
  "fwhm_y": 2.0009686444215515,
  "fwhm_z": 1.8894866666666665,
  "gcor": 0.0236195,
  "gsr_x": -0.01654661074280739,
  "gsr_y": 0.019913971424102783,
  "provenance": {
    "md5sum": "ad746e6226c6f965ede5ef611b63ceb2",
    "settings": {
      "fd_thres": 0.2,
      "testing": false
    },
    "software": "mriqc",
    "version": "22.0.6",
    "webapi_port": null,
    "webapi_url": "https://mriqc.nimh.nih.gov/api/v1"
  },
  "size_t": 892,
  "size_x": 82,
  "size_y": 82,
  "size_z": 56,
  "snr": 6.639407490196354,
  "spacing_tr": 0.46000000834465027,
  "spacing_x": 3.02439022064209,
  "spacing_y": 3.02439022064209,
  "spacing_z": 3.0,
  "summary_bg_k": 16.988002887373614,
  "summary_bg_mad": 2.5147727587654494,
  "summary_bg_mean": 10.939793586730957,
  "summary_bg_median": 1.9035875797271729,
  "summary_bg_n": 277979.0,
  "summary_bg_p05": 0.022421525791287422,
  "summary_bg_p95": 62.90089950561508,
  "summary_bg_stdv": 23.944942474365234,
  "summary_fg_k": 1.952198940095892,
  "summary_fg_mad": 33.895409554549815,
  "summary_fg_mean": 245.02957153320312,
  "summary_fg_median": 244.01458740234375,
  "summary_fg_n": 44593.0,
  "summary_fg_p05": 189.12669372558594,
  "summary_fg_p95": 304.6856628417969,
  "summary_fg_stdv": 36.752052307128906,
  "tsnr": 43.62259484035894
}