{
  "aor": 0.0016507158836689038,
  "aqi": 0.029760977069351234,
  "bids_meta": {
    "AcquisitionMatrixPE": 82,
    "AcquisitionNumber": 1,
    "AcquisitionTime": "16:06:17.380000",
    "BandwidthPerPixelPhaseEncode": 23.912,
    "BaseResolution": 82,
    "ConversionSoftware": "dcm2niix",
    "ConversionSoftwareVersion": "v1.0.20171215 Clang9.0.0",
    "DerivedVendorReportedEchoSpacing": 0.00051,
    "DeviceSerialNumber": "35451",
    "DwellTime": 2.2e-06,
    "EchoTime": 0.029,
    "EffectiveEchoSpacing": 0.00051,
    "FlipAngle": 44,
    "ImageComments": "Unaliased_MB8_PE3_(remote)",
    "ImageOrientationPatientDICOM": [
      0.999296,
      0.0155829,
      0.0341261,
      -3.31766e-08,
      0.909653,
      -0.415369
    ],
    "ImageType": [
      "ORIGINAL",
      "PRIMARY",
      "M",
      "MB",
      "ND",
      "NORM",
      "MOSAIC"
    ],
    "InPlanePhaseEncodingDirectionDICOM": "COL",
    "InstitutionAddress": "Exposition_Drive_1777_Boulder-_c0d8dc-_Denver_US_80301",
    "InstitutionName": "Intermountain_Neuroimaging_Consortium",
    "InstitutionalDepartmentName": "Department",
    "MRAcquisitionType": "2D",
    "MagneticFieldStrength": 3,
    "Manufacturer": "Siemens",
    "ManufacturersModelName": "TrioTim",
    "Modality": "MR",
    "MultibandAccelerationFactor": 8,
    "PartialFourier": 1,
    "PatientPosition": "HFS",
    "PercentPhaseFOV": 100,
    "PhaseEncodingDirection": "j",
    "PhaseEncodingSteps": 82,
    "PhaseResolution": 1,
    "PixelBandwidth": 2772,
    "ProcedureStepDescription": "VMITTAL_adaptcog_200068",
    "ProtocolName": "ritl_pa_32ch_mb8_v01_r03",
    "PulseSequenceDetails": "%CustomerSeq%_cmrr_mbep2d_bold",
    "ReceiveCoilName": "32Ch_Head",
    "ReconMatrixPE": 82,
    "RepetitionTime": 0.46,
    "SAR": 0.147922,
    "ScanOptions": "FS",
    "ScanningSequence": "EP",
    "SequenceName": "epfid2d1_82",
    "SequenceVariant": "SK_SS",
    "SeriesDescription": "ritl_pa_32ch_mb8_v01_r03",
    "SeriesNumber": 10,
    "ShimSetting": [
      6771,
      12699,
      -6802,
      535,
      245,
      98,
      -179,
      80
    ],
    "SliceThickness": 3,
    "SliceTiming": [
      0,
      0.2625,
      0.065,
      0.3275,
      0.13,
      0.395,
      0.1975,
      0,
      0.2625,
      0.065,
      0.3275,
      0.13,
      0.395,
      0.1975,
      0,
      0.2625,
      0.065,
      0.3275,
      0.13,
      0.395,
      0.1975,
      0,
      0.2625,
      0.065,
      0.3275,
      0.13,
      0.395,
      0.1975,
      0,
      0.2625,
      0.065,
      0.3275,
      0.13,
      0.395,
      0.1975,
      0,
      0.2625,
      0.065,
      0.3275,
      0.13,
      0.395,
      0.1975,
      0,
      0.2625,
      0.065,
      0.3275,
      0.13,
      0.395,
      0.1975,
      0,
      0.2625,
      0.065,
      0.3275,
      0.13,
      0.395,
      0.1975
    ],
    "SoftwareVersions": "syngo_MR_B17",
    "SpacingBetweenSlices": 3,
    "StationName": "MRC35451",
    "TaskName": "ritl",
    "TotalReadoutTime": 0.04131,
    "TxRefAmp": 336.719,
    "acq_id": "MB",
    "dataset": "ds001371",
    "modality": "bold",
    "run_id": 3,
    "subject_id": "M80362559",
    "task_id": "ritl"
  },
  "dummy_trs": 0,
  "dvars_nstd": 36.567700404132125,
  "dvars_std": 1.0375074351735727,
  "dvars_vstd": 0.9444877673124304,
  "efc": 0.43051752471590976,
  "fber": 17222.99609375,
  "fd_mean": 0.3133202212038234,
  "fd_num": 354,
  "fd_perc": 39.59731543624161,
  "fwhm_avg": 1.945755153369661,
  "fwhm_x": 1.8004554977181304,
  "fwhm_y": 2.10043662905752,
  "fwhm_z": 1.9363733333333333,
  "gcor": 0.0186295,
  "gsr_x": -0.013919129967689514,
  "gsr_y": 0.017887156456708908,
  "provenance": {
    "md5sum": "722cbdd7ac0c49cab739d06a0350cbb5",
    "settings": {
      "fd_thres": 0.2,
      "testing": false
    },
    "software": "mriqc",
    "version": "22.0.6",
    "webapi_port": null,
    "webapi_url": "https://mriqc.nimh.nih.gov/api/v1"
  },
  "size_t": 894,
  "size_x": 82,
  "size_y": 82,
  "size_z": 56,
  "snr": 6.541180139549247,
  "spacing_tr": 0.46000000834465027,
  "spacing_x": 3.02439022064209,
  "spacing_y": 3.02439022064209,
  "spacing_z": 3.0,
  "summary_bg_k": 15.654373011336116,
  "summary_bg_mad": 2.5240722629985513,
  "summary_bg_mean": 10.997162818908691,
  "summary_bg_median": 1.9116331338882446,
  "summary_bg_n": 278333.0,
  "summary_bg_p05": 0.02572706900537014,
  "summary_bg_p95": 63.012080383300706,
  "summary_bg_stdv": 23.858516693115234,
  "summary_fg_k": 1.3161611687295434,
  "summary_fg_mad": 35.23916486271487,
  "summary_fg_mean": 246.02206420898438,
  "summary_fg_median": 244.91555786132812,
  "summary_fg_n": 44476.0,
  "summary_fg_p05": 188.9960823059082,
  "summary_fg_p95": 308.1155014038086,
  "summary_fg_stdv": 37.44168472290039,
  "tsnr": 28.1257371394895
}