{
  "aor": 0.0029252348993288593,
  "aqi": 0.02222074440715884,
  "bids_meta": {
    "AcquisitionMatrixPE": 82,
    "AcquisitionNumber": 1,
    "AcquisitionTime": "15:33:27.925000",
    "BandwidthPerPixelPhaseEncode": 23.912,
    "BaseResolution": 82,
    "ConversionSoftware": "dcm2niix",
    "ConversionSoftwareVersion": "v1.0.20171215 Clang9.0.0",
    "DerivedVendorReportedEchoSpacing": 0.00051,
    "DeviceSerialNumber": "35451",
    "DwellTime": 2.2e-06,
    "EchoTime": 0.029,
    "EffectiveEchoSpacing": 0.00051,
    "FlipAngle": 44,
    "ImageComments": "Unaliased_MB8_PE3_(remote)",
    "ImageOrientationPatientDICOM": [
      0.999724,
      0.0126977,
      0.0197692,
      1.43291e-08,
      0.841394,
      -0.540423
    ],
    "ImageType": [
      "ORIGINAL",
      "PRIMARY",
      "M",
      "MB",
      "ND",
      "NORM",
      "MOSAIC"
    ],
    "InPlanePhaseEncodingDirectionDICOM": "COL",
    "InstitutionAddress": "Exposition_Drive_1777_Boulder-_6392da-_Denver_US_80301",
    "InstitutionName": "Intermountain_Neuroimaging_Consortium",
    "InstitutionalDepartmentName": "Department",
    "MRAcquisitionType": "2D",
    "MagneticFieldStrength": 3,
    "Manufacturer": "Siemens",
    "ManufacturersModelName": "TrioTim",
    "Modality": "MR",
    "MultibandAccelerationFactor": 8,
    "PartialFourier": 1,
    "PatientPosition": "HFS",
    "PercentPhaseFOV": 100,
    "PhaseEncodingDirection": "j",
    "PhaseEncodingSteps": 82,
    "PhaseResolution": 1,
    "PixelBandwidth": 2772,
    "ProcedureStepDescription": "VMITTAL_adaptcog_200068",
    "ProtocolName": "ritl_pa_32ch_mb8_v01_r04",
    "PulseSequenceDetails": "%CustomerSeq%_cmrr_mbep2d_bold",
    "ReceiveCoilName": "32Ch_Head",
    "ReconMatrixPE": 82,
    "RepetitionTime": 0.46,
    "SAR": 0.201458,
    "ScanOptions": "FS",
    "ScanningSequence": "EP",
    "SequenceName": "epfid2d1_82",
    "SequenceVariant": "SK_SS",
    "SeriesDescription": "ritl_pa_32ch_mb8_v01_r04",
    "SeriesNumber": 20,
    "ShimSetting": [
      6816,
      12753,
      -6765,
      194,
      313,
      -188,
      -51,
      106
    ],
    "SliceThickness": 3,
    "SliceTiming": [
      0,
      0.265,
      0.0675,
      0.33,
      0.1325,
      0.3975,
      0.2,
      0,
      0.265,
      0.0675,
      0.33,
      0.1325,
      0.3975,
      0.2,
      0,
      0.265,
      0.0675,
      0.33,
      0.1325,
      0.3975,
      0.2,
      0,
      0.265,
      0.0675,
      0.33,
      0.1325,
      0.3975,
      0.2,
      0,
      0.265,
      0.0675,
      0.33,
      0.1325,
      0.3975,
      0.2,
      0,
      0.265,
      0.0675,
      0.33,
      0.1325,
      0.3975,
      0.2,
      0,
      0.265,
      0.0675,
      0.33,
      0.1325,
      0.3975,
      0.2,
      0,
      0.265,
      0.0675,
      0.33,
      0.1325,
      0.3975,
      0.2
    ],
    "SoftwareVersions": "syngo_MR_B17",
    "SpacingBetweenSlices": 3,
    "StationName": "MRC35451",
    "TaskName": "ritl",
    "TotalReadoutTime": 0.04131,
    "TxRefAmp": 348.497,
    "acq_id": "MB",
    "dataset": "ds001371",
    "modality": "bold",
    "run_id": 4,
    "subject_id": "M80344830",
    "task_id": "ritl"
  },
  "dummy_trs": 0,
  "dvars_nstd": 34.8518470599776,
  "dvars_std": 1.166771305520717,
  "dvars_vstd": 1.0352336643449047,
  "efc": 0.41272932148739905,
  "fber": 17740.642578125,
  "fd_mean": 0.17323013775582702,
  "fd_num": 183,
  "fd_perc": 20.469798657718123,
  "fwhm_avg": 1.8690247407895113,
  "fwhm_x": 1.748663239255284,
  "fwhm_y": 1.9986309831132503,
  "fwhm_z": 1.85978,
  "gcor": 0.0351922,
  "gsr_x": -0.028001531958580017,
  "gsr_y": 0.020796649158000946,
  "provenance": {
    "md5sum": "e931fadcfb8c7ab60fc31e81a1804ab0",
    "settings": {
      "fd_thres": 0.2,
      "testing": false
    },
    "software": "mriqc",
    "version": "22.0.6",
    "webapi_port": null,
    "webapi_url": "https://mriqc.nimh.nih.gov/api/v1"
  },
  "size_t": 894,
  "size_x": 82,
  "size_y": 82,
  "size_z": 56,
  "snr": 7.027299103154012,
  "spacing_tr": 0.46000000834465027,
  "spacing_x": 3.02439022064209,
  "spacing_y": 3.02439022064209,
  "spacing_z": 3.0,
  "summary_bg_k": 13.868357022575847,
  "summary_bg_mad": 2.4511029513916185,
  "summary_bg_mean": 10.430496215820312,
  "summary_bg_median": 1.77293062210083,
  "summary_bg_n": 287863.0,
  "summary_bg_p05": 0.007829977199435234,
  "summary_bg_p95": 57.29172286987297,
  "summary_bg_stdv": 21.639244079589844,
  "summary_fg_k": 1.971203508178279,
  "summary_fg_mad": 29.71339717187881,
  "summary_fg_mean": 227.73704528808594,
  "summary_fg_median": 227.80648803710938,
  "summary_fg_n": 37097.0,
  "summary_fg_p05": 176.9630889892578,
  "summary_fg_p95": 279.9297668457031,
  "summary_fg_stdv": 32.41692352294922,
  "tsnr": 33.1399749815464
}