{
  "aor": 0.0009748322147651006,
  "aqi": 0.019289377852348993,
  "bids_meta": {
    "AcquisitionMatrixPE": 82,
    "AcquisitionNumber": 1,
    "AcquisitionTime": "14:03:40.465000",
    "BandwidthPerPixelPhaseEncode": 23.912,
    "BaseResolution": 82,
    "ConversionSoftware": "dcm2niix",
    "ConversionSoftwareVersion": "v1.0.20171215 Clang9.0.0",
    "DerivedVendorReportedEchoSpacing": 0.00051,
    "DeviceSerialNumber": "35451",
    "DwellTime": 2.2e-06,
    "EchoTime": 0.029,
    "EffectiveEchoSpacing": 0.00051,
    "FlipAngle": 44,
    "ImageComments": "Unaliased_MB8_PE3_(remote)",
    "ImageOrientationPatientDICOM": [
      0.999906,
      0.00521724,
      0.012667,
      -6.82653e-08,
      0.924643,
      -0.380834
    ],
    "ImageType": [
      "ORIGINAL",
      "PRIMARY",
      "M",
      "MB",
      "ND",
      "NORM",
      "MOSAIC"
    ],
    "InPlanePhaseEncodingDirectionDICOM": "COL",
    "InstitutionAddress": "Exposition_Drive_1777_Boulder-_6392da-_Denver_US_80301",
    "InstitutionName": "Intermountain_Neuroimaging_Consortium",
    "InstitutionalDepartmentName": "Department",
    "MRAcquisitionType": "2D",
    "MagneticFieldStrength": 3,
    "Manufacturer": "Siemens",
    "ManufacturersModelName": "TrioTim",
    "Modality": "MR",
    "MultibandAccelerationFactor": 8,
    "PartialFourier": 1,
    "PatientPosition": "HFS",
    "PercentPhaseFOV": 100,
    "PhaseEncodingDirection": "j",
    "PhaseEncodingSteps": 82,
    "PhaseResolution": 1,
    "PixelBandwidth": 2772,
    "ProcedureStepDescription": "VMITTAL_adaptcog_200068",
    "ProtocolName": "ritl_pa_32ch_mb8_v01_r06",
    "PulseSequenceDetails": "%CustomerSeq%_cmrr_mbep2d_bold",
    "ReceiveCoilName": "32Ch_Head",
    "ReconMatrixPE": 82,
    "RepetitionTime": 0.46,
    "SAR": 0.19048,
    "ScanOptions": "FS",
    "ScanningSequence": "EP",
    "SequenceName": "epfid2d1_82",
    "SequenceVariant": "SK_SS",
    "SeriesDescription": "ritl_pa_32ch_mb8_v01_r06",
    "SeriesNumber": 22,
    "ShimSetting": [
      6810,
      12605,
      -6772,
      747,
      307,
      47,
      162,
      -4
    ],
    "SliceThickness": 3,
    "SliceTiming": [
      0,
      0.265,
      0.0675,
      0.33,
      0.1325,
      0.395,
      0.1975,
      0,
      0.265,
      0.0675,
      0.33,
      0.1325,
      0.395,
      0.1975,
      0,
      0.265,
      0.0675,
      0.33,
      0.1325,
      0.395,
      0.1975,
      0,
      0.265,
      0.0675,
      0.33,
      0.1325,
      0.395,
      0.1975,
      0,
      0.265,
      0.0675,
      0.33,
      0.1325,
      0.395,
      0.1975,
      0,
      0.265,
      0.0675,
      0.33,
      0.1325,
      0.395,
      0.1975,
      0,
      0.265,
      0.0675,
      0.33,
      0.1325,
      0.395,
      0.1975,
      0,
      0.265,
      0.0675,
      0.33,
      0.1325,
      0.395,
      0.1975
    ],
    "SoftwareVersions": "syngo_MR_B17",
    "SpacingBetweenSlices": 3,
    "StationName": "MRC35451",
    "TaskName": "ritl",
    "TotalReadoutTime": 0.04131,
    "TxRefAmp": 333.888,
    "acq_id": "MB",
    "dataset": "ds001371",
    "modality": "bold",
    "run_id": 6,
    "subject_id": "M80325206",
    "task_id": "ritl"
  },
  "dummy_trs": 0,
  "dvars_nstd": 30.41741394646138,
  "dvars_std": 1.1363339933818573,
  "dvars_vstd": 1.003271866998881,
  "efc": 0.40606952946168406,
  "fber": 26876.134765625,
  "fd_mean": 0.10463898270924968,
  "fd_num": 94,
  "fd_perc": 10.51454138702461,
  "fwhm_avg": 1.7156014960822097,
  "fwhm_x": 1.5625364636302492,
  "fwhm_y": 1.802604691283047,
  "fwhm_z": 1.7816633333333334,
  "gcor": 0.0312512,
  "gsr_x": -0.014843478798866272,
  "gsr_y": 0.01950795017182827,
  "provenance": {
    "md5sum": "a6be6b9374309079b7c2b7dacd3ed11e",
    "settings": {
      "fd_thres": 0.2,
      "testing": false
    },
    "software": "mriqc",
    "version": "22.0.6",
    "webapi_port": null,
    "webapi_url": "https://mriqc.nimh.nih.gov/api/v1"
  },
  "size_t": 894,
  "size_x": 82,
  "size_y": 82,
  "size_z": 56,
  "snr": 7.452138819652096,
  "spacing_tr": 0.46000000834465027,
  "spacing_x": 3.02439022064209,
  "spacing_y": 3.02439022064209,
  "spacing_z": 3.0,
  "summary_bg_k": 20.21053008869846,
  "summary_bg_mad": 2.063868522059253,
  "summary_bg_mean": 9.742172241210938,
  "summary_bg_median": 1.6336688995361328,
  "summary_bg_n": 283364.0,
  "summary_bg_p05": 0.031319908797740936,
  "summary_bg_p95": 58.14971942901609,
  "summary_bg_stdv": 22.5201358795166,
  "summary_fg_k": 2.630301927976025,
  "summary_fg_mad": 31.253223546752057,
  "summary_fg_mean": 259.6900329589844,
  "summary_fg_median": 258.8299560546875,
  "summary_fg_n": 40910.0,
  "summary_fg_p05": 209.37270889282226,
  "summary_fg_p95": 316.44530334472654,
  "summary_fg_stdv": 34.73188018798828,
  "tsnr": 40.01292467681924
}