{
  "aor": 0.0013150224215246638,
  "aqi": 0.022835564125560537,
  "bids_meta": {
    "AcquisitionMatrixPE": 82,
    "AcquisitionNumber": 1,
    "AcquisitionTime": "13:33:1.685000",
    "BandwidthPerPixelPhaseEncode": 23.912,
    "BaseResolution": 82,
    "ConversionSoftware": "dcm2niix",
    "ConversionSoftwareVersion": "v1.0.20171215 Clang9.0.0",
    "DerivedVendorReportedEchoSpacing": 0.00051,
    "DeviceSerialNumber": "35451",
    "DwellTime": 2.2e-06,
    "EchoTime": 0.029,
    "EffectiveEchoSpacing": 0.00051,
    "FlipAngle": 44,
    "ImageComments": "Unaliased_MB8_PE3_(remote)",
    "ImageOrientationPatientDICOM": [
      0.999906,
      0.00521724,
      0.012667,
      -6.82653e-08,
      0.924643,
      -0.380834
    ],
    "ImageType": [
      "ORIGINAL",
      "PRIMARY",
      "M",
      "MB",
      "ND",
      "NORM",
      "MOSAIC"
    ],
    "InPlanePhaseEncodingDirectionDICOM": "COL",
    "InstitutionAddress": "Exposition_Drive_1777_Boulder-_6392da-_Denver_US_80301",
    "InstitutionName": "Intermountain_Neuroimaging_Consortium",
    "InstitutionalDepartmentName": "Department",
    "MRAcquisitionType": "2D",
    "MagneticFieldStrength": 3,
    "Manufacturer": "Siemens",
    "ManufacturersModelName": "TrioTim",
    "Modality": "MR",
    "MultibandAccelerationFactor": 8,
    "PartialFourier": 1,
    "PatientPosition": "HFS",
    "PercentPhaseFOV": 100,
    "PhaseEncodingDirection": "j",
    "PhaseEncodingSteps": 82,
    "PhaseResolution": 1,
    "PixelBandwidth": 2772,
    "ProcedureStepDescription": "VMITTAL_adaptcog_200068",
    "ProtocolName": "ritl_pa_32ch_mb8_v01_r02",
    "PulseSequenceDetails": "%CustomerSeq%_cmrr_mbep2d_bold",
    "ReceiveCoilName": "32Ch_Head",
    "ReconMatrixPE": 82,
    "RepetitionTime": 0.46,
    "SAR": 0.183976,
    "ScanOptions": "FS",
    "ScanningSequence": "EP",
    "SequenceName": "epfid2d1_82",
    "SequenceVariant": "SK_SS",
    "SeriesDescription": "ritl_pa_32ch_mb8_v01_r02",
    "SeriesNumber": 14,
    "ShimSetting": [
      6810,
      12605,
      -6772,
      747,
      307,
      47,
      162,
      -4
    ],
    "SliceThickness": 3,
    "SliceTiming": [
      0,
      0.265,
      0.065,
      0.33,
      0.1325,
      0.395,
      0.1975,
      0,
      0.265,
      0.065,
      0.33,
      0.1325,
      0.395,
      0.1975,
      0,
      0.265,
      0.065,
      0.33,
      0.1325,
      0.395,
      0.1975,
      0,
      0.265,
      0.065,
      0.33,
      0.1325,
      0.395,
      0.1975,
      0,
      0.265,
      0.065,
      0.33,
      0.1325,
      0.395,
      0.1975,
      0,
      0.265,
      0.065,
      0.33,
      0.1325,
      0.395,
      0.1975,
      0,
      0.265,
      0.065,
      0.33,
      0.1325,
      0.395,
      0.1975,
      0,
      0.265,
      0.065,
      0.33,
      0.1325,
      0.395,
      0.1975
    ],
    "SoftwareVersions": "syngo_MR_B17",
    "SpacingBetweenSlices": 3,
    "StationName": "MRC35451",
    "TaskName": "ritl",
    "TotalReadoutTime": 0.04131,
    "TxRefAmp": 333.888,
    "acq_id": "MB",
    "dataset": "ds001371",
    "modality": "bold",
    "run_id": 2,
    "subject_id": "M80325206",
    "task_id": "ritl"
  },
  "dummy_trs": 2,
  "dvars_nstd": 30.476304506936042,
  "dvars_std": 1.1004475431762062,
  "dvars_vstd": 0.9839712180471378,
  "efc": 0.40646188166280073,
  "fber": 25751.25,
  "fd_mean": 0.11142846500258173,
  "fd_num": 91,
  "fd_perc": 10.201793721973095,
  "fwhm_avg": 1.7338782704228093,
  "fwhm_x": 1.5744892863028226,
  "fwhm_y": 1.8480121916322723,
  "fwhm_z": 1.7791333333333332,
  "gcor": 0.0233159,
  "gsr_x": -0.01597413420677185,
  "gsr_y": 0.018582362681627274,
  "provenance": {
    "md5sum": "1c1fde5df1b530c3bb59b20350a04305",
    "settings": {
      "fd_thres": 0.2,
      "testing": false
    },
    "software": "mriqc",
    "version": "22.0.6",
    "webapi_port": null,
    "webapi_url": "https://mriqc.nimh.nih.gov/api/v1"
  },
  "size_t": 892,
  "size_x": 82,
  "size_y": 82,
  "size_z": 56,
  "snr": 7.529599807012963,
  "spacing_tr": 0.46000000834465027,
  "spacing_x": 3.02439022064209,
  "spacing_y": 3.02439022064209,
  "spacing_z": 3.0,
  "summary_bg_k": 20.130948518193257,
  "summary_bg_mad": 2.1574190138906184,
  "summary_bg_mean": 9.843084335327148,
  "summary_bg_median": 1.684977650642395,
  "summary_bg_n": 283155.0,
  "summary_bg_p05": 0.03699551895260811,
  "summary_bg_p95": 58.07175064086914,
  "summary_bg_stdv": 22.621408462524414,
  "summary_fg_k": 2.55163938783802,
  "summary_fg_mad": 31.249321128498085,
  "summary_fg_mean": 260.736572265625,
  "summary_fg_median": 259.7421569824219,
  "summary_fg_n": 41069.0,
  "summary_fg_p05": 210.14574584960937,
  "summary_fg_p95": 317.0459716796875,
  "summary_fg_stdv": 34.495723724365234,
  "tsnr": 37.037226293818094
}