{
  "aor": 0.0007209955257270694,
  "aqi": 0.01808731845637584,
  "bids_meta": {
    "AcquisitionMatrixPE": 82,
    "AcquisitionNumber": 1,
    "AcquisitionTime": "13:25:39.755000",
    "BandwidthPerPixelPhaseEncode": 23.912,
    "BaseResolution": 82,
    "ConversionSoftware": "dcm2niix",
    "ConversionSoftwareVersion": "v1.0.20171215 Clang9.0.0",
    "DerivedVendorReportedEchoSpacing": 0.00051,
    "DeviceSerialNumber": "35451",
    "DwellTime": 2.2e-06,
    "EchoTime": 0.029,
    "EffectiveEchoSpacing": 0.00051,
    "FlipAngle": 44,
    "ImageComments": "Unaliased_MB8_PE3_(remote)",
    "ImageOrientationPatientDICOM": [
      0.999906,
      0.00521724,
      0.012667,
      -6.82653e-08,
      0.924643,
      -0.380834
    ],
    "ImageType": [
      "ORIGINAL",
      "PRIMARY",
      "M",
      "MB",
      "ND",
      "NORM",
      "MOSAIC"
    ],
    "InPlanePhaseEncodingDirectionDICOM": "COL",
    "InstitutionAddress": "Exposition_Drive_1777_Boulder-_6392da-_Denver_US_80301",
    "InstitutionName": "Intermountain_Neuroimaging_Consortium",
    "InstitutionalDepartmentName": "Department",
    "MRAcquisitionType": "2D",
    "MagneticFieldStrength": 3,
    "Manufacturer": "Siemens",
    "ManufacturersModelName": "TrioTim",
    "Modality": "MR",
    "MultibandAccelerationFactor": 8,
    "PartialFourier": 1,
    "PatientPosition": "HFS",
    "PercentPhaseFOV": 100,
    "PhaseEncodingDirection": "j",
    "PhaseEncodingSteps": 82,
    "PhaseResolution": 1,
    "PixelBandwidth": 2772,
    "ProcedureStepDescription": "VMITTAL_adaptcog_200068",
    "ProtocolName": "ritl_pa_32ch_mb8_v01_r01",
    "PulseSequenceDetails": "%CustomerSeq%_cmrr_mbep2d_bold",
    "ReceiveCoilName": "32Ch_Head",
    "ReconMatrixPE": 82,
    "RepetitionTime": 0.46,
    "SAR": 0.18709,
    "ScanOptions": "FS",
    "ScanningSequence": "EP",
    "SequenceName": "epfid2d1_82",
    "SequenceVariant": "SK_SS",
    "SeriesDescription": "ritl_pa_32ch_mb8_v01_r01",
    "SeriesNumber": 12,
    "ShimSetting": [
      6810,
      12605,
      -6772,
      747,
      307,
      47,
      162,
      -4
    ],
    "SliceThickness": 3,
    "SliceTiming": [
      0,
      0.265,
      0.065,
      0.33,
      0.1325,
      0.395,
      0.1975,
      0,
      0.265,
      0.065,
      0.33,
      0.1325,
      0.395,
      0.1975,
      0,
      0.265,
      0.065,
      0.33,
      0.1325,
      0.395,
      0.1975,
      0,
      0.265,
      0.065,
      0.33,
      0.1325,
      0.395,
      0.1975,
      0,
      0.265,
      0.065,
      0.33,
      0.1325,
      0.395,
      0.1975,
      0,
      0.265,
      0.065,
      0.33,
      0.1325,
      0.395,
      0.1975,
      0,
      0.265,
      0.065,
      0.33,
      0.1325,
      0.395,
      0.1975,
      0,
      0.265,
      0.065,
      0.33,
      0.1325,
      0.395,
      0.1975
    ],
    "SoftwareVersions": "syngo_MR_B17",
    "SpacingBetweenSlices": 3,
    "StationName": "MRC35451",
    "TaskName": "ritl",
    "TotalReadoutTime": 0.04131,
    "TxRefAmp": 333.888,
    "acq_id": "MB",
    "dataset": "ds001371",
    "modality": "bold",
    "run_id": 1,
    "subject_id": "M80325206",
    "task_id": "ritl"
  },
  "dummy_trs": 0,
  "dvars_nstd": 30.565580485498295,
  "dvars_std": 1.1276795083874585,
  "dvars_vstd": 0.9832542298992167,
  "efc": 0.40502804989647373,
  "fber": 27248.94921875,
  "fd_mean": 0.07607383243076035,
  "fd_num": 46,
  "fd_perc": 5.145413870246085,
  "fwhm_avg": 1.7086352863917451,
  "fwhm_x": 1.5619247700771575,
  "fwhm_y": 1.7981277557647442,
  "fwhm_z": 1.7658533333333333,
  "gcor": 0.0154881,
  "gsr_x": -0.015013367868959904,
  "gsr_y": 0.020006896927952766,
  "provenance": {
    "md5sum": "680a691d94443bfcdf91a5570232cb40",
    "settings": {
      "fd_thres": 0.2,
      "testing": false
    },
    "software": "mriqc",
    "version": "22.0.6",
    "webapi_port": null,
    "webapi_url": "https://mriqc.nimh.nih.gov/api/v1"
  },
  "size_t": 894,
  "size_x": 82,
  "size_y": 82,
  "size_z": 56,
  "snr": 7.53721035382776,
  "spacing_tr": 0.46000000834465027,
  "spacing_x": 3.02439022064209,
  "spacing_y": 3.02439022064209,
  "spacing_z": 3.0,
  "summary_bg_k": 21.353793836887167,
  "summary_bg_mad": 2.0497722512039895,
  "summary_bg_mean": 9.548906326293945,
  "summary_bg_median": 1.6196868419647217,
  "summary_bg_n": 283264.0,
  "summary_bg_p05": 0.032438479363918304,
  "summary_bg_p95": 56.6861307144164,
  "summary_bg_stdv": 22.249433517456055,
  "summary_fg_k": 2.5844135575653056,
  "summary_fg_mad": 31.182742479678172,
  "summary_fg_mean": 260.84173583984375,
  "summary_fg_median": 260.1756286621094,
  "summary_fg_n": 41025.0,
  "summary_fg_p05": 210.6176727294922,
  "summary_fg_p95": 317.3877014160156,
  "summary_fg_stdv": 34.518402099609375,
  "tsnr": 42.608009088318795
}