{
  "bids_meta": {
    "AcquisitionMatrixPE": 320,
    "AcquisitionNumber": 1,
    "AcquisitionTime": "13:02:30.142500",
    "BaseResolution": 320,
    "ConversionSoftware": "dcm2niix",
    "ConversionSoftwareVersion": "v1.0.20171215 Clang9.0.0",
    "DeviceSerialNumber": "35451",
    "DwellTime": 6.5e-06,
    "EchoTime": 0.00201,
    "FlipAngle": 8,
    "ImageOrientationPatientDICOM": [
      0.0157073,
      0.999877,
      9.9722e-09,
      0.038383,
      -0.00060296,
      -0.999263
    ],
    "ImageType": [
      "ORIGINAL",
      "PRIMARY",
      "M",
      "ND",
      "NORM"
    ],
    "InPlanePhaseEncodingDirectionDICOM": "ROW",
    "InstitutionAddress": "Exposition_Drive_1777_Boulder-_6392da-_Denver_US_80301",
    "InstitutionName": "Intermountain_Neuroimaging_Consortium",
    "InstitutionalDepartmentName": "Department",
    "InversionTime": 1,
    "MRAcquisitionType": "3D",
    "MagneticFieldStrength": 3,
    "Manufacturer": "Siemens",
    "ManufacturersModelName": "TrioTim",
    "Modality": "MR",
    "ParallelReductionFactorInPlane": 2,
    "PartialFourier": 1,
    "PatientPosition": "HFS",
    "PercentPhaseFOV": 100,
    "PhaseEncodingSteps": 319,
    "PhaseResolution": 1,
    "PixelBandwidth": 240,
    "ProcedureStepDescription": "VMITTAL_adaptcog_200068",
    "ProtocolName": "t1w_32ch_mpr_08mm",
    "PulseSequenceDetails": "%SiemensSeq%_tfl",
    "ReceiveCoilName": "32Ch_Head",
    "ReconMatrixPE": 320,
    "RepetitionTime": 2.4,
    "SAR": 0.083347,
    "ScanOptions": "IR_WE",
    "ScanningSequence": "GR_IR",
    "SequenceName": "_tfl3d1_ns",
    "SequenceVariant": "SP_MP",
    "SeriesDescription": "t1w_32ch_mpr_08mm",
    "SeriesNumber": 2,
    "ShimSetting": [
      6790,
      12611,
      -6831,
      201,
      280,
      -597,
      434,
      57
    ],
    "SliceThickness": 0.8,
    "SoftwareVersions": "syngo_MR_B17",
    "StationName": "MRC35451",
    "TxRefAmp": 344.342,
    "dataset": "ds001371",
    "modality": "T1w",
    "subject_id": "M80397245"
  },
  "cjv": 0.3130347834755027,
  "cnr": 4.185147580588987,
  "efc": 0.5390949084965266,
  "fber": 20863.67132491266,
  "fwhm_avg": 4.640418063170727,
  "fwhm_x": 4.535741829367213,
  "fwhm_y": 4.705912429876441,
  "fwhm_z": 4.679599930268527,
  "icvs_csf": 0.20184559770483537,
  "icvs_gm": 0.44572947444777317,
  "icvs_wm": 0.35242492784739143,
  "inu_med": 0.4556756466627121,
  "inu_range": 0.19116353094577787,
  "provenance": {
    "md5sum": "532916007adf82220492eb79452fbab5",
    "settings": {
      "testing": false
    },
    "software": "mriqc",
    "version": "22.0.6",
    "warnings": {
      "large_rot_frame": true,
      "small_air_mask": false
    },
    "webapi_port": null,
    "webapi_url": "https://mriqc.nimh.nih.gov/api/v1"
  },
  "qi_1": 0.0,
  "qi_2": 0.028632696145517163,
  "rpve_csf": 28.746647742599066,
  "rpve_gm": 14.132152793958417,
  "rpve_wm": 20.04761532357911,
  "size_x": 224,
  "size_y": 320,
  "size_z": 320,
  "snr_csf": 2.818965210646653,
  "snr_gm": 13.77691141507809,
  "snr_total": 13.770613412386593,
  "snr_wm": 24.715963611435036,
  "snrd_csf": 37.51520818781667,
  "snrd_gm": 103.48702743445261,
  "snrd_total": 94.79666596110553,
  "snrd_wm": 143.38776226104733,
  "spacing_x": 0.7999970316886902,
  "spacing_y": 0.800000011920929,
  "spacing_z": 0.800000011920929,
  "summary_bg_k": 7.6360481126594575,
  "summary_bg_mad": 4.569086199567308,
  "summary_bg_mean": 4.472990929897513,
  "summary_bg_median": 3.0818018093705177,
  "summary_bg_n": 5022280.0,
  "summary_bg_p05": 0.0,
  "summary_bg_p95": 17.061569437384605,
  "summary_bg_stdv": 6.294285504566155,
  "summary_csf_k": 2.165015501022573,
  "summary_csf_mad": 70.09243104698544,
  "summary_csf_mean": 279.6031797483225,
  "summary_csf_median": 261.6405072361231,
  "summary_csf_n": 88829.0,
  "summary_csf_p05": 164.58608213812113,
  "summary_csf_p95": 463.14121539518237,
  "summary_csf_stdv": 92.81385719969973,
  "summary_gm_k": 0.4759347800762286,
  "summary_gm_mad": 49.00179402434504,
  "summary_gm_mean": 723.1300391417691,
  "summary_gm_median": 721.7445846162736,
  "summary_gm_n": 127487.0,
  "summary_gm_p05": 639.3912474248558,
  "summary_gm_p95": 811.8091259002686,
  "summary_gm_stdv": 52.38777634595799,
  "summary_wm_k": 0.4677875539734826,
  "summary_wm_mad": 38.108827650014284,
  "summary_wm_mean": 999.9459200946374,
  "summary_wm_median": 1000.0223552435637,
  "summary_wm_n": 431002.0,
  "summary_wm_p05": 933.6966206505895,
  "summary_wm_p95": 1066.7947277799249,
  "summary_wm_stdv": 40.46053841359698,
  "tpm_overlap_csf": 0.15698725069907357,
  "tpm_overlap_gm": 0.46323875248833846,
  "tpm_overlap_wm": 0.5176632177754567,
  "wm2max": 0.8981147212194144
}