{
  "aor": 0.0006313549832026877,
  "aqi": 0.010577428387458006,
  "bids_meta": {
    "AcquisitionMatrixPE": 82,
    "AcquisitionNumber": 1,
    "AcquisitionTime": "13:15:54.990000",
    "BandwidthPerPixelPhaseEncode": 23.912,
    "BaseResolution": 82,
    "ConversionSoftware": "dcm2niix",
    "ConversionSoftwareVersion": "v1.0.20171215 Clang9.0.0",
    "DerivedVendorReportedEchoSpacing": 0.00051,
    "DeviceSerialNumber": "35451",
    "DwellTime": 2.2e-06,
    "EchoTime": 0.029,
    "EffectiveEchoSpacing": 0.00051,
    "FlipAngle": 44,
    "ImageComments": "Unaliased_MB8_PE3_(remote)",
    "ImageOrientationPatientDICOM": [
      1,
      0,
      0,
      0,
      0.918446,
      -0.395546
    ],
    "ImageType": [
      "ORIGINAL",
      "PRIMARY",
      "M",
      "MB",
      "ND",
      "NORM",
      "MOSAIC"
    ],
    "InPlanePhaseEncodingDirectionDICOM": "COL",
    "InstitutionAddress": "Exposition_Drive_1777_Boulder-_6392da-_Denver_US_80301",
    "InstitutionName": "Intermountain_Neuroimaging_Consortium",
    "InstitutionalDepartmentName": "Department",
    "MRAcquisitionType": "2D",
    "MagneticFieldStrength": 3,
    "Manufacturer": "Siemens",
    "ManufacturersModelName": "TrioTim",
    "Modality": "MR",
    "MultibandAccelerationFactor": 8,
    "PartialFourier": 1,
    "PatientPosition": "HFS",
    "PercentPhaseFOV": 100,
    "PhaseEncodingDirection": "j",
    "PhaseEncodingSteps": 82,
    "PhaseResolution": 1,
    "PixelBandwidth": 2772,
    "ProcedureStepDescription": "VMITTAL_adaptcog_200068",
    "ProtocolName": "ritl_pa_32ch_mb8_v01_r01",
    "PulseSequenceDetails": "%CustomerSeq%_cmrr_mbep2d_bold",
    "ReceiveCoilName": "32Ch_Head",
    "ReconMatrixPE": 82,
    "RepetitionTime": 0.46,
    "SAR": 0.143677,
    "ScanOptions": "FS",
    "ScanningSequence": "EP",
    "SequenceName": "epfid2d1_82",
    "SequenceVariant": "SK_SS",
    "SeriesDescription": "ritl_pa_32ch_mb8_v01_r01",
    "SeriesNumber": 6,
    "ShimSetting": [
      6777,
      12612,
      -6789,
      646,
      299,
      -178,
      71,
      1
    ],
    "SliceThickness": 3,
    "SliceTiming": [
      0,
      0.265,
      0.0675,
      0.33,
      0.1325,
      0.3975,
      0.1975,
      0,
      0.265,
      0.0675,
      0.33,
      0.1325,
      0.3975,
      0.1975,
      0,
      0.265,
      0.0675,
      0.33,
      0.1325,
      0.3975,
      0.1975,
      0,
      0.265,
      0.0675,
      0.33,
      0.1325,
      0.3975,
      0.1975,
      0,
      0.265,
      0.0675,
      0.33,
      0.1325,
      0.3975,
      0.1975,
      0,
      0.265,
      0.0675,
      0.33,
      0.1325,
      0.3975,
      0.1975,
      0,
      0.265,
      0.0675,
      0.33,
      0.1325,
      0.3975,
      0.1975,
      0,
      0.265,
      0.0675,
      0.33,
      0.1325,
      0.3975,
      0.1975
    ],
    "SoftwareVersions": "syngo_MR_B17",
    "SpacingBetweenSlices": 3,
    "StationName": "MRC35451",
    "TaskName": "ritl",
    "TotalReadoutTime": 0.04131,
    "TxRefAmp": 336.374,
    "acq_id": "MB",
    "dataset": "ds001371",
    "modality": "bold",
    "run_id": 1,
    "subject_id": "M80397236",
    "task_id": "ritl"
  },
  "dummy_trs": 1,
  "dvars_nstd": 30.682510119417042,
  "dvars_std": 1.1852550123991044,
  "dvars_vstd": 1.0021936261995523,
  "efc": 0.3815957203393966,
  "fber": 29484.626953125,
  "fd_mean": 0.05962784137211068,
  "fd_num": 3,
  "fd_perc": 0.335946248600224,
  "fwhm_avg": 1.8958208341177112,
  "fwhm_x": 1.8036363041942067,
  "fwhm_y": 1.9975795314922604,
  "fwhm_z": 1.8862466666666666,
  "gcor": 0.0200745,
  "gsr_x": -0.02577594667673111,
  "gsr_y": 0.017038946971297264,
  "provenance": {
    "md5sum": "7d46ebbb07f51bf80dbe68780a7b7aa3",
    "settings": {
      "fd_thres": 0.2,
      "testing": false
    },
    "software": "mriqc",
    "version": "22.0.6",
    "webapi_port": null,
    "webapi_url": "https://mriqc.nimh.nih.gov/api/v1"
  },
  "size_t": 893,
  "size_x": 82,
  "size_y": 82,
  "size_z": 56,
  "snr": 6.724901613245319,
  "spacing_tr": 0.46000000834465027,
  "spacing_x": 3.02439022064209,
  "spacing_y": 3.02439022064209,
  "spacing_z": 3.0,
  "summary_bg_k": 27.687357483512862,
  "summary_bg_mad": 2.076971315522856,
  "summary_bg_mean": 8.05429744720459,
  "summary_bg_median": 1.543113112449646,
  "summary_bg_n": 289255.0,
  "summary_bg_p05": 0.01679731346666813,
  "summary_bg_p95": 41.00257568359374,
  "summary_bg_stdv": 18.141584396362305,
  "summary_fg_k": 1.3713938363123406,
  "summary_fg_mad": 36.36526703452369,
  "summary_fg_mean": 260.9100036621094,
  "summary_fg_median": 259.19598388671875,
  "summary_fg_n": 36042.0,
  "summary_fg_p05": 203.7654067993164,
  "summary_fg_p95": 325.9956909179687,
  "summary_fg_stdv": 38.54218292236328,
  "tsnr": 51.704483369830996
}