{
  "aor": 0.0006486017897091722,
  "aqi": 0.010046034373601789,
  "bids_meta": {
    "AcquisitionMatrixPE": 82,
    "AcquisitionNumber": 1,
    "AcquisitionTime": "13:38:32.897500",
    "BandwidthPerPixelPhaseEncode": 23.912,
    "BaseResolution": 82,
    "ConversionSoftware": "dcm2niix",
    "ConversionSoftwareVersion": "v1.0.20171215 Clang9.0.0",
    "DerivedVendorReportedEchoSpacing": 0.00051,
    "DeviceSerialNumber": "35451",
    "DwellTime": 2.2e-06,
    "EchoTime": 0.029,
    "EffectiveEchoSpacing": 0.00051,
    "FlipAngle": 44,
    "ImageComments": "Unaliased_MB8_PE3_(remote)",
    "ImageOrientationPatientDICOM": [
      1,
      0,
      0,
      0,
      0.918446,
      -0.395546
    ],
    "ImageType": [
      "ORIGINAL",
      "PRIMARY",
      "M",
      "MB",
      "ND",
      "NORM",
      "MOSAIC"
    ],
    "InPlanePhaseEncodingDirectionDICOM": "COL",
    "InstitutionAddress": "Exposition_Drive_1777_Boulder-_6392da-_Denver_US_80301",
    "InstitutionName": "Intermountain_Neuroimaging_Consortium",
    "InstitutionalDepartmentName": "Department",
    "MRAcquisitionType": "2D",
    "MagneticFieldStrength": 3,
    "Manufacturer": "Siemens",
    "ManufacturersModelName": "TrioTim",
    "Modality": "MR",
    "MultibandAccelerationFactor": 8,
    "PartialFourier": 1,
    "PatientPosition": "HFS",
    "PercentPhaseFOV": 100,
    "PhaseEncodingDirection": "j",
    "PhaseEncodingSteps": 82,
    "PhaseResolution": 1,
    "PixelBandwidth": 2772,
    "ProcedureStepDescription": "VMITTAL_adaptcog_200068",
    "ProtocolName": "ritl_pa_32ch_mb8_v01_r04",
    "PulseSequenceDetails": "%CustomerSeq%_cmrr_mbep2d_bold",
    "ReceiveCoilName": "32Ch_Head",
    "ReconMatrixPE": 82,
    "RepetitionTime": 0.46,
    "SAR": 0.142425,
    "ScanOptions": "FS",
    "ScanningSequence": "EP",
    "SequenceName": "epfid2d1_82",
    "SequenceVariant": "SK_SS",
    "SeriesDescription": "ritl_pa_32ch_mb8_v01_r04",
    "SeriesNumber": 12,
    "ShimSetting": [
      6777,
      12612,
      -6789,
      646,
      299,
      -178,
      71,
      1
    ],
    "SliceThickness": 3,
    "SliceTiming": [
      0,
      0.2625,
      0.065,
      0.33,
      0.13,
      0.395,
      0.1975,
      0,
      0.2625,
      0.065,
      0.33,
      0.13,
      0.395,
      0.1975,
      0,
      0.2625,
      0.065,
      0.33,
      0.13,
      0.395,
      0.1975,
      0,
      0.2625,
      0.065,
      0.33,
      0.13,
      0.395,
      0.1975,
      0,
      0.2625,
      0.065,
      0.33,
      0.13,
      0.395,
      0.1975,
      0,
      0.2625,
      0.065,
      0.33,
      0.13,
      0.395,
      0.1975,
      0,
      0.2625,
      0.065,
      0.33,
      0.13,
      0.395,
      0.1975,
      0,
      0.2625,
      0.065,
      0.33,
      0.13,
      0.395,
      0.1975
    ],
    "SoftwareVersions": "syngo_MR_B17",
    "SpacingBetweenSlices": 3,
    "StationName": "MRC35451",
    "TaskName": "ritl",
    "TotalReadoutTime": 0.04131,
    "TxRefAmp": 336.374,
    "acq_id": "MB",
    "dataset": "ds001371",
    "modality": "bold",
    "run_id": 4,
    "subject_id": "M80397236",
    "task_id": "ritl"
  },
  "dummy_trs": 0,
  "dvars_nstd": 30.63456750646139,
  "dvars_std": 1.1933055143785,
  "dvars_vstd": 1.0076044466629348,
  "efc": 0.38037964853809975,
  "fber": 30949.283203125,
  "fd_mean": 0.05656245286103135,
  "fd_num": 2,
  "fd_perc": 0.22371364653243847,
  "fwhm_avg": 1.9082523036882106,
  "fwhm_x": 1.8284677559980866,
  "fwhm_y": 1.9869658217332118,
  "fwhm_z": 1.9093233333333333,
  "gcor": 0.02209,
  "gsr_x": -0.02454097755253315,
  "gsr_y": 0.016608290374279022,
  "provenance": {
    "md5sum": "7445532ae897ab1ce88bacfd64483018",
    "settings": {
      "fd_thres": 0.2,
      "testing": false
    },
    "software": "mriqc",
    "version": "22.0.6",
    "webapi_port": null,
    "webapi_url": "https://mriqc.nimh.nih.gov/api/v1"
  },
  "size_t": 894,
  "size_x": 82,
  "size_y": 82,
  "size_z": 56,
  "snr": 6.60693032407459,
  "spacing_tr": 0.46000000834465027,
  "spacing_x": 3.02439022064209,
  "spacing_y": 3.02439022064209,
  "spacing_z": 3.0,
  "summary_bg_k": 27.62417306892046,
  "summary_bg_mad": 2.0331882328968094,
  "summary_bg_mean": 7.948846817016602,
  "summary_bg_median": 1.501118540763855,
  "summary_bg_n": 289307.0,
  "summary_bg_p05": 0.01342281885445118,
  "summary_bg_p95": 40.461746597290094,
  "summary_bg_stdv": 18.007911682128906,
  "summary_fg_k": 1.3925503453651569,
  "summary_fg_mad": 37.17949246401808,
  "summary_fg_mean": 260.9160461425781,
  "summary_fg_median": 259.232666015625,
  "summary_fg_n": 35994.0,
  "summary_fg_p05": 202.4593421936035,
  "summary_fg_p95": 326.45565643310545,
  "summary_fg_stdv": 39.235931396484375,
  "tsnr": 51.655062592122704
}