{
  "aor": 0.003426812080536913,
  "aqi": 0.02774401521252796,
  "bids_meta": {
    "AcquisitionMatrixPE": 82,
    "AcquisitionNumber": 1,
    "AcquisitionTime": "15:03:41.455000",
    "BandwidthPerPixelPhaseEncode": 23.912,
    "BaseResolution": 82,
    "ConversionSoftware": "dcm2niix",
    "ConversionSoftwareVersion": "v1.0.20171215 Clang9.0.0",
    "DerivedVendorReportedEchoSpacing": 0.00051,
    "DeviceSerialNumber": "35451",
    "DwellTime": 2.2e-06,
    "EchoTime": 0.029,
    "EffectiveEchoSpacing": 0.00051,
    "FlipAngle": 44,
    "ImageComments": "Unaliased_MB8_PE3_(remote)",
    "ImageOrientationPatientDICOM": [
      0.998052,
      -0.0239957,
      -0.0575811,
      1.77843e-08,
      0.923057,
      -0.384664
    ],
    "ImageType": [
      "ORIGINAL",
      "PRIMARY",
      "M",
      "MB",
      "ND",
      "NORM",
      "MOSAIC"
    ],
    "InPlanePhaseEncodingDirectionDICOM": "COL",
    "InstitutionAddress": "Exposition_Drive_1777_Boulder-_6392da-_Denver_US_80301",
    "InstitutionName": "Intermountain_Neuroimaging_Consortium",
    "InstitutionalDepartmentName": "Department",
    "MRAcquisitionType": "2D",
    "MagneticFieldStrength": 3,
    "Manufacturer": "Siemens",
    "ManufacturersModelName": "TrioTim",
    "Modality": "MR",
    "MultibandAccelerationFactor": 8,
    "PartialFourier": 1,
    "PatientPosition": "HFS",
    "PercentPhaseFOV": 100,
    "PhaseEncodingDirection": "j",
    "PhaseEncodingSteps": 82,
    "PhaseResolution": 1,
    "PixelBandwidth": 2772,
    "ProcedureStepDescription": "VMITTAL_adaptcog_200068",
    "ProtocolName": "ritl_pa_32ch_mb8_v01_r06",
    "PulseSequenceDetails": "%CustomerSeq%_cmrr_mbep2d_bold",
    "ReceiveCoilName": "32Ch_Head",
    "ReconMatrixPE": 82,
    "RepetitionTime": 0.46,
    "SAR": 0.141115,
    "ScanOptions": "FS",
    "ScanningSequence": "EP",
    "SequenceName": "epfid2d1_82",
    "SequenceVariant": "SK_SS",
    "SeriesDescription": "ritl_pa_32ch_mb8_v01_r06",
    "SeriesNumber": 22,
    "ShimSetting": [
      6748,
      12678,
      -6744,
      462,
      346,
      -40,
      187,
      137
    ],
    "SliceThickness": 3,
    "SliceTiming": [
      0,
      0.2625,
      0.065,
      0.33,
      0.1325,
      0.395,
      0.1975,
      0,
      0.2625,
      0.065,
      0.33,
      0.1325,
      0.395,
      0.1975,
      0,
      0.2625,
      0.065,
      0.33,
      0.1325,
      0.395,
      0.1975,
      0,
      0.2625,
      0.065,
      0.33,
      0.1325,
      0.395,
      0.1975,
      0,
      0.2625,
      0.065,
      0.33,
      0.1325,
      0.395,
      0.1975,
      0,
      0.2625,
      0.065,
      0.33,
      0.1325,
      0.395,
      0.1975,
      0,
      0.2625,
      0.065,
      0.33,
      0.1325,
      0.395,
      0.1975,
      0,
      0.2625,
      0.065,
      0.33,
      0.1325,
      0.395,
      0.1975
    ],
    "SoftwareVersions": "syngo_MR_B17",
    "SpacingBetweenSlices": 3,
    "StationName": "MRC35451",
    "TaskName": "ritl",
    "TotalReadoutTime": 0.04131,
    "TxRefAmp": 333.437,
    "acq_id": "MB",
    "dataset": "ds001371",
    "modality": "bold",
    "run_id": 6,
    "subject_id": "M80398133",
    "task_id": "ritl"
  },
  "dummy_trs": 0,
  "dvars_nstd": 30.601289430783872,
  "dvars_std": 1.0892757290033592,
  "dvars_vstd": 1.002923937234042,
  "efc": 0.36825453692897625,
  "fber": 96070.5703125,
  "fd_mean": 0.24638388037308295,
  "fd_num": 313,
  "fd_perc": 35.01118568232662,
  "fwhm_avg": 1.9201000994239068,
  "fwhm_x": 1.783764529847826,
  "fwhm_y": 2.0460124350905606,
  "fwhm_z": 1.9305233333333334,
  "gcor": 0.0373973,
  "gsr_x": -0.00724045792594552,
  "gsr_y": 0.03298594430088997,
  "provenance": {
    "md5sum": "957dae436cfb154568f7b6fad87d2ca9",
    "settings": {
      "fd_thres": 0.2,
      "testing": false
    },
    "software": "mriqc",
    "version": "22.0.6",
    "webapi_port": null,
    "webapi_url": "https://mriqc.nimh.nih.gov/api/v1"
  },
  "size_t": 894,
  "size_x": 82,
  "size_y": 82,
  "size_z": 56,
  "snr": 6.947770345331041,
  "spacing_tr": 0.46000000834465027,
  "spacing_x": 3.02439022064209,
  "spacing_y": 3.02439022064209,
  "spacing_z": 3.0,
  "summary_bg_k": 56.87312318634875,
  "summary_bg_mad": 1.27530330416928,
  "summary_bg_mean": 6.383706092834473,
  "summary_bg_median": 0.9395973086357117,
  "summary_bg_n": 286984.0,
  "summary_bg_p05": 0.005592841189354658,
  "summary_bg_p95": 34.46292076110837,
  "summary_bg_stdv": 18.469030380249023,
  "summary_fg_k": 2.309524281243637,
  "summary_fg_mad": 37.55594574491778,
  "summary_fg_mean": 288.0051574707031,
  "summary_fg_median": 286.305908203125,
  "summary_fg_n": 39570.0,
  "summary_fg_p05": 227.90788497924805,
  "summary_fg_p95": 355.3840026855468,
  "summary_fg_stdv": 41.207794189453125,
  "tsnr": 33.33146463346202
}