{
  "aor": 0.0028269463087248325,
  "aqi": 0.023055555167785236,
  "bids_meta": {
    "AcquisitionMatrixPE": 82,
    "AcquisitionNumber": 1,
    "AcquisitionTime": "14:56:8.217500",
    "BandwidthPerPixelPhaseEncode": 23.912,
    "BaseResolution": 82,
    "ConversionSoftware": "dcm2niix",
    "ConversionSoftwareVersion": "v1.0.20171215 Clang9.0.0",
    "DerivedVendorReportedEchoSpacing": 0.00051,
    "DeviceSerialNumber": "35451",
    "DwellTime": 2.2e-06,
    "EchoTime": 0.029,
    "EffectiveEchoSpacing": 0.00051,
    "FlipAngle": 44,
    "ImageComments": "Unaliased_MB8_PE3_(remote)",
    "ImageOrientationPatientDICOM": [
      0.998052,
      -0.0239957,
      -0.0575811,
      1.77843e-08,
      0.923057,
      -0.384664
    ],
    "ImageType": [
      "ORIGINAL",
      "PRIMARY",
      "M",
      "MB",
      "ND",
      "NORM",
      "MOSAIC"
    ],
    "InPlanePhaseEncodingDirectionDICOM": "COL",
    "InstitutionAddress": "Exposition_Drive_1777_Boulder-_6392da-_Denver_US_80301",
    "InstitutionName": "Intermountain_Neuroimaging_Consortium",
    "InstitutionalDepartmentName": "Department",
    "MRAcquisitionType": "2D",
    "MagneticFieldStrength": 3,
    "Manufacturer": "Siemens",
    "ManufacturersModelName": "TrioTim",
    "Modality": "MR",
    "MultibandAccelerationFactor": 8,
    "PartialFourier": 1,
    "PatientPosition": "HFS",
    "PercentPhaseFOV": 100,
    "PhaseEncodingDirection": "j",
    "PhaseEncodingSteps": 82,
    "PhaseResolution": 1,
    "PixelBandwidth": 2772,
    "ProcedureStepDescription": "VMITTAL_adaptcog_200068",
    "ProtocolName": "ritl_pa_32ch_mb8_v01_r05",
    "PulseSequenceDetails": "%CustomerSeq%_cmrr_mbep2d_bold",
    "ReceiveCoilName": "32Ch_Head",
    "ReconMatrixPE": 82,
    "RepetitionTime": 0.46,
    "SAR": 0.147548,
    "ScanOptions": "FS",
    "ScanningSequence": "EP",
    "SequenceName": "epfid2d1_82",
    "SequenceVariant": "SK_SS",
    "SeriesDescription": "ritl_pa_32ch_mb8_v01_r05",
    "SeriesNumber": 20,
    "ShimSetting": [
      6748,
      12678,
      -6744,
      462,
      346,
      -40,
      187,
      137
    ],
    "SliceThickness": 3,
    "SliceTiming": [
      0,
      0.265,
      0.0675,
      0.33,
      0.1325,
      0.395,
      0.1975,
      0,
      0.265,
      0.0675,
      0.33,
      0.1325,
      0.395,
      0.1975,
      0,
      0.265,
      0.0675,
      0.33,
      0.1325,
      0.395,
      0.1975,
      0,
      0.265,
      0.0675,
      0.33,
      0.1325,
      0.395,
      0.1975,
      0,
      0.265,
      0.0675,
      0.33,
      0.1325,
      0.395,
      0.1975,
      0,
      0.265,
      0.0675,
      0.33,
      0.1325,
      0.395,
      0.1975,
      0,
      0.265,
      0.0675,
      0.33,
      0.1325,
      0.395,
      0.1975,
      0,
      0.265,
      0.0675,
      0.33,
      0.1325,
      0.395,
      0.1975
    ],
    "SoftwareVersions": "syngo_MR_B17",
    "SpacingBetweenSlices": 3,
    "StationName": "MRC35451",
    "TaskName": "ritl",
    "TotalReadoutTime": 0.04131,
    "TxRefAmp": 333.437,
    "acq_id": "MB",
    "dataset": "ds001371",
    "modality": "bold",
    "run_id": 5,
    "subject_id": "M80398133",
    "task_id": "ritl"
  },
  "dummy_trs": 0,
  "dvars_nstd": 30.473520849204913,
  "dvars_std": 1.1416627585666286,
  "dvars_vstd": 1.022466138230683,
  "efc": 0.36972667114539254,
  "fber": 95171.859375,
  "fd_mean": 0.20919158528639475,
  "fd_num": 248,
  "fd_perc": 27.74049217002237,
  "fwhm_avg": 1.9257192930066918,
  "fwhm_x": 1.7829875137128177,
  "fwhm_y": 2.0602070319739236,
  "fwhm_z": 1.9339633333333335,
  "gcor": 0.0504251,
  "gsr_x": -0.007721938658505678,
  "gsr_y": 0.03296696022152901,
  "provenance": {
    "md5sum": "6059f40e728faf9a21296cda143531be",
    "settings": {
      "fd_thres": 0.2,
      "testing": false
    },
    "software": "mriqc",
    "version": "22.0.6",
    "webapi_port": null,
    "webapi_url": "https://mriqc.nimh.nih.gov/api/v1"
  },
  "size_t": 894,
  "size_x": 82,
  "size_y": 82,
  "size_z": 56,
  "snr": 6.8990460928863255,
  "spacing_tr": 0.46000000834465027,
  "spacing_x": 3.02439022064209,
  "spacing_y": 3.02439022064209,
  "spacing_z": 3.0,
  "summary_bg_k": 54.235113701483854,
  "summary_bg_mad": 1.2918870794590191,
  "summary_bg_mean": 6.492297649383545,
  "summary_bg_median": 0.936241626739502,
  "summary_bg_n": 286610.0,
  "summary_bg_p05": 0.0044742729514837265,
  "summary_bg_p95": 35.282215118408125,
  "summary_bg_stdv": 18.660730361938477,
  "summary_fg_k": 2.161751636390708,
  "summary_fg_mad": 38.21600868634444,
  "summary_fg_mean": 288.1270446777344,
  "summary_fg_median": 286.802001953125,
  "summary_fg_n": 39779.0,
  "summary_fg_p05": 226.1059326171875,
  "summary_fg_p95": 355.8582763671875,
  "summary_fg_stdv": 41.57073211669922,
  "tsnr": 36.34874230180867
}