{
  "aor": 0.0006522072072072073,
  "aqi": 0.007936001452702703,
  "bids_meta": {
    "AcquisitionMatrixPE": 82,
    "AcquisitionNumber": 1,
    "AcquisitionTime": "15:59:28.312500",
    "BandwidthPerPixelPhaseEncode": 23.912,
    "BaseResolution": 82,
    "ConversionSoftware": "dcm2niix",
    "ConversionSoftwareVersion": "v1.0.20171215 Clang9.0.0",
    "DerivedVendorReportedEchoSpacing": 0.00051,
    "DeviceSerialNumber": "35451",
    "DwellTime": 2.2e-06,
    "EchoTime": 0.029,
    "EffectiveEchoSpacing": 0.00051,
    "FlipAngle": 44,
    "ImageComments": "Unaliased_MB8_PE3_(remote)",
    "ImageOrientationPatientDICOM": [
      1,
      -2e-16,
      0,
      2e-16,
      0.92321,
      -0.384295
    ],
    "ImageType": [
      "ORIGINAL",
      "PRIMARY",
      "M",
      "MB",
      "ND",
      "NORM",
      "MOSAIC"
    ],
    "InPlanePhaseEncodingDirectionDICOM": "COL",
    "InstitutionAddress": "Exposition_Drive_1777_Boulder-_6392da-_Denver_US_80301",
    "InstitutionName": "Intermountain_Neuroimaging_Consortium",
    "InstitutionalDepartmentName": "Department",
    "MRAcquisitionType": "2D",
    "MagneticFieldStrength": 3,
    "Manufacturer": "Siemens",
    "ManufacturersModelName": "TrioTim",
    "Modality": "MR",
    "MultibandAccelerationFactor": 8,
    "PartialFourier": 1,
    "PatientPosition": "HFS",
    "PercentPhaseFOV": 100,
    "PhaseEncodingDirection": "j",
    "PhaseEncodingSteps": 82,
    "PhaseResolution": 1,
    "PixelBandwidth": 2772,
    "ProcedureStepDescription": "VMITTAL_adaptcog_200068",
    "ProtocolName": "ritl_pa_32ch_mb8_v01_r02",
    "PulseSequenceDetails": "%CustomerSeq%_cmrr_mbep2d_bold",
    "ReceiveCoilName": "32Ch_Head",
    "ReconMatrixPE": 82,
    "RepetitionTime": 0.46,
    "SAR": 0.20311,
    "ScanOptions": "FS",
    "ScanningSequence": "EP",
    "SequenceName": "epfid2d1_82",
    "SequenceVariant": "SK_SS",
    "SeriesDescription": "ritl_pa_32ch_mb8_v01_r02",
    "SeriesNumber": 12,
    "ShimSetting": [
      6812,
      12715,
      -6704,
      505,
      175,
      -2,
      -260,
      -33
    ],
    "SliceThickness": 3,
    "SliceTiming": [
      0,
      0.2625,
      0.065,
      0.3275,
      0.13,
      0.395,
      0.1975,
      0,
      0.2625,
      0.065,
      0.3275,
      0.13,
      0.395,
      0.1975,
      0,
      0.2625,
      0.065,
      0.3275,
      0.13,
      0.395,
      0.1975,
      0,
      0.2625,
      0.065,
      0.3275,
      0.13,
      0.395,
      0.1975,
      0,
      0.2625,
      0.065,
      0.3275,
      0.13,
      0.395,
      0.1975,
      0,
      0.2625,
      0.065,
      0.3275,
      0.13,
      0.395,
      0.1975,
      0,
      0.2625,
      0.065,
      0.3275,
      0.13,
      0.395,
      0.1975,
      0,
      0.2625,
      0.065,
      0.3275,
      0.13,
      0.395,
      0.1975
    ],
    "SoftwareVersions": "syngo_MR_B17",
    "SpacingBetweenSlices": 3,
    "StationName": "MRC35451",
    "TaskName": "ritl",
    "TotalReadoutTime": 0.04131,
    "TxRefAmp": 337.763,
    "acq_id": "MB",
    "dataset": "ds001371",
    "modality": "bold",
    "run_id": 2,
    "subject_id": "M80354361",
    "task_id": "ritl"
  },
  "dummy_trs": 6,
  "dvars_nstd": 34.449059582040576,
  "dvars_std": 1.2402295512063135,
  "dvars_vstd": 1.0148106097407,
  "efc": 0.41430821293727604,
  "fber": 23394.701171875,
  "fd_mean": 0.0767271042747523,
  "fd_num": 1,
  "fd_perc": 0.11261261261261261,
  "fwhm_avg": 1.7754830287918457,
  "fwhm_x": 1.6400661416458788,
  "fwhm_y": 1.9012196113963251,
  "fwhm_z": 1.7851633333333332,
  "gcor": 0.0209269,
  "gsr_x": -0.011106410063803196,
  "gsr_y": 0.008384243585169315,
  "provenance": {
    "md5sum": "111fc6775c298fccd7bec7092ff96bfb",
    "settings": {
      "fd_thres": 0.2,
      "testing": false
    },
    "software": "mriqc",
    "version": "22.0.6",
    "webapi_port": null,
    "webapi_url": "https://mriqc.nimh.nih.gov/api/v1"
  },
  "size_t": 888,
  "size_x": 82,
  "size_y": 82,
  "size_z": 56,
  "snr": 6.197925996453676,
  "spacing_tr": 0.46000000834465027,
  "spacing_x": 3.02439022064209,
  "spacing_y": 3.02439022064209,
  "spacing_z": 3.0,
  "summary_bg_k": 18.010897260999865,
  "summary_bg_mad": 2.222233753753143,
  "summary_bg_mean": 11.236600875854492,
  "summary_bg_median": 1.6317567825317383,
  "summary_bg_n": 284805.0,
  "summary_bg_p05": 0.006756756920367479,
  "summary_bg_p95": 64.63063049316406,
  "summary_bg_stdv": 26.453041076660156,
  "summary_fg_k": 1.7101220291733013,
  "summary_fg_mad": 36.40723216995045,
  "summary_fg_mean": 245.4021759033203,
  "summary_fg_median": 243.46397399902344,
  "summary_fg_n": 40029.0,
  "summary_fg_p05": 187.33897399902344,
  "summary_fg_p95": 310.5067565917969,
  "summary_fg_stdv": 39.28103256225586,
  "tsnr": 54.97229242220055
}