{
  "aor": 0.00048024691358024697,
  "aqi": 0.010640315218855218,
  "bids_meta": {
    "AcquisitionMatrixPE": 82,
    "AcquisitionNumber": 1,
    "AcquisitionTime": "16:54:43.645000",
    "BandwidthPerPixelPhaseEncode": 23.912,
    "BaseResolution": 82,
    "ConversionSoftware": "dcm2niix",
    "ConversionSoftwareVersion": "v1.0.20171215 Clang9.0.0",
    "DerivedVendorReportedEchoSpacing": 0.00051,
    "DeviceSerialNumber": "35451",
    "DwellTime": 2.2e-06,
    "EchoTime": 0.029,
    "EffectiveEchoSpacing": 0.00051,
    "FlipAngle": 44,
    "ImageComments": "Unaliased_MB8_PE3_(remote)",
    "ImageOrientationPatientDICOM": [
      0.999879,
      -0.00801345,
      -0.0133341,
      5.44898e-09,
      0.857124,
      -0.51511
    ],
    "ImageType": [
      "ORIGINAL",
      "PRIMARY",
      "M",
      "MB",
      "ND",
      "NORM",
      "MOSAIC"
    ],
    "InPlanePhaseEncodingDirectionDICOM": "COL",
    "InstitutionAddress": "Exposition_Drive_1777_Boulder-_c0d8dc-_Denver_US_80301",
    "InstitutionName": "Intermountain_Neuroimaging_Consortium",
    "InstitutionalDepartmentName": "Department",
    "MRAcquisitionType": "2D",
    "MagneticFieldStrength": 3,
    "Manufacturer": "Siemens",
    "ManufacturersModelName": "TrioTim",
    "Modality": "MR",
    "MultibandAccelerationFactor": 8,
    "PartialFourier": 1,
    "PatientPosition": "HFS",
    "PercentPhaseFOV": 100,
    "PhaseEncodingDirection": "j",
    "PhaseEncodingSteps": 82,
    "PhaseResolution": 1,
    "PixelBandwidth": 2772,
    "ProcedureStepDescription": "VMITTAL_adaptcog_200068",
    "ProtocolName": "ritl_pa_32ch_mb8_v01_r04",
    "PulseSequenceDetails": "%CustomerSeq%_cmrr_mbep2d_bold",
    "ReceiveCoilName": "32Ch_Head",
    "ReconMatrixPE": 82,
    "RepetitionTime": 0.46,
    "SAR": 0.14183,
    "ScanOptions": "FS",
    "ScanningSequence": "EP",
    "SequenceName": "epfid2d1_82",
    "SequenceVariant": "SK_SS",
    "SeriesDescription": "ritl_pa_32ch_mb8_v01_r04",
    "SeriesNumber": 26,
    "ShimSetting": [
      6754,
      12742,
      -6790,
      506,
      83,
      -217,
      -282,
      114
    ],
    "SliceThickness": 3,
    "SliceTiming": [
      0,
      0.265,
      0.0675,
      0.33,
      0.1325,
      0.3975,
      0.1975,
      0,
      0.265,
      0.0675,
      0.33,
      0.1325,
      0.3975,
      0.1975,
      0,
      0.265,
      0.0675,
      0.33,
      0.1325,
      0.3975,
      0.1975,
      0,
      0.265,
      0.0675,
      0.33,
      0.1325,
      0.3975,
      0.1975,
      0,
      0.265,
      0.0675,
      0.33,
      0.1325,
      0.3975,
      0.1975,
      0,
      0.265,
      0.0675,
      0.33,
      0.1325,
      0.3975,
      0.1975,
      0,
      0.265,
      0.0675,
      0.33,
      0.1325,
      0.3975,
      0.1975,
      0,
      0.265,
      0.0675,
      0.33,
      0.1325,
      0.3975,
      0.1975
    ],
    "SoftwareVersions": "syngo_MR_B17",
    "SpacingBetweenSlices": 3,
    "StationName": "MRC35451",
    "TaskName": "ritl",
    "TotalReadoutTime": 0.04131,
    "TxRefAmp": 337.336,
    "acq_id": "MB",
    "dataset": "ds001371",
    "modality": "bold",
    "run_id": 4,
    "subject_id": "M80353242",
    "task_id": "ritl"
  },
  "dummy_trs": 3,
  "dvars_nstd": 30.44289428834829,
  "dvars_std": 1.1437785575280905,
  "dvars_vstd": 1.004457138505618,
  "efc": 0.40763202771083523,
  "fber": 26779.90625,
  "fd_mean": 0.04757980882323415,
  "fd_num": 3,
  "fd_perc": 0.3367003367003367,
  "fwhm_avg": 1.8422992925852035,
  "fwhm_x": 1.7415609811361448,
  "fwhm_y": 1.937223563286132,
  "fwhm_z": 1.8481133333333333,
  "gcor": 0.0123547,
  "gsr_x": -0.021291235461831093,
  "gsr_y": 0.02375800907611847,
  "provenance": {
    "md5sum": "f3a6bc0d4f94eccb0e1eb6ba1213ef01",
    "settings": {
      "fd_thres": 0.2,
      "testing": false
    },
    "software": "mriqc",
    "version": "22.0.6",
    "webapi_port": null,
    "webapi_url": "https://mriqc.nimh.nih.gov/api/v1"
  },
  "size_t": 891,
  "size_x": 82,
  "size_y": 82,
  "size_z": 56,
  "snr": 6.574416170421269,
  "spacing_tr": 0.46000000834465027,
  "spacing_x": 3.02439022064209,
  "spacing_y": 3.02439022064209,
  "spacing_z": 3.0,
  "summary_bg_k": 21.250514987413496,
  "summary_bg_mad": 2.0450260984870585,
  "summary_bg_mean": 9.70573902130127,
  "summary_bg_median": 1.5151516199111938,
  "summary_bg_n": 284667.0,
  "summary_bg_p05": 0.010101011022925377,
  "summary_bg_p95": 55.43400878906251,
  "summary_bg_stdv": 22.32780647277832,
  "summary_fg_k": 1.4353324034984931,
  "summary_fg_mad": 33.836952460241065,
  "summary_fg_mean": 242.81207275390625,
  "summary_fg_median": 241.04266357421875,
  "summary_fg_n": 40181.0,
  "summary_fg_p05": 187.72840881347656,
  "summary_fg_p95": 304.802490234375,
  "summary_fg_stdv": 36.66328048706055,
  "tsnr": 49.27955412736628
}