{
  "aor": 0.0026194288913773795,
  "aqi": 0.009862809036954088,
  "bids_meta": {
    "AcquisitionMatrixPE": 82,
    "AcquisitionNumber": 1,
    "AcquisitionTime": "10:26:38.297500",
    "BandwidthPerPixelPhaseEncode": 23.912,
    "BaseResolution": 82,
    "ConversionSoftware": "dcm2niix",
    "ConversionSoftwareVersion": "v1.0.20171215 Clang9.0.0",
    "DerivedVendorReportedEchoSpacing": 0.00051,
    "DeviceSerialNumber": "35451",
    "DwellTime": 2.2e-06,
    "EchoTime": 0.029,
    "EffectiveEchoSpacing": 0.00051,
    "FlipAngle": 44,
    "ImageComments": "Unaliased_MB8_PE3_(remote)",
    "ImageOrientationPatientDICOM": [
      0.999983,
      0.00242653,
      0.0052287,
      -2.48418e-08,
      0.907082,
      -0.420954
    ],
    "ImageType": [
      "ORIGINAL",
      "PRIMARY",
      "M",
      "ND",
      "NORM",
      "MOSAIC"
    ],
    "InPlanePhaseEncodingDirectionDICOM": "COL",
    "InstitutionAddress": "Exposition_Drive_1777_Boulder-_6392da-_Denver_US_80301",
    "InstitutionName": "Intermountain_Neuroimaging_Consortium",
    "InstitutionalDepartmentName": "Department",
    "MRAcquisitionType": "2D",
    "MagneticFieldStrength": 3,
    "Manufacturer": "Siemens",
    "ManufacturersModelName": "TrioTim",
    "Modality": "MR",
    "MultibandAccelerationFactor": 8,
    "PartialFourier": 1,
    "PatientPosition": "HFS",
    "PercentPhaseFOV": 100,
    "PhaseEncodingDirection": "j",
    "PhaseEncodingSteps": 82,
    "PhaseResolution": 1,
    "PixelBandwidth": 2772,
    "ProcedureStepDescription": "VMITTAL_adaptcog_200068",
    "ProtocolName": "ritl_pa_32ch_mb8_v01_r03",
    "PulseSequenceDetails": "%CustomerSeq%_cmrr_mbep2d_bold",
    "ReceiveCoilName": "32Ch_Head",
    "ReconMatrixPE": 82,
    "RepetitionTime": 0.46,
    "SAR": 0.174843,
    "ScanOptions": "FS",
    "ScanningSequence": "EP",
    "SequenceName": "epfid2d1_82",
    "SequenceVariant": "SK",
    "SeriesDescription": "ritl_pa_32ch_mb8_v01_r03",
    "SeriesNumber": 14,
    "ShimSetting": [
      6756,
      12674,
      -6745,
      615,
      158,
      10,
      83,
      138
    ],
    "SliceThickness": 3,
    "SliceTiming": [
      0,
      0.265,
      0.0675,
      0.33,
      0.1325,
      0.395,
      0.1975,
      0,
      0.265,
      0.0675,
      0.33,
      0.1325,
      0.395,
      0.1975,
      0,
      0.265,
      0.0675,
      0.33,
      0.1325,
      0.395,
      0.1975,
      0,
      0.265,
      0.0675,
      0.33,
      0.1325,
      0.395,
      0.1975,
      0,
      0.265,
      0.0675,
      0.33,
      0.1325,
      0.395,
      0.1975,
      0,
      0.265,
      0.0675,
      0.33,
      0.1325,
      0.395,
      0.1975,
      0,
      0.265,
      0.0675,
      0.33,
      0.1325,
      0.395,
      0.1975,
      0,
      0.265,
      0.0675,
      0.33,
      0.1325,
      0.395,
      0.1975
    ],
    "SoftwareVersions": "syngo_MR_B17",
    "SpacingBetweenSlices": 3,
    "StationName": "MRC35451",
    "TaskName": "ritl",
    "TotalReadoutTime": 0.04131,
    "TxRefAmp": 348.397,
    "acq_id": "MB",
    "dataset": "ds001371",
    "modality": "bold",
    "run_id": 3,
    "subject_id": "M80398281",
    "task_id": "ritl"
  },
  "dummy_trs": 1,
  "dvars_nstd": 28.10544628961879,
  "dvars_std": 1.1826897656726452,
  "dvars_vstd": 1.0424061651233196,
  "efc": 0.4103656946462514,
  "fber": 19801.6640625,
  "fd_mean": 0.0608100686913599,
  "fd_num": 20,
  "fd_perc": 2.2396416573348263,
  "fwhm_avg": 1.834272939485757,
  "fwhm_x": 1.7367434810990938,
  "fwhm_y": 1.9214253373581773,
  "fwhm_z": 1.84465,
  "gcor": 0.0269228,
  "gsr_x": -0.022739317268133163,
  "gsr_y": 0.007341118063777685,
  "provenance": {
    "md5sum": "e8cbf8f77b5b64b29550e75c710c6b92",
    "settings": {
      "fd_thres": 0.2,
      "testing": false
    },
    "software": "mriqc",
    "version": "22.0.6",
    "webapi_port": null,
    "webapi_url": "https://mriqc.nimh.nih.gov/api/v1"
  },
  "size_t": 893,
  "size_x": 82,
  "size_y": 82,
  "size_z": 56,
  "snr": 6.64257571378853,
  "spacing_tr": 0.46000000834465027,
  "spacing_x": 3.02439022064209,
  "spacing_y": 3.02439022064209,
  "spacing_z": 3.0,
  "summary_bg_k": 16.585816534597843,
  "summary_bg_mad": 2.800839855841684,
  "summary_bg_mean": 13.483728408813477,
  "summary_bg_median": 2.2922732830047607,
  "summary_bg_n": 285420.0,
  "summary_bg_p05": 0.1187010109424591,
  "summary_bg_p95": 76.98102073669432,
  "summary_bg_stdv": 30.157596588134766,
  "summary_fg_k": 2.025907922771398,
  "summary_fg_mad": 43.365707682427576,
  "summary_fg_mean": 317.8086242675781,
  "summary_fg_median": 314.509521484375,
  "summary_fg_n": 39613.0,
  "summary_fg_p05": 251.164404296875,
  "summary_fg_p95": 397.7753845214844,
  "summary_fg_stdv": 47.346927642822266,
  "tsnr": 52.04019784927368
}