{
  "aor": 0.0008849775784753362,
  "aqi": 0.009946341367713005,
  "bids_meta": {
    "AcquisitionMatrixPE": 82,
    "AcquisitionNumber": 1,
    "AcquisitionTime": "10:19:12.882500",
    "BandwidthPerPixelPhaseEncode": 23.912,
    "BaseResolution": 82,
    "ConversionSoftware": "dcm2niix",
    "ConversionSoftwareVersion": "v1.0.20171215 Clang9.0.0",
    "DerivedVendorReportedEchoSpacing": 0.00051,
    "DeviceSerialNumber": "35451",
    "DwellTime": 2.2e-06,
    "EchoTime": 0.029,
    "EffectiveEchoSpacing": 0.00051,
    "FlipAngle": 44,
    "ImageComments": "Unaliased_MB8_PE3_(remote)",
    "ImageOrientationPatientDICOM": [
      0.999983,
      0.00242653,
      0.0052287,
      -2.48418e-08,
      0.907082,
      -0.420954
    ],
    "ImageType": [
      "ORIGINAL",
      "PRIMARY",
      "M",
      "ND",
      "NORM",
      "MOSAIC"
    ],
    "InPlanePhaseEncodingDirectionDICOM": "COL",
    "InstitutionAddress": "Exposition_Drive_1777_Boulder-_6392da-_Denver_US_80301",
    "InstitutionName": "Intermountain_Neuroimaging_Consortium",
    "InstitutionalDepartmentName": "Department",
    "MRAcquisitionType": "2D",
    "MagneticFieldStrength": 3,
    "Manufacturer": "Siemens",
    "ManufacturersModelName": "TrioTim",
    "Modality": "MR",
    "MultibandAccelerationFactor": 8,
    "PartialFourier": 1,
    "PatientPosition": "HFS",
    "PercentPhaseFOV": 100,
    "PhaseEncodingDirection": "j",
    "PhaseEncodingSteps": 82,
    "PhaseResolution": 1,
    "PixelBandwidth": 2772,
    "ProcedureStepDescription": "VMITTAL_adaptcog_200068",
    "ProtocolName": "ritl_pa_32ch_mb8_v01_r02",
    "PulseSequenceDetails": "%CustomerSeq%_cmrr_mbep2d_bold",
    "ReceiveCoilName": "32Ch_Head",
    "ReconMatrixPE": 82,
    "RepetitionTime": 0.46,
    "SAR": 0.179149,
    "ScanOptions": "FS",
    "ScanningSequence": "EP",
    "SequenceName": "epfid2d1_82",
    "SequenceVariant": "SK",
    "SeriesDescription": "ritl_pa_32ch_mb8_v01_r02",
    "SeriesNumber": 12,
    "ShimSetting": [
      6756,
      12674,
      -6745,
      615,
      158,
      10,
      83,
      138
    ],
    "SliceThickness": 3,
    "SliceTiming": [
      0,
      0.2625,
      0.065,
      0.33,
      0.1325,
      0.395,
      0.1975,
      0,
      0.2625,
      0.065,
      0.33,
      0.1325,
      0.395,
      0.1975,
      0,
      0.2625,
      0.065,
      0.33,
      0.1325,
      0.395,
      0.1975,
      0,
      0.2625,
      0.065,
      0.33,
      0.1325,
      0.395,
      0.1975,
      0,
      0.2625,
      0.065,
      0.33,
      0.1325,
      0.395,
      0.1975,
      0,
      0.2625,
      0.065,
      0.33,
      0.1325,
      0.395,
      0.1975,
      0,
      0.2625,
      0.065,
      0.33,
      0.1325,
      0.395,
      0.1975,
      0,
      0.2625,
      0.065,
      0.33,
      0.1325,
      0.395,
      0.1975
    ],
    "SoftwareVersions": "syngo_MR_B17",
    "SpacingBetweenSlices": 3,
    "StationName": "MRC35451",
    "TaskName": "ritl",
    "TotalReadoutTime": 0.04131,
    "TxRefAmp": 348.397,
    "acq_id": "MB",
    "dataset": "ds001371",
    "modality": "bold",
    "run_id": 2,
    "subject_id": "M80398281",
    "task_id": "ritl"
  },
  "dummy_trs": 2,
  "dvars_nstd": 28.14019487910211,
  "dvars_std": 1.1535639784175067,
  "dvars_vstd": 1.0020087346464654,
  "efc": 0.4100810293497142,
  "fber": 19907.9140625,
  "fd_mean": 0.06141079118838104,
  "fd_num": 22,
  "fd_perc": 2.4663677130044843,
  "fwhm_avg": 1.8404832351907086,
  "fwhm_x": 1.7404301746758353,
  "fwhm_y": 1.9200895308962909,
  "fwhm_z": 1.86093,
  "gcor": 0.0347653,
  "gsr_x": -0.022508367896080017,
  "gsr_y": 0.00763647211715579,
  "provenance": {
    "md5sum": "f7e40f1cdd2676dc719309e0432579ba",
    "settings": {
      "fd_thres": 0.2,
      "testing": false
    },
    "software": "mriqc",
    "version": "22.0.6",
    "webapi_port": null,
    "webapi_url": "https://mriqc.nimh.nih.gov/api/v1"
  },
  "size_t": 892,
  "size_x": 82,
  "size_y": 82,
  "size_z": 56,
  "snr": 6.609574431113307,
  "spacing_tr": 0.46000000834465027,
  "spacing_x": 3.02439022064209,
  "spacing_y": 3.02439022064209,
  "spacing_z": 3.0,
  "summary_bg_k": 16.810146044695433,
  "summary_bg_mad": 2.7890207688718824,
  "summary_bg_mean": 13.411731719970703,
  "summary_bg_median": 2.2746636867523193,
  "summary_bg_n": 285345.0,
  "summary_bg_p05": 0.11434978246688843,
  "summary_bg_p95": 76.19282684326166,
  "summary_bg_stdv": 30.096893310546875,
  "summary_fg_k": 1.932286307127768,
  "summary_fg_mad": 43.84564857087967,
  "summary_fg_mean": 317.79327392578125,
  "summary_fg_median": 314.3077392578125,
  "summary_fg_n": 39552.0,
  "summary_fg_p05": 251.21077728271484,
  "summary_fg_p95": 398.2740676879883,
  "summary_fg_stdv": 47.552799224853516,
  "tsnr": 51.22722894512117
}