{
  "aor": 0.0017998208286674133,
  "aqi": 0.01115784516237402,
  "bids_meta": {
    "AcquisitionMatrixPE": 82,
    "AcquisitionNumber": 1,
    "AcquisitionTime": "10:11:49.980000",
    "BandwidthPerPixelPhaseEncode": 23.912,
    "BaseResolution": 82,
    "ConversionSoftware": "dcm2niix",
    "ConversionSoftwareVersion": "v1.0.20171215 Clang9.0.0",
    "DerivedVendorReportedEchoSpacing": 0.00051,
    "DeviceSerialNumber": "35451",
    "DwellTime": 2.2e-06,
    "EchoTime": 0.029,
    "EffectiveEchoSpacing": 0.00051,
    "FlipAngle": 44,
    "ImageComments": "Unaliased_MB8_PE3_(remote)",
    "ImageOrientationPatientDICOM": [
      0.999983,
      0.00242653,
      0.0052287,
      -2.48418e-08,
      0.907082,
      -0.420954
    ],
    "ImageType": [
      "ORIGINAL",
      "PRIMARY",
      "M",
      "ND",
      "NORM",
      "MOSAIC"
    ],
    "InPlanePhaseEncodingDirectionDICOM": "COL",
    "InstitutionAddress": "Exposition_Drive_1777_Boulder-_6392da-_Denver_US_80301",
    "InstitutionName": "Intermountain_Neuroimaging_Consortium",
    "InstitutionalDepartmentName": "Department",
    "MRAcquisitionType": "2D",
    "MagneticFieldStrength": 3,
    "Manufacturer": "Siemens",
    "ManufacturersModelName": "TrioTim",
    "Modality": "MR",
    "MultibandAccelerationFactor": 8,
    "PartialFourier": 1,
    "PatientPosition": "HFS",
    "PercentPhaseFOV": 100,
    "PhaseEncodingDirection": "j",
    "PhaseEncodingSteps": 82,
    "PhaseResolution": 1,
    "PixelBandwidth": 2772,
    "ProcedureStepDescription": "VMITTAL_adaptcog_200068",
    "ProtocolName": "ritl_pa_32ch_mb8_v01_r01",
    "PulseSequenceDetails": "%CustomerSeq%_cmrr_mbep2d_bold",
    "ReceiveCoilName": "32Ch_Head",
    "ReconMatrixPE": 82,
    "RepetitionTime": 0.46,
    "SAR": 0.177109,
    "ScanOptions": "FS",
    "ScanningSequence": "EP",
    "SequenceName": "epfid2d1_82",
    "SequenceVariant": "SK",
    "SeriesDescription": "ritl_pa_32ch_mb8_v01_r01",
    "SeriesNumber": 10,
    "ShimSetting": [
      6756,
      12674,
      -6745,
      615,
      158,
      10,
      83,
      138
    ],
    "SliceThickness": 3,
    "SliceTiming": [
      0,
      0.265,
      0.0675,
      0.33,
      0.1325,
      0.3975,
      0.2,
      0,
      0.265,
      0.0675,
      0.33,
      0.1325,
      0.3975,
      0.2,
      0,
      0.265,
      0.0675,
      0.33,
      0.1325,
      0.3975,
      0.2,
      0,
      0.265,
      0.0675,
      0.33,
      0.1325,
      0.3975,
      0.2,
      0,
      0.265,
      0.0675,
      0.33,
      0.1325,
      0.3975,
      0.2,
      0,
      0.265,
      0.0675,
      0.33,
      0.1325,
      0.3975,
      0.2,
      0,
      0.265,
      0.0675,
      0.33,
      0.1325,
      0.3975,
      0.2,
      0,
      0.265,
      0.0675,
      0.33,
      0.1325,
      0.3975,
      0.2
    ],
    "SoftwareVersions": "syngo_MR_B17",
    "SpacingBetweenSlices": 3,
    "StationName": "MRC35451",
    "TaskName": "ritl",
    "TotalReadoutTime": 0.04131,
    "TxRefAmp": 348.397,
    "acq_id": "MB",
    "dataset": "ds001371",
    "modality": "bold",
    "run_id": 1,
    "subject_id": "M80398281",
    "task_id": "ritl"
  },
  "dummy_trs": 1,
  "dvars_nstd": 28.331408167242124,
  "dvars_std": 1.1555995159753365,
  "dvars_vstd": 1.005848426154709,
  "efc": 0.411324216558639,
  "fber": 19486.91796875,
  "fd_mean": 0.07067586643948401,
  "fd_num": 16,
  "fd_perc": 1.7917133258678613,
  "fwhm_avg": 1.8536186743503642,
  "fwhm_x": 1.7515795296002936,
  "fwhm_y": 1.9446531601174657,
  "fwhm_z": 1.8646233333333333,
  "gcor": 0.0175546,
  "gsr_x": -0.023011168465018272,
  "gsr_y": 0.008441613987088203,
  "provenance": {
    "md5sum": "a5ff2e05244717a9e45d72eb49cfd787",
    "settings": {
      "fd_thres": 0.2,
      "testing": false
    },
    "software": "mriqc",
    "version": "22.0.6",
    "webapi_port": null,
    "webapi_url": "https://mriqc.nimh.nih.gov/api/v1"
  },
  "size_t": 893,
  "size_x": 82,
  "size_y": 82,
  "size_z": 56,
  "snr": 6.504572237476519,
  "spacing_tr": 0.46000000834465027,
  "spacing_x": 3.02439022064209,
  "spacing_y": 3.02439022064209,
  "spacing_z": 3.0,
  "summary_bg_k": 16.71920560676302,
  "summary_bg_mad": 2.8257437971694372,
  "summary_bg_mean": 13.588811874389648,
  "summary_bg_median": 2.3146698474884033,
  "summary_bg_n": 285331.0,
  "summary_bg_p05": 0.15453527867794037,
  "summary_bg_p95": 76.47368621826172,
  "summary_bg_stdv": 30.301820755004883,
  "summary_fg_k": 1.8829894890134424,
  "summary_fg_mad": 44.55611492024747,
  "summary_fg_mean": 317.05072021484375,
  "summary_fg_median": 313.5307922363281,
  "summary_fg_n": 39647.0,
  "summary_fg_p05": 249.06405944824218,
  "summary_fg_p95": 398.27985229492185,
  "summary_fg_stdv": 48.200992584228516,
  "tsnr": 49.05646240711212
}