{
  "aor": 0.0017373146067415732,
  "aqi": 0.011577927831460675,
  "bids_meta": {
    "AcquisitionMatrixPE": 82,
    "AcquisitionNumber": 1,
    "AcquisitionTime": "10:34:4.290000",
    "BandwidthPerPixelPhaseEncode": 23.912,
    "BaseResolution": 82,
    "ConversionSoftware": "dcm2niix",
    "ConversionSoftwareVersion": "v1.0.20171215 Clang9.0.0",
    "DerivedVendorReportedEchoSpacing": 0.00051,
    "DeviceSerialNumber": "35451",
    "DwellTime": 2.2e-06,
    "EchoTime": 0.029,
    "EffectiveEchoSpacing": 0.00051,
    "FlipAngle": 44,
    "ImageComments": "Unaliased_MB8_PE3_(remote)",
    "ImageOrientationPatientDICOM": [
      0.999983,
      0.00242653,
      0.0052287,
      -2.48418e-08,
      0.907082,
      -0.420954
    ],
    "ImageType": [
      "ORIGINAL",
      "PRIMARY",
      "M",
      "ND",
      "NORM",
      "MOSAIC"
    ],
    "InPlanePhaseEncodingDirectionDICOM": "COL",
    "InstitutionAddress": "Exposition_Drive_1777_Boulder-_6392da-_Denver_US_80301",
    "InstitutionName": "Intermountain_Neuroimaging_Consortium",
    "InstitutionalDepartmentName": "Department",
    "MRAcquisitionType": "2D",
    "MagneticFieldStrength": 3,
    "Manufacturer": "Siemens",
    "ManufacturersModelName": "TrioTim",
    "Modality": "MR",
    "MultibandAccelerationFactor": 8,
    "PartialFourier": 1,
    "PatientPosition": "HFS",
    "PercentPhaseFOV": 100,
    "PhaseEncodingDirection": "j",
    "PhaseEncodingSteps": 82,
    "PhaseResolution": 1,
    "PixelBandwidth": 2772,
    "ProcedureStepDescription": "VMITTAL_adaptcog_200068",
    "ProtocolName": "ritl_pa_32ch_mb8_v01_r04",
    "PulseSequenceDetails": "%CustomerSeq%_cmrr_mbep2d_bold",
    "ReceiveCoilName": "32Ch_Head",
    "ReconMatrixPE": 82,
    "RepetitionTime": 0.46,
    "SAR": 0.178989,
    "ScanOptions": "FS",
    "ScanningSequence": "EP",
    "SequenceName": "epfid2d1_82",
    "SequenceVariant": "SK",
    "SeriesDescription": "ritl_pa_32ch_mb8_v01_r04",
    "SeriesNumber": 16,
    "ShimSetting": [
      6756,
      12674,
      -6745,
      615,
      158,
      10,
      83,
      138
    ],
    "SliceThickness": 3,
    "SliceTiming": [
      0,
      0.265,
      0.065,
      0.33,
      0.1325,
      0.395,
      0.1975,
      0,
      0.265,
      0.065,
      0.33,
      0.1325,
      0.395,
      0.1975,
      0,
      0.265,
      0.065,
      0.33,
      0.1325,
      0.395,
      0.1975,
      0,
      0.265,
      0.065,
      0.33,
      0.1325,
      0.395,
      0.1975,
      0,
      0.265,
      0.065,
      0.33,
      0.1325,
      0.395,
      0.1975,
      0,
      0.265,
      0.065,
      0.33,
      0.1325,
      0.395,
      0.1975,
      0,
      0.265,
      0.065,
      0.33,
      0.1325,
      0.395,
      0.1975,
      0,
      0.265,
      0.065,
      0.33,
      0.1325,
      0.395,
      0.1975
    ],
    "SoftwareVersions": "syngo_MR_B17",
    "SpacingBetweenSlices": 3,
    "StationName": "MRC35451",
    "TaskName": "ritl",
    "TotalReadoutTime": 0.04131,
    "TxRefAmp": 348.397,
    "acq_id": "MB",
    "dataset": "ds001371",
    "modality": "bold",
    "run_id": 4,
    "subject_id": "M80398281",
    "task_id": "ritl"
  },
  "dummy_trs": 4,
  "dvars_nstd": 28.652232385579293,
  "dvars_std": 1.1788679247581544,
  "dvars_vstd": 1.030693640899888,
  "efc": 0.41032993329721984,
  "fber": 19922.154296875,
  "fd_mean": 0.0695474474845532,
  "fd_num": 35,
  "fd_perc": 3.932584269662921,
  "fwhm_avg": 1.8332857799638405,
  "fwhm_x": 1.732828642359308,
  "fwhm_y": 1.9160920308655465,
  "fwhm_z": 1.8509366666666667,
  "gcor": 0.0288745,
  "gsr_x": -0.02299727126955986,
  "gsr_y": 0.00834852084517479,
  "provenance": {
    "md5sum": "cbfab6455f03eb4a165978bd99c85c64",
    "settings": {
      "fd_thres": 0.2,
      "testing": false
    },
    "software": "mriqc",
    "version": "22.0.6",
    "webapi_port": null,
    "webapi_url": "https://mriqc.nimh.nih.gov/api/v1"
  },
  "size_t": 890,
  "size_x": 82,
  "size_y": 82,
  "size_z": 56,
  "snr": 6.656902754014724,
  "spacing_tr": 0.46000000834465027,
  "spacing_x": 3.02439022064209,
  "spacing_y": 3.02439022064209,
  "spacing_z": 3.0,
  "summary_bg_k": 16.43832044151683,
  "summary_bg_mad": 2.7802956915920274,
  "summary_bg_mean": 13.400307655334473,
  "summary_bg_median": 2.2752809524536133,
  "summary_bg_n": 285401.0,
  "summary_bg_p05": 0.12584269046783447,
  "summary_bg_p95": 75.91236114501953,
  "summary_bg_stdv": 29.788637161254883,
  "summary_fg_k": 2.0476563262260834,
  "summary_fg_mad": 43.04046091583432,
  "summary_fg_mean": 317.4537658691406,
  "summary_fg_median": 314.1769714355469,
  "summary_fg_n": 39614.0,
  "summary_fg_p05": 251.08186264038085,
  "summary_fg_p95": 396.80303649902345,
  "summary_fg_stdv": 47.195072174072266,
  "tsnr": 48.74818445369601
}