{
  "aor": 0.0018840313549832023,
  "aqi": 0.015473143583426652,
  "bids_meta": {
    "AcquisitionMatrixPE": 82,
    "AcquisitionNumber": 1,
    "AcquisitionTime": "10:48:47.577500",
    "BandwidthPerPixelPhaseEncode": 23.912,
    "BaseResolution": 82,
    "ConversionSoftware": "dcm2niix",
    "ConversionSoftwareVersion": "v1.0.20171215 Clang9.0.0",
    "DerivedVendorReportedEchoSpacing": 0.00051,
    "DeviceSerialNumber": "35451",
    "DwellTime": 2.2e-06,
    "EchoTime": 0.029,
    "EffectiveEchoSpacing": 0.00051,
    "FlipAngle": 44,
    "ImageComments": "Unaliased_MB8_PE3_(remote)",
    "ImageOrientationPatientDICOM": [
      0.999983,
      0.00242653,
      0.0052287,
      -2.48418e-08,
      0.907082,
      -0.420954
    ],
    "ImageType": [
      "ORIGINAL",
      "PRIMARY",
      "M",
      "ND",
      "NORM",
      "MOSAIC"
    ],
    "InPlanePhaseEncodingDirectionDICOM": "COL",
    "InstitutionAddress": "Exposition_Drive_1777_Boulder-_6392da-_Denver_US_80301",
    "InstitutionName": "Intermountain_Neuroimaging_Consortium",
    "InstitutionalDepartmentName": "Department",
    "MRAcquisitionType": "2D",
    "MagneticFieldStrength": 3,
    "Manufacturer": "Siemens",
    "ManufacturersModelName": "TrioTim",
    "Modality": "MR",
    "MultibandAccelerationFactor": 8,
    "PartialFourier": 1,
    "PatientPosition": "HFS",
    "PercentPhaseFOV": 100,
    "PhaseEncodingDirection": "j",
    "PhaseEncodingSteps": 82,
    "PhaseResolution": 1,
    "PixelBandwidth": 2772,
    "ProcedureStepDescription": "VMITTAL_adaptcog_200068",
    "ProtocolName": "ritl_pa_32ch_mb8_v01_r06",
    "PulseSequenceDetails": "%CustomerSeq%_cmrr_mbep2d_bold",
    "ReceiveCoilName": "32Ch_Head",
    "ReconMatrixPE": 82,
    "RepetitionTime": 0.46,
    "SAR": 0.179551,
    "ScanOptions": "FS",
    "ScanningSequence": "EP",
    "SequenceName": "epfid2d1_82",
    "SequenceVariant": "SK",
    "SeriesDescription": "ritl_pa_32ch_mb8_v01_r06",
    "SeriesNumber": 20,
    "ShimSetting": [
      6756,
      12674,
      -6745,
      615,
      158,
      10,
      83,
      138
    ],
    "SliceThickness": 3,
    "SliceTiming": [
      0,
      0.2625,
      0.065,
      0.33,
      0.1325,
      0.395,
      0.1975,
      0,
      0.2625,
      0.065,
      0.33,
      0.1325,
      0.395,
      0.1975,
      0,
      0.2625,
      0.065,
      0.33,
      0.1325,
      0.395,
      0.1975,
      0,
      0.2625,
      0.065,
      0.33,
      0.1325,
      0.395,
      0.1975,
      0,
      0.2625,
      0.065,
      0.33,
      0.1325,
      0.395,
      0.1975,
      0,
      0.2625,
      0.065,
      0.33,
      0.1325,
      0.395,
      0.1975,
      0,
      0.2625,
      0.065,
      0.33,
      0.1325,
      0.395,
      0.1975,
      0,
      0.2625,
      0.065,
      0.33,
      0.1325,
      0.395,
      0.1975
    ],
    "SoftwareVersions": "syngo_MR_B17",
    "SpacingBetweenSlices": 3,
    "StationName": "MRC35451",
    "TaskName": "ritl",
    "TotalReadoutTime": 0.04131,
    "TxRefAmp": 348.397,
    "acq_id": "MB",
    "dataset": "ds001371",
    "modality": "bold",
    "run_id": 6,
    "subject_id": "M80398281",
    "task_id": "ritl"
  },
  "dummy_trs": 1,
  "dvars_nstd": 28.450747908957393,
  "dvars_std": 1.1542058131165922,
  "dvars_vstd": 1.0198712057623323,
  "efc": 0.41023222486264743,
  "fber": 19947.1875,
  "fd_mean": 0.08728070833973267,
  "fd_num": 48,
  "fd_perc": 5.375139977603584,
  "fwhm_avg": 1.8561880381744242,
  "fwhm_x": 1.7492550940985456,
  "fwhm_y": 1.956642353758061,
  "fwhm_z": 1.8626666666666667,
  "gcor": 0.0284775,
  "gsr_x": -0.02258892171084881,
  "gsr_y": 0.008720381185412407,
  "provenance": {
    "md5sum": "86c84cd71b2c79ad178e1ac6679b24a4",
    "settings": {
      "fd_thres": 0.2,
      "testing": false
    },
    "software": "mriqc",
    "version": "22.0.6",
    "webapi_port": null,
    "webapi_url": "https://mriqc.nimh.nih.gov/api/v1"
  },
  "size_t": 893,
  "size_x": 82,
  "size_y": 82,
  "size_z": 56,
  "snr": 6.654126769763777,
  "spacing_tr": 0.46000000834465027,
  "spacing_x": 3.02439022064209,
  "spacing_y": 3.02439022064209,
  "spacing_z": 3.0,
  "summary_bg_k": 16.31032636353699,
  "summary_bg_mad": 2.8058207854992,
  "summary_bg_mean": 13.346585273742676,
  "summary_bg_median": 2.296752691268921,
  "summary_bg_n": 285421.0,
  "summary_bg_p05": 0.146696537733078,
  "summary_bg_p95": 74.93841552734375,
  "summary_bg_stdv": 29.457828521728516,
  "summary_fg_k": 1.8193542028176442,
  "summary_fg_mad": 43.29679889401254,
  "summary_fg_mean": 316.9985656738281,
  "summary_fg_median": 313.39923095703125,
  "summary_fg_n": 39590.0,
  "summary_fg_p05": 251.19424209594726,
  "summary_fg_p95": 396.73309936523424,
  "summary_fg_stdv": 47.09788131713867,
  "tsnr": 41.71896821359405
}