{
  "aor": 0.00140648709315376,
  "aqi": 0.013332459573512907,
  "bids_meta": {
    "AcquisitionMatrixPE": 82,
    "AcquisitionNumber": 1,
    "AcquisitionTime": "10:07:16.352500",
    "BandwidthPerPixelPhaseEncode": 23.912,
    "BaseResolution": 82,
    "ConversionSoftware": "dcm2niix",
    "ConversionSoftwareVersion": "v1.0.20171215 Clang9.0.0",
    "DerivedVendorReportedEchoSpacing": 0.00051,
    "DeviceSerialNumber": "35451",
    "DwellTime": 2.2e-06,
    "EchoTime": 0.029,
    "EffectiveEchoSpacing": 0.00051,
    "FlipAngle": 44,
    "ImageComments": "Unaliased_MB8_PE3_(remote)",
    "ImageOrientationPatientDICOM": [
      0.999266,
      -0.0114121,
      -0.0365737,
      2.9851e-08,
      0.954607,
      -0.297867
    ],
    "ImageType": [
      "ORIGINAL",
      "PRIMARY",
      "M",
      "MB",
      "ND",
      "NORM",
      "MOSAIC"
    ],
    "InPlanePhaseEncodingDirectionDICOM": "COL",
    "InstitutionAddress": "Exposition_Drive_1777_Boulder-_6392da-_Denver_US_80301",
    "InstitutionName": "Intermountain_Neuroimaging_Consortium",
    "InstitutionalDepartmentName": "Department",
    "MRAcquisitionType": "2D",
    "MagneticFieldStrength": 3,
    "Manufacturer": "Siemens",
    "ManufacturersModelName": "TrioTim",
    "Modality": "MR",
    "MultibandAccelerationFactor": 8,
    "PartialFourier": 1,
    "PatientPosition": "HFS",
    "PercentPhaseFOV": 100,
    "PhaseEncodingDirection": "j",
    "PhaseEncodingSteps": 82,
    "PhaseResolution": 1,
    "PixelBandwidth": 2772,
    "ProcedureStepDescription": "VMITTAL_adaptcog_200068",
    "ProtocolName": "ritl_pa_32ch_mb8_v01_r01",
    "PulseSequenceDetails": "%CustomerSeq%_cmrr_mbep2d_bold",
    "ReceiveCoilName": "32Ch_Head",
    "ReconMatrixPE": 82,
    "RepetitionTime": 0.46,
    "SAR": 0.156513,
    "ScanOptions": "FS",
    "ScanningSequence": "EP",
    "SequenceName": "epfid2d1_82",
    "SequenceVariant": "SK_SS",
    "SeriesDescription": "ritl_pa_32ch_mb8_v01_r01",
    "SeriesNumber": 6,
    "ShimSetting": [
      6702,
      12670,
      -6720,
      779,
      105,
      1,
      -28,
      44
    ],
    "SliceThickness": 3,
    "SliceTiming": [
      0,
      0.265,
      0.065,
      0.33,
      0.1325,
      0.395,
      0.1975,
      0,
      0.265,
      0.065,
      0.33,
      0.1325,
      0.395,
      0.1975,
      0,
      0.265,
      0.065,
      0.33,
      0.1325,
      0.395,
      0.1975,
      0,
      0.265,
      0.065,
      0.33,
      0.1325,
      0.395,
      0.1975,
      0,
      0.265,
      0.065,
      0.33,
      0.1325,
      0.395,
      0.1975,
      0,
      0.265,
      0.065,
      0.33,
      0.1325,
      0.395,
      0.1975,
      0,
      0.265,
      0.065,
      0.33,
      0.1325,
      0.395,
      0.1975,
      0,
      0.265,
      0.065,
      0.33,
      0.1325,
      0.395,
      0.1975
    ],
    "SoftwareVersions": "syngo_MR_B17",
    "SpacingBetweenSlices": 3,
    "StationName": "MRC35451",
    "TaskName": "ritl",
    "TotalReadoutTime": 0.04131,
    "TxRefAmp": 334.461,
    "acq_id": "MB",
    "dataset": "ds001371",
    "modality": "bold",
    "run_id": 1,
    "subject_id": "M80353518",
    "task_id": "ritl"
  },
  "dummy_trs": 3,
  "dvars_nstd": 27.02987099976407,
  "dvars_std": 1.1710841604943827,
  "dvars_vstd": 0.9927518665617986,
  "efc": 0.3692292351188287,
  "fber": 53385.79296875,
  "fd_mean": 0.07608588356193133,
  "fd_num": 22,
  "fd_perc": 2.4691358024691357,
  "fwhm_avg": 1.8132959860736528,
  "fwhm_x": 1.7022505776080052,
  "fwhm_y": 1.9531540472796196,
  "fwhm_z": 1.7844833333333332,
  "gcor": 0.0142561,
  "gsr_x": -0.02374281734228134,
  "gsr_y": 0.014540651813149452,
  "provenance": {
    "md5sum": "2238190fa6b2fb8acd25d1be424c1700",
    "settings": {
      "fd_thres": 0.2,
      "testing": false
    },
    "software": "mriqc",
    "version": "22.0.6",
    "webapi_port": null,
    "webapi_url": "https://mriqc.nimh.nih.gov/api/v1"
  },
  "size_t": 891,
  "size_x": 82,
  "size_y": 82,
  "size_z": 56,
  "snr": 6.8437729400028395,
  "spacing_tr": 0.46000000834465027,
  "spacing_x": 3.02439022064209,
  "spacing_y": 3.02439022064209,
  "spacing_z": 3.0,
  "summary_bg_k": 37.28972211554198,
  "summary_bg_mad": 1.7771259690517633,
  "summary_bg_mean": 7.87729549407959,
  "summary_bg_median": 1.3984287977218628,
  "summary_bg_n": 288759.0,
  "summary_bg_p05": 0.007856341078877449,
  "summary_bg_p95": 40.647702789306614,
  "summary_bg_stdv": 19.66441535949707,
  "summary_fg_k": 1.2792277614365135,
  "summary_fg_mad": 44.39983720837252,
  "summary_fg_mean": 317.3848571777344,
  "summary_fg_median": 316.317626953125,
  "summary_fg_n": 37169.0,
  "summary_fg_p05": 248.07633056640626,
  "summary_fg_p95": 393.19933471679684,
  "summary_fg_stdv": 46.21915054321289,
  "tsnr": 49.54828003747389
}