{
  "aor": 0.00043973063973063977,
  "aqi": 0.01153940492704826,
  "bids_meta": {
    "AcquisitionMatrixPE": 82,
    "AcquisitionNumber": 1,
    "AcquisitionTime": "10:39:9.317500",
    "BandwidthPerPixelPhaseEncode": 23.912,
    "BaseResolution": 82,
    "ConversionSoftware": "dcm2niix",
    "ConversionSoftwareVersion": "v1.0.20171215 Clang9.0.0",
    "DerivedVendorReportedEchoSpacing": 0.00051,
    "DeviceSerialNumber": "35451",
    "DwellTime": 2.2e-06,
    "EchoTime": 0.029,
    "EffectiveEchoSpacing": 0.00051,
    "FlipAngle": 44,
    "ImageComments": "Unaliased_MB8_PE3_(remote)",
    "ImageOrientationPatientDICOM": [
      0.999266,
      -0.0114121,
      -0.0365737,
      2.9851e-08,
      0.954607,
      -0.297867
    ],
    "ImageType": [
      "ORIGINAL",
      "PRIMARY",
      "M",
      "MB",
      "ND",
      "NORM",
      "MOSAIC"
    ],
    "InPlanePhaseEncodingDirectionDICOM": "COL",
    "InstitutionAddress": "Exposition_Drive_1777_Boulder-_6392da-_Denver_US_80301",
    "InstitutionName": "Intermountain_Neuroimaging_Consortium",
    "InstitutionalDepartmentName": "Department",
    "MRAcquisitionType": "2D",
    "MagneticFieldStrength": 3,
    "Manufacturer": "Siemens",
    "ManufacturersModelName": "TrioTim",
    "Modality": "MR",
    "MultibandAccelerationFactor": 8,
    "PartialFourier": 1,
    "PatientPosition": "HFS",
    "PercentPhaseFOV": 100,
    "PhaseEncodingDirection": "j",
    "PhaseEncodingSteps": 82,
    "PhaseResolution": 1,
    "PixelBandwidth": 2772,
    "ProcedureStepDescription": "VMITTAL_adaptcog_200068",
    "ProtocolName": "ritl_pa_32ch_mb8_v01_r05",
    "PulseSequenceDetails": "%CustomerSeq%_cmrr_mbep2d_bold",
    "ReceiveCoilName": "32Ch_Head",
    "ReconMatrixPE": 82,
    "RepetitionTime": 0.46,
    "SAR": 0.153216,
    "ScanOptions": "FS",
    "ScanningSequence": "EP",
    "SequenceName": "epfid2d1_82",
    "SequenceVariant": "SK_SS",
    "SeriesDescription": "ritl_pa_32ch_mb8_v01_r05",
    "SeriesNumber": 14,
    "ShimSetting": [
      6702,
      12670,
      -6720,
      779,
      105,
      1,
      -28,
      44
    ],
    "SliceThickness": 3,
    "SliceTiming": [
      0,
      0.2625,
      0.065,
      0.3275,
      0.13,
      0.395,
      0.1975,
      0,
      0.2625,
      0.065,
      0.3275,
      0.13,
      0.395,
      0.1975,
      0,
      0.2625,
      0.065,
      0.3275,
      0.13,
      0.395,
      0.1975,
      0,
      0.2625,
      0.065,
      0.3275,
      0.13,
      0.395,
      0.1975,
      0,
      0.2625,
      0.065,
      0.3275,
      0.13,
      0.395,
      0.1975,
      0,
      0.2625,
      0.065,
      0.3275,
      0.13,
      0.395,
      0.1975,
      0,
      0.2625,
      0.065,
      0.3275,
      0.13,
      0.395,
      0.1975,
      0,
      0.2625,
      0.065,
      0.3275,
      0.13,
      0.395,
      0.1975
    ],
    "SoftwareVersions": "syngo_MR_B17",
    "SpacingBetweenSlices": 3,
    "StationName": "MRC35451",
    "TaskName": "ritl",
    "TotalReadoutTime": 0.04131,
    "TxRefAmp": 334.461,
    "acq_id": "MB",
    "dataset": "ds001371",
    "modality": "bold",
    "run_id": 5,
    "subject_id": "M80353518",
    "task_id": "ritl"
  },
  "dummy_trs": 3,
  "dvars_nstd": 27.13992822208991,
  "dvars_std": 1.1413154974943809,
  "dvars_vstd": 0.9790986617865152,
  "efc": 0.3669680580349587,
  "fber": 68664.5234375,
  "fd_mean": 0.08402558177166716,
  "fd_num": 18,
  "fd_perc": 2.0202020202020203,
  "fwhm_avg": 1.8837387999969308,
  "fwhm_x": 1.7324913842921978,
  "fwhm_y": 2.0411850156985945,
  "fwhm_z": 1.87754,
  "gcor": 0.0173025,
  "gsr_x": -0.02126551978290081,
  "gsr_y": 0.015941115096211433,
  "provenance": {
    "md5sum": "7bca796fe9e8c328bb5b8706ec71a586",
    "settings": {
      "fd_thres": 0.2,
      "testing": false
    },
    "software": "mriqc",
    "version": "22.0.6",
    "webapi_port": null,
    "webapi_url": "https://mriqc.nimh.nih.gov/api/v1"
  },
  "size_t": 891,
  "size_x": 82,
  "size_y": 82,
  "size_z": 56,
  "snr": 6.752312166056319,
  "spacing_tr": 0.46000000834465027,
  "spacing_x": 3.02439022064209,
  "spacing_y": 3.02439022064209,
  "spacing_z": 3.0,
  "summary_bg_k": 37.06369830488337,
  "summary_bg_mad": 1.6123923990366942,
  "summary_bg_mean": 7.256357669830322,
  "summary_bg_median": 1.219977617263794,
  "summary_bg_n": 287871.0,
  "summary_bg_p05": 0.0022446690127253532,
  "summary_bg_p95": 37.96296310424805,
  "summary_bg_stdv": 18.920194625854492,
  "summary_fg_k": 1.3318133933170024,
  "summary_fg_mad": 44.09868363273857,
  "summary_fg_mean": 314.2524108886719,
  "summary_fg_median": 313.18408203125,
  "summary_fg_n": 37871.0,
  "summary_fg_p05": 243.81819915771484,
  "summary_fg_p95": 390.6307830810547,
  "summary_fg_stdv": 46.381141662597656,
  "tsnr": 50.37505915132351
}