{
  "aor": 0.0008214719101123595,
  "aqi": 0.009900989303370787,
  "bids_meta": {
    "AcquisitionMatrixPE": 82,
    "AcquisitionNumber": 1,
    "AcquisitionTime": "10:14:38.865000",
    "BandwidthPerPixelPhaseEncode": 23.912,
    "BaseResolution": 82,
    "ConversionSoftware": "dcm2niix",
    "ConversionSoftwareVersion": "v1.0.20171215 Clang9.0.0",
    "DerivedVendorReportedEchoSpacing": 0.00051,
    "DeviceSerialNumber": "35451",
    "DwellTime": 2.2e-06,
    "EchoTime": 0.029,
    "EffectiveEchoSpacing": 0.00051,
    "FlipAngle": 44,
    "ImageComments": "Unaliased_MB8_PE3_(remote)",
    "ImageOrientationPatientDICOM": [
      0.999266,
      -0.0114121,
      -0.0365737,
      2.9851e-08,
      0.954607,
      -0.297867
    ],
    "ImageType": [
      "ORIGINAL",
      "PRIMARY",
      "M",
      "MB",
      "ND",
      "NORM",
      "MOSAIC"
    ],
    "InPlanePhaseEncodingDirectionDICOM": "COL",
    "InstitutionAddress": "Exposition_Drive_1777_Boulder-_6392da-_Denver_US_80301",
    "InstitutionName": "Intermountain_Neuroimaging_Consortium",
    "InstitutionalDepartmentName": "Department",
    "MRAcquisitionType": "2D",
    "MagneticFieldStrength": 3,
    "Manufacturer": "Siemens",
    "ManufacturersModelName": "TrioTim",
    "Modality": "MR",
    "MultibandAccelerationFactor": 8,
    "PartialFourier": 1,
    "PatientPosition": "HFS",
    "PercentPhaseFOV": 100,
    "PhaseEncodingDirection": "j",
    "PhaseEncodingSteps": 82,
    "PhaseResolution": 1,
    "PixelBandwidth": 2772,
    "ProcedureStepDescription": "VMITTAL_adaptcog_200068",
    "ProtocolName": "ritl_pa_32ch_mb8_v01_r02",
    "PulseSequenceDetails": "%CustomerSeq%_cmrr_mbep2d_bold",
    "ReceiveCoilName": "32Ch_Head",
    "ReconMatrixPE": 82,
    "RepetitionTime": 0.46,
    "SAR": 0.150518,
    "ScanOptions": "FS",
    "ScanningSequence": "EP",
    "SequenceName": "epfid2d1_82",
    "SequenceVariant": "SK_SS",
    "SeriesDescription": "ritl_pa_32ch_mb8_v01_r02",
    "SeriesNumber": 8,
    "ShimSetting": [
      6702,
      12670,
      -6720,
      779,
      105,
      1,
      -28,
      44
    ],
    "SliceThickness": 3,
    "SliceTiming": [
      0,
      0.265,
      0.0675,
      0.33,
      0.1325,
      0.3975,
      0.1975,
      0,
      0.265,
      0.0675,
      0.33,
      0.1325,
      0.3975,
      0.1975,
      0,
      0.265,
      0.0675,
      0.33,
      0.1325,
      0.3975,
      0.1975,
      0,
      0.265,
      0.0675,
      0.33,
      0.1325,
      0.3975,
      0.1975,
      0,
      0.265,
      0.0675,
      0.33,
      0.1325,
      0.3975,
      0.1975,
      0,
      0.265,
      0.0675,
      0.33,
      0.1325,
      0.3975,
      0.1975,
      0,
      0.265,
      0.0675,
      0.33,
      0.1325,
      0.3975,
      0.1975,
      0,
      0.265,
      0.0675,
      0.33,
      0.1325,
      0.3975,
      0.1975
    ],
    "SoftwareVersions": "syngo_MR_B17",
    "SpacingBetweenSlices": 3,
    "StationName": "MRC35451",
    "TaskName": "ritl",
    "TotalReadoutTime": 0.04131,
    "TxRefAmp": 334.461,
    "acq_id": "MB",
    "dataset": "ds001371",
    "modality": "bold",
    "run_id": 2,
    "subject_id": "M80353518",
    "task_id": "ritl"
  },
  "dummy_trs": 4,
  "dvars_nstd": 26.656148131687274,
  "dvars_std": 1.1770383223172112,
  "dvars_vstd": 1.006049978425196,
  "efc": 0.36971845905051093,
  "fber": 58003.640625,
  "fd_mean": 0.07040152862276572,
  "fd_num": 2,
  "fd_perc": 0.2247191011235955,
  "fwhm_avg": 1.7930863981587377,
  "fwhm_x": 1.6756633999841704,
  "fwhm_y": 1.9402291278253765,
  "fwhm_z": 1.7633666666666665,
  "gcor": 0.0224956,
  "gsr_x": -0.02324993535876274,
  "gsr_y": 0.014065943658351898,
  "provenance": {
    "md5sum": "e1f3b057ac56522e6d6674edaccd7ec9",
    "settings": {
      "fd_thres": 0.2,
      "testing": false
    },
    "software": "mriqc",
    "version": "22.0.6",
    "webapi_port": null,
    "webapi_url": "https://mriqc.nimh.nih.gov/api/v1"
  },
  "size_t": 890,
  "size_x": 82,
  "size_y": 82,
  "size_z": 56,
  "snr": 6.984583125153139,
  "spacing_tr": 0.46000000834465027,
  "spacing_x": 3.02439022064209,
  "spacing_y": 3.02439022064209,
  "spacing_z": 3.0,
  "summary_bg_k": 35.714726080896064,
  "summary_bg_mad": 1.7524691543691011,
  "summary_bg_mean": 7.790591239929199,
  "summary_bg_median": 1.3404494524002075,
  "summary_bg_n": 288338.0,
  "summary_bg_p05": 0.004494382068514824,
  "summary_bg_p95": 40.51960601806629,
  "summary_bg_stdv": 19.697420120239258,
  "summary_fg_k": 1.4235635638858017,
  "summary_fg_mad": 42.36910923986429,
  "summary_fg_mean": 315.5542297363281,
  "summary_fg_median": 314.4820251464844,
  "summary_fg_n": 37468.0,
  "summary_fg_p05": 247.91781311035157,
  "summary_fg_p95": 389.89050445556643,
  "summary_fg_stdv": 45.024566650390625,
  "tsnr": 55.429624787997454
}