{
  "aor": 0.0009707270693512303,
  "aqi": 0.01022048383668904,
  "bids_meta": {
    "AcquisitionMatrixPE": 82,
    "AcquisitionNumber": 1,
    "AcquisitionTime": "10:39:39.417500",
    "BandwidthPerPixelPhaseEncode": 23.912,
    "BaseResolution": 82,
    "ConversionSoftware": "dcm2niix",
    "ConversionSoftwareVersion": "v1.0.20171215 Clang9.0.0",
    "DerivedVendorReportedEchoSpacing": 0.00051,
    "DeviceSerialNumber": "35451",
    "DwellTime": 2.2e-06,
    "EchoTime": 0.029,
    "EffectiveEchoSpacing": 0.00051,
    "FlipAngle": 44,
    "ImageComments": "Unaliased_MB8_PE3_(remote)",
    "ImageOrientationPatientDICOM": [
      0.999813,
      -0.0074068,
      -0.0178738,
      -2.85385e-09,
      0.92382,
      -0.382827
    ],
    "ImageType": [
      "ORIGINAL",
      "PRIMARY",
      "M",
      "MB",
      "ND",
      "NORM",
      "MOSAIC"
    ],
    "InPlanePhaseEncodingDirectionDICOM": "COL",
    "InstitutionAddress": "Exposition_Drive_1777_Boulder-_6392da-_Denver_US_80301",
    "InstitutionName": "Intermountain_Neuroimaging_Consortium",
    "InstitutionalDepartmentName": "Department",
    "MRAcquisitionType": "2D",
    "MagneticFieldStrength": 3,
    "Manufacturer": "Siemens",
    "ManufacturersModelName": "TrioTim",
    "Modality": "MR",
    "MultibandAccelerationFactor": 8,
    "PartialFourier": 1,
    "PatientPosition": "HFS",
    "PercentPhaseFOV": 100,
    "PhaseEncodingDirection": "j",
    "PhaseEncodingSteps": 82,
    "PhaseResolution": 1,
    "PixelBandwidth": 2772,
    "ProcedureStepDescription": "VMITTAL_adaptcog_200068",
    "ProtocolName": "ritl_pa_32ch_mb8_v01_r03",
    "PulseSequenceDetails": "%CustomerSeq%_cmrr_mbep2d_bold",
    "ReceiveCoilName": "32Ch_Head",
    "ReconMatrixPE": 82,
    "RepetitionTime": 0.46,
    "SAR": 0.186263,
    "ScanOptions": "FS",
    "ScanningSequence": "EP",
    "SequenceName": "epfid2d1_82",
    "SequenceVariant": "SK_SS",
    "SeriesDescription": "ritl_pa_32ch_mb8_v01_r03",
    "SeriesNumber": 16,
    "ShimSetting": [
      6780,
      12643,
      -6799,
      384,
      425,
      111,
      410,
      175
    ],
    "SliceThickness": 3,
    "SliceTiming": [
      0,
      0.2625,
      0.065,
      0.3275,
      0.13,
      0.395,
      0.1975,
      0,
      0.2625,
      0.065,
      0.3275,
      0.13,
      0.395,
      0.1975,
      0,
      0.2625,
      0.065,
      0.3275,
      0.13,
      0.395,
      0.1975,
      0,
      0.2625,
      0.065,
      0.3275,
      0.13,
      0.395,
      0.1975,
      0,
      0.2625,
      0.065,
      0.3275,
      0.13,
      0.395,
      0.1975,
      0,
      0.2625,
      0.065,
      0.3275,
      0.13,
      0.395,
      0.1975,
      0,
      0.2625,
      0.065,
      0.3275,
      0.13,
      0.395,
      0.1975,
      0,
      0.2625,
      0.065,
      0.3275,
      0.13,
      0.395,
      0.1975
    ],
    "SoftwareVersions": "syngo_MR_B17",
    "SpacingBetweenSlices": 3,
    "StationName": "MRC35451",
    "TaskName": "ritl",
    "TotalReadoutTime": 0.04131,
    "TxRefAmp": 349.52,
    "acq_id": "MB",
    "dataset": "ds001371",
    "modality": "bold",
    "run_id": 3,
    "subject_id": "M80334186",
    "task_id": "ritl"
  },
  "dummy_trs": 0,
  "dvars_nstd": 29.971586893829777,
  "dvars_std": 1.1587495338633806,
  "dvars_vstd": 1.0178520788913767,
  "efc": 0.4351060094892247,
  "fber": 19066.6171875,
  "fd_mean": 0.06859995131626806,
  "fd_num": 16,
  "fd_perc": 1.7897091722595078,
  "fwhm_avg": 1.871538208422006,
  "fwhm_x": 1.717810739018,
  "fwhm_y": 1.9867938862480186,
  "fwhm_z": 1.91001,
  "gcor": 0.0260332,
  "gsr_x": -0.03254005312919617,
  "gsr_y": 0.035576507449150085,
  "provenance": {
    "md5sum": "371374fa6b589f3297ba95fe9390c79f",
    "settings": {
      "fd_thres": 0.2,
      "testing": false
    },
    "software": "mriqc",
    "version": "22.0.6",
    "webapi_port": null,
    "webapi_url": "https://mriqc.nimh.nih.gov/api/v1"
  },
  "size_t": 894,
  "size_x": 82,
  "size_y": 82,
  "size_z": 56,
  "snr": 6.535623491926665,
  "spacing_tr": 0.46000000834465027,
  "spacing_x": 3.02439022064209,
  "spacing_y": 3.02439022064209,
  "spacing_z": 3.0,
  "summary_bg_k": 20.76822150082689,
  "summary_bg_mad": 2.610308570535531,
  "summary_bg_mean": 13.165916442871094,
  "summary_bg_median": 2.165548086166382,
  "summary_bg_n": 276109.0,
  "summary_bg_p05": 0.05480984225869179,
  "summary_bg_p95": 71.67718200683584,
  "summary_bg_stdv": 28.430133819580078,
  "summary_fg_k": 1.4214087257822676,
  "summary_fg_mad": 41.86527876488354,
  "summary_fg_mean": 297.61199951171875,
  "summary_fg_median": 295.9306640625,
  "summary_fg_n": 46602.0,
  "summary_fg_p05": 228.81157455444335,
  "summary_fg_p95": 373.223388671875,
  "summary_fg_stdv": 45.279151916503906,
  "tsnr": 50.15377039741725
}