{
  "aor": 0.0020293959731543625,
  "aqi": 0.012370283255033558,
  "bids_meta": {
    "AcquisitionMatrixPE": 82,
    "AcquisitionNumber": 1,
    "AcquisitionTime": "10:31:42.067500",
    "BandwidthPerPixelPhaseEncode": 23.912,
    "BaseResolution": 82,
    "ConversionSoftware": "dcm2niix",
    "ConversionSoftwareVersion": "v1.0.20171215 Clang9.0.0",
    "DerivedVendorReportedEchoSpacing": 0.00051,
    "DeviceSerialNumber": "35451",
    "DwellTime": 2.2e-06,
    "EchoTime": 0.029,
    "EffectiveEchoSpacing": 0.00051,
    "FlipAngle": 44,
    "ImageComments": "Unaliased_MB8_PE3_(remote)",
    "ImageOrientationPatientDICOM": [
      0.999813,
      -0.0074068,
      -0.0178738,
      -2.85385e-09,
      0.92382,
      -0.382827
    ],
    "ImageType": [
      "ORIGINAL",
      "PRIMARY",
      "M",
      "MB",
      "ND",
      "NORM",
      "MOSAIC"
    ],
    "InPlanePhaseEncodingDirectionDICOM": "COL",
    "InstitutionAddress": "Exposition_Drive_1777_Boulder-_6392da-_Denver_US_80301",
    "InstitutionName": "Intermountain_Neuroimaging_Consortium",
    "InstitutionalDepartmentName": "Department",
    "MRAcquisitionType": "2D",
    "MagneticFieldStrength": 3,
    "Manufacturer": "Siemens",
    "ManufacturersModelName": "TrioTim",
    "Modality": "MR",
    "MultibandAccelerationFactor": 8,
    "PartialFourier": 1,
    "PatientPosition": "HFS",
    "PercentPhaseFOV": 100,
    "PhaseEncodingDirection": "j",
    "PhaseEncodingSteps": 82,
    "PhaseResolution": 1,
    "PixelBandwidth": 2772,
    "ProcedureStepDescription": "VMITTAL_adaptcog_200068",
    "ProtocolName": "ritl_pa_32ch_mb8_v01_r02",
    "PulseSequenceDetails": "%CustomerSeq%_cmrr_mbep2d_bold",
    "ReceiveCoilName": "32Ch_Head",
    "ReconMatrixPE": 82,
    "RepetitionTime": 0.46,
    "SAR": 0.186054,
    "ScanOptions": "FS",
    "ScanningSequence": "EP",
    "SequenceName": "epfid2d1_82",
    "SequenceVariant": "SK_SS",
    "SeriesDescription": "ritl_pa_32ch_mb8_v01_r02",
    "SeriesNumber": 14,
    "ShimSetting": [
      6780,
      12643,
      -6799,
      384,
      425,
      111,
      410,
      175
    ],
    "SliceThickness": 3,
    "SliceTiming": [
      0,
      0.2625,
      0.065,
      0.33,
      0.13,
      0.395,
      0.1975,
      0,
      0.2625,
      0.065,
      0.33,
      0.13,
      0.395,
      0.1975,
      0,
      0.2625,
      0.065,
      0.33,
      0.13,
      0.395,
      0.1975,
      0,
      0.2625,
      0.065,
      0.33,
      0.13,
      0.395,
      0.1975,
      0,
      0.2625,
      0.065,
      0.33,
      0.13,
      0.395,
      0.1975,
      0,
      0.2625,
      0.065,
      0.33,
      0.13,
      0.395,
      0.1975,
      0,
      0.2625,
      0.065,
      0.33,
      0.13,
      0.395,
      0.1975,
      0,
      0.2625,
      0.065,
      0.33,
      0.13,
      0.395,
      0.1975
    ],
    "SoftwareVersions": "syngo_MR_B17",
    "SpacingBetweenSlices": 3,
    "StationName": "MRC35451",
    "TaskName": "ritl",
    "TotalReadoutTime": 0.04131,
    "TxRefAmp": 349.52,
    "acq_id": "MB",
    "dataset": "ds001371",
    "modality": "bold",
    "run_id": 2,
    "subject_id": "M80334186",
    "task_id": "ritl"
  },
  "dummy_trs": 0,
  "dvars_nstd": 30.277070548622618,
  "dvars_std": 1.1622150269204934,
  "dvars_vstd": 1.0297728064613654,
  "efc": 0.4358729571730913,
  "fber": 18210.935546875,
  "fd_mean": 0.08507625055610908,
  "fd_num": 34,
  "fd_perc": 3.8031319910514543,
  "fwhm_avg": 1.866159704822697,
  "fwhm_x": 1.7161773519086634,
  "fwhm_y": 1.9825450958927608,
  "fwhm_z": 1.8997566666666668,
  "gcor": 0.0432218,
  "gsr_x": -0.03295361250638962,
  "gsr_y": 0.0366823635995388,
  "provenance": {
    "md5sum": "5dc4927d8af33bdee8a07493c5901de7",
    "settings": {
      "fd_thres": 0.2,
      "testing": false
    },
    "software": "mriqc",
    "version": "22.0.6",
    "webapi_port": null,
    "webapi_url": "https://mriqc.nimh.nih.gov/api/v1"
  },
  "size_t": 894,
  "size_x": 82,
  "size_y": 82,
  "size_z": 56,
  "snr": 6.562246581253045,
  "spacing_tr": 0.46000000834465027,
  "spacing_x": 3.02439022064209,
  "spacing_y": 3.02439022064209,
  "spacing_z": 3.0,
  "summary_bg_k": 20.205535271009115,
  "summary_bg_mad": 2.6998616022009663,
  "summary_bg_mean": 13.204915046691895,
  "summary_bg_median": 2.2080535888671875,
  "summary_bg_n": 276099.0,
  "summary_bg_p05": 0.05928411707282066,
  "summary_bg_p95": 71.67236862182615,
  "summary_bg_stdv": 28.251670837402344,
  "summary_fg_k": 1.3852060799507635,
  "summary_fg_mad": 41.748364576266034,
  "summary_fg_mean": 296.4553527832031,
  "summary_fg_median": 294.8232727050781,
  "summary_fg_n": 46645.0,
  "summary_fg_p05": 228.72863159179687,
  "summary_fg_p95": 371.2948425292968,
  "summary_fg_stdv": 44.92670440673828,
  "tsnr": 45.87107832438778
}