{
  "aor": 0.0007381431767337807,
  "aqi": 0.012407087494407158,
  "bids_meta": {
    "AcquisitionMatrixPE": 82,
    "AcquisitionNumber": 1,
    "AcquisitionTime": "10:23:37.580000",
    "BandwidthPerPixelPhaseEncode": 23.912,
    "BaseResolution": 82,
    "ConversionSoftware": "dcm2niix",
    "ConversionSoftwareVersion": "v1.0.20171215 Clang9.0.0",
    "DerivedVendorReportedEchoSpacing": 0.00051,
    "DeviceSerialNumber": "35451",
    "DwellTime": 2.2e-06,
    "EchoTime": 0.029,
    "EffectiveEchoSpacing": 0.00051,
    "FlipAngle": 44,
    "ImageComments": "Unaliased_MB8_PE3_(remote)",
    "ImageOrientationPatientDICOM": [
      1,
      -2e-16,
      0,
      2e-16,
      0.92321,
      -0.384295
    ],
    "ImageType": [
      "ORIGINAL",
      "PRIMARY",
      "M",
      "MB",
      "ND",
      "NORM",
      "MOSAIC"
    ],
    "InPlanePhaseEncodingDirectionDICOM": "COL",
    "InstitutionAddress": "Exposition_Drive_1777_Boulder-_6392da-_Denver_US_80301",
    "InstitutionName": "Intermountain_Neuroimaging_Consortium",
    "InstitutionalDepartmentName": "Department",
    "MRAcquisitionType": "2D",
    "MagneticFieldStrength": 3,
    "Manufacturer": "Siemens",
    "ManufacturersModelName": "TrioTim",
    "Modality": "MR",
    "MultibandAccelerationFactor": 8,
    "PartialFourier": 1,
    "PatientPosition": "HFS",
    "PercentPhaseFOV": 100,
    "PhaseEncodingDirection": "j",
    "PhaseEncodingSteps": 82,
    "PhaseResolution": 1,
    "PixelBandwidth": 2772,
    "ProcedureStepDescription": "VMITTAL_adaptcog_200068",
    "ProtocolName": "ritl_pa_32ch_mb8_v01_r02",
    "PulseSequenceDetails": "%CustomerSeq%_cmrr_mbep2d_bold",
    "ReceiveCoilName": "32Ch_Head",
    "ReconMatrixPE": 82,
    "RepetitionTime": 0.46,
    "SAR": 0.1682,
    "ScanOptions": "FS",
    "ScanningSequence": "EP",
    "SequenceName": "epfid2d1_82",
    "SequenceVariant": "SK_SS",
    "SeriesDescription": "ritl_pa_32ch_mb8_v01_r02",
    "SeriesNumber": 8,
    "ShimSetting": [
      6788,
      12630,
      -6762,
      510,
      175,
      5,
      18,
      115
    ],
    "SliceThickness": 3,
    "SliceTiming": [
      0,
      0.2625,
      0.065,
      0.33,
      0.13,
      0.395,
      0.1975,
      0,
      0.2625,
      0.065,
      0.33,
      0.13,
      0.395,
      0.1975,
      0,
      0.2625,
      0.065,
      0.33,
      0.13,
      0.395,
      0.1975,
      0,
      0.2625,
      0.065,
      0.33,
      0.13,
      0.395,
      0.1975,
      0,
      0.2625,
      0.065,
      0.33,
      0.13,
      0.395,
      0.1975,
      0,
      0.2625,
      0.065,
      0.33,
      0.13,
      0.395,
      0.1975,
      0,
      0.2625,
      0.065,
      0.33,
      0.13,
      0.395,
      0.1975,
      0,
      0.2625,
      0.065,
      0.33,
      0.13,
      0.395,
      0.1975
    ],
    "SoftwareVersions": "syngo_MR_B17",
    "SpacingBetweenSlices": 3,
    "StationName": "MRC35451",
    "TaskName": "ritl",
    "TotalReadoutTime": 0.04131,
    "TxRefAmp": 345.795,
    "acq_id": "MB",
    "dataset": "ds001371",
    "modality": "bold",
    "run_id": 2,
    "subject_id": "M80375100",
    "task_id": "ritl"
  },
  "dummy_trs": 0,
  "dvars_nstd": 27.920617596047062,
  "dvars_std": 1.1349932382642776,
  "dvars_vstd": 1.0098386207166836,
  "efc": 0.4307757563636394,
  "fber": 20352.779296875,
  "fd_mean": 0.07563910814169585,
  "fd_num": 25,
  "fd_perc": 2.796420581655481,
  "fwhm_avg": 1.856271138515199,
  "fwhm_x": 1.7572335619018429,
  "fwhm_y": 1.9417798536437547,
  "fwhm_z": 1.8698,
  "gcor": 0.0176617,
  "gsr_x": -0.018970739096403122,
  "gsr_y": 0.027026457712054253,
  "provenance": {
    "md5sum": "fd17258e6328d6d8b30626d2d1a96c5f",
    "settings": {
      "fd_thres": 0.2,
      "testing": false
    },
    "software": "mriqc",
    "version": "22.0.6",
    "webapi_port": null,
    "webapi_url": "https://mriqc.nimh.nih.gov/api/v1"
  },
  "size_t": 894,
  "size_x": 82,
  "size_y": 82,
  "size_z": 56,
  "snr": 7.1160516455208835,
  "spacing_tr": 0.46000000834465027,
  "spacing_x": 3.02439022064209,
  "spacing_y": 3.02439022064209,
  "spacing_z": 3.0,
  "summary_bg_k": 23.55081012245275,
  "summary_bg_mad": 2.3615496435700005,
  "summary_bg_mean": 9.981687545776367,
  "summary_bg_median": 1.86241614818573,
  "summary_bg_n": 273748.0,
  "summary_bg_p05": 0.032438479363918304,
  "summary_bg_p95": 53.07337741851804,
  "summary_bg_stdv": 21.973041534423828,
  "summary_fg_k": 2.0390939900225806,
  "summary_fg_mad": 33.80962422110601,
  "summary_fg_mean": 264.0344543457031,
  "summary_fg_median": 261.8926086425781,
  "summary_fg_n": 47639.0,
  "summary_fg_p05": 210.52471923828125,
  "summary_fg_p95": 325.2476409912109,
  "summary_fg_stdv": 36.80269241333008,
  "tsnr": 49.14055476337671
}