{
  "aor": 0.0009834228187919462,
  "aqi": 0.013256458713646533,
  "bids_meta": {
    "AcquisitionMatrixPE": 82,
    "AcquisitionNumber": 1,
    "AcquisitionTime": "10:47:8.365000",
    "BandwidthPerPixelPhaseEncode": 23.912,
    "BaseResolution": 82,
    "ConversionSoftware": "dcm2niix",
    "ConversionSoftwareVersion": "v1.0.20171215 Clang9.0.0",
    "DerivedVendorReportedEchoSpacing": 0.00051,
    "DeviceSerialNumber": "35451",
    "DwellTime": 2.2e-06,
    "EchoTime": 0.029,
    "EffectiveEchoSpacing": 0.00051,
    "FlipAngle": 44,
    "ImageComments": "Unaliased_MB8_PE3_(remote)",
    "ImageOrientationPatientDICOM": [
      1,
      -2e-16,
      0,
      2e-16,
      0.92321,
      -0.384295
    ],
    "ImageType": [
      "ORIGINAL",
      "PRIMARY",
      "M",
      "MB",
      "ND",
      "NORM",
      "MOSAIC"
    ],
    "InPlanePhaseEncodingDirectionDICOM": "COL",
    "InstitutionAddress": "Exposition_Drive_1777_Boulder-_6392da-_Denver_US_80301",
    "InstitutionName": "Intermountain_Neuroimaging_Consortium",
    "InstitutionalDepartmentName": "Department",
    "MRAcquisitionType": "2D",
    "MagneticFieldStrength": 3,
    "Manufacturer": "Siemens",
    "ManufacturersModelName": "TrioTim",
    "Modality": "MR",
    "MultibandAccelerationFactor": 8,
    "PartialFourier": 1,
    "PatientPosition": "HFS",
    "PercentPhaseFOV": 100,
    "PhaseEncodingDirection": "j",
    "PhaseEncodingSteps": 82,
    "PhaseResolution": 1,
    "PixelBandwidth": 2772,
    "ProcedureStepDescription": "VMITTAL_adaptcog_200068",
    "ProtocolName": "ritl_pa_32ch_mb8_v01_r05",
    "PulseSequenceDetails": "%CustomerSeq%_cmrr_mbep2d_bold",
    "ReceiveCoilName": "32Ch_Head",
    "ReconMatrixPE": 82,
    "RepetitionTime": 0.46,
    "SAR": 0.173814,
    "ScanOptions": "FS",
    "ScanningSequence": "EP",
    "SequenceName": "epfid2d1_82",
    "SequenceVariant": "SK_SS",
    "SeriesDescription": "ritl_pa_32ch_mb8_v01_r05",
    "SeriesNumber": 14,
    "ShimSetting": [
      6788,
      12630,
      -6762,
      510,
      175,
      5,
      18,
      115
    ],
    "SliceThickness": 3,
    "SliceTiming": [
      0,
      0.2625,
      0.065,
      0.3275,
      0.13,
      0.395,
      0.1975,
      0,
      0.2625,
      0.065,
      0.3275,
      0.13,
      0.395,
      0.1975,
      0,
      0.2625,
      0.065,
      0.3275,
      0.13,
      0.395,
      0.1975,
      0,
      0.2625,
      0.065,
      0.3275,
      0.13,
      0.395,
      0.1975,
      0,
      0.2625,
      0.065,
      0.3275,
      0.13,
      0.395,
      0.1975,
      0,
      0.2625,
      0.065,
      0.3275,
      0.13,
      0.395,
      0.1975,
      0,
      0.2625,
      0.065,
      0.3275,
      0.13,
      0.395,
      0.1975,
      0,
      0.2625,
      0.065,
      0.3275,
      0.13,
      0.395,
      0.1975
    ],
    "SoftwareVersions": "syngo_MR_B17",
    "SpacingBetweenSlices": 3,
    "StationName": "MRC35451",
    "TaskName": "ritl",
    "TotalReadoutTime": 0.04131,
    "TxRefAmp": 345.795,
    "acq_id": "MB",
    "dataset": "ds001371",
    "modality": "bold",
    "run_id": 5,
    "subject_id": "M80375100",
    "task_id": "ritl"
  },
  "dummy_trs": 0,
  "dvars_nstd": 28.1417220310414,
  "dvars_std": 1.1475992779955209,
  "dvars_vstd": 1.016249594904815,
  "efc": 0.43349089185475675,
  "fber": 18347.62890625,
  "fd_mean": 0.06970160257661288,
  "fd_num": 23,
  "fd_perc": 2.5727069351230427,
  "fwhm_avg": 1.8340620433998265,
  "fwhm_x": 1.7300611423380232,
  "fwhm_y": 1.9169583211947896,
  "fwhm_z": 1.8551666666666666,
  "gcor": 0.0286723,
  "gsr_x": -0.019615650177001953,
  "gsr_y": 0.027544792741537094,
  "provenance": {
    "md5sum": "a07abe505b7409bda58aac765cfc57c0",
    "settings": {
      "fd_thres": 0.2,
      "testing": false
    },
    "software": "mriqc",
    "version": "22.0.6",
    "webapi_port": null,
    "webapi_url": "https://mriqc.nimh.nih.gov/api/v1"
  },
  "size_t": 894,
  "size_x": 82,
  "size_y": 82,
  "size_z": 56,
  "snr": 7.214614178914967,
  "spacing_tr": 0.46000000834465027,
  "spacing_x": 3.02439022064209,
  "spacing_y": 3.02439022064209,
  "spacing_z": 3.0,
  "summary_bg_k": 22.135024650709454,
  "summary_bg_mad": 2.4660284088021194,
  "summary_bg_mean": 10.323431968688965,
  "summary_bg_median": 1.9463087320327759,
  "summary_bg_n": 273600.0,
  "summary_bg_p05": 0.032438479363918304,
  "summary_bg_p95": 55.602964973449694,
  "summary_bg_stdv": 22.419902801513672,
  "summary_fg_k": 2.2039096295838156,
  "summary_fg_mad": 32.89419607822532,
  "summary_fg_mean": 262.51727294921875,
  "summary_fg_median": 260.50335693359375,
  "summary_fg_n": 47633.0,
  "summary_fg_p05": 210.4340057373047,
  "summary_fg_p95": 322.2617492675781,
  "summary_fg_stdv": 36.10735321044922,
  "tsnr": 47.96857521543279
}