{
  "aor": 0.0012101901565995526,
  "aqi": 0.014732350313199105,
  "bids_meta": {
    "AcquisitionMatrixPE": 82,
    "AcquisitionNumber": 1,
    "AcquisitionTime": "10:39:20.067500",
    "BandwidthPerPixelPhaseEncode": 23.912,
    "BaseResolution": 82,
    "ConversionSoftware": "dcm2niix",
    "ConversionSoftwareVersion": "v1.0.20171215 Clang9.0.0",
    "DerivedVendorReportedEchoSpacing": 0.00051,
    "DeviceSerialNumber": "35451",
    "DwellTime": 2.2e-06,
    "EchoTime": 0.029,
    "EffectiveEchoSpacing": 0.00051,
    "FlipAngle": 44,
    "ImageComments": "Unaliased_MB8_PE3_(remote)",
    "ImageOrientationPatientDICOM": [
      1,
      -2e-16,
      0,
      2e-16,
      0.92321,
      -0.384295
    ],
    "ImageType": [
      "ORIGINAL",
      "PRIMARY",
      "M",
      "MB",
      "ND",
      "NORM",
      "MOSAIC"
    ],
    "InPlanePhaseEncodingDirectionDICOM": "COL",
    "InstitutionAddress": "Exposition_Drive_1777_Boulder-_6392da-_Denver_US_80301",
    "InstitutionName": "Intermountain_Neuroimaging_Consortium",
    "InstitutionalDepartmentName": "Department",
    "MRAcquisitionType": "2D",
    "MagneticFieldStrength": 3,
    "Manufacturer": "Siemens",
    "ManufacturersModelName": "TrioTim",
    "Modality": "MR",
    "MultibandAccelerationFactor": 8,
    "PartialFourier": 1,
    "PatientPosition": "HFS",
    "PercentPhaseFOV": 100,
    "PhaseEncodingDirection": "j",
    "PhaseEncodingSteps": 82,
    "PhaseResolution": 1,
    "PixelBandwidth": 2772,
    "ProcedureStepDescription": "VMITTAL_adaptcog_200068",
    "ProtocolName": "ritl_pa_32ch_mb8_v01_r04",
    "PulseSequenceDetails": "%CustomerSeq%_cmrr_mbep2d_bold",
    "ReceiveCoilName": "32Ch_Head",
    "ReconMatrixPE": 82,
    "RepetitionTime": 0.46,
    "SAR": 0.171458,
    "ScanOptions": "FS",
    "ScanningSequence": "EP",
    "SequenceName": "epfid2d1_82",
    "SequenceVariant": "SK_SS",
    "SeriesDescription": "ritl_pa_32ch_mb8_v01_r04",
    "SeriesNumber": 12,
    "ShimSetting": [
      6788,
      12630,
      -6762,
      510,
      175,
      5,
      18,
      115
    ],
    "SliceThickness": 3,
    "SliceTiming": [
      0,
      0.2625,
      0.065,
      0.33,
      0.1325,
      0.395,
      0.1975,
      0,
      0.2625,
      0.065,
      0.33,
      0.1325,
      0.395,
      0.1975,
      0,
      0.2625,
      0.065,
      0.33,
      0.1325,
      0.395,
      0.1975,
      0,
      0.2625,
      0.065,
      0.33,
      0.1325,
      0.395,
      0.1975,
      0,
      0.2625,
      0.065,
      0.33,
      0.1325,
      0.395,
      0.1975,
      0,
      0.2625,
      0.065,
      0.33,
      0.1325,
      0.395,
      0.1975,
      0,
      0.2625,
      0.065,
      0.33,
      0.1325,
      0.395,
      0.1975,
      0,
      0.2625,
      0.065,
      0.33,
      0.1325,
      0.395,
      0.1975
    ],
    "SoftwareVersions": "syngo_MR_B17",
    "SpacingBetweenSlices": 3,
    "StationName": "MRC35451",
    "TaskName": "ritl",
    "TotalReadoutTime": 0.04131,
    "TxRefAmp": 345.795,
    "acq_id": "MB",
    "dataset": "ds001371",
    "modality": "bold",
    "run_id": 4,
    "subject_id": "M80375100",
    "task_id": "ritl"
  },
  "dummy_trs": 0,
  "dvars_nstd": 28.096807503359486,
  "dvars_std": 1.145195395319149,
  "dvars_vstd": 1.01175787362822,
  "efc": 0.4327997123670618,
  "fber": 19169.7421875,
  "fd_mean": 0.05962147416244424,
  "fd_num": 8,
  "fd_perc": 0.8948545861297539,
  "fwhm_avg": 1.8365631635230064,
  "fwhm_x": 1.735133239151226,
  "fwhm_y": 1.9319729180844594,
  "fwhm_z": 1.8425833333333335,
  "gcor": 0.0193649,
  "gsr_x": -0.018985388800501823,
  "gsr_y": 0.028182903304696083,
  "provenance": {
    "md5sum": "5079dde53e6c9bd57c70d5e7df684eae",
    "settings": {
      "fd_thres": 0.2,
      "testing": false
    },
    "software": "mriqc",
    "version": "22.0.6",
    "webapi_port": null,
    "webapi_url": "https://mriqc.nimh.nih.gov/api/v1"
  },
  "size_t": 894,
  "size_x": 82,
  "size_y": 82,
  "size_z": 56,
  "snr": 7.225619120670785,
  "spacing_tr": 0.46000000834465027,
  "spacing_x": 3.02439022064209,
  "spacing_y": 3.02439022064209,
  "spacing_z": 3.0,
  "summary_bg_k": 22.897208662275407,
  "summary_bg_mad": 2.4063264907901374,
  "summary_bg_mean": 10.175289154052734,
  "summary_bg_median": 1.9105145931243896,
  "summary_bg_n": 273636.0,
  "summary_bg_p05": 0.03803132101893425,
  "summary_bg_p95": 54.232383728027344,
  "summary_bg_stdv": 22.06516456604004,
  "summary_fg_k": 2.209339896746301,
  "summary_fg_mad": 32.59236382115589,
  "summary_fg_mean": 262.9020080566406,
  "summary_fg_median": 260.92059326171875,
  "summary_fg_n": 47645.0,
  "summary_fg_p05": 210.37203979492188,
  "summary_fg_p95": 322.68544921875,
  "summary_fg_stdv": 36.110103607177734,
  "tsnr": 46.43084676750004
}