{
  "bids_meta": {
    "AcquisitionMatrixPE": 320,
    "AcquisitionNumber": 1,
    "AcquisitionTime": "14:10:28.277500",
    "BaseResolution": 320,
    "ConversionSoftware": "dcm2niix",
    "ConversionSoftwareVersion": "v1.0.20171215 Clang9.0.0",
    "DeviceSerialNumber": "35451",
    "DwellTime": 6.5e-06,
    "EchoTime": 0.00201,
    "FlipAngle": 8,
    "ImageOrientationPatientDICOM": [
      -0.0174524,
      0.999848,
      4.5802e-08,
      0.0157049,
      0.000274176,
      -0.999877
    ],
    "ImageType": [
      "ORIGINAL",
      "PRIMARY",
      "M",
      "ND",
      "NORM"
    ],
    "InPlanePhaseEncodingDirectionDICOM": "ROW",
    "InstitutionAddress": "Exposition_Drive_1777_Boulder-_6392da-_Denver_US_80301",
    "InstitutionName": "Intermountain_Neuroimaging_Consortium",
    "InstitutionalDepartmentName": "Department",
    "InversionTime": 1,
    "MRAcquisitionType": "3D",
    "MagneticFieldStrength": 3,
    "Manufacturer": "Siemens",
    "ManufacturersModelName": "TrioTim",
    "Modality": "MR",
    "ParallelReductionFactorInPlane": 2,
    "PartialFourier": 1,
    "PatientPosition": "HFS",
    "PercentPhaseFOV": 100,
    "PhaseEncodingSteps": 319,
    "PhaseResolution": 1,
    "PixelBandwidth": 240,
    "ProcedureStepDescription": "VMITTAL_adaptcog_200068",
    "ProtocolName": "t1w_32ch_mpr_08mm",
    "PulseSequenceDetails": "%SiemensSeq%_tfl",
    "ReceiveCoilName": "32Ch_Head",
    "ReconMatrixPE": 320,
    "RepetitionTime": 2.4,
    "SAR": 0.113716,
    "ScanOptions": "IR_WE",
    "ScanningSequence": "GR_IR",
    "SequenceName": "_tfl3d1_ns",
    "SequenceVariant": "SP_MP",
    "SeriesDescription": "t1w_32ch_mpr_08mm",
    "SeriesNumber": 2,
    "ShimSetting": [
      6782,
      12524,
      -6799,
      233,
      239,
      -705,
      476,
      82
    ],
    "SliceThickness": 0.8,
    "SoftwareVersions": "syngo_MR_B17",
    "StationName": "MRC35451",
    "TxRefAmp": 370.774,
    "dataset": "ds001371",
    "modality": "T1w",
    "subject_id": "M80334891"
  },
  "cjv": 0.3442615106616906,
  "cnr": 3.9086493220118252,
  "efc": 0.5611005483353495,
  "fber": 20901.57511421661,
  "fwhm_avg": 4.589428852612813,
  "fwhm_x": 4.555486695119854,
  "fwhm_y": 4.633224930959568,
  "fwhm_z": 4.579574931759016,
  "icvs_csf": 0.18743808336995124,
  "icvs_gm": 0.4534606263455112,
  "icvs_wm": 0.3591012902845376,
  "inu_med": 0.4748942255973816,
  "inu_range": 0.2122114896774292,
  "provenance": {
    "md5sum": "2b2bb75b5120a07b63d06d5327b64bcb",
    "settings": {
      "testing": false
    },
    "software": "mriqc",
    "version": "22.0.6",
    "warnings": {
      "large_rot_frame": true,
      "small_air_mask": false
    },
    "webapi_port": null,
    "webapi_url": "https://mriqc.nimh.nih.gov/api/v1"
  },
  "qi_1": 0.0,
  "qi_2": 0.025614996659137745,
  "rpve_csf": 29.50832953698335,
  "rpve_gm": 13.406301847762544,
  "rpve_wm": 18.947834095866362,
  "size_x": 224,
  "size_y": 320,
  "size_z": 320,
  "snr_csf": 2.3600692310625946,
  "snr_gm": 12.738000753671468,
  "snr_total": 12.963105057943759,
  "snr_wm": 23.791245189097214,
  "snrd_csf": 39.6616745207738,
  "snrd_gm": 106.79911776753292,
  "snrd_total": 98.06085572109312,
  "snrd_wm": 147.72177487497262,
  "spacing_x": 0.8000023365020752,
  "spacing_y": 0.800000011920929,
  "spacing_z": 0.800000011920929,
  "summary_bg_k": 10.043707336473613,
  "summary_bg_mad": 4.4351503071849745,
  "summary_bg_mean": 4.095983918656601,
  "summary_bg_median": 2.9914634227752686,
  "summary_bg_n": 5187452.0,
  "summary_bg_p05": 0.0,
  "summary_bg_p95": 16.003113269805908,
  "summary_bg_stdv": 5.931360403999897,
  "summary_csf_k": 0.5542846444344924,
  "summary_csf_mad": 100.49401549694736,
  "summary_csf_mean": 277.0725628696792,
  "summary_csf_median": 268.50208282470703,
  "summary_csf_n": 68449.0,
  "summary_csf_p05": 92.80346446037294,
  "summary_csf_p95": 482.80760393142697,
  "summary_csf_stdv": 113.7679005150102,
  "summary_gm_k": 0.2186154453746525,
  "summary_gm_mad": 55.20500097805037,
  "summary_gm_mean": 722.7377483675139,
  "summary_gm_median": 723.0099563598633,
  "summary_gm_n": 135937.0,
  "summary_gm_p05": 629.0585482120514,
  "summary_gm_p95": 815.4777932167053,
  "summary_gm_stdv": 56.75987236771303,
  "summary_wm_k": 0.3375118640618795,
  "summary_wm_mad": 40.16875969271595,
  "summary_wm_mean": 999.9867777558621,
  "summary_wm_median": 1000.0486543178558,
  "summary_wm_n": 428477.0,
  "summary_wm_p05": 930.491049528122,
  "summary_wm_p95": 1069.2414464950562,
  "summary_wm_stdv": 42.03426425931294,
  "tpm_overlap_csf": 0.15047075047724887,
  "tpm_overlap_gm": 0.47427519574008,
  "tpm_overlap_wm": 0.5293094655897893,
  "wm2max": 0.8816630215703932
}