{
  "aor": 0.0007889686098654708,
  "aqi": 0.01332392244394619,
  "bids_meta": {
    "AcquisitionMatrixPE": 82,
    "AcquisitionNumber": 1,
    "AcquisitionTime": "13:31:22.742500",
    "BandwidthPerPixelPhaseEncode": 23.912,
    "BaseResolution": 82,
    "ConversionSoftware": "dcm2niix",
    "ConversionSoftwareVersion": "v1.0.20171215 Clang9.0.0",
    "DerivedVendorReportedEchoSpacing": 0.00051,
    "DeviceSerialNumber": "35451",
    "DwellTime": 2.2e-06,
    "EchoTime": 0.029,
    "EffectiveEchoSpacing": 0.00051,
    "FlipAngle": 44,
    "ImageComments": "Unaliased_MB8_PE3_(remote)",
    "ImageOrientationPatientDICOM": [
      0.99985,
      0.00665816,
      0.0159926,
      4.78715e-08,
      0.923187,
      -0.384351
    ],
    "ImageType": [
      "ORIGINAL",
      "PRIMARY",
      "M",
      "MB",
      "ND",
      "NORM",
      "MOSAIC"
    ],
    "InPlanePhaseEncodingDirectionDICOM": "COL",
    "InstitutionAddress": "Exposition_Drive_1777_Boulder-_c0d8dc-_Denver_US_80301",
    "InstitutionName": "Intermountain_Neuroimaging_Consortium",
    "InstitutionalDepartmentName": "Department",
    "MRAcquisitionType": "2D",
    "MagneticFieldStrength": 3,
    "Manufacturer": "Siemens",
    "ManufacturersModelName": "TrioTim",
    "Modality": "MR",
    "MultibandAccelerationFactor": 8,
    "PartialFourier": 1,
    "PatientPosition": "HFS",
    "PercentPhaseFOV": 100,
    "PhaseEncodingDirection": "j",
    "PhaseEncodingSteps": 82,
    "PhaseResolution": 1,
    "PixelBandwidth": 2772,
    "ProcedureStepDescription": "VMITTAL_adaptcog_200068",
    "ProtocolName": "ritl_pa_32ch_mb8_v01_r05",
    "PulseSequenceDetails": "%CustomerSeq%_cmrr_mbep2d_bold",
    "ReceiveCoilName": "32Ch_Head",
    "ReconMatrixPE": 82,
    "RepetitionTime": 0.46,
    "SAR": 0.16009,
    "ScanOptions": "FS",
    "ScanningSequence": "EP",
    "SequenceName": "epfid2d1_82",
    "SequenceVariant": "SK_SS",
    "SeriesDescription": "ritl_pa_32ch_mb8_v01_r05",
    "SeriesNumber": 20,
    "ShimSetting": [
      6822,
      12672,
      -6734,
      656,
      257,
      126,
      -43,
      27
    ],
    "SliceThickness": 3,
    "SliceTiming": [
      0,
      0.2625,
      0.065,
      0.33,
      0.13,
      0.395,
      0.1975,
      0,
      0.2625,
      0.065,
      0.33,
      0.13,
      0.395,
      0.1975,
      0,
      0.2625,
      0.065,
      0.33,
      0.13,
      0.395,
      0.1975,
      0,
      0.2625,
      0.065,
      0.33,
      0.13,
      0.395,
      0.1975,
      0,
      0.2625,
      0.065,
      0.33,
      0.13,
      0.395,
      0.1975,
      0,
      0.2625,
      0.065,
      0.33,
      0.13,
      0.395,
      0.1975,
      0,
      0.2625,
      0.065,
      0.33,
      0.13,
      0.395,
      0.1975,
      0,
      0.2625,
      0.065,
      0.33,
      0.13,
      0.395,
      0.1975
    ],
    "SoftwareVersions": "syngo_MR_B17",
    "SpacingBetweenSlices": 3,
    "StationName": "MRC35451",
    "TaskName": "ritl",
    "TotalReadoutTime": 0.04131,
    "TxRefAmp": 330.422,
    "acq_id": "MB",
    "dataset": "ds001371",
    "modality": "bold",
    "run_id": 5,
    "subject_id": "M80391297",
    "task_id": "ritl"
  },
  "dummy_trs": 2,
  "dvars_nstd": 30.146778457620652,
  "dvars_std": 1.198938131032548,
  "dvars_vstd": 1.0071287332659924,
  "efc": 0.4007098824954312,
  "fber": 38789.359375,
  "fd_mean": 0.07011510786303896,
  "fd_num": 16,
  "fd_perc": 1.7937219730941705,
  "fwhm_avg": 1.8532784322952847,
  "fwhm_x": 1.7215933196922526,
  "fwhm_y": 1.927988643860268,
  "fwhm_z": 1.9102533333333334,
  "gcor": 0.0251724,
  "gsr_x": -0.020878518000245094,
  "gsr_y": 0.018753862008452415,
  "provenance": {
    "md5sum": "f9e694f93c655a4fdd98879b23cf6282",
    "settings": {
      "fd_thres": 0.2,
      "testing": false
    },
    "software": "mriqc",
    "version": "22.0.6",
    "webapi_port": null,
    "webapi_url": "https://mriqc.nimh.nih.gov/api/v1"
  },
  "size_t": 892,
  "size_x": 82,
  "size_y": 82,
  "size_z": 56,
  "snr": 7.330120221954607,
  "spacing_tr": 0.46000000834465027,
  "spacing_x": 3.02439022064209,
  "spacing_y": 3.02439022064209,
  "spacing_z": 3.0,
  "summary_bg_k": 29.45110951964,
  "summary_bg_mad": 1.94466899742576,
  "summary_bg_mean": 8.637584686279297,
  "summary_bg_median": 1.4663678407669067,
  "summary_bg_n": 280827.0,
  "summary_bg_p05": 0.011210762895643711,
  "summary_bg_p95": 44.92982330322268,
  "summary_bg_stdv": 20.5389404296875,
  "summary_fg_k": 1.8440706766368598,
  "summary_fg_mad": 36.27221980972032,
  "summary_fg_mean": 284.6731262207031,
  "summary_fg_median": 283.5829772949219,
  "summary_fg_n": 43159.0,
  "summary_fg_p05": 227.17198028564454,
  "summary_fg_p95": 347.96525573730463,
  "summary_fg_stdv": 38.68690872192383,
  "tsnr": 49.32831744477153
}