{
  "bids_meta": {
    "AcquisitionMatrixPE": 320,
    "AcquisitionNumber": 1,
    "AcquisitionTime": "09:34:13.245000",
    "BaseResolution": 320,
    "ConversionSoftware": "dcm2niix",
    "ConversionSoftwareVersion": "v1.0.20171215 Clang9.0.0",
    "DeviceSerialNumber": "35451",
    "DwellTime": 6.5e-06,
    "EchoTime": 0.00201,
    "FlipAngle": 8,
    "ImageOrientationPatientDICOM": [
      0,
      1,
      -1e-16,
      -0.0139622,
      0,
      -0.999903
    ],
    "ImageType": [
      "ORIGINAL",
      "PRIMARY",
      "M",
      "ND",
      "NORM"
    ],
    "InPlanePhaseEncodingDirectionDICOM": "ROW",
    "InstitutionAddress": "Exposition_Drive_1777_Boulder-_6392da-_Denver_US_80301",
    "InstitutionName": "Intermountain_Neuroimaging_Consortium",
    "InstitutionalDepartmentName": "Department",
    "InversionTime": 1,
    "MRAcquisitionType": "3D",
    "MagneticFieldStrength": 3,
    "Manufacturer": "Siemens",
    "ManufacturersModelName": "TrioTim",
    "Modality": "MR",
    "ParallelReductionFactorInPlane": 2,
    "PartialFourier": 1,
    "PatientPosition": "HFS",
    "PercentPhaseFOV": 100,
    "PhaseEncodingSteps": 319,
    "PhaseResolution": 1,
    "PixelBandwidth": 240,
    "ProcedureStepDescription": "VMITTAL_adaptcog_200068",
    "ProtocolName": "t1w_32ch_mpr_08mm",
    "PulseSequenceDetails": "%SiemensSeq%_tfl",
    "ReceiveCoilName": "32Ch_Head",
    "ReconMatrixPE": 320,
    "RepetitionTime": 2.4,
    "SAR": 0.0864628,
    "ScanOptions": "IR_WE",
    "ScanningSequence": "GR_IR",
    "SequenceName": "_tfl3d1_ns",
    "SequenceVariant": "SP_MP",
    "SeriesDescription": "t1w_32ch_mpr_08mm",
    "SeriesNumber": 2,
    "ShimSetting": [
      6767,
      12572,
      -6802,
      217,
      311,
      -530,
      578,
      18
    ],
    "SliceThickness": 0.8,
    "SoftwareVersions": "syngo_MR_B17",
    "StationName": "MRC35451",
    "TxRefAmp": 331.981,
    "dataset": "ds001371",
    "modality": "T1w",
    "subject_id": "M80361478"
  },
  "cjv": 0.3418103097419255,
  "cnr": 3.7807585776469432,
  "efc": 0.5216735960150184,
  "fber": 17226.5625,
  "fwhm_avg": 4.525391044257202,
  "fwhm_x": 4.5302607675662045,
  "fwhm_y": 4.63677493090667,
  "fwhm_z": 4.409137434298732,
  "icvs_csf": 0.20194255046243165,
  "icvs_gm": 0.43445488619633843,
  "icvs_wm": 0.3636025633412299,
  "inu_med": 0.4384916126728058,
  "inu_range": 0.15317537784576424,
  "provenance": {
    "md5sum": "4e3507198e8635b9eb948a1de566c8a8",
    "settings": {
      "testing": false
    },
    "software": "mriqc",
    "version": "22.0.6",
    "warnings": {
      "large_rot_frame": true,
      "small_air_mask": false
    },
    "webapi_port": null,
    "webapi_url": "https://mriqc.nimh.nih.gov/api/v1"
  },
  "qi_1": 0.0,
  "qi_2": 0.01930329430091661,
  "rpve_csf": 30.025455818999568,
  "rpve_gm": 14.910532322491237,
  "rpve_wm": 20.52681623306806,
  "size_x": 224,
  "size_y": 320,
  "size_z": 320,
  "snr_csf": 2.2811548161944213,
  "snr_gm": 12.106814500515199,
  "snr_total": 13.092063699417636,
  "snr_wm": 24.88822178154329,
  "snrd_csf": 35.68277644658587,
  "snrd_gm": 98.19584532271482,
  "snrd_total": 89.70714847689165,
  "snrd_wm": 135.24282366137427,
  "spacing_x": 0.8000047206878662,
  "spacing_y": 0.800000011920929,
  "spacing_z": 0.800000011920929,
  "summary_bg_k": 6.779594961342095,
  "summary_bg_mad": 4.844361651514355,
  "summary_bg_mean": 4.812007538095011,
  "summary_bg_median": 3.267472280189395,
  "summary_bg_n": 5473365.0,
  "summary_bg_p05": 0.0,
  "summary_bg_p95": 17.43382860906422,
  "summary_bg_stdv": 6.205641010570044,
  "summary_csf_k": 0.43599701391592616,
  "summary_csf_mad": 99.45572008041887,
  "summary_csf_mean": 279.17365512047394,
  "summary_csf_median": 263.85386896133423,
  "summary_csf_n": 70275.0,
  "summary_csf_p05": 89.93224040977657,
  "summary_csf_p95": 487.38405987694887,
  "summary_csf_stdv": 115.66597312295895,
  "summary_gm_k": 0.305558757052379,
  "summary_gm_mad": 56.08405267692793,
  "summary_gm_mean": 726.6374013897118,
  "summary_gm_median": 726.1025145594031,
  "summary_gm_n": 90793.0,
  "summary_gm_p05": 627.3020473703742,
  "summary_gm_p95": 828.1485246844588,
  "summary_gm_stdv": 59.974365333454315,
  "summary_wm_k": 0.5440192232791121,
  "summary_wm_mad": 37.551930922812616,
  "summary_wm_mean": 1000.1311562702715,
  "summary_wm_median": 1000.043881835416,
  "summary_wm_n": 406167.0,
  "summary_wm_p05": 934.0431347100065,
  "summary_wm_p95": 1066.3362892381847,
  "summary_wm_stdv": 40.18136207310387,
  "tpm_overlap_csf": 0.1319605220440755,
  "tpm_overlap_gm": 0.45085998555300694,
  "tpm_overlap_wm": 0.5086025399304289,
  "wm2max": 0.907576571735626
}