{
  "bids_meta": {
    "AcquisitionMatrixPE": 320,
    "AcquisitionNumber": 1,
    "AcquisitionTime": "09:55:46.662500",
    "BaseResolution": 320,
    "ConversionSoftware": "dcm2niix",
    "ConversionSoftwareVersion": "v1.0.20171215 Clang9.0.0",
    "DeviceSerialNumber": "35451",
    "DwellTime": 6.5e-06,
    "EchoTime": 0.00201,
    "FlipAngle": 8,
    "ImageOrientationPatientDICOM": [
      0,
      1,
      1e-16,
      -0.0401318,
      0,
      -0.999194
    ],
    "ImageType": [
      "ORIGINAL",
      "PRIMARY",
      "M",
      "ND",
      "NORM"
    ],
    "InPlanePhaseEncodingDirectionDICOM": "ROW",
    "InstitutionAddress": "Exposition_Drive_1777_Boulder-_6392da-_Denver_US_80301",
    "InstitutionName": "Intermountain_Neuroimaging_Consortium",
    "InstitutionalDepartmentName": "Department",
    "InversionTime": 1,
    "MRAcquisitionType": "3D",
    "MagneticFieldStrength": 3,
    "Manufacturer": "Siemens",
    "ManufacturersModelName": "TrioTim",
    "Modality": "MR",
    "ParallelReductionFactorInPlane": 2,
    "PartialFourier": 1,
    "PatientPosition": "HFS",
    "PercentPhaseFOV": 100,
    "PhaseEncodingSteps": 319,
    "PhaseResolution": 1,
    "PixelBandwidth": 240,
    "ProcedureStepDescription": "VMITTAL_adaptcog_200068",
    "ProtocolName": "t1w_32ch_mpr_08mm",
    "PulseSequenceDetails": "%SiemensSeq%_tfl",
    "ReceiveCoilName": "32Ch_Head",
    "ReconMatrixPE": 320,
    "RepetitionTime": 2.4,
    "SAR": 0.0766863,
    "ScanOptions": "IR_WE",
    "ScanningSequence": "GR_IR",
    "SequenceName": "_tfl3d1_ns",
    "SequenceVariant": "SP_MP",
    "SeriesDescription": "t1w_32ch_mpr_08mm",
    "SeriesNumber": 2,
    "ShimSetting": [
      6699,
      12603,
      -6819,
      227,
      290,
      -411,
      524,
      200
    ],
    "SliceThickness": 0.8,
    "SoftwareVersions": "syngo_MR_B17",
    "StationName": "MRC35451",
    "TxRefAmp": 334.461,
    "dataset": "ds001371",
    "modality": "T1w",
    "subject_id": "M80353518"
  },
  "cjv": 0.3357068368444338,
  "cnr": 3.945876176508718,
  "efc": 0.5481905080715659,
  "fber": 12260.968497931008,
  "fwhm_avg": 4.78520608341735,
  "fwhm_x": 4.708805894000755,
  "fwhm_y": 4.951387426218578,
  "fwhm_z": 4.695424930032716,
  "icvs_csf": 0.1989687479664095,
  "icvs_gm": 0.4338150961779367,
  "icvs_wm": 0.3672161558556538,
  "inu_med": 0.5067582130432129,
  "inu_range": 0.2219839081168174,
  "provenance": {
    "md5sum": "d545ebed61d4832410cc33cc119ccd8d",
    "settings": {
      "testing": false
    },
    "software": "mriqc",
    "version": "22.0.6",
    "warnings": {
      "large_rot_frame": true,
      "small_air_mask": false
    },
    "webapi_port": null,
    "webapi_url": "https://mriqc.nimh.nih.gov/api/v1"
  },
  "qi_1": 0.0,
  "qi_2": 0.017226019276123626,
  "rpve_csf": 28.748507402476903,
  "rpve_gm": 13.88461578525862,
  "rpve_wm": 18.548651593859436,
  "size_x": 224,
  "size_y": 320,
  "size_z": 320,
  "snr_csf": 2.801767371648405,
  "snr_gm": 13.652050055221855,
  "snr_total": 13.305195664063193,
  "snr_wm": 23.46176956531932,
  "snrd_csf": 34.153991454140396,
  "snrd_gm": 93.80816766948904,
  "snrd_total": 85.53281046791135,
  "snrd_wm": 128.63627228010458,
  "spacing_x": 0.7999989986419678,
  "spacing_y": 0.800000011920929,
  "spacing_z": 0.800000011920929,
  "summary_bg_k": 9.029662695193295,
  "summary_bg_mad": 5.093192069792554,
  "summary_bg_mean": 4.508452459733682,
  "summary_bg_median": 3.4353058468550444,
  "summary_bg_n": 4710742.0,
  "summary_bg_p05": 0.0,
  "summary_bg_p95": 16.725175181403756,
  "summary_bg_stdv": 6.1715062407979,
  "summary_csf_k": 1.5953489329197188,
  "summary_csf_mad": 74.42752207098317,
  "summary_csf_mean": 275.899710054026,
  "summary_csf_median": 265.52155921421945,
  "summary_csf_n": 99995.0,
  "summary_csf_p05": 136.77783067766578,
  "summary_csf_p95": 455.022558312304,
  "summary_csf_stdv": 94.76883563695114,
  "summary_gm_k": 0.3898814714712464,
  "summary_gm_mad": 50.8947441134745,
  "summary_gm_mean": 728.7903831093657,
  "summary_gm_median": 729.2878485396504,
  "summary_gm_n": 91409.0,
  "summary_gm_p05": 640.9327851675451,
  "summary_gm_p95": 815.9729019161314,
  "summary_gm_stdv": 53.419366060919444,
  "summary_wm_k": 0.6297744964238334,
  "summary_wm_mad": 40.00200486931963,
  "summary_wm_mean": 999.7222727681973,
  "summary_wm_median": 1000.0501298122108,
  "summary_wm_n": 432871.0,
  "summary_wm_p05": 930.178014905192,
  "summary_wm_p95": 1069.5085035040975,
  "summary_wm_stdv": 42.6246183984927,
  "tpm_overlap_csf": 0.13990452827604827,
  "tpm_overlap_gm": 0.439941697355185,
  "tpm_overlap_wm": 0.4939085403059776,
  "wm2max": 0.8780713342140026
}