{
  "aor": 0.0032224720357941833,
  "aqi": 0.022102229642058165,
  "bids_meta": {
    "AcquisitionMatrixPE": 82,
    "AcquisitionNumber": 1,
    "AcquisitionTime": "14:48:38.232500",
    "BandwidthPerPixelPhaseEncode": 23.912,
    "BaseResolution": 82,
    "ConversionSoftware": "dcm2niix",
    "ConversionSoftwareVersion": "v1.0.20171215 Clang9.0.0",
    "DerivedVendorReportedEchoSpacing": 0.00051,
    "DeviceSerialNumber": "35451",
    "DwellTime": 2.2e-06,
    "EchoTime": 0.029,
    "EffectiveEchoSpacing": 0.00051,
    "FlipAngle": 44,
    "ImageComments": "Unaliased_MB8_PE3_(remote)",
    "ImageOrientationPatientDICOM": [
      0.998052,
      -0.0239957,
      -0.0575811,
      1.77843e-08,
      0.923057,
      -0.384664
    ],
    "ImageType": [
      "ORIGINAL",
      "PRIMARY",
      "M",
      "MB",
      "ND",
      "NORM",
      "MOSAIC"
    ],
    "InPlanePhaseEncodingDirectionDICOM": "COL",
    "InstitutionAddress": "Exposition_Drive_1777_Boulder-_6392da-_Denver_US_80301",
    "InstitutionName": "Intermountain_Neuroimaging_Consortium",
    "InstitutionalDepartmentName": "Department",
    "MRAcquisitionType": "2D",
    "MagneticFieldStrength": 3,
    "Manufacturer": "Siemens",
    "ManufacturersModelName": "TrioTim",
    "Modality": "MR",
    "MultibandAccelerationFactor": 8,
    "PartialFourier": 1,
    "PatientPosition": "HFS",
    "PercentPhaseFOV": 100,
    "PhaseEncodingDirection": "j",
    "PhaseEncodingSteps": 82,
    "PhaseResolution": 1,
    "PixelBandwidth": 2772,
    "ProcedureStepDescription": "VMITTAL_adaptcog_200068",
    "ProtocolName": "ritl_pa_32ch_mb8_v01_r04",
    "PulseSequenceDetails": "%CustomerSeq%_cmrr_mbep2d_bold",
    "ReceiveCoilName": "32Ch_Head",
    "ReconMatrixPE": 82,
    "RepetitionTime": 0.46,
    "SAR": 0.150936,
    "ScanOptions": "FS",
    "ScanningSequence": "EP",
    "SequenceName": "epfid2d1_82",
    "SequenceVariant": "SK_SS",
    "SeriesDescription": "ritl_pa_32ch_mb8_v01_r04",
    "SeriesNumber": 18,
    "ShimSetting": [
      6748,
      12678,
      -6744,
      462,
      346,
      -40,
      187,
      137
    ],
    "SliceThickness": 3,
    "SliceTiming": [
      0,
      0.2625,
      0.065,
      0.33,
      0.1325,
      0.395,
      0.1975,
      0,
      0.2625,
      0.065,
      0.33,
      0.1325,
      0.395,
      0.1975,
      0,
      0.2625,
      0.065,
      0.33,
      0.1325,
      0.395,
      0.1975,
      0,
      0.2625,
      0.065,
      0.33,
      0.1325,
      0.395,
      0.1975,
      0,
      0.2625,
      0.065,
      0.33,
      0.1325,
      0.395,
      0.1975,
      0,
      0.2625,
      0.065,
      0.33,
      0.1325,
      0.395,
      0.1975,
      0,
      0.2625,
      0.065,
      0.33,
      0.1325,
      0.395,
      0.1975,
      0,
      0.2625,
      0.065,
      0.33,
      0.1325,
      0.395,
      0.1975
    ],
    "SoftwareVersions": "syngo_MR_B17",
    "SpacingBetweenSlices": 3,
    "StationName": "MRC35451",
    "TaskName": "ritl",
    "TotalReadoutTime": 0.04131,
    "TxRefAmp": 333.437,
    "acq_id": "MB",
    "dataset": "ds001371",
    "modality": "bold",
    "run_id": 4,
    "subject_id": "M80398133",
    "task_id": "ritl"
  },
  "dummy_trs": 0,
  "dvars_nstd": 30.160741686405377,
  "dvars_std": 1.1317905706382985,
  "dvars_vstd": 1.002544653561031,
  "efc": 0.37902384716766657,
  "fber": 78053.7734375,
  "fd_mean": 0.18511163576620762,
  "fd_num": 188,
  "fd_perc": 21.02908277404922,
  "fwhm_avg": 1.9199830026427624,
  "fwhm_x": 1.7753231588151621,
  "fwhm_y": 2.0517425157797913,
  "fwhm_z": 1.9328833333333335,
  "gcor": 0.0424493,
  "gsr_x": -0.011008148081600666,
  "gsr_y": 0.030456067994236946,
  "provenance": {
    "md5sum": "fb5f4e4f60870b5ceab9c3143bb220bf",
    "settings": {
      "fd_thres": 0.2,
      "testing": false
    },
    "software": "mriqc",
    "version": "22.0.6",
    "webapi_port": null,
    "webapi_url": "https://mriqc.nimh.nih.gov/api/v1"
  },
  "size_t": 894,
  "size_x": 82,
  "size_y": 82,
  "size_z": 56,
  "snr": 6.952598596658316,
  "spacing_tr": 0.46000000834465027,
  "spacing_x": 3.02439022064209,
  "spacing_y": 3.02439022064209,
  "spacing_z": 3.0,
  "summary_bg_k": 43.71414762617938,
  "summary_bg_mad": 1.4229002010773943,
  "summary_bg_mean": 7.045024871826172,
  "summary_bg_median": 1.0268456935882568,
  "summary_bg_n": 284325.0,
  "summary_bg_p05": 0.007829977199435234,
  "summary_bg_p95": 38.28053817749022,
  "summary_bg_stdv": 18.84469223022461,
  "summary_fg_k": 1.8422273026999525,
  "summary_fg_mad": 37.73090981898275,
  "summary_fg_mean": 284.0214538574219,
  "summary_fg_median": 282.4507751464844,
  "summary_fg_n": 40666.0,
  "summary_fg_p05": 223.53943252563477,
  "summary_fg_p95": 350.9860153198242,
  "summary_fg_stdv": 40.62471008300781,
  "tsnr": 36.07082502276171
}