{
  "aor": 0.006545816554809843,
  "aqi": 0.027681068344519014,
  "bids_meta": {
    "AcquisitionMatrixPE": 82,
    "AcquisitionNumber": 1,
    "AcquisitionTime": "14:40:55.067500",
    "BandwidthPerPixelPhaseEncode": 23.912,
    "BaseResolution": 82,
    "ConversionSoftware": "dcm2niix",
    "ConversionSoftwareVersion": "v1.0.20171215 Clang9.0.0",
    "DerivedVendorReportedEchoSpacing": 0.00051,
    "DeviceSerialNumber": "35451",
    "DwellTime": 2.2e-06,
    "EchoTime": 0.029,
    "EffectiveEchoSpacing": 0.00051,
    "FlipAngle": 44,
    "ImageComments": "Unaliased_MB8_PE3_(remote)",
    "ImageOrientationPatientDICOM": [
      0.998052,
      -0.0239957,
      -0.0575811,
      1.77843e-08,
      0.923057,
      -0.384664
    ],
    "ImageType": [
      "ORIGINAL",
      "PRIMARY",
      "M",
      "MB",
      "ND",
      "NORM",
      "MOSAIC"
    ],
    "InPlanePhaseEncodingDirectionDICOM": "COL",
    "InstitutionAddress": "Exposition_Drive_1777_Boulder-_6392da-_Denver_US_80301",
    "InstitutionName": "Intermountain_Neuroimaging_Consortium",
    "InstitutionalDepartmentName": "Department",
    "MRAcquisitionType": "2D",
    "MagneticFieldStrength": 3,
    "Manufacturer": "Siemens",
    "ManufacturersModelName": "TrioTim",
    "Modality": "MR",
    "MultibandAccelerationFactor": 8,
    "PartialFourier": 1,
    "PatientPosition": "HFS",
    "PercentPhaseFOV": 100,
    "PhaseEncodingDirection": "j",
    "PhaseEncodingSteps": 82,
    "PhaseResolution": 1,
    "PixelBandwidth": 2772,
    "ProcedureStepDescription": "VMITTAL_adaptcog_200068",
    "ProtocolName": "ritl_pa_32ch_mb8_v01_r03",
    "PulseSequenceDetails": "%CustomerSeq%_cmrr_mbep2d_bold",
    "ReceiveCoilName": "32Ch_Head",
    "ReconMatrixPE": 82,
    "RepetitionTime": 0.46,
    "SAR": 0.150635,
    "ScanOptions": "FS",
    "ScanningSequence": "EP",
    "SequenceName": "epfid2d1_82",
    "SequenceVariant": "SK_SS",
    "SeriesDescription": "ritl_pa_32ch_mb8_v01_r03",
    "SeriesNumber": 16,
    "ShimSetting": [
      6748,
      12678,
      -6744,
      462,
      346,
      -40,
      187,
      137
    ],
    "SliceThickness": 3,
    "SliceTiming": [
      0,
      0.265,
      0.0675,
      0.33,
      0.1325,
      0.395,
      0.1975,
      0,
      0.265,
      0.0675,
      0.33,
      0.1325,
      0.395,
      0.1975,
      0,
      0.265,
      0.0675,
      0.33,
      0.1325,
      0.395,
      0.1975,
      0,
      0.265,
      0.0675,
      0.33,
      0.1325,
      0.395,
      0.1975,
      0,
      0.265,
      0.0675,
      0.33,
      0.1325,
      0.395,
      0.1975,
      0,
      0.265,
      0.0675,
      0.33,
      0.1325,
      0.395,
      0.1975,
      0,
      0.265,
      0.0675,
      0.33,
      0.1325,
      0.395,
      0.1975,
      0,
      0.265,
      0.0675,
      0.33,
      0.1325,
      0.395,
      0.1975
    ],
    "SoftwareVersions": "syngo_MR_B17",
    "SpacingBetweenSlices": 3,
    "StationName": "MRC35451",
    "TaskName": "ritl",
    "TotalReadoutTime": 0.04131,
    "TxRefAmp": 333.437,
    "acq_id": "MB",
    "dataset": "ds001371",
    "modality": "bold",
    "run_id": 3,
    "subject_id": "M80398133",
    "task_id": "ritl"
  },
  "dummy_trs": 0,
  "dvars_nstd": 31.747964854770416,
  "dvars_std": 1.146149616506159,
  "dvars_vstd": 1.0515402191489371,
  "efc": 0.38468774450202337,
  "fber": 52860.58984375,
  "fd_mean": 0.29096825715395336,
  "fd_num": 363,
  "fd_perc": 40.604026845637584,
  "fwhm_avg": 1.8650563088305763,
  "fwhm_x": 1.7195664648379545,
  "fwhm_y": 2.004599128320441,
  "fwhm_z": 1.8710033333333334,
  "gcor": 0.0732656,
  "gsr_x": -0.015029092319309711,
  "gsr_y": 0.029334750026464462,
  "provenance": {
    "md5sum": "c3c2e0ce3128637b5f4e2b4d596856cf",
    "settings": {
      "fd_thres": 0.2,
      "testing": false
    },
    "software": "mriqc",
    "version": "22.0.6",
    "webapi_port": null,
    "webapi_url": "https://mriqc.nimh.nih.gov/api/v1"
  },
  "size_t": 894,
  "size_x": 82,
  "size_y": 82,
  "size_z": 56,
  "snr": 6.950487265009228,
  "spacing_tr": 0.46000000834465027,
  "spacing_x": 3.02439022064209,
  "spacing_y": 3.02439022064209,
  "spacing_z": 3.0,
  "summary_bg_k": 44.01353343941095,
  "summary_bg_mad": 1.6832675962150347,
  "summary_bg_mean": 7.667105674743652,
  "summary_bg_median": 1.2483221292495728,
  "summary_bg_n": 284380.0,
  "summary_bg_p05": 0.011185682378709316,
  "summary_bg_p95": 40.02460861206055,
  "summary_bg_stdv": 19.302091598510742,
  "summary_fg_k": 2.1777590681339776,
  "summary_fg_mad": 36.50534688280535,
  "summary_fg_mean": 280.3968200683594,
  "summary_fg_median": 278.2298583984375,
  "summary_fg_n": 40606.0,
  "summary_fg_p05": 223.8280258178711,
  "summary_fg_p95": 347.1129684448242,
  "summary_fg_stdv": 40.0297737121582,
  "tsnr": 31.968191840220243
}