{
  "aor": 0.002596185682326622,
  "aqi": 0.032000874049217004,
  "bids_meta": {
    "AcquisitionMatrixPE": 82,
    "AcquisitionNumber": 1,
    "AcquisitionTime": "17:22:35.920000",
    "BandwidthPerPixelPhaseEncode": 23.912,
    "BaseResolution": 82,
    "ConversionSoftware": "dcm2niix",
    "ConversionSoftwareVersion": "v1.0.20171215 Clang9.0.0",
    "DerivedVendorReportedEchoSpacing": 0.00051,
    "DeviceSerialNumber": "35451",
    "DwellTime": 2.2e-06,
    "EchoTime": 0.029,
    "EffectiveEchoSpacing": 0.00051,
    "FlipAngle": 44,
    "ImageComments": "Unaliased_MB8_PE3_(remote)",
    "ImageOrientationPatientDICOM": [
      0.999171,
      0.0146166,
      0.0380029,
      -3.09712e-08,
      0.933345,
      -0.358981
    ],
    "ImageType": [
      "ORIGINAL",
      "PRIMARY",
      "M",
      "MB",
      "ND",
      "NORM",
      "MOSAIC"
    ],
    "InPlanePhaseEncodingDirectionDICOM": "COL",
    "InstitutionAddress": "Exposition_Drive_1777_Boulder-_6392da-_Denver_US_80301",
    "InstitutionName": "Intermountain_Neuroimaging_Consortium",
    "InstitutionalDepartmentName": "Department",
    "MRAcquisitionType": "2D",
    "MagneticFieldStrength": 3,
    "Manufacturer": "Siemens",
    "ManufacturersModelName": "TrioTim",
    "Modality": "MR",
    "MultibandAccelerationFactor": 8,
    "PartialFourier": 1,
    "PatientPosition": "HFS",
    "PercentPhaseFOV": 100,
    "PhaseEncodingDirection": "j",
    "PhaseEncodingSteps": 82,
    "PhaseResolution": 1,
    "PixelBandwidth": 2772,
    "ProcedureStepDescription": "VMITTAL_adaptcog_200068",
    "ProtocolName": "ritl_pa_32ch_mb8_v01_r01",
    "PulseSequenceDetails": "%CustomerSeq%_cmrr_mbep2d_bold",
    "ReceiveCoilName": "32Ch_Head",
    "ReconMatrixPE": 82,
    "RepetitionTime": 0.46,
    "SAR": 0.144555,
    "ScanOptions": "FS",
    "ScanningSequence": "EP",
    "SequenceName": "epfid2d1_82",
    "SequenceVariant": "SK_SS",
    "SeriesDescription": "ritl_pa_32ch_mb8_v01_r01",
    "SeriesNumber": 12,
    "ShimSetting": [
      6776,
      12650,
      -6701,
      643,
      141,
      16,
      -137,
      65
    ],
    "SliceThickness": 3,
    "SliceTiming": [
      0,
      0.2625,
      0.065,
      0.33,
      0.1325,
      0.395,
      0.1975,
      0,
      0.2625,
      0.065,
      0.33,
      0.1325,
      0.395,
      0.1975,
      0,
      0.2625,
      0.065,
      0.33,
      0.1325,
      0.395,
      0.1975,
      0,
      0.2625,
      0.065,
      0.33,
      0.1325,
      0.395,
      0.1975,
      0,
      0.2625,
      0.065,
      0.33,
      0.1325,
      0.395,
      0.1975,
      0,
      0.2625,
      0.065,
      0.33,
      0.1325,
      0.395,
      0.1975,
      0,
      0.2625,
      0.065,
      0.33,
      0.1325,
      0.395,
      0.1975,
      0,
      0.2625,
      0.065,
      0.33,
      0.1325,
      0.395,
      0.1975
    ],
    "SoftwareVersions": "syngo_MR_B17",
    "SpacingBetweenSlices": 3,
    "StationName": "MRC35451",
    "TaskName": "ritl",
    "TotalReadoutTime": 0.04131,
    "TxRefAmp": 331.467,
    "acq_id": "MB",
    "dataset": "ds001371",
    "modality": "bold",
    "run_id": 1,
    "subject_id": "M80303045",
    "task_id": "ritl"
  },
  "dummy_trs": 0,
  "dvars_nstd": 25.091403967547585,
  "dvars_std": 1.0274558981858903,
  "dvars_vstd": 0.9551764507054877,
  "efc": 0.3750927328423643,
  "fber": 42551.12890625,
  "fd_mean": 0.09849285837811386,
  "fd_num": 42,
  "fd_perc": 4.697986577181208,
  "fwhm_avg": 1.8305408338044857,
  "fwhm_x": 1.6972446098275695,
  "fwhm_y": 1.9817912249192209,
  "fwhm_z": 1.8125866666666666,
  "gcor": 0.0252318,
  "gsr_x": -0.025034412741661072,
  "gsr_y": 0.025548378005623817,
  "provenance": {
    "md5sum": "04278836169470ddf53d08bfbde02a8f",
    "settings": {
      "fd_thres": 0.2,
      "testing": false
    },
    "software": "mriqc",
    "version": "22.0.6",
    "webapi_port": null,
    "webapi_url": "https://mriqc.nimh.nih.gov/api/v1"
  },
  "size_t": 894,
  "size_x": 82,
  "size_y": 82,
  "size_z": 56,
  "snr": 7.525736162988857,
  "spacing_tr": 0.46000000834465027,
  "spacing_x": 3.02439022064209,
  "spacing_y": 3.02439022064209,
  "spacing_z": 3.0,
  "summary_bg_k": 32.031437464457426,
  "summary_bg_mad": 2.126887363032142,
  "summary_bg_mean": 10.04127025604248,
  "summary_bg_median": 1.6325502395629883,
  "summary_bg_n": 291054.0,
  "summary_bg_p05": 0.008948545902967453,
  "summary_bg_p95": 51.542169380187936,
  "summary_bg_stdv": 24.91530990600586,
  "summary_fg_k": 2.795230581083554,
  "summary_fg_mad": 38.609010482912424,
  "summary_fg_mean": 326.8414611816406,
  "summary_fg_median": 327.1040344238281,
  "summary_fg_n": 34689.0,
  "summary_fg_p05": 260.9595031738281,
  "summary_fg_p95": 395.5478820800781,
  "summary_fg_stdv": 43.46409606933594,
  "tsnr": 32.725829407572746
}