{
  "aor": 0.005607360178970916,
  "aqi": 0.01872969732662192,
  "bids_meta": {
    "AcquisitionMatrixPE": 82,
    "AcquisitionNumber": 1,
    "AcquisitionTime": "17:37:31.620000",
    "BandwidthPerPixelPhaseEncode": 23.912,
    "BaseResolution": 82,
    "ConversionSoftware": "dcm2niix",
    "ConversionSoftwareVersion": "v1.0.20171215 Clang9.0.0",
    "DerivedVendorReportedEchoSpacing": 0.00051,
    "DeviceSerialNumber": "35451",
    "DwellTime": 2.2e-06,
    "EchoTime": 0.029,
    "EffectiveEchoSpacing": 0.00051,
    "FlipAngle": 44,
    "ImageComments": "Unaliased_MB8_PE3_(remote)",
    "ImageOrientationPatientDICOM": [
      0.999171,
      0.0146166,
      0.0380029,
      -3.09712e-08,
      0.933345,
      -0.358981
    ],
    "ImageType": [
      "ORIGINAL",
      "PRIMARY",
      "M",
      "MB",
      "ND",
      "NORM",
      "MOSAIC"
    ],
    "InPlanePhaseEncodingDirectionDICOM": "COL",
    "InstitutionAddress": "Exposition_Drive_1777_Boulder-_6392da-_Denver_US_80301",
    "InstitutionName": "Intermountain_Neuroimaging_Consortium",
    "InstitutionalDepartmentName": "Department",
    "MRAcquisitionType": "2D",
    "MagneticFieldStrength": 3,
    "Manufacturer": "Siemens",
    "ManufacturersModelName": "TrioTim",
    "Modality": "MR",
    "MultibandAccelerationFactor": 8,
    "PartialFourier": 1,
    "PatientPosition": "HFS",
    "PercentPhaseFOV": 100,
    "PhaseEncodingDirection": "j",
    "PhaseEncodingSteps": 82,
    "PhaseResolution": 1,
    "PixelBandwidth": 2772,
    "ProcedureStepDescription": "VMITTAL_adaptcog_200068",
    "ProtocolName": "ritl_pa_32ch_mb8_v01_r03",
    "PulseSequenceDetails": "%CustomerSeq%_cmrr_mbep2d_bold",
    "ReceiveCoilName": "32Ch_Head",
    "ReconMatrixPE": 82,
    "RepetitionTime": 0.46,
    "SAR": 0.143359,
    "ScanOptions": "FS",
    "ScanningSequence": "EP",
    "SequenceName": "epfid2d1_82",
    "SequenceVariant": "SK_SS",
    "SeriesDescription": "ritl_pa_32ch_mb8_v01_r03",
    "SeriesNumber": 16,
    "ShimSetting": [
      6776,
      12650,
      -6701,
      643,
      141,
      16,
      -137,
      65
    ],
    "SliceThickness": 3,
    "SliceTiming": [
      0,
      0.265,
      0.0675,
      0.33,
      0.1325,
      0.395,
      0.1975,
      0,
      0.265,
      0.0675,
      0.33,
      0.1325,
      0.395,
      0.1975,
      0,
      0.265,
      0.0675,
      0.33,
      0.1325,
      0.395,
      0.1975,
      0,
      0.265,
      0.0675,
      0.33,
      0.1325,
      0.395,
      0.1975,
      0,
      0.265,
      0.0675,
      0.33,
      0.1325,
      0.395,
      0.1975,
      0,
      0.265,
      0.0675,
      0.33,
      0.1325,
      0.395,
      0.1975,
      0,
      0.265,
      0.0675,
      0.33,
      0.1325,
      0.395,
      0.1975,
      0,
      0.265,
      0.0675,
      0.33,
      0.1325,
      0.395,
      0.1975
    ],
    "SoftwareVersions": "syngo_MR_B17",
    "SpacingBetweenSlices": 3,
    "StationName": "MRC35451",
    "TaskName": "ritl",
    "TotalReadoutTime": 0.04131,
    "TxRefAmp": 331.467,
    "acq_id": "MB",
    "dataset": "ds001371",
    "modality": "bold",
    "run_id": 3,
    "subject_id": "M80303045",
    "task_id": "ritl"
  },
  "dummy_trs": 0,
  "dvars_nstd": 26.535445718611417,
  "dvars_std": 1.2018743297648387,
  "dvars_vstd": 1.0914588577827538,
  "efc": 0.3736022221268356,
  "fber": 48867.97265625,
  "fd_mean": 0.12707596322114592,
  "fd_num": 123,
  "fd_perc": 13.758389261744966,
  "fwhm_avg": 1.7578938531396506,
  "fwhm_x": 1.638260819051349,
  "fwhm_y": 1.8932907403676027,
  "fwhm_z": 1.7421300000000002,
  "gcor": 0.0450736,
  "gsr_x": -0.02506815642118454,
  "gsr_y": 0.024238942191004753,
  "provenance": {
    "md5sum": "a0258d92f0b9fdae0c7fe30a31127d6d",
    "settings": {
      "fd_thres": 0.2,
      "testing": false
    },
    "software": "mriqc",
    "version": "22.0.6",
    "webapi_port": null,
    "webapi_url": "https://mriqc.nimh.nih.gov/api/v1"
  },
  "size_t": 894,
  "size_x": 82,
  "size_y": 82,
  "size_z": 56,
  "snr": 7.538025933248601,
  "spacing_tr": 0.46000000834465027,
  "spacing_x": 3.02439022064209,
  "spacing_y": 3.02439022064209,
  "spacing_z": 3.0,
  "summary_bg_k": 31.333705764549833,
  "summary_bg_mad": 2.0049956470012935,
  "summary_bg_mean": 10.011789321899414,
  "summary_bg_median": 1.5234899520874023,
  "summary_bg_n": 291436.0,
  "summary_bg_p05": 0.005592841189354658,
  "summary_bg_p95": 52.16946315765381,
  "summary_bg_stdv": 25.2374324798584,
  "summary_fg_k": 2.7441878641724706,
  "summary_fg_mad": 38.40585850656079,
  "summary_fg_mean": 327.38775634765625,
  "summary_fg_median": 327.4093933105469,
  "summary_fg_n": 34504.0,
  "summary_fg_p05": 261.19149627685545,
  "summary_fg_p95": 395.71924133300774,
  "summary_fg_stdv": 43.433738708496094,
  "tsnr": 41.41580951283686
}