{
  "aor": 0.004557752808988764,
  "aqi": 0.03595962415730337,
  "bids_meta": {
    "AcquisitionMatrixPE": 82,
    "AcquisitionNumber": 1,
    "AcquisitionTime": "13:30:14.895000",
    "BandwidthPerPixelPhaseEncode": 23.912,
    "BaseResolution": 82,
    "ConversionSoftware": "dcm2niix",
    "ConversionSoftwareVersion": "v1.0.20171215 Clang9.0.0",
    "DerivedVendorReportedEchoSpacing": 0.00051,
    "DeviceSerialNumber": "35451",
    "DwellTime": 2.2e-06,
    "EchoTime": 0.029,
    "EffectiveEchoSpacing": 0.00051,
    "FlipAngle": 44,
    "ImageComments": "Unaliased_MB8_PE3_(remote)",
    "ImageOrientationPatientDICOM": [
      0.999189,
      0.0113012,
      0.0386529,
      6.28941e-08,
      0.959816,
      -0.28063
    ],
    "ImageType": [
      "ORIGINAL",
      "PRIMARY",
      "M",
      "MB",
      "ND",
      "NORM",
      "MOSAIC"
    ],
    "InPlanePhaseEncodingDirectionDICOM": "COL",
    "InstitutionAddress": "Exposition_Drive_1777_Boulder-_c0d8dc-_Denver_US_80301",
    "InstitutionName": "Intermountain_Neuroimaging_Consortium",
    "InstitutionalDepartmentName": "Department",
    "MRAcquisitionType": "2D",
    "MagneticFieldStrength": 3,
    "Manufacturer": "Siemens",
    "ManufacturersModelName": "TrioTim",
    "Modality": "MR",
    "MultibandAccelerationFactor": 8,
    "PartialFourier": 1,
    "PatientPosition": "HFS",
    "PercentPhaseFOV": 100,
    "PhaseEncodingDirection": "j",
    "PhaseEncodingSteps": 82,
    "PhaseResolution": 1,
    "PixelBandwidth": 2772,
    "ProcedureStepDescription": "VMITTAL_adaptcog_200068",
    "ProtocolName": "ritl_pa_32ch_mb8_v01_r04",
    "PulseSequenceDetails": "%CustomerSeq%_cmrr_mbep2d_bold",
    "ReceiveCoilName": "32Ch_Head",
    "ReconMatrixPE": 82,
    "RepetitionTime": 0.46,
    "SAR": 0.17778,
    "ScanOptions": "FS",
    "ScanningSequence": "EP",
    "SequenceName": "epfid2d1_82",
    "SequenceVariant": "SK_SS",
    "SeriesDescription": "ritl_pa_32ch_mb8_v01_r04",
    "SeriesNumber": 18,
    "ShimSetting": [
      6789,
      12668,
      -6711,
      23,
      197,
      -388,
      394,
      39
    ],
    "SliceThickness": 3,
    "SliceTiming": [
      0,
      0.2625,
      0.065,
      0.33,
      0.1325,
      0.395,
      0.1975,
      0,
      0.2625,
      0.065,
      0.33,
      0.1325,
      0.395,
      0.1975,
      0,
      0.2625,
      0.065,
      0.33,
      0.1325,
      0.395,
      0.1975,
      0,
      0.2625,
      0.065,
      0.33,
      0.1325,
      0.395,
      0.1975,
      0,
      0.2625,
      0.065,
      0.33,
      0.1325,
      0.395,
      0.1975,
      0,
      0.2625,
      0.065,
      0.33,
      0.1325,
      0.395,
      0.1975,
      0,
      0.2625,
      0.065,
      0.33,
      0.1325,
      0.395,
      0.1975,
      0,
      0.2625,
      0.065,
      0.33,
      0.1325,
      0.395,
      0.1975
    ],
    "SoftwareVersions": "syngo_MR_B17",
    "SpacingBetweenSlices": 3,
    "StationName": "MRC35451",
    "TaskName": "ritl",
    "TotalReadoutTime": 0.04131,
    "TxRefAmp": 375.602,
    "acq_id": "MB",
    "dataset": "ds001371",
    "modality": "bold",
    "run_id": 4,
    "subject_id": "M80319521",
    "task_id": "ritl"
  },
  "dummy_trs": 4,
  "dvars_nstd": 37.43559006825648,
  "dvars_std": 1.0947291234420695,
  "dvars_vstd": 0.9950511529358828,
  "efc": 0.40950921963365666,
  "fber": 15589.8720703125,
  "fd_mean": 0.20203138406489166,
  "fd_num": 245,
  "fd_perc": 27.528089887640448,
  "fwhm_avg": 1.748629552086319,
  "fwhm_x": 1.6394544480927873,
  "fwhm_y": 1.9006542081661701,
  "fwhm_z": 1.70578,
  "gcor": 0.0226971,
  "gsr_x": -0.020729245617985725,
  "gsr_y": 0.024879788979887962,
  "provenance": {
    "md5sum": "811ae8d0d7c270bdcb7aa2ca0df39565",
    "settings": {
      "fd_thres": 0.2,
      "testing": false
    },
    "software": "mriqc",
    "version": "22.0.6",
    "webapi_port": null,
    "webapi_url": "https://mriqc.nimh.nih.gov/api/v1"
  },
  "size_t": 890,
  "size_x": 82,
  "size_y": 82,
  "size_z": 56,
  "snr": 7.093453225234529,
  "spacing_tr": 0.46000000834465027,
  "spacing_x": 3.02439022064209,
  "spacing_y": 3.02439022064209,
  "spacing_z": 3.0,
  "summary_bg_k": 24.772214122553265,
  "summary_bg_mad": 2.030665325239666,
  "summary_bg_mean": 6.508260250091553,
  "summary_bg_median": 1.3876404762268066,
  "summary_bg_n": 284465.0,
  "summary_bg_p05": 0.0,
  "summary_bg_p95": 31.06629180908203,
  "summary_bg_stdv": 13.112499237060547,
  "summary_fg_k": 1.9062811766632093,
  "summary_fg_mad": 21.754262439582817,
  "summary_fg_mean": 170.52426147460938,
  "summary_fg_median": 169.4499969482422,
  "summary_fg_n": 40932.0,
  "summary_fg_p05": 134.85006256103514,
  "summary_fg_p95": 210.52460632324218,
  "summary_fg_stdv": 23.88793182373047,
  "tsnr": 29.208345958264545
}