{
  "aor": 0.002557897091722595,
  "aqi": 0.009675265290827741,
  "bids_meta": {
    "AcquisitionMatrixPE": 82,
    "AcquisitionNumber": 1,
    "AcquisitionTime": "15:22:29.802500",
    "BandwidthPerPixelPhaseEncode": 23.912,
    "BaseResolution": 82,
    "ConversionSoftware": "dcm2niix",
    "ConversionSoftwareVersion": "v1.0.20171215 Clang9.0.0",
    "DerivedVendorReportedEchoSpacing": 0.00051,
    "DeviceSerialNumber": "35451",
    "DwellTime": 2.2e-06,
    "EchoTime": 0.029,
    "EffectiveEchoSpacing": 0.00051,
    "FlipAngle": 44,
    "ImageComments": "Unaliased_MB8_PE3_(remote)",
    "ImageOrientationPatientDICOM": [
      0.999976,
      0.00277683,
      0.00633606,
      -1.66517e-08,
      0.915903,
      -0.4014
    ],
    "ImageType": [
      "ORIGINAL",
      "PRIMARY",
      "M",
      "ND",
      "NORM",
      "MOSAIC"
    ],
    "InPlanePhaseEncodingDirectionDICOM": "COL",
    "InstitutionAddress": "Exposition_Drive_1777_Boulder-_6392da-_Denver_US_80301",
    "InstitutionName": "Intermountain_Neuroimaging_Consortium",
    "InstitutionalDepartmentName": "Department",
    "MRAcquisitionType": "2D",
    "MagneticFieldStrength": 3,
    "Manufacturer": "Siemens",
    "ManufacturersModelName": "TrioTim",
    "Modality": "MR",
    "MultibandAccelerationFactor": 8,
    "PartialFourier": 1,
    "PatientPosition": "HFS",
    "PercentPhaseFOV": 100,
    "PhaseEncodingDirection": "j",
    "PhaseEncodingSteps": 82,
    "PhaseResolution": 1,
    "PixelBandwidth": 2772,
    "ProcedureStepDescription": "VMITTAL_adaptcog_200068",
    "ProtocolName": "ritl_pa_32ch_mb8_v01_r02",
    "PulseSequenceDetails": "%CustomerSeq%_cmrr_mbep2d_bold",
    "ReceiveCoilName": "32Ch_Head",
    "ReconMatrixPE": 82,
    "RepetitionTime": 0.46,
    "SAR": 0.172948,
    "ScanOptions": "FS",
    "ScanningSequence": "EP",
    "SequenceName": "epfid2d1_82",
    "SequenceVariant": "SK",
    "SeriesDescription": "ritl_pa_32ch_mb8_v01_r02",
    "SeriesNumber": 8,
    "ShimSetting": [
      6791,
      12696,
      -6735,
      274,
      387,
      126,
      49,
      182
    ],
    "SliceThickness": 3,
    "SliceTiming": [
      0,
      0.265,
      0.0675,
      0.33,
      0.1325,
      0.395,
      0.1975,
      0,
      0.265,
      0.0675,
      0.33,
      0.1325,
      0.395,
      0.1975,
      0,
      0.265,
      0.0675,
      0.33,
      0.1325,
      0.395,
      0.1975,
      0,
      0.265,
      0.0675,
      0.33,
      0.1325,
      0.395,
      0.1975,
      0,
      0.265,
      0.0675,
      0.33,
      0.1325,
      0.395,
      0.1975,
      0,
      0.265,
      0.0675,
      0.33,
      0.1325,
      0.395,
      0.1975,
      0,
      0.265,
      0.0675,
      0.33,
      0.1325,
      0.395,
      0.1975,
      0,
      0.265,
      0.0675,
      0.33,
      0.1325,
      0.395,
      0.1975
    ],
    "SoftwareVersions": "syngo_MR_B17",
    "SpacingBetweenSlices": 3,
    "StationName": "MRC35451",
    "TaskName": "ritl",
    "TotalReadoutTime": 0.04131,
    "TxRefAmp": 345.509,
    "acq_id": "MB",
    "dataset": "ds001371",
    "modality": "bold",
    "run_id": 2,
    "subject_id": "M80304750",
    "task_id": "ritl"
  },
  "dummy_trs": 0,
  "dvars_nstd": 30.47170004668531,
  "dvars_std": 1.202187597346025,
  "dvars_vstd": 1.0380003768980957,
  "efc": 0.4085204214318377,
  "fber": 24461.419921875,
  "fd_mean": 0.09087084281328527,
  "fd_num": 40,
  "fd_perc": 4.47427293064877,
  "fwhm_avg": 1.728435896006573,
  "fwhm_x": 1.656013157897558,
  "fwhm_y": 1.819434530122161,
  "fwhm_z": 1.70986,
  "gcor": 0.0336251,
  "gsr_x": -0.02612990513443947,
  "gsr_y": 0.012192768976092339,
  "provenance": {
    "md5sum": "7befc592154bd8781156cbf0dc5502d6",
    "settings": {
      "fd_thres": 0.2,
      "testing": false
    },
    "software": "mriqc",
    "version": "22.0.6",
    "webapi_port": null,
    "webapi_url": "https://mriqc.nimh.nih.gov/api/v1"
  },
  "size_t": 894,
  "size_x": 82,
  "size_y": 82,
  "size_z": 56,
  "snr": 6.777625210941399,
  "spacing_tr": 0.46000000834465027,
  "spacing_x": 3.02439022064209,
  "spacing_y": 3.02439022064209,
  "spacing_z": 3.0,
  "summary_bg_k": 14.567147955240014,
  "summary_bg_mad": 2.3466243518532095,
  "summary_bg_mean": 12.044288635253906,
  "summary_bg_median": 1.7953020334243774,
  "summary_bg_n": 287718.0,
  "summary_bg_p05": 0.03691275045275688,
  "summary_bg_p95": 70.47511253356915,
  "summary_bg_stdv": 26.329368591308594,
  "summary_fg_k": 1.1746807173976546,
  "summary_fg_mad": 37.36770213743204,
  "summary_fg_mean": 269.1728210449219,
  "summary_fg_median": 267.93231201171875,
  "summary_fg_n": 37572.0,
  "summary_fg_p05": 208.88915176391603,
  "summary_fg_p95": 334.765151977539,
  "summary_fg_stdv": 39.5313606262207,
  "tsnr": 50.31704779481515
}