{
  "aor": 0.004898609865470852,
  "aqi": 0.01905300456278027,
  "bids_meta": {
    "AcquisitionMatrixPE": 82,
    "AcquisitionNumber": 1,
    "AcquisitionTime": "15:29:54.230000",
    "BandwidthPerPixelPhaseEncode": 23.912,
    "BaseResolution": 82,
    "ConversionSoftware": "dcm2niix",
    "ConversionSoftwareVersion": "v1.0.20171215 Clang9.0.0",
    "DerivedVendorReportedEchoSpacing": 0.00051,
    "DeviceSerialNumber": "35451",
    "DwellTime": 2.2e-06,
    "EchoTime": 0.029,
    "EffectiveEchoSpacing": 0.00051,
    "FlipAngle": 44,
    "ImageComments": "Unaliased_MB8_PE3_(remote)",
    "ImageOrientationPatientDICOM": [
      0.999976,
      0.00277683,
      0.00633606,
      -1.66517e-08,
      0.915903,
      -0.4014
    ],
    "ImageType": [
      "ORIGINAL",
      "PRIMARY",
      "M",
      "ND",
      "NORM",
      "MOSAIC"
    ],
    "InPlanePhaseEncodingDirectionDICOM": "COL",
    "InstitutionAddress": "Exposition_Drive_1777_Boulder-_6392da-_Denver_US_80301",
    "InstitutionName": "Intermountain_Neuroimaging_Consortium",
    "InstitutionalDepartmentName": "Department",
    "MRAcquisitionType": "2D",
    "MagneticFieldStrength": 3,
    "Manufacturer": "Siemens",
    "ManufacturersModelName": "TrioTim",
    "Modality": "MR",
    "MultibandAccelerationFactor": 8,
    "PartialFourier": 1,
    "PatientPosition": "HFS",
    "PercentPhaseFOV": 100,
    "PhaseEncodingDirection": "j",
    "PhaseEncodingSteps": 82,
    "PhaseResolution": 1,
    "PixelBandwidth": 2772,
    "ProcedureStepDescription": "VMITTAL_adaptcog_200068",
    "ProtocolName": "ritl_pa_32ch_mb8_v01_r03",
    "PulseSequenceDetails": "%CustomerSeq%_cmrr_mbep2d_bold",
    "ReceiveCoilName": "32Ch_Head",
    "ReconMatrixPE": 82,
    "RepetitionTime": 0.46,
    "SAR": 0.173589,
    "ScanOptions": "FS",
    "ScanningSequence": "EP",
    "SequenceName": "epfid2d1_82",
    "SequenceVariant": "SK",
    "SeriesDescription": "ritl_pa_32ch_mb8_v01_r03",
    "SeriesNumber": 10,
    "ShimSetting": [
      6791,
      12696,
      -6735,
      274,
      387,
      126,
      49,
      182
    ],
    "SliceThickness": 3,
    "SliceTiming": [
      0,
      0.2625,
      0.065,
      0.33,
      0.1325,
      0.395,
      0.1975,
      0,
      0.2625,
      0.065,
      0.33,
      0.1325,
      0.395,
      0.1975,
      0,
      0.2625,
      0.065,
      0.33,
      0.1325,
      0.395,
      0.1975,
      0,
      0.2625,
      0.065,
      0.33,
      0.1325,
      0.395,
      0.1975,
      0,
      0.2625,
      0.065,
      0.33,
      0.1325,
      0.395,
      0.1975,
      0,
      0.2625,
      0.065,
      0.33,
      0.1325,
      0.395,
      0.1975,
      0,
      0.2625,
      0.065,
      0.33,
      0.1325,
      0.395,
      0.1975,
      0,
      0.2625,
      0.065,
      0.33,
      0.1325,
      0.395,
      0.1975
    ],
    "SoftwareVersions": "syngo_MR_B17",
    "SpacingBetweenSlices": 3,
    "StationName": "MRC35451",
    "TaskName": "ritl",
    "TotalReadoutTime": 0.04131,
    "TxRefAmp": 345.509,
    "acq_id": "MB",
    "dataset": "ds001371",
    "modality": "bold",
    "run_id": 3,
    "subject_id": "M80304750",
    "task_id": "ritl"
  },
  "dummy_trs": 2,
  "dvars_nstd": 32.013590227418625,
  "dvars_std": 1.2400397622783395,
  "dvars_vstd": 1.0629396628619538,
  "efc": 0.40879179243137787,
  "fber": 20783.8515625,
  "fd_mean": 0.12416362399560586,
  "fd_num": 113,
  "fd_perc": 12.668161434977579,
  "fwhm_avg": 1.7583433781361582,
  "fwhm_x": 1.6566017062891814,
  "fwhm_y": 1.83863509478596,
  "fwhm_z": 1.7797933333333333,
  "gcor": 0.0208016,
  "gsr_x": -0.02569578029215336,
  "gsr_y": 0.012410994619131088,
  "provenance": {
    "md5sum": "071d4d3f5a6d020ac9f224d659340c1a",
    "settings": {
      "fd_thres": 0.2,
      "testing": false
    },
    "software": "mriqc",
    "version": "22.0.6",
    "webapi_port": null,
    "webapi_url": "https://mriqc.nimh.nih.gov/api/v1"
  },
  "size_t": 892,
  "size_x": 82,
  "size_y": 82,
  "size_z": 56,
  "snr": 6.85972216607609,
  "spacing_tr": 0.46000000834465027,
  "spacing_x": 3.02439022064209,
  "spacing_y": 3.02439022064209,
  "spacing_z": 3.0,
  "summary_bg_k": 15.28835637137913,
  "summary_bg_mad": 2.411721698907224,
  "summary_bg_mean": 11.859716415405273,
  "summary_bg_median": 1.895740032196045,
  "summary_bg_n": 287825.0,
  "summary_bg_p05": 0.03811659291386604,
  "summary_bg_p95": 69.90135192871094,
  "summary_bg_stdv": 25.952659606933594,
  "summary_fg_k": 1.3918918299086567,
  "summary_fg_mad": 36.7617527291271,
  "summary_fg_mean": 268.6199035644531,
  "summary_fg_median": 268.009521484375,
  "summary_fg_n": 37428.0,
  "summary_fg_p05": 208.5875602722168,
  "summary_fg_p95": 332.50064239501955,
  "summary_fg_stdv": 39.06950378417969,
  "tsnr": 37.40197138732765
}