{
  "aor": 0.0036755667789001127,
  "aqi": 0.01077193265993266,
  "bids_meta": {
    "AcquisitionMatrixPE": 82,
    "AcquisitionNumber": 1,
    "AcquisitionTime": "15:52:27.100000",
    "BandwidthPerPixelPhaseEncode": 23.912,
    "BaseResolution": 82,
    "ConversionSoftware": "dcm2niix",
    "ConversionSoftwareVersion": "v1.0.20171215 Clang9.0.0",
    "DerivedVendorReportedEchoSpacing": 0.00051,
    "DeviceSerialNumber": "35451",
    "DwellTime": 2.2e-06,
    "EchoTime": 0.029,
    "EffectiveEchoSpacing": 0.00051,
    "FlipAngle": 44,
    "ImageComments": "Unaliased_MB8_PE3_(remote)",
    "ImageOrientationPatientDICOM": [
      0.999976,
      0.00277683,
      0.00633606,
      -1.66517e-08,
      0.915903,
      -0.4014
    ],
    "ImageType": [
      "ORIGINAL",
      "PRIMARY",
      "M",
      "ND",
      "NORM",
      "MOSAIC"
    ],
    "InPlanePhaseEncodingDirectionDICOM": "COL",
    "InstitutionAddress": "Exposition_Drive_1777_Boulder-_6392da-_Denver_US_80301",
    "InstitutionName": "Intermountain_Neuroimaging_Consortium",
    "InstitutionalDepartmentName": "Department",
    "MRAcquisitionType": "2D",
    "MagneticFieldStrength": 3,
    "Manufacturer": "Siemens",
    "ManufacturersModelName": "TrioTim",
    "Modality": "MR",
    "MultibandAccelerationFactor": 8,
    "PartialFourier": 1,
    "PatientPosition": "HFS",
    "PercentPhaseFOV": 100,
    "PhaseEncodingDirection": "j",
    "PhaseEncodingSteps": 82,
    "PhaseResolution": 1,
    "PixelBandwidth": 2772,
    "ProcedureStepDescription": "VMITTAL_adaptcog_200068",
    "ProtocolName": "ritl_pa_32ch_mb8_v01_r06",
    "PulseSequenceDetails": "%CustomerSeq%_cmrr_mbep2d_bold",
    "ReceiveCoilName": "32Ch_Head",
    "ReconMatrixPE": 82,
    "RepetitionTime": 0.46,
    "SAR": 0.173052,
    "ScanOptions": "FS",
    "ScanningSequence": "EP",
    "SequenceName": "epfid2d1_82",
    "SequenceVariant": "SK",
    "SeriesDescription": "ritl_pa_32ch_mb8_v01_r06",
    "SeriesNumber": 16,
    "ShimSetting": [
      6791,
      12696,
      -6735,
      274,
      387,
      126,
      49,
      182
    ],
    "SliceThickness": 3,
    "SliceTiming": [
      0,
      0.265,
      0.065,
      0.33,
      0.1325,
      0.395,
      0.1975,
      0,
      0.265,
      0.065,
      0.33,
      0.1325,
      0.395,
      0.1975,
      0,
      0.265,
      0.065,
      0.33,
      0.1325,
      0.395,
      0.1975,
      0,
      0.265,
      0.065,
      0.33,
      0.1325,
      0.395,
      0.1975,
      0,
      0.265,
      0.065,
      0.33,
      0.1325,
      0.395,
      0.1975,
      0,
      0.265,
      0.065,
      0.33,
      0.1325,
      0.395,
      0.1975,
      0,
      0.265,
      0.065,
      0.33,
      0.1325,
      0.395,
      0.1975,
      0,
      0.265,
      0.065,
      0.33,
      0.1325,
      0.395,
      0.1975
    ],
    "SoftwareVersions": "syngo_MR_B17",
    "SpacingBetweenSlices": 3,
    "StationName": "MRC35451",
    "TaskName": "ritl",
    "TotalReadoutTime": 0.04131,
    "TxRefAmp": 345.509,
    "acq_id": "MB",
    "dataset": "ds001371",
    "modality": "bold",
    "run_id": 6,
    "subject_id": "M80304750",
    "task_id": "ritl"
  },
  "dummy_trs": 3,
  "dvars_nstd": 31.05868539269663,
  "dvars_std": 1.2370216141011243,
  "dvars_vstd": 1.0572332633820218,
  "efc": 0.40933577399194987,
  "fber": 21319.263671875,
  "fd_mean": 0.07932795470399898,
  "fd_num": 53,
  "fd_perc": 5.948372615039282,
  "fwhm_avg": 1.7519444981826082,
  "fwhm_x": 1.662348319236604,
  "fwhm_y": 1.8230451753112207,
  "fwhm_z": 1.77044,
  "gcor": 0.0241361,
  "gsr_x": -0.02568337321281433,
  "gsr_y": 0.012564604170620441,
  "provenance": {
    "md5sum": "de94dab10a592dd627475ad2a3f2b881",
    "settings": {
      "fd_thres": 0.2,
      "testing": false
    },
    "software": "mriqc",
    "version": "22.0.6",
    "webapi_port": null,
    "webapi_url": "https://mriqc.nimh.nih.gov/api/v1"
  },
  "size_t": 891,
  "size_x": 82,
  "size_y": 82,
  "size_z": 56,
  "snr": 6.72114490627989,
  "spacing_tr": 0.46000000834465027,
  "spacing_x": 3.02439022064209,
  "spacing_y": 3.02439022064209,
  "spacing_z": 3.0,
  "summary_bg_k": 15.035507663401837,
  "summary_bg_mad": 2.4027808663246724,
  "summary_bg_mean": 12.04487419128418,
  "summary_bg_median": 1.8787879943847656,
  "summary_bg_n": 287818.0,
  "summary_bg_p05": 0.03030303120613098,
  "summary_bg_p95": 71.81403427124016,
  "summary_bg_stdv": 26.5467529296875,
  "summary_fg_k": 1.2912777067224752,
  "summary_fg_mad": 37.78638071497542,
  "summary_fg_mean": 268.7874450683594,
  "summary_fg_median": 267.926513671875,
  "summary_fg_n": 37500.0,
  "summary_fg_p05": 207.67873611450196,
  "summary_fg_p95": 334.17620849609375,
  "summary_fg_stdv": 39.862693786621094,
  "tsnr": 48.22872564103454
}