{
  "aor": 0.0019146248600223962,
  "aqi": 0.011113781164613663,
  "bids_meta": {
    "AcquisitionMatrixPE": 82,
    "AcquisitionNumber": 1,
    "AcquisitionTime": "15:47:56.410000",
    "BandwidthPerPixelPhaseEncode": 23.912,
    "BaseResolution": 82,
    "ConversionSoftware": "dcm2niix",
    "ConversionSoftwareVersion": "v1.0.20171215 Clang9.0.0",
    "DerivedVendorReportedEchoSpacing": 0.00051,
    "DeviceSerialNumber": "35451",
    "DwellTime": 2.2e-06,
    "EchoTime": 0.029,
    "EffectiveEchoSpacing": 0.00051,
    "FlipAngle": 44,
    "ImageComments": "Unaliased_MB8_PE3_(remote)",
    "ImageOrientationPatientDICOM": [
      0.999811,
      0.00750331,
      0.0179596,
      -2.87014e-08,
      0.92271,
      -0.385496
    ],
    "ImageType": [
      "ORIGINAL",
      "PRIMARY",
      "M",
      "MB",
      "ND",
      "NORM",
      "MOSAIC"
    ],
    "InPlanePhaseEncodingDirectionDICOM": "COL",
    "InstitutionAddress": "Exposition_Drive_1777_Boulder-_6392da-_Denver_US_80301",
    "InstitutionName": "Intermountain_Neuroimaging_Consortium",
    "InstitutionalDepartmentName": "Department",
    "MRAcquisitionType": "2D",
    "MagneticFieldStrength": 3,
    "Manufacturer": "Siemens",
    "ManufacturersModelName": "TrioTim",
    "Modality": "MR",
    "MultibandAccelerationFactor": 8,
    "PartialFourier": 1,
    "PatientPosition": "HFS",
    "PercentPhaseFOV": 100,
    "PhaseEncodingDirection": "j",
    "PhaseEncodingSteps": 82,
    "PhaseResolution": 1,
    "PixelBandwidth": 2772,
    "ProcedureStepDescription": "VMITTAL_adaptcog_200068",
    "ProtocolName": "ritl_pa_32ch_mb8_v01_r06",
    "PulseSequenceDetails": "%CustomerSeq%_cmrr_mbep2d_bold",
    "ReceiveCoilName": "32Ch_Head",
    "ReconMatrixPE": 82,
    "RepetitionTime": 0.46,
    "SAR": 0.151166,
    "ScanOptions": "FS",
    "ScanningSequence": "EP",
    "SequenceName": "epfid2d1_82",
    "SequenceVariant": "SK_SS",
    "SeriesDescription": "ritl_pa_32ch_mb8_v01_r06",
    "SeriesNumber": 16,
    "ShimSetting": [
      6825,
      12625,
      -6690,
      527,
      197,
      55,
      -241,
      20
    ],
    "SliceThickness": 3,
    "SliceTiming": [
      0,
      0.265,
      0.0675,
      0.33,
      0.1325,
      0.3975,
      0.1975,
      0,
      0.265,
      0.0675,
      0.33,
      0.1325,
      0.3975,
      0.1975,
      0,
      0.265,
      0.0675,
      0.33,
      0.1325,
      0.3975,
      0.1975,
      0,
      0.265,
      0.0675,
      0.33,
      0.1325,
      0.3975,
      0.1975,
      0,
      0.265,
      0.0675,
      0.33,
      0.1325,
      0.3975,
      0.1975,
      0,
      0.265,
      0.0675,
      0.33,
      0.1325,
      0.3975,
      0.1975,
      0,
      0.265,
      0.0675,
      0.33,
      0.1325,
      0.3975,
      0.1975,
      0,
      0.265,
      0.0675,
      0.33,
      0.1325,
      0.3975,
      0.1975
    ],
    "SoftwareVersions": "syngo_MR_B17",
    "SpacingBetweenSlices": 3,
    "StationName": "MRC35451",
    "TaskName": "ritl",
    "TotalReadoutTime": 0.04131,
    "TxRefAmp": 332.258,
    "acq_id": "MB",
    "dataset": "ds001371",
    "modality": "bold",
    "run_id": 6,
    "subject_id": "M80303730",
    "task_id": "ritl"
  },
  "dummy_trs": 1,
  "dvars_nstd": 31.667266687634545,
  "dvars_std": 1.2417745533520193,
  "dvars_vstd": 1.0303907882623307,
  "efc": 0.40782887007569524,
  "fber": 26864.6328125,
  "fd_mean": 0.06887904174473708,
  "fd_num": 31,
  "fd_perc": 3.471444568868981,
  "fwhm_avg": 1.8449609411967256,
  "fwhm_x": 1.7276705778035086,
  "fwhm_y": 1.898845579120002,
  "fwhm_z": 1.9083666666666668,
  "gcor": 0.0233462,
  "gsr_x": -0.020403273403644562,
  "gsr_y": 0.015418012626469135,
  "provenance": {
    "md5sum": "a010c55b71be6a4b62e647f10b4c977d",
    "settings": {
      "fd_thres": 0.2,
      "testing": false
    },
    "software": "mriqc",
    "version": "22.0.6",
    "webapi_port": null,
    "webapi_url": "https://mriqc.nimh.nih.gov/api/v1"
  },
  "size_t": 893,
  "size_x": 82,
  "size_y": 82,
  "size_z": 56,
  "snr": 6.878994924399101,
  "spacing_tr": 0.46000000834465027,
  "spacing_x": 3.02439022064209,
  "spacing_y": 3.02439022064209,
  "spacing_z": 3.0,
  "summary_bg_k": 21.10648693951175,
  "summary_bg_mad": 2.2811820525878184,
  "summary_bg_mean": 10.67590045928955,
  "summary_bg_median": 1.8712207078933716,
  "summary_bg_n": 281748.0,
  "summary_bg_p05": 0.049272119998931885,
  "summary_bg_p95": 59.446361923217616,
  "summary_bg_stdv": 24.363117218017578,
  "summary_fg_k": 1.15861702618065,
  "summary_fg_mad": 41.83826724375171,
  "summary_fg_mean": 301.7593688964844,
  "summary_fg_median": 299.88690185546875,
  "summary_fg_n": 42371.0,
  "summary_fg_p05": 236.7911605834961,
  "summary_fg_p95": 375.5033721923828,
  "summary_fg_stdv": 43.59406661987305,
  "tsnr": 50.61335713695735
}