{
  "aor": 0.0008619148936170213,
  "aqi": 0.014524732900335948,
  "bids_meta": {
    "AcquisitionMatrixPE": 82,
    "AcquisitionNumber": 1,
    "AcquisitionTime": "15:18:9.975000",
    "BandwidthPerPixelPhaseEncode": 23.912,
    "BaseResolution": 82,
    "ConversionSoftware": "dcm2niix",
    "ConversionSoftwareVersion": "v1.0.20171215 Clang9.0.0",
    "DerivedVendorReportedEchoSpacing": 0.00051,
    "DeviceSerialNumber": "35451",
    "DwellTime": 2.2e-06,
    "EchoTime": 0.029,
    "EffectiveEchoSpacing": 0.00051,
    "FlipAngle": 44,
    "ImageComments": "Unaliased_MB8_PE3_(remote)",
    "ImageOrientationPatientDICOM": [
      0.999811,
      0.00750331,
      0.0179596,
      -2.87014e-08,
      0.92271,
      -0.385496
    ],
    "ImageType": [
      "ORIGINAL",
      "PRIMARY",
      "M",
      "MB",
      "ND",
      "NORM",
      "MOSAIC"
    ],
    "InPlanePhaseEncodingDirectionDICOM": "COL",
    "InstitutionAddress": "Exposition_Drive_1777_Boulder-_6392da-_Denver_US_80301",
    "InstitutionName": "Intermountain_Neuroimaging_Consortium",
    "InstitutionalDepartmentName": "Department",
    "MRAcquisitionType": "2D",
    "MagneticFieldStrength": 3,
    "Manufacturer": "Siemens",
    "ManufacturersModelName": "TrioTim",
    "Modality": "MR",
    "MultibandAccelerationFactor": 8,
    "PartialFourier": 1,
    "PatientPosition": "HFS",
    "PercentPhaseFOV": 100,
    "PhaseEncodingDirection": "j",
    "PhaseEncodingSteps": 82,
    "PhaseResolution": 1,
    "PixelBandwidth": 2772,
    "ProcedureStepDescription": "VMITTAL_adaptcog_200068",
    "ProtocolName": "ritl_pa_32ch_mb8_v01_r02",
    "PulseSequenceDetails": "%CustomerSeq%_cmrr_mbep2d_bold",
    "ReceiveCoilName": "32Ch_Head",
    "ReconMatrixPE": 82,
    "RepetitionTime": 0.46,
    "SAR": 0.137801,
    "ScanOptions": "FS",
    "ScanningSequence": "EP",
    "SequenceName": "epfid2d1_82",
    "SequenceVariant": "SK_SS",
    "SeriesDescription": "ritl_pa_32ch_mb8_v01_r02",
    "SeriesNumber": 8,
    "ShimSetting": [
      6825,
      12625,
      -6690,
      527,
      197,
      55,
      -241,
      20
    ],
    "SliceThickness": 3,
    "SliceTiming": [
      0,
      0.265,
      0.0675,
      0.33,
      0.1325,
      0.395,
      0.1975,
      0,
      0.265,
      0.0675,
      0.33,
      0.1325,
      0.395,
      0.1975,
      0,
      0.265,
      0.0675,
      0.33,
      0.1325,
      0.395,
      0.1975,
      0,
      0.265,
      0.0675,
      0.33,
      0.1325,
      0.395,
      0.1975,
      0,
      0.265,
      0.0675,
      0.33,
      0.1325,
      0.395,
      0.1975,
      0,
      0.265,
      0.0675,
      0.33,
      0.1325,
      0.395,
      0.1975,
      0,
      0.265,
      0.0675,
      0.33,
      0.1325,
      0.395,
      0.1975,
      0,
      0.265,
      0.0675,
      0.33,
      0.1325,
      0.395,
      0.1975
    ],
    "SoftwareVersions": "syngo_MR_B17",
    "SpacingBetweenSlices": 3,
    "StationName": "MRC35451",
    "TaskName": "ritl",
    "TotalReadoutTime": 0.04131,
    "TxRefAmp": 332.258,
    "acq_id": "MB",
    "dataset": "ds001371",
    "modality": "bold",
    "run_id": 2,
    "subject_id": "M80303730",
    "task_id": "ritl"
  },
  "dummy_trs": 1,
  "dvars_nstd": 30.76818320348657,
  "dvars_std": 1.1866511570179377,
  "dvars_vstd": 0.9977526379035884,
  "efc": 0.4074692732869931,
  "fber": 27745.47265625,
  "fd_mean": 0.06448258374170712,
  "fd_num": 13,
  "fd_perc": 1.4557670772676372,
  "fwhm_avg": 1.8774864521144778,
  "fwhm_x": 1.7483491263496422,
  "fwhm_y": 1.9425535633271247,
  "fwhm_z": 1.9415566666666668,
  "gcor": 0.0227149,
  "gsr_x": -0.020324358716607094,
  "gsr_y": 0.015066776424646378,
  "provenance": {
    "md5sum": "f7836c073805c468ce8cd9e59fd08b66",
    "settings": {
      "fd_thres": 0.2,
      "testing": false
    },
    "software": "mriqc",
    "version": "22.0.6",
    "webapi_port": null,
    "webapi_url": "https://mriqc.nimh.nih.gov/api/v1"
  },
  "size_t": 893,
  "size_x": 82,
  "size_y": 82,
  "size_z": 56,
  "snr": 6.840820214734114,
  "spacing_tr": 0.46000000834465027,
  "spacing_x": 3.02439022064209,
  "spacing_y": 3.02439022064209,
  "spacing_z": 3.0,
  "summary_bg_k": 21.566581884315045,
  "summary_bg_mad": 2.2512974908974734,
  "summary_bg_mean": 10.601685523986816,
  "summary_bg_median": 1.8521836996078491,
  "summary_bg_n": 281471.0,
  "summary_bg_p05": 0.05935050547122955,
  "summary_bg_p95": 57.838748931884766,
  "summary_bg_stdv": 24.38333511352539,
  "summary_fg_k": 0.9326331793724028,
  "summary_fg_mad": 42.44754219109047,
  "summary_fg_mean": 302.05377197265625,
  "summary_fg_median": 300.1164855957031,
  "summary_fg_n": 42565.0,
  "summary_fg_p05": 236.53573303222657,
  "summary_fg_p95": 375.79888916015625,
  "summary_fg_stdv": 43.87090301513672,
  "tsnr": 44.20913560502231
}