{
  "aor": 0.001833187919463087,
  "aqi": 0.014586766677852348,
  "bids_meta": {
    "AcquisitionMatrixPE": 82,
    "AcquisitionNumber": 1,
    "AcquisitionTime": "14:56:33.430000",
    "BandwidthPerPixelPhaseEncode": 23.912,
    "BaseResolution": 82,
    "ConversionSoftware": "dcm2niix",
    "ConversionSoftwareVersion": "v1.0.20171215 Clang9.0.0",
    "DerivedVendorReportedEchoSpacing": 0.00051,
    "DeviceSerialNumber": "35451",
    "DwellTime": 2.2e-06,
    "EchoTime": 0.029,
    "EffectiveEchoSpacing": 0.00051,
    "FlipAngle": 44,
    "ImageComments": "Unaliased_MB8_PE3_(remote)",
    "ImageOrientationPatientDICOM": [
      1,
      -2e-16,
      0,
      2e-16,
      0.987414,
      -0.158158
    ],
    "ImageType": [
      "ORIGINAL",
      "PRIMARY",
      "M",
      "ND",
      "NORM",
      "MOSAIC"
    ],
    "InPlanePhaseEncodingDirectionDICOM": "COL",
    "InstitutionAddress": "Exposition_Drive_1777_Boulder-_6392da-_Denver_US_80301",
    "InstitutionName": "Intermountain_Neuroimaging_Consortium",
    "InstitutionalDepartmentName": "Department",
    "MRAcquisitionType": "2D",
    "MagneticFieldStrength": 3,
    "Manufacturer": "Siemens",
    "ManufacturersModelName": "TrioTim",
    "Modality": "MR",
    "MultibandAccelerationFactor": 8,
    "PartialFourier": 1,
    "PatientPosition": "HFS",
    "PercentPhaseFOV": 100,
    "PhaseEncodingDirection": "j",
    "PhaseEncodingSteps": 82,
    "PhaseResolution": 1,
    "PixelBandwidth": 2772,
    "ProcedureStepDescription": "VMITTAL_adaptcog_200068",
    "ProtocolName": "ritl_pa_32ch_mb8_v01_r03",
    "PulseSequenceDetails": "%CustomerSeq%_cmrr_mbep2d_bold",
    "ReceiveCoilName": "32Ch_Head",
    "ReconMatrixPE": 82,
    "RepetitionTime": 0.46,
    "SAR": 0.21377,
    "ScanOptions": "FS",
    "ScanningSequence": "EP",
    "SequenceName": "epfid2d1_82",
    "SequenceVariant": "SK",
    "SeriesDescription": "ritl_pa_32ch_mb8_v01_r03",
    "SeriesNumber": 12,
    "ShimSetting": [
      6767,
      12586,
      -6684,
      795,
      164,
      -211,
      223,
      70
    ],
    "SliceThickness": 3,
    "SliceTiming": [
      0,
      0.2625,
      0.065,
      0.3275,
      0.13,
      0.395,
      0.1975,
      0,
      0.2625,
      0.065,
      0.3275,
      0.13,
      0.395,
      0.1975,
      0,
      0.2625,
      0.065,
      0.3275,
      0.13,
      0.395,
      0.1975,
      0,
      0.2625,
      0.065,
      0.3275,
      0.13,
      0.395,
      0.1975,
      0,
      0.2625,
      0.065,
      0.3275,
      0.13,
      0.395,
      0.1975,
      0,
      0.2625,
      0.065,
      0.3275,
      0.13,
      0.395,
      0.1975,
      0,
      0.2625,
      0.065,
      0.3275,
      0.13,
      0.395,
      0.1975,
      0,
      0.2625,
      0.065,
      0.3275,
      0.13,
      0.395,
      0.1975
    ],
    "SoftwareVersions": "syngo_MR_B17",
    "SpacingBetweenSlices": 3,
    "StationName": "MRC35451",
    "TaskName": "ritl",
    "TotalReadoutTime": 0.04131,
    "TxRefAmp": 370.774,
    "acq_id": "MB",
    "dataset": "ds001371",
    "modality": "bold",
    "run_id": 3,
    "subject_id": "M80334891",
    "task_id": "ritl"
  },
  "dummy_trs": 0,
  "dvars_nstd": 31.68001938924974,
  "dvars_std": 1.2782684999776037,
  "dvars_vstd": 1.0276596651735699,
  "efc": 0.39211231497899474,
  "fber": 22123.0625,
  "fd_mean": 0.13854168461399424,
  "fd_num": 163,
  "fd_perc": 18.232662192393736,
  "fwhm_avg": 1.7624288800050538,
  "fwhm_x": 1.6719204967295778,
  "fwhm_y": 1.8532661432855835,
  "fwhm_z": 1.7621,
  "gcor": 0.0423637,
  "gsr_x": -0.026051979511976242,
  "gsr_y": 0.011858658865094185,
  "provenance": {
    "md5sum": "3e6fc617379a834ef3ddad2cfaf13614",
    "settings": {
      "fd_thres": 0.2,
      "testing": false
    },
    "software": "mriqc",
    "version": "22.0.6",
    "webapi_port": null,
    "webapi_url": "https://mriqc.nimh.nih.gov/api/v1"
  },
  "size_t": 894,
  "size_x": 82,
  "size_y": 82,
  "size_z": 56,
  "snr": 7.190547613053461,
  "spacing_tr": 0.46000000834465027,
  "spacing_x": 3.02439022064209,
  "spacing_y": 3.02439022064209,
  "spacing_z": 3.0,
  "summary_bg_k": 24.09245625294056,
  "summary_bg_mad": 2.4776371310379175,
  "summary_bg_mean": 11.309219360351562,
  "summary_bg_median": 2.013422727584839,
  "summary_bg_n": 291619.0,
  "summary_bg_p05": 0.05369127541780472,
  "summary_bg_p95": 62.33680152893038,
  "summary_bg_stdv": 25.791231155395508,
  "summary_fg_k": 2.1439201597378847,
  "summary_fg_mad": 35.75741731819942,
  "summary_fg_mean": 287.1146240234375,
  "summary_fg_median": 287.3355712890625,
  "summary_fg_n": 34184.0,
  "summary_fg_p05": 224.01147232055663,
  "summary_fg_p95": 351.0442352294922,
  "summary_fg_stdv": 39.9595947265625,
  "tsnr": 46.75362997746561
}