{
  "aor": 0.0015236363636363637,
  "aqi": 0.02036331993265993,
  "bids_meta": {
    "AcquisitionMatrixPE": 82,
    "AcquisitionNumber": 1,
    "AcquisitionTime": "14:41:32.210000",
    "BandwidthPerPixelPhaseEncode": 23.912,
    "BaseResolution": 82,
    "ConversionSoftware": "dcm2niix",
    "ConversionSoftwareVersion": "v1.0.20171215 Clang9.0.0",
    "DerivedVendorReportedEchoSpacing": 0.00051,
    "DeviceSerialNumber": "35451",
    "DwellTime": 2.2e-06,
    "EchoTime": 0.029,
    "EffectiveEchoSpacing": 0.00051,
    "FlipAngle": 44,
    "ImageComments": "Unaliased_MB8_PE3_(remote)",
    "ImageOrientationPatientDICOM": [
      1,
      -2e-16,
      0,
      2e-16,
      0.987414,
      -0.158158
    ],
    "ImageType": [
      "ORIGINAL",
      "PRIMARY",
      "M",
      "ND",
      "NORM",
      "MOSAIC"
    ],
    "InPlanePhaseEncodingDirectionDICOM": "COL",
    "InstitutionAddress": "Exposition_Drive_1777_Boulder-_6392da-_Denver_US_80301",
    "InstitutionName": "Intermountain_Neuroimaging_Consortium",
    "InstitutionalDepartmentName": "Department",
    "MRAcquisitionType": "2D",
    "MagneticFieldStrength": 3,
    "Manufacturer": "Siemens",
    "ManufacturersModelName": "TrioTim",
    "Modality": "MR",
    "MultibandAccelerationFactor": 8,
    "PartialFourier": 1,
    "PatientPosition": "HFS",
    "PercentPhaseFOV": 100,
    "PhaseEncodingDirection": "j",
    "PhaseEncodingSteps": 82,
    "PhaseResolution": 1,
    "PixelBandwidth": 2772,
    "ProcedureStepDescription": "VMITTAL_adaptcog_200068",
    "ProtocolName": "ritl_pa_32ch_mb8_v01_r01",
    "PulseSequenceDetails": "%CustomerSeq%_cmrr_mbep2d_bold",
    "ReceiveCoilName": "32Ch_Head",
    "ReconMatrixPE": 82,
    "RepetitionTime": 0.46,
    "SAR": 0.232091,
    "ScanOptions": "FS",
    "ScanningSequence": "EP",
    "SequenceName": "epfid2d1_82",
    "SequenceVariant": "SK",
    "SeriesDescription": "ritl_pa_32ch_mb8_v01_r01",
    "SeriesNumber": 8,
    "ShimSetting": [
      6767,
      12586,
      -6684,
      795,
      164,
      -211,
      223,
      70
    ],
    "SliceThickness": 3,
    "SliceTiming": [
      0,
      0.265,
      0.0675,
      0.33,
      0.1325,
      0.3975,
      0.2,
      0,
      0.265,
      0.0675,
      0.33,
      0.1325,
      0.3975,
      0.2,
      0,
      0.265,
      0.0675,
      0.33,
      0.1325,
      0.3975,
      0.2,
      0,
      0.265,
      0.0675,
      0.33,
      0.1325,
      0.3975,
      0.2,
      0,
      0.265,
      0.0675,
      0.33,
      0.1325,
      0.3975,
      0.2,
      0,
      0.265,
      0.0675,
      0.33,
      0.1325,
      0.3975,
      0.2,
      0,
      0.265,
      0.0675,
      0.33,
      0.1325,
      0.3975,
      0.2,
      0,
      0.265,
      0.0675,
      0.33,
      0.1325,
      0.3975,
      0.2
    ],
    "SoftwareVersions": "syngo_MR_B17",
    "SpacingBetweenSlices": 3,
    "StationName": "MRC35451",
    "TaskName": "ritl",
    "TotalReadoutTime": 0.04131,
    "TxRefAmp": 370.774,
    "acq_id": "MB",
    "dataset": "ds001371",
    "modality": "bold",
    "run_id": 1,
    "subject_id": "M80334891",
    "task_id": "ritl"
  },
  "dummy_trs": 3,
  "dvars_nstd": 31.316166766280926,
  "dvars_std": 1.1916255877977522,
  "dvars_vstd": 0.9627481588651698,
  "efc": 0.39430513024660513,
  "fber": 19924.275390625,
  "fd_mean": 0.12371723889456206,
  "fd_num": 115,
  "fd_perc": 12.906846240179574,
  "fwhm_avg": 1.7951590414160992,
  "fwhm_x": 1.6830367871376528,
  "fwhm_y": 1.889240337110645,
  "fwhm_z": 1.8132000000000001,
  "gcor": 0.021591,
  "gsr_x": -0.027171876281499863,
  "gsr_y": 0.011750692501664162,
  "provenance": {
    "md5sum": "e0908f473ed610bd8093a0f5ddfa0a4e",
    "settings": {
      "fd_thres": 0.2,
      "testing": false
    },
    "software": "mriqc",
    "version": "22.0.6",
    "webapi_port": null,
    "webapi_url": "https://mriqc.nimh.nih.gov/api/v1"
  },
  "size_t": 891,
  "size_x": 82,
  "size_y": 82,
  "size_z": 56,
  "snr": 7.192481990401262,
  "spacing_tr": 0.46000000834465027,
  "spacing_x": 3.02439022064209,
  "spacing_y": 3.02439022064209,
  "spacing_z": 3.0,
  "summary_bg_k": 25.03587998951509,
  "summary_bg_mad": 2.6307454094462055,
  "summary_bg_mean": 11.647584915161133,
  "summary_bg_median": 2.149270534515381,
  "summary_bg_n": 291438.0,
  "summary_bg_p05": 0.06958474218845367,
  "summary_bg_p95": 63.3424839019775,
  "summary_bg_stdv": 26.356033325195312,
  "summary_fg_k": 1.6205906938799375,
  "summary_fg_mad": 36.774715544544634,
  "summary_fg_mean": 288.4811096191406,
  "summary_fg_median": 288.345703125,
  "summary_fg_n": 34308.0,
  "summary_fg_p05": 225.23160400390626,
  "summary_fg_p95": 352.866455078125,
  "summary_fg_stdv": 40.089290618896484,
  "tsnr": 40.00461363606155
}