{
  "aor": 0.0006065061590145577,
  "aqi": 0.008461326685330346,
  "bids_meta": {
    "AcquisitionMatrixPE": 82,
    "AcquisitionNumber": 1,
    "AcquisitionTime": "14:21:8.490000",
    "BandwidthPerPixelPhaseEncode": 23.912,
    "BaseResolution": 82,
    "ConversionSoftware": "dcm2niix",
    "ConversionSoftwareVersion": "v1.0.20171215 Clang9.0.0",
    "DerivedVendorReportedEchoSpacing": 0.00051,
    "DeviceSerialNumber": "35451",
    "DwellTime": 2.2e-06,
    "EchoTime": 0.029,
    "EffectiveEchoSpacing": 0.00051,
    "FlipAngle": 44,
    "ImageComments": "Unaliased_MB8_PE3_(remote)",
    "ImageOrientationPatientDICOM": [
      0.999323,
      0.0108878,
      0.0351451,
      3.35288e-08,
      0.955212,
      -0.295922
    ],
    "ImageType": [
      "ORIGINAL",
      "PRIMARY",
      "M",
      "ND",
      "NORM",
      "MOSAIC"
    ],
    "InPlanePhaseEncodingDirectionDICOM": "COL",
    "InstitutionAddress": "Exposition_Drive_1777_Boulder-_6392da-_Denver_US_80301",
    "InstitutionName": "Intermountain_Neuroimaging_Consortium",
    "InstitutionalDepartmentName": "Department",
    "MRAcquisitionType": "2D",
    "MagneticFieldStrength": 3,
    "Manufacturer": "Siemens",
    "ManufacturersModelName": "TrioTim",
    "Modality": "MR",
    "MultibandAccelerationFactor": 8,
    "PartialFourier": 1,
    "PatientPosition": "HFS",
    "PercentPhaseFOV": 100,
    "PhaseEncodingDirection": "j",
    "PhaseEncodingSteps": 82,
    "PhaseResolution": 1,
    "PixelBandwidth": 2772,
    "ProcedureStepDescription": "VMITTAL_adaptcog_200068",
    "ProtocolName": "ritl_pa_32ch_mb8_v01_r06",
    "PulseSequenceDetails": "%CustomerSeq%_cmrr_mbep2d_bold",
    "ReceiveCoilName": "32Ch_Head",
    "ReconMatrixPE": 82,
    "RepetitionTime": 0.46,
    "SAR": 0.179539,
    "ScanOptions": "FS",
    "ScanningSequence": "EP",
    "SequenceName": "epfid2d1_82",
    "SequenceVariant": "SK",
    "SeriesDescription": "ritl_pa_32ch_mb8_v01_r06",
    "SeriesNumber": 22,
    "ShimSetting": [
      6795,
      12638,
      -6754,
      691,
      233,
      -285,
      20,
      47
    ],
    "SliceThickness": 3,
    "SliceTiming": [
      0,
      0.265,
      0.0675,
      0.33,
      0.1325,
      0.395,
      0.1975,
      0,
      0.265,
      0.0675,
      0.33,
      0.1325,
      0.395,
      0.1975,
      0,
      0.265,
      0.0675,
      0.33,
      0.1325,
      0.395,
      0.1975,
      0,
      0.265,
      0.0675,
      0.33,
      0.1325,
      0.395,
      0.1975,
      0,
      0.265,
      0.0675,
      0.33,
      0.1325,
      0.395,
      0.1975,
      0,
      0.265,
      0.0675,
      0.33,
      0.1325,
      0.395,
      0.1975,
      0,
      0.265,
      0.0675,
      0.33,
      0.1325,
      0.395,
      0.1975,
      0,
      0.265,
      0.0675,
      0.33,
      0.1325,
      0.395,
      0.1975
    ],
    "SoftwareVersions": "syngo_MR_B17",
    "SpacingBetweenSlices": 3,
    "StationName": "MRC35451",
    "TaskName": "ritl",
    "TotalReadoutTime": 0.04131,
    "TxRefAmp": 344.342,
    "acq_id": "MB",
    "dataset": "ds001371",
    "modality": "bold",
    "run_id": 6,
    "subject_id": "M80397245",
    "task_id": "ritl"
  },
  "dummy_trs": 1,
  "dvars_nstd": 30.485933370145748,
  "dvars_std": 1.2252226323318394,
  "dvars_vstd": 1.0059595754820632,
  "efc": 0.36468568444958294,
  "fber": 63749.875,
  "fd_mean": 0.061284542841675164,
  "fd_num": 3,
  "fd_perc": 0.335946248600224,
  "fwhm_avg": 1.7781778943618232,
  "fwhm_x": 1.6736762225495323,
  "fwhm_y": 1.859254127202604,
  "fwhm_z": 1.8016033333333334,
  "gcor": 0.0187683,
  "gsr_x": -0.023218858987092972,
  "gsr_y": 0.01231477688997984,
  "provenance": {
    "md5sum": "beab12a557df84ac1b3d639b8900a4ad",
    "settings": {
      "fd_thres": 0.2,
      "testing": false
    },
    "software": "mriqc",
    "version": "22.0.6",
    "webapi_port": null,
    "webapi_url": "https://mriqc.nimh.nih.gov/api/v1"
  },
  "size_t": 893,
  "size_x": 82,
  "size_y": 82,
  "size_z": 56,
  "snr": 6.800277818014814,
  "spacing_tr": 0.46000000834465027,
  "spacing_x": 3.02439022064209,
  "spacing_y": 3.02439022064209,
  "spacing_z": 3.0,
  "summary_bg_k": 36.88269842704597,
  "summary_bg_mad": 1.461018955862845,
  "summary_bg_mean": 6.635996341705322,
  "summary_bg_median": 1.1108622550964355,
  "summary_bg_n": 289292.0,
  "summary_bg_p05": 0.011198208667337894,
  "summary_bg_p95": 32.91713333129883,
  "summary_bg_stdv": 18.336368560791016,
  "summary_fg_k": 1.0669949163480954,
  "summary_fg_mad": 38.090249016351265,
  "summary_fg_mean": 273.1456298828125,
  "summary_fg_median": 272.3157958984375,
  "summary_fg_n": 36902.0,
  "summary_fg_p05": 211.71792221069336,
  "summary_fg_p95": 340.8591491699218,
  "summary_fg_stdv": 40.04426193237305,
  "tsnr": 57.59264261228964
}