{
  "bids_meta": {
    "AcquisitionMatrixPE": 320,
    "AcquisitionNumber": 1,
    "AcquisitionTime": "09:43:1.510000",
    "BaseResolution": 320,
    "ConversionSoftware": "dcm2niix",
    "ConversionSoftwareVersion": "v1.0.20171215 Clang9.0.0",
    "DeviceSerialNumber": "35451",
    "DwellTime": 6.5e-06,
    "EchoTime": 0.00201,
    "FlipAngle": 8,
    "ImageOrientationPatientDICOM": [
      0.0593064,
      0.99824,
      -2.08681e-08,
      -0.0191637,
      0.00113851,
      -0.999816
    ],
    "ImageType": [
      "ORIGINAL",
      "PRIMARY",
      "M",
      "ND",
      "NORM"
    ],
    "InPlanePhaseEncodingDirectionDICOM": "ROW",
    "InstitutionAddress": "Exposition_Drive_1777_Boulder-_6392da-_Denver_US_80301",
    "InstitutionName": "Intermountain_Neuroimaging_Consortium",
    "InstitutionalDepartmentName": "Department",
    "InversionTime": 1,
    "MRAcquisitionType": "3D",
    "MagneticFieldStrength": 3,
    "Manufacturer": "Siemens",
    "ManufacturersModelName": "TrioTim",
    "Modality": "MR",
    "ParallelReductionFactorInPlane": 2,
    "PartialFourier": 1,
    "PatientPosition": "HFS",
    "PercentPhaseFOV": 100,
    "PhaseEncodingSteps": 319,
    "PhaseResolution": 1,
    "PixelBandwidth": 240,
    "ProcedureStepDescription": "VMITTAL_adaptcog_200068",
    "ProtocolName": "t1w_32ch_mpr_08mm",
    "PulseSequenceDetails": "%SiemensSeq%_tfl",
    "ReceiveCoilName": "32Ch_Head",
    "ReconMatrixPE": 320,
    "RepetitionTime": 2.4,
    "SAR": 0.0888706,
    "ScanOptions": "IR_WE",
    "ScanningSequence": "GR_IR",
    "SequenceName": "_tfl3d1_ns",
    "SequenceVariant": "SP_MP",
    "SeriesDescription": "t1w_32ch_mpr_08mm",
    "SeriesNumber": 2,
    "ShimSetting": [
      6746,
      12574,
      -6826,
      92,
      406,
      -433,
      270,
      111
    ],
    "SliceThickness": 0.8,
    "SoftwareVersions": "syngo_MR_B17",
    "StationName": "MRC35451",
    "TxRefAmp": 356.56,
    "dataset": "ds001371",
    "modality": "T1w",
    "subject_id": "M80340633"
  },
  "cjv": 0.33489736325039376,
  "cnr": 3.9415095586044764,
  "efc": 0.5933489822311354,
  "fber": 10102.966398831264,
  "fwhm_avg": 4.964186383345811,
  "fwhm_x": 5.014484297232217,
  "fwhm_y": 4.935774926451222,
  "fwhm_z": 4.942299926353992,
  "icvs_csf": 0.19790688028153744,
  "icvs_gm": 0.4343903417840528,
  "icvs_wm": 0.3677027779344098,
  "inu_med": 0.4902268946170807,
  "inu_range": 0.22488442212343202,
  "provenance": {
    "md5sum": "f1658beeb350122a8b594025e05ccd9f",
    "settings": {
      "testing": false
    },
    "software": "mriqc",
    "version": "22.0.6",
    "warnings": {
      "large_rot_frame": true,
      "small_air_mask": false
    },
    "webapi_port": null,
    "webapi_url": "https://mriqc.nimh.nih.gov/api/v1"
  },
  "qi_1": 1.2521561682017803e-06,
  "qi_2": 0.012432927352217744,
  "rpve_csf": 22.15144916471587,
  "rpve_gm": 10.587366070256628,
  "rpve_wm": 13.919288284886763,
  "size_x": 224,
  "size_y": 320,
  "size_z": 320,
  "snr_csf": 2.8802157469438616,
  "snr_gm": 13.832901180530321,
  "snr_total": 12.851410073771824,
  "snr_wm": 21.84111329384129,
  "snrd_csf": 33.033432719068394,
  "snrd_gm": 89.27110055857862,
  "snrd_total": 81.85968438680722,
  "snrd_wm": 123.27451988277465,
  "spacing_x": 0.7999945282936096,
  "spacing_y": 0.800000011920929,
  "spacing_z": 0.800000011920929,
  "summary_bg_k": 1364.2026803968522,
  "summary_bg_mad": 5.314605884480248,
  "summary_bg_mean": 5.133686604788821,
  "summary_bg_median": 3.5846471954137087,
  "summary_bg_n": 5231133.0,
  "summary_bg_p05": 0.0,
  "summary_bg_p95": 19.088974902406335,
  "summary_bg_stdv": 7.7851676314886875,
  "summary_csf_k": 1.5387407773361241,
  "summary_csf_mad": 72.07124077490288,
  "summary_csf_mean": 275.3011719869471,
  "summary_csf_median": 267.9742354620248,
  "summary_csf_n": 156454.0,
  "summary_csf_p05": 126.80325160361826,
  "summary_csf_p95": 443.07842226335794,
  "summary_csf_stdv": 93.0393423984155,
  "summary_gm_k": 0.5776140636537921,
  "summary_gm_mad": 48.91165740838733,
  "summary_gm_mean": 723.2287460639856,
  "summary_gm_median": 724.1861638929695,
  "summary_gm_n": 151956.0,
  "summary_gm_p05": 636.2894489225,
  "summary_gm_p95": 807.9445056784898,
  "summary_gm_stdv": 52.352270254574,
  "summary_wm_k": 0.5054129489790005,
  "summary_wm_mad": 43.467426990139266,
  "summary_wm_mean": 999.0291967754479,
  "summary_wm_median": 1000.0291371010244,
  "summary_wm_n": 600487.0,
  "summary_wm_p05": 922.6532159317285,
  "summary_wm_p95": 1072.334093945101,
  "summary_wm_stdv": 45.78650781052032,
  "tpm_overlap_csf": 0.16119977765387436,
  "tpm_overlap_gm": 0.4480805752861651,
  "tpm_overlap_wm": 0.49415766897295377,
  "wm2max": 0.8144557855644247
}