{
  "aor": 0.0011965095398428732,
  "aqi": 0.015348660426487094,
  "bids_meta": {
    "AcquisitionMatrixPE": 82,
    "AcquisitionNumber": 1,
    "AcquisitionTime": "15:37:16.270000",
    "BandwidthPerPixelPhaseEncode": 23.912,
    "BaseResolution": 82,
    "ConversionSoftware": "dcm2niix",
    "ConversionSoftwareVersion": "v1.0.20171215 Clang9.0.0",
    "DerivedVendorReportedEchoSpacing": 0.00051,
    "DeviceSerialNumber": "35451",
    "DwellTime": 2.2e-06,
    "EchoTime": 0.029,
    "EffectiveEchoSpacing": 0.00051,
    "FlipAngle": 44,
    "ImageComments": "Unaliased_MB8_PE3_(remote)",
    "ImageOrientationPatientDICOM": [
      0.999843,
      0.00765898,
      0.0159829,
      3.97412e-08,
      0.901804,
      -0.432145
    ],
    "ImageType": [
      "ORIGINAL",
      "PRIMARY",
      "M",
      "MB",
      "ND",
      "NORM",
      "MOSAIC"
    ],
    "InPlanePhaseEncodingDirectionDICOM": "COL",
    "InstitutionAddress": "Exposition_Drive_1777_Boulder-_c0d8dc-_Denver_US_80301",
    "InstitutionName": "Intermountain_Neuroimaging_Consortium",
    "InstitutionalDepartmentName": "Department",
    "MRAcquisitionType": "2D",
    "MagneticFieldStrength": 3,
    "Manufacturer": "Siemens",
    "ManufacturersModelName": "TrioTim",
    "Modality": "MR",
    "MultibandAccelerationFactor": 8,
    "PartialFourier": 1,
    "PatientPosition": "HFS",
    "PercentPhaseFOV": 100,
    "PhaseEncodingDirection": "j",
    "PhaseEncodingSteps": 82,
    "PhaseResolution": 1,
    "PixelBandwidth": 2772,
    "ProcedureStepDescription": "VMITTAL_adaptcog_200068",
    "ProtocolName": "ritl_pa_32ch_mb8_v01_r06",
    "PulseSequenceDetails": "%CustomerSeq%_cmrr_mbep2d_bold",
    "ReceiveCoilName": "32Ch_Head",
    "ReconMatrixPE": 82,
    "RepetitionTime": 0.46,
    "SAR": 0.140574,
    "ScanOptions": "FS",
    "ScanningSequence": "EP",
    "SequenceName": "epfid2d1_82",
    "SequenceVariant": "SK_SS",
    "SeriesDescription": "ritl_pa_32ch_mb8_v01_r06",
    "SeriesNumber": 16,
    "ShimSetting": [
      6787,
      12673,
      -6749,
      533,
      306,
      164,
      -121,
      169
    ],
    "SliceThickness": 3,
    "SliceTiming": [
      0,
      0.2625,
      0.065,
      0.33,
      0.13,
      0.395,
      0.1975,
      0,
      0.2625,
      0.065,
      0.33,
      0.13,
      0.395,
      0.1975,
      0,
      0.2625,
      0.065,
      0.33,
      0.13,
      0.395,
      0.1975,
      0,
      0.2625,
      0.065,
      0.33,
      0.13,
      0.395,
      0.1975,
      0,
      0.2625,
      0.065,
      0.33,
      0.13,
      0.395,
      0.1975,
      0,
      0.2625,
      0.065,
      0.33,
      0.13,
      0.395,
      0.1975,
      0,
      0.2625,
      0.065,
      0.33,
      0.13,
      0.395,
      0.1975,
      0,
      0.2625,
      0.065,
      0.33,
      0.13,
      0.395,
      0.1975
    ],
    "SoftwareVersions": "syngo_MR_B17",
    "SpacingBetweenSlices": 3,
    "StationName": "MRC35451",
    "TaskName": "ritl",
    "TotalReadoutTime": 0.04131,
    "TxRefAmp": 346.473,
    "acq_id": "MB",
    "dataset": "ds001371",
    "modality": "bold",
    "run_id": 6,
    "subject_id": "M80392216",
    "task_id": "ritl"
  },
  "dummy_trs": 3,
  "dvars_nstd": 31.789733734842713,
  "dvars_std": 1.1688470571235954,
  "dvars_vstd": 1.0087288431348311,
  "efc": 0.4326451080600267,
  "fber": 19991.798828125,
  "fd_mean": 0.05715769093901478,
  "fd_num": 1,
  "fd_perc": 0.1122334455667789,
  "fwhm_avg": 1.7573523297542577,
  "fwhm_x": 1.5945098509729283,
  "fwhm_y": 1.9027538049565116,
  "fwhm_z": 1.7747933333333332,
  "gcor": 0.0127145,
  "gsr_x": -0.025846123695373535,
  "gsr_y": 0.038413435220718384,
  "provenance": {
    "md5sum": "3640be5013417dfa730d31c17d07ddc2",
    "settings": {
      "fd_thres": 0.2,
      "testing": false
    },
    "software": "mriqc",
    "version": "22.0.6",
    "webapi_port": null,
    "webapi_url": "https://mriqc.nimh.nih.gov/api/v1"
  },
  "size_t": 891,
  "size_x": 82,
  "size_y": 82,
  "size_z": 56,
  "snr": 6.82735712934311,
  "spacing_tr": 0.46000000834465027,
  "spacing_x": 3.02439022064209,
  "spacing_y": 3.02439022064209,
  "spacing_z": 3.0,
  "summary_bg_k": 17.303903839974055,
  "summary_bg_mad": 2.369501284704853,
  "summary_bg_mean": 11.41197395324707,
  "summary_bg_median": 1.8451179265975952,
  "summary_bg_n": 277695.0,
  "summary_bg_p05": 0.031425364315509796,
  "summary_bg_p95": 63.34186706542966,
  "summary_bg_stdv": 23.8021297454834,
  "summary_fg_k": 1.7599128652780927,
  "summary_fg_mad": 34.272914791674495,
  "summary_fg_mean": 255.36268615722656,
  "summary_fg_median": 254.52862548828125,
  "summary_fg_n": 45343.0,
  "summary_fg_p05": 198.78731994628907,
  "summary_fg_p95": 316.67901611328125,
  "summary_fg_stdv": 37.2802848815918,
  "tsnr": 42.93326957244426
}