{
  "aor": 0.000747665544332211,
  "aqi": 0.017381436026936026,
  "bids_meta": {
    "AcquisitionMatrixPE": 82,
    "AcquisitionNumber": 1,
    "AcquisitionTime": "15:07:37.917500",
    "BandwidthPerPixelPhaseEncode": 23.912,
    "BaseResolution": 82,
    "ConversionSoftware": "dcm2niix",
    "ConversionSoftwareVersion": "v1.0.20171215 Clang9.0.0",
    "DerivedVendorReportedEchoSpacing": 0.00051,
    "DeviceSerialNumber": "35451",
    "DwellTime": 2.2e-06,
    "EchoTime": 0.029,
    "EffectiveEchoSpacing": 0.00051,
    "FlipAngle": 44,
    "ImageComments": "Unaliased_MB8_PE3_(remote)",
    "ImageOrientationPatientDICOM": [
      0.999843,
      0.00765898,
      0.0159829,
      3.97412e-08,
      0.901804,
      -0.432145
    ],
    "ImageType": [
      "ORIGINAL",
      "PRIMARY",
      "M",
      "MB",
      "ND",
      "NORM",
      "MOSAIC"
    ],
    "InPlanePhaseEncodingDirectionDICOM": "COL",
    "InstitutionAddress": "Exposition_Drive_1777_Boulder-_c0d8dc-_Denver_US_80301",
    "InstitutionName": "Intermountain_Neuroimaging_Consortium",
    "InstitutionalDepartmentName": "Department",
    "MRAcquisitionType": "2D",
    "MagneticFieldStrength": 3,
    "Manufacturer": "Siemens",
    "ManufacturersModelName": "TrioTim",
    "Modality": "MR",
    "MultibandAccelerationFactor": 8,
    "PartialFourier": 1,
    "PatientPosition": "HFS",
    "PercentPhaseFOV": 100,
    "PhaseEncodingDirection": "j",
    "PhaseEncodingSteps": 82,
    "PhaseResolution": 1,
    "PixelBandwidth": 2772,
    "ProcedureStepDescription": "VMITTAL_adaptcog_200068",
    "ProtocolName": "ritl_pa_32ch_mb8_v01_r02",
    "PulseSequenceDetails": "%CustomerSeq%_cmrr_mbep2d_bold",
    "ReceiveCoilName": "32Ch_Head",
    "ReconMatrixPE": 82,
    "RepetitionTime": 0.46,
    "SAR": 0.139579,
    "ScanOptions": "FS",
    "ScanningSequence": "EP",
    "SequenceName": "epfid2d1_82",
    "SequenceVariant": "SK_SS",
    "SeriesDescription": "ritl_pa_32ch_mb8_v01_r02",
    "SeriesNumber": 8,
    "ShimSetting": [
      6787,
      12673,
      -6749,
      533,
      306,
      164,
      -121,
      169
    ],
    "SliceThickness": 3,
    "SliceTiming": [
      0,
      0.265,
      0.0675,
      0.33,
      0.1325,
      0.3975,
      0.1975,
      0,
      0.265,
      0.0675,
      0.33,
      0.1325,
      0.3975,
      0.1975,
      0,
      0.265,
      0.0675,
      0.33,
      0.1325,
      0.3975,
      0.1975,
      0,
      0.265,
      0.0675,
      0.33,
      0.1325,
      0.3975,
      0.1975,
      0,
      0.265,
      0.0675,
      0.33,
      0.1325,
      0.3975,
      0.1975,
      0,
      0.265,
      0.0675,
      0.33,
      0.1325,
      0.3975,
      0.1975,
      0,
      0.265,
      0.0675,
      0.33,
      0.1325,
      0.3975,
      0.1975,
      0,
      0.265,
      0.0675,
      0.33,
      0.1325,
      0.3975,
      0.1975
    ],
    "SoftwareVersions": "syngo_MR_B17",
    "SpacingBetweenSlices": 3,
    "StationName": "MRC35451",
    "TaskName": "ritl",
    "TotalReadoutTime": 0.04131,
    "TxRefAmp": 346.473,
    "acq_id": "MB",
    "dataset": "ds001371",
    "modality": "bold",
    "run_id": 2,
    "subject_id": "M80392216",
    "task_id": "ritl"
  },
  "dummy_trs": 3,
  "dvars_nstd": 32.21510652260675,
  "dvars_std": 1.1285749153820217,
  "dvars_vstd": 0.9744722803932582,
  "efc": 0.430262391971909,
  "fber": 21337.16015625,
  "fd_mean": 0.06907381121983952,
  "fd_num": 11,
  "fd_perc": 1.2345679012345678,
  "fwhm_avg": 1.7752950896576791,
  "fwhm_x": 1.5981700929365628,
  "fwhm_y": 1.9173451760364746,
  "fwhm_z": 1.81037,
  "gcor": 0.00974078,
  "gsr_x": -0.025745593011379242,
  "gsr_y": 0.03763597458600998,
  "provenance": {
    "md5sum": "4ce708067325dff4c0c3f4e8bfc79ae3",
    "settings": {
      "fd_thres": 0.2,
      "testing": false
    },
    "software": "mriqc",
    "version": "22.0.6",
    "webapi_port": null,
    "webapi_url": "https://mriqc.nimh.nih.gov/api/v1"
  },
  "size_t": 891,
  "size_x": 82,
  "size_y": 82,
  "size_z": 56,
  "snr": 6.802758201900889,
  "spacing_tr": 0.46000000834465027,
  "spacing_x": 3.02439022064209,
  "spacing_y": 3.02439022064209,
  "spacing_z": 3.0,
  "summary_bg_k": 16.84959492943974,
  "summary_bg_mad": 2.3095981703441453,
  "summary_bg_mean": 10.967206954956055,
  "summary_bg_median": 1.7811448574066162,
  "summary_bg_n": 277695.0,
  "summary_bg_p05": 0.028058363124728203,
  "summary_bg_p95": 60.753651809692315,
  "summary_bg_stdv": 23.0239315032959,
  "summary_fg_k": 1.7607078711779236,
  "summary_fg_mad": 34.34361077453629,
  "summary_fg_mean": 255.43362426757812,
  "summary_fg_median": 254.43829345703125,
  "summary_fg_n": 45438.0,
  "summary_fg_p05": 198.69131088256836,
  "summary_fg_p95": 316.7534469604492,
  "summary_fg_stdv": 37.40181350708008,
  "tsnr": 41.0186153347604
}