{
  "aor": 0.0005045342312008978,
  "aqi": 0.012283376666666667,
  "bids_meta": {
    "AcquisitionMatrixPE": 82,
    "AcquisitionNumber": 1,
    "AcquisitionTime": "15:00:13.790000",
    "BandwidthPerPixelPhaseEncode": 23.912,
    "BaseResolution": 82,
    "ConversionSoftware": "dcm2niix",
    "ConversionSoftwareVersion": "v1.0.20171215 Clang9.0.0",
    "DerivedVendorReportedEchoSpacing": 0.00051,
    "DeviceSerialNumber": "35451",
    "DwellTime": 2.2e-06,
    "EchoTime": 0.029,
    "EffectiveEchoSpacing": 0.00051,
    "FlipAngle": 44,
    "ImageComments": "Unaliased_MB8_PE3_(remote)",
    "ImageOrientationPatientDICOM": [
      0.999843,
      0.00765898,
      0.0159829,
      3.97412e-08,
      0.901804,
      -0.432145
    ],
    "ImageType": [
      "ORIGINAL",
      "PRIMARY",
      "M",
      "MB",
      "ND",
      "NORM",
      "MOSAIC"
    ],
    "InPlanePhaseEncodingDirectionDICOM": "COL",
    "InstitutionAddress": "Exposition_Drive_1777_Boulder-_c0d8dc-_Denver_US_80301",
    "InstitutionName": "Intermountain_Neuroimaging_Consortium",
    "InstitutionalDepartmentName": "Department",
    "MRAcquisitionType": "2D",
    "MagneticFieldStrength": 3,
    "Manufacturer": "Siemens",
    "ManufacturersModelName": "TrioTim",
    "Modality": "MR",
    "MultibandAccelerationFactor": 8,
    "PartialFourier": 1,
    "PatientPosition": "HFS",
    "PercentPhaseFOV": 100,
    "PhaseEncodingDirection": "j",
    "PhaseEncodingSteps": 82,
    "PhaseResolution": 1,
    "PixelBandwidth": 2772,
    "ProcedureStepDescription": "VMITTAL_adaptcog_200068",
    "ProtocolName": "ritl_pa_32ch_mb8_v01_r01",
    "PulseSequenceDetails": "%CustomerSeq%_cmrr_mbep2d_bold",
    "ReceiveCoilName": "32Ch_Head",
    "ReconMatrixPE": 82,
    "RepetitionTime": 0.46,
    "SAR": 0.141385,
    "ScanOptions": "FS",
    "ScanningSequence": "EP",
    "SequenceName": "epfid2d1_82",
    "SequenceVariant": "SK_SS",
    "SeriesDescription": "ritl_pa_32ch_mb8_v01_r01",
    "SeriesNumber": 6,
    "ShimSetting": [
      6787,
      12673,
      -6749,
      533,
      306,
      164,
      -121,
      169
    ],
    "SliceThickness": 3,
    "SliceTiming": [
      0,
      0.265,
      0.0675,
      0.33,
      0.1325,
      0.395,
      0.1975,
      0,
      0.265,
      0.0675,
      0.33,
      0.1325,
      0.395,
      0.1975,
      0,
      0.265,
      0.0675,
      0.33,
      0.1325,
      0.395,
      0.1975,
      0,
      0.265,
      0.0675,
      0.33,
      0.1325,
      0.395,
      0.1975,
      0,
      0.265,
      0.0675,
      0.33,
      0.1325,
      0.395,
      0.1975,
      0,
      0.265,
      0.0675,
      0.33,
      0.1325,
      0.395,
      0.1975,
      0,
      0.265,
      0.0675,
      0.33,
      0.1325,
      0.395,
      0.1975,
      0,
      0.265,
      0.0675,
      0.33,
      0.1325,
      0.395,
      0.1975
    ],
    "SoftwareVersions": "syngo_MR_B17",
    "SpacingBetweenSlices": 3,
    "StationName": "MRC35451",
    "TaskName": "ritl",
    "TotalReadoutTime": 0.04131,
    "TxRefAmp": 346.473,
    "acq_id": "MB",
    "dataset": "ds001371",
    "modality": "bold",
    "run_id": 1,
    "subject_id": "M80392216",
    "task_id": "ritl"
  },
  "dummy_trs": 3,
  "dvars_nstd": 32.61154593568543,
  "dvars_std": 1.1750967474606742,
  "dvars_vstd": 1.006922756853932,
  "efc": 0.4297404746058869,
  "fber": 20839.46484375,
  "fd_mean": 0.0638762542694499,
  "fd_num": 16,
  "fd_perc": 1.7957351290684624,
  "fwhm_avg": 1.7757899552654963,
  "fwhm_x": 1.602852028456442,
  "fwhm_y": 1.919067837340046,
  "fwhm_z": 1.8054500000000002,
  "gcor": 0.0114513,
  "gsr_x": -0.026013817638158798,
  "gsr_y": 0.037791572511196136,
  "provenance": {
    "md5sum": "c48d1a20cbdbdf8133d35c6bdf05f1e5",
    "settings": {
      "fd_thres": 0.2,
      "testing": false
    },
    "software": "mriqc",
    "version": "22.0.6",
    "webapi_port": null,
    "webapi_url": "https://mriqc.nimh.nih.gov/api/v1"
  },
  "size_t": 891,
  "size_x": 82,
  "size_y": 82,
  "size_z": 56,
  "snr": 6.798227606525773,
  "spacing_tr": 0.46000000834465027,
  "spacing_x": 3.02439022064209,
  "spacing_y": 3.02439022064209,
  "spacing_z": 3.0,
  "summary_bg_k": 17.05324108596281,
  "summary_bg_mad": 2.332893800154288,
  "summary_bg_mean": 10.83842945098877,
  "summary_bg_median": 1.7991021871566772,
  "summary_bg_n": 277460.0,
  "summary_bg_p05": 0.02132435515522957,
  "summary_bg_p95": 60.16515407562252,
  "summary_bg_stdv": 22.89033317565918,
  "summary_fg_k": 1.6946819616451734,
  "summary_fg_mad": 34.89522042257434,
  "summary_fg_mean": 255.52993774414062,
  "summary_fg_median": 254.7418670654297,
  "summary_fg_n": 45413.0,
  "summary_fg_p05": 198.75488891601563,
  "summary_fg_p95": 316.7953002929688,
  "summary_fg_stdv": 37.47139358520508,
  "tsnr": 47.512049948447384
}