{
  "aor": 0.002087393736017897,
  "aqi": 0.017938072930648773,
  "bids_meta": {
    "AcquisitionMatrixPE": 82,
    "AcquisitionNumber": 1,
    "AcquisitionTime": "16:14:0.822500",
    "BandwidthPerPixelPhaseEncode": 23.912,
    "BaseResolution": 82,
    "ConversionSoftware": "dcm2niix",
    "ConversionSoftwareVersion": "v1.0.20171215 Clang9.0.0",
    "DerivedVendorReportedEchoSpacing": 0.00051,
    "DeviceSerialNumber": "35451",
    "DwellTime": 2.2e-06,
    "EchoTime": 0.029,
    "EffectiveEchoSpacing": 0.00051,
    "FlipAngle": 44,
    "ImageComments": "Unaliased_MB8_PE3_(remote)",
    "ImageOrientationPatientDICOM": [
      0.999296,
      0.0155829,
      0.0341261,
      -3.31766e-08,
      0.909653,
      -0.415369
    ],
    "ImageType": [
      "ORIGINAL",
      "PRIMARY",
      "M",
      "MB",
      "ND",
      "NORM",
      "MOSAIC"
    ],
    "InPlanePhaseEncodingDirectionDICOM": "COL",
    "InstitutionAddress": "Exposition_Drive_1777_Boulder-_c0d8dc-_Denver_US_80301",
    "InstitutionName": "Intermountain_Neuroimaging_Consortium",
    "InstitutionalDepartmentName": "Department",
    "MRAcquisitionType": "2D",
    "MagneticFieldStrength": 3,
    "Manufacturer": "Siemens",
    "ManufacturersModelName": "TrioTim",
    "Modality": "MR",
    "MultibandAccelerationFactor": 8,
    "PartialFourier": 1,
    "PatientPosition": "HFS",
    "PercentPhaseFOV": 100,
    "PhaseEncodingDirection": "j",
    "PhaseEncodingSteps": 82,
    "PhaseResolution": 1,
    "PixelBandwidth": 2772,
    "ProcedureStepDescription": "VMITTAL_adaptcog_200068",
    "ProtocolName": "ritl_pa_32ch_mb8_v01_r04",
    "PulseSequenceDetails": "%CustomerSeq%_cmrr_mbep2d_bold",
    "ReceiveCoilName": "32Ch_Head",
    "ReconMatrixPE": 82,
    "RepetitionTime": 0.46,
    "SAR": 0.148308,
    "ScanOptions": "FS",
    "ScanningSequence": "EP",
    "SequenceName": "epfid2d1_82",
    "SequenceVariant": "SK_SS",
    "SeriesDescription": "ritl_pa_32ch_mb8_v01_r04",
    "SeriesNumber": 12,
    "ShimSetting": [
      6771,
      12699,
      -6802,
      535,
      245,
      98,
      -179,
      80
    ],
    "SliceThickness": 3,
    "SliceTiming": [
      0,
      0.265,
      0.0675,
      0.33,
      0.1325,
      0.3975,
      0.1975,
      0,
      0.265,
      0.0675,
      0.33,
      0.1325,
      0.3975,
      0.1975,
      0,
      0.265,
      0.0675,
      0.33,
      0.1325,
      0.3975,
      0.1975,
      0,
      0.265,
      0.0675,
      0.33,
      0.1325,
      0.3975,
      0.1975,
      0,
      0.265,
      0.0675,
      0.33,
      0.1325,
      0.3975,
      0.1975,
      0,
      0.265,
      0.0675,
      0.33,
      0.1325,
      0.3975,
      0.1975,
      0,
      0.265,
      0.0675,
      0.33,
      0.1325,
      0.3975,
      0.1975,
      0,
      0.265,
      0.0675,
      0.33,
      0.1325,
      0.3975,
      0.1975
    ],
    "SoftwareVersions": "syngo_MR_B17",
    "SpacingBetweenSlices": 3,
    "StationName": "MRC35451",
    "TaskName": "ritl",
    "TotalReadoutTime": 0.04131,
    "TxRefAmp": 336.719,
    "acq_id": "MB",
    "dataset": "ds001371",
    "modality": "bold",
    "run_id": 4,
    "subject_id": "M80362559",
    "task_id": "ritl"
  },
  "dummy_trs": 0,
  "dvars_nstd": 32.453440722956316,
  "dvars_std": 1.1470827747816366,
  "dvars_vstd": 1.0112933197088463,
  "efc": 0.4329787360354806,
  "fber": 16185.326171875,
  "fd_mean": 0.1368820030849534,
  "fd_num": 137,
  "fd_perc": 15.324384787472036,
  "fwhm_avg": 1.8609460758579885,
  "fwhm_x": 1.7395209004752934,
  "fwhm_y": 1.9855506604320055,
  "fwhm_z": 1.8577666666666666,
  "gcor": 0.0216355,
  "gsr_x": -0.014754093252122402,
  "gsr_y": 0.01812366396188736,
  "provenance": {
    "md5sum": "5c809b9f5463c83366b2670fc9dad3d8",
    "settings": {
      "fd_thres": 0.2,
      "testing": false
    },
    "software": "mriqc",
    "version": "22.0.6",
    "webapi_port": null,
    "webapi_url": "https://mriqc.nimh.nih.gov/api/v1"
  },
  "size_t": 894,
  "size_x": 82,
  "size_y": 82,
  "size_z": 56,
  "snr": 6.673137145581393,
  "spacing_tr": 0.46000000834465027,
  "spacing_x": 3.02439022064209,
  "spacing_y": 3.02439022064209,
  "spacing_z": 3.0,
  "summary_bg_k": 15.767743871709715,
  "summary_bg_mad": 2.560556913278894,
  "summary_bg_mean": 11.407919883728027,
  "summary_bg_median": 1.9742729663848877,
  "summary_bg_n": 278287.0,
  "summary_bg_p05": 0.03579418361186981,
  "summary_bg_p95": 65.22259521484375,
  "summary_bg_stdv": 24.6369571685791,
  "summary_fg_k": 1.825755653823527,
  "summary_fg_mad": 33.4713128368799,
  "summary_fg_mean": 245.69528198242188,
  "summary_fg_median": 244.47146606445312,
  "summary_fg_n": 44408.0,
  "summary_fg_p05": 190.84568939208984,
  "summary_fg_p95": 306.34961090087893,
  "summary_fg_stdv": 36.63475036621094,
  "tsnr": 37.61035942833405
}