{
  "aor": 0.0025732774049217005,
  "aqi": 0.030718344407158836,
  "bids_meta": {
    "AcquisitionMatrixPE": 82,
    "AcquisitionNumber": 1,
    "AcquisitionTime": "15:58:51.327500",
    "BandwidthPerPixelPhaseEncode": 23.912,
    "BaseResolution": 82,
    "ConversionSoftware": "dcm2niix",
    "ConversionSoftwareVersion": "v1.0.20171215 Clang9.0.0",
    "DerivedVendorReportedEchoSpacing": 0.00051,
    "DeviceSerialNumber": "35451",
    "DwellTime": 2.2e-06,
    "EchoTime": 0.029,
    "EffectiveEchoSpacing": 0.00051,
    "FlipAngle": 44,
    "ImageComments": "Unaliased_MB8_PE3_(remote)",
    "ImageOrientationPatientDICOM": [
      0.999296,
      0.0155829,
      0.0341261,
      -3.31766e-08,
      0.909653,
      -0.415369
    ],
    "ImageType": [
      "ORIGINAL",
      "PRIMARY",
      "M",
      "MB",
      "ND",
      "NORM",
      "MOSAIC"
    ],
    "InPlanePhaseEncodingDirectionDICOM": "COL",
    "InstitutionAddress": "Exposition_Drive_1777_Boulder-_c0d8dc-_Denver_US_80301",
    "InstitutionName": "Intermountain_Neuroimaging_Consortium",
    "InstitutionalDepartmentName": "Department",
    "MRAcquisitionType": "2D",
    "MagneticFieldStrength": 3,
    "Manufacturer": "Siemens",
    "ManufacturersModelName": "TrioTim",
    "Modality": "MR",
    "MultibandAccelerationFactor": 8,
    "PartialFourier": 1,
    "PatientPosition": "HFS",
    "PercentPhaseFOV": 100,
    "PhaseEncodingDirection": "j",
    "PhaseEncodingSteps": 82,
    "PhaseResolution": 1,
    "PixelBandwidth": 2772,
    "ProcedureStepDescription": "VMITTAL_adaptcog_200068",
    "ProtocolName": "ritl_pa_32ch_mb8_v01_r02",
    "PulseSequenceDetails": "%CustomerSeq%_cmrr_mbep2d_bold",
    "ReceiveCoilName": "32Ch_Head",
    "ReconMatrixPE": 82,
    "RepetitionTime": 0.46,
    "SAR": 0.147947,
    "ScanOptions": "FS",
    "ScanningSequence": "EP",
    "SequenceName": "epfid2d1_82",
    "SequenceVariant": "SK_SS",
    "SeriesDescription": "ritl_pa_32ch_mb8_v01_r02",
    "SeriesNumber": 8,
    "ShimSetting": [
      6771,
      12699,
      -6802,
      535,
      245,
      98,
      -179,
      80
    ],
    "SliceThickness": 3,
    "SliceTiming": [
      0,
      0.265,
      0.065,
      0.33,
      0.1325,
      0.395,
      0.1975,
      0,
      0.265,
      0.065,
      0.33,
      0.1325,
      0.395,
      0.1975,
      0,
      0.265,
      0.065,
      0.33,
      0.1325,
      0.395,
      0.1975,
      0,
      0.265,
      0.065,
      0.33,
      0.1325,
      0.395,
      0.1975,
      0,
      0.265,
      0.065,
      0.33,
      0.1325,
      0.395,
      0.1975,
      0,
      0.265,
      0.065,
      0.33,
      0.1325,
      0.395,
      0.1975,
      0,
      0.265,
      0.065,
      0.33,
      0.1325,
      0.395,
      0.1975,
      0,
      0.265,
      0.065,
      0.33,
      0.1325,
      0.395,
      0.1975
    ],
    "SoftwareVersions": "syngo_MR_B17",
    "SpacingBetweenSlices": 3,
    "StationName": "MRC35451",
    "TaskName": "ritl",
    "TotalReadoutTime": 0.04131,
    "TxRefAmp": 336.719,
    "acq_id": "MB",
    "dataset": "ds001371",
    "modality": "bold",
    "run_id": 2,
    "subject_id": "M80362559",
    "task_id": "ritl"
  },
  "dummy_trs": 0,
  "dvars_nstd": 35.213205905666314,
  "dvars_std": 1.0721893597536385,
  "dvars_vstd": 0.9660479601567753,
  "efc": 0.43402340747153173,
  "fber": 15708.6171875,
  "fd_mean": 0.2662576206968076,
  "fd_num": 252,
  "fd_perc": 28.187919463087248,
  "fwhm_avg": 1.9101312015345113,
  "fwhm_x": 1.76495412647735,
  "fwhm_y": 2.0492461447928503,
  "fwhm_z": 1.9161933333333332,
  "gcor": 0.0357338,
  "gsr_x": -0.016333989799022675,
  "gsr_y": 0.018265292048454285,
  "provenance": {
    "md5sum": "83604c4cfa302ed322e945cf866af8a4",
    "settings": {
      "fd_thres": 0.2,
      "testing": false
    },
    "software": "mriqc",
    "version": "22.0.6",
    "webapi_port": null,
    "webapi_url": "https://mriqc.nimh.nih.gov/api/v1"
  },
  "size_t": 894,
  "size_x": 82,
  "size_y": 82,
  "size_z": 56,
  "snr": 6.790410381267891,
  "spacing_tr": 0.46000000834465027,
  "spacing_x": 3.02439022064209,
  "spacing_y": 3.02439022064209,
  "spacing_z": 3.0,
  "summary_bg_k": 15.531684907074506,
  "summary_bg_mad": 2.590407960654863,
  "summary_bg_mean": 11.177109718322754,
  "summary_bg_median": 1.988814353942871,
  "summary_bg_n": 277792.0,
  "summary_bg_p05": 0.032438479363918304,
  "summary_bg_p95": 63.41935234069827,
  "summary_bg_stdv": 23.8528995513916,
  "summary_fg_k": 1.8770282907617046,
  "summary_fg_mad": 32.82455205158851,
  "summary_fg_mean": 243.86720275878906,
  "summary_fg_median": 242.89598083496094,
  "summary_fg_n": 44758.0,
  "summary_fg_p05": 189.5645439147949,
  "summary_fg_p95": 302.08468322753913,
  "summary_fg_stdv": 35.770042419433594,
  "tsnr": 28.602860598592088
}