{
  "aor": 0.000470695847362514,
  "aqi": 0.01232780507295174,
  "bids_meta": {
    "AcquisitionMatrixPE": 82,
    "AcquisitionNumber": 1,
    "AcquisitionTime": "10:01:21.435000",
    "BandwidthPerPixelPhaseEncode": 23.912,
    "BaseResolution": 82,
    "ConversionSoftware": "dcm2niix",
    "ConversionSoftwareVersion": "v1.0.20171215 Clang9.0.0",
    "DerivedVendorReportedEchoSpacing": 0.00051,
    "DeviceSerialNumber": "35451",
    "DwellTime": 2.2e-06,
    "EchoTime": 0.029,
    "EffectiveEchoSpacing": 0.00051,
    "FlipAngle": 44,
    "ImageComments": "Unaliased_MB8_PE3_(remote)",
    "ImageOrientationPatientDICOM": [
      0.999917,
      -0.00495404,
      -0.0119,
      -4.43187e-08,
      0.923194,
      -0.384335
    ],
    "ImageType": [
      "ORIGINAL",
      "PRIMARY",
      "M",
      "MB",
      "ND",
      "NORM",
      "MOSAIC"
    ],
    "InPlanePhaseEncodingDirectionDICOM": "COL",
    "InstitutionAddress": "Exposition_Drive_1777_Boulder-_6392da-_Denver_US_80301",
    "InstitutionName": "Intermountain_Neuroimaging_Consortium",
    "InstitutionalDepartmentName": "Department",
    "MRAcquisitionType": "2D",
    "MagneticFieldStrength": 3,
    "Manufacturer": "Siemens",
    "ManufacturersModelName": "TrioTim",
    "Modality": "MR",
    "MultibandAccelerationFactor": 8,
    "PartialFourier": 1,
    "PatientPosition": "HFS",
    "PercentPhaseFOV": 100,
    "PhaseEncodingDirection": "j",
    "PhaseEncodingSteps": 82,
    "PhaseResolution": 1,
    "PixelBandwidth": 2772,
    "ProcedureStepDescription": "VMITTAL_adaptcog_200068",
    "ProtocolName": "ritl_pa_32ch_mb8_v01_r03",
    "PulseSequenceDetails": "%CustomerSeq%_cmrr_mbep2d_bold",
    "ReceiveCoilName": "32Ch_Head",
    "ReconMatrixPE": 82,
    "RepetitionTime": 0.46,
    "SAR": 0.176467,
    "ScanOptions": "FS",
    "ScanningSequence": "EP",
    "SequenceName": "epfid2d1_82",
    "SequenceVariant": "SK_SS",
    "SeriesDescription": "ritl_pa_32ch_mb8_v01_r03",
    "SeriesNumber": 10,
    "ShimSetting": [
      6793,
      12625,
      -6719,
      733,
      481,
      -145,
      287,
      77
    ],
    "SliceThickness": 3,
    "SliceTiming": [
      0,
      0.2625,
      0.065,
      0.33,
      0.1325,
      0.395,
      0.1975,
      0,
      0.2625,
      0.065,
      0.33,
      0.1325,
      0.395,
      0.1975,
      0,
      0.2625,
      0.065,
      0.33,
      0.1325,
      0.395,
      0.1975,
      0,
      0.2625,
      0.065,
      0.33,
      0.1325,
      0.395,
      0.1975,
      0,
      0.2625,
      0.065,
      0.33,
      0.1325,
      0.395,
      0.1975,
      0,
      0.2625,
      0.065,
      0.33,
      0.1325,
      0.395,
      0.1975,
      0,
      0.2625,
      0.065,
      0.33,
      0.1325,
      0.395,
      0.1975,
      0,
      0.2625,
      0.065,
      0.33,
      0.1325,
      0.395,
      0.1975
    ],
    "SoftwareVersions": "syngo_MR_B17",
    "SpacingBetweenSlices": 3,
    "StationName": "MRC35451",
    "TaskName": "ritl",
    "TotalReadoutTime": 0.04131,
    "TxRefAmp": 331.981,
    "acq_id": "MB",
    "dataset": "ds001371",
    "modality": "bold",
    "run_id": 3,
    "subject_id": "M80361478",
    "task_id": "ritl"
  },
  "dummy_trs": 3,
  "dvars_nstd": 26.537046914752818,
  "dvars_std": 1.117007383595505,
  "dvars_vstd": 0.9896257663146062,
  "efc": 0.35938008236436214,
  "fber": 46258.7265625,
  "fd_mean": 0.05876811935183992,
  "fd_num": 0,
  "fd_perc": 0.0,
  "fwhm_avg": 1.6831853222087787,
  "fwhm_x": 1.572845979838571,
  "fwhm_y": 1.7773533201210983,
  "fwhm_z": 1.6993566666666666,
  "gcor": 0.0247373,
  "gsr_x": -0.027117924764752388,
  "gsr_y": 0.015314873307943344,
  "provenance": {
    "md5sum": "4c2b1b4f75ee1c0d3c72c67722bf3137",
    "settings": {
      "fd_thres": 0.2,
      "testing": false
    },
    "software": "mriqc",
    "version": "22.0.6",
    "webapi_port": null,
    "webapi_url": "https://mriqc.nimh.nih.gov/api/v1"
  },
  "size_t": 891,
  "size_x": 82,
  "size_y": 82,
  "size_z": 56,
  "snr": 7.667114404924618,
  "spacing_tr": 0.46000000834465027,
  "spacing_x": 3.02439022064209,
  "spacing_y": 3.02439022064209,
  "spacing_z": 3.0,
  "summary_bg_k": 28.98546645367574,
  "summary_bg_mad": 1.7704701190052834,
  "summary_bg_mean": 8.168349266052246,
  "summary_bg_median": 1.4130191802978516,
  "summary_bg_n": 294918.0,
  "summary_bg_p05": 0.03815937414765358,
  "summary_bg_p95": 43.36060791015617,
  "summary_bg_stdv": 20.026119232177734,
  "summary_fg_k": 2.364604441621892,
  "summary_fg_mad": 34.86359386768129,
  "summary_fg_mean": 294.86419677734375,
  "summary_fg_median": 295.0729675292969,
  "summary_fg_n": 31729.0,
  "summary_fg_p05": 235.1732971191406,
  "summary_fg_p95": 355.9982238769531,
  "summary_fg_stdv": 38.48492431640625,
  "tsnr": 52.007834283285774
}