{
  "bids_meta": {
    "AcquisitionMatrixPE": 320,
    "AcquisitionNumber": 1,
    "AcquisitionTime": "14:39:0.132500",
    "BaseResolution": 320,
    "ConversionSoftware": "dcm2niix",
    "ConversionSoftwareVersion": "v1.0.20171215 Clang9.0.0",
    "DeviceSerialNumber": "35451",
    "DwellTime": 6.5e-06,
    "EchoTime": 0.00201,
    "FlipAngle": 8,
    "ImageOrientationPatientDICOM": [
      0.0174524,
      0.999848,
      -1.89475e-08,
      0.0122151,
      -0.000213234,
      -0.999925
    ],
    "ImageType": [
      "ORIGINAL",
      "PRIMARY",
      "M",
      "ND",
      "NORM"
    ],
    "InPlanePhaseEncodingDirectionDICOM": "ROW",
    "InstitutionAddress": "Exposition_Drive_1777_Boulder-_6392da-_Denver_US_80301",
    "InstitutionName": "Intermountain_Neuroimaging_Consortium",
    "InstitutionalDepartmentName": "Department",
    "InversionTime": 1,
    "MRAcquisitionType": "3D",
    "MagneticFieldStrength": 3,
    "Manufacturer": "Siemens",
    "ManufacturersModelName": "TrioTim",
    "Modality": "MR",
    "ParallelReductionFactorInPlane": 2,
    "PartialFourier": 1,
    "PatientPosition": "HFS",
    "PercentPhaseFOV": 100,
    "PhaseEncodingSteps": 319,
    "PhaseResolution": 1,
    "PixelBandwidth": 240,
    "ProcedureStepDescription": "VMITTAL_adaptcog_200068",
    "ProtocolName": "t1w_32ch_mpr_08mm",
    "PulseSequenceDetails": "%SiemensSeq%_tfl",
    "ReceiveCoilName": "32Ch_Head",
    "ReconMatrixPE": 320,
    "RepetitionTime": 2.4,
    "SAR": 0.0853193,
    "ScanOptions": "IR_WE",
    "ScanningSequence": "GR_IR",
    "SequenceName": "_tfl3d1_ns",
    "SequenceVariant": "SP_MP",
    "SeriesDescription": "t1w_32ch_mpr_08mm",
    "SeriesNumber": 2,
    "ShimSetting": [
      6771,
      12706,
      -6792,
      310,
      181,
      -386,
      221,
      113
    ],
    "SliceThickness": 0.8,
    "SoftwareVersions": "syngo_MR_B17",
    "StationName": "MRC35451",
    "TxRefAmp": 352.147,
    "dataset": "ds001371",
    "modality": "T1w",
    "subject_id": "M80369239"
  },
  "cjv": 0.35716371361889215,
  "cnr": 3.6569448796574635,
  "efc": 0.5635271204437158,
  "fber": 13954.799621928167,
  "fwhm_avg": 4.791126151158646,
  "fwhm_x": 4.741828596997213,
  "fwhm_y": 4.898812427002007,
  "fwhm_z": 4.732737429476717,
  "icvs_csf": 0.18633959601934497,
  "icvs_gm": 0.4529571162841966,
  "icvs_wm": 0.36070328769645843,
  "inu_med": 0.503065824508667,
  "inu_range": 0.2428396701812744,
  "provenance": {
    "md5sum": "20ae7849e50e046cc9aaf5111c93ab81",
    "settings": {
      "testing": false
    },
    "software": "mriqc",
    "version": "22.0.6",
    "warnings": {
      "large_rot_frame": true,
      "small_air_mask": false
    },
    "webapi_port": null,
    "webapi_url": "https://mriqc.nimh.nih.gov/api/v1"
  },
  "qi_1": 2.0720487709388254e-05,
  "qi_2": 0.016479276408678762,
  "rpve_csf": 26.874290101942247,
  "rpve_gm": 12.164296240778565,
  "rpve_wm": 17.034657919358132,
  "size_x": 224,
  "size_y": 320,
  "size_z": 320,
  "snr_csf": 2.4789291033642495,
  "snr_gm": 12.715725217592375,
  "snr_total": 12.164523880955239,
  "snr_wm": 21.298917321909094,
  "snrd_csf": 31.542909566981034,
  "snrd_gm": 84.93237875556413,
  "snrd_total": 77.72958486702846,
  "snrd_wm": 116.71346627854027,
  "spacing_x": 0.8000015020370483,
  "spacing_y": 0.800000011920929,
  "spacing_z": 0.800000011920929,
  "summary_bg_k": 9.664475624353537,
  "summary_bg_mad": 5.613353896742359,
  "summary_bg_mean": 5.85948705727032,
  "summary_bg_median": 3.7861496675759554,
  "summary_bg_n": 5157877.0,
  "summary_bg_p05": 0.0,
  "summary_bg_p95": 21.750221494585276,
  "summary_bg_stdv": 8.064366449736749,
  "summary_csf_k": 0.71950114358591,
  "summary_csf_mad": 93.23741011468513,
  "summary_csf_mean": 283.00416325916905,
  "summary_csf_median": 270.2666411641985,
  "summary_csf_n": 83388.0,
  "summary_csf_p05": 116.67248443700373,
  "summary_csf_p95": 485.1910520810634,
  "summary_csf_stdv": 109.02490928674732,
  "summary_gm_k": 0.39830277228370203,
  "summary_gm_mad": 54.142987940209984,
  "summary_gm_mean": 726.146012816829,
  "summary_gm_median": 727.7194478083402,
  "summary_gm_n": 116686.0,
  "summary_gm_p05": 629.7091904561967,
  "summary_gm_p95": 817.8888845723122,
  "summary_gm_stdv": 57.22963630214061,
  "summary_wm_k": 0.7658344602073472,
  "summary_wm_mad": 43.11533524944663,
  "summary_wm_mean": 1000.5318241853629,
  "summary_wm_median": 1000.0268504954875,
  "summary_wm_n": 467930.0,
  "summary_wm_p05": 925.0020124018192,
  "summary_wm_p95": 1078.8378382567316,
  "summary_wm_stdv": 46.95195379258359,
  "tpm_overlap_csf": 0.1311701406949011,
  "tpm_overlap_gm": 0.45046969371235174,
  "tpm_overlap_wm": 0.4976208239814976,
  "wm2max": 0.8268062568067244
}