{
  "aor": 0.004031220604703247,
  "aqi": 0.02093373697648376,
  "bids_meta": {
    "AcquisitionMatrixPE": 82,
    "AcquisitionNumber": 1,
    "AcquisitionTime": "15:48:13.745000",
    "BandwidthPerPixelPhaseEncode": 23.912,
    "BaseResolution": 82,
    "ConversionSoftware": "dcm2niix",
    "ConversionSoftwareVersion": "v1.0.20171215 Clang9.0.0",
    "DerivedVendorReportedEchoSpacing": 0.00051,
    "DeviceSerialNumber": "35451",
    "DwellTime": 2.2e-06,
    "EchoTime": 0.029,
    "EffectiveEchoSpacing": 0.00051,
    "FlipAngle": 44,
    "ImageComments": "Unaliased_MB8_PE3_(remote)",
    "ImageOrientationPatientDICOM": [
      1,
      1e-16,
      0,
      -1e-16,
      0.850811,
      -0.525472
    ],
    "ImageType": [
      "ORIGINAL",
      "PRIMARY",
      "M",
      "ND",
      "NORM",
      "MOSAIC"
    ],
    "InPlanePhaseEncodingDirectionDICOM": "COL",
    "InstitutionAddress": "Exposition_Drive_1777_Boulder-_6392da-_Denver_US_80301",
    "InstitutionName": "Intermountain_Neuroimaging_Consortium",
    "InstitutionalDepartmentName": "Department",
    "MRAcquisitionType": "2D",
    "MagneticFieldStrength": 3,
    "Manufacturer": "Siemens",
    "ManufacturersModelName": "TrioTim",
    "Modality": "MR",
    "MultibandAccelerationFactor": 8,
    "PartialFourier": 1,
    "PatientPosition": "HFS",
    "PercentPhaseFOV": 100,
    "PhaseEncodingDirection": "j",
    "PhaseEncodingSteps": 82,
    "PhaseResolution": 1,
    "PixelBandwidth": 2772,
    "ProcedureStepDescription": "VMITTAL_adaptcog_200068",
    "ProtocolName": "ritl_pa_32ch_mb8_v01_r05",
    "PulseSequenceDetails": "%CustomerSeq%_cmrr_mbep2d_bold",
    "ReceiveCoilName": "32Ch_Head",
    "ReconMatrixPE": 82,
    "RepetitionTime": 0.46,
    "SAR": 0.177457,
    "ScanOptions": "FS",
    "ScanningSequence": "EP",
    "SequenceName": "epfid2d1_82",
    "SequenceVariant": "SK",
    "SeriesDescription": "ritl_pa_32ch_mb8_v01_r05",
    "SeriesNumber": 20,
    "ShimSetting": [
      6778,
      12661,
      -6708,
      956,
      195,
      110,
      -28,
      93
    ],
    "SliceThickness": 3,
    "SliceTiming": [
      0,
      0.265,
      0.0675,
      0.33,
      0.1325,
      0.395,
      0.1975,
      0,
      0.265,
      0.0675,
      0.33,
      0.1325,
      0.395,
      0.1975,
      0,
      0.265,
      0.0675,
      0.33,
      0.1325,
      0.395,
      0.1975,
      0,
      0.265,
      0.0675,
      0.33,
      0.1325,
      0.395,
      0.1975,
      0,
      0.265,
      0.0675,
      0.33,
      0.1325,
      0.395,
      0.1975,
      0,
      0.265,
      0.0675,
      0.33,
      0.1325,
      0.395,
      0.1975,
      0,
      0.265,
      0.0675,
      0.33,
      0.1325,
      0.395,
      0.1975,
      0,
      0.265,
      0.0675,
      0.33,
      0.1325,
      0.395,
      0.1975
    ],
    "SoftwareVersions": "syngo_MR_B17",
    "SpacingBetweenSlices": 3,
    "StationName": "MRC35451",
    "TaskName": "ritl",
    "TotalReadoutTime": 0.04131,
    "TxRefAmp": 352.147,
    "acq_id": "MB",
    "dataset": "ds001371",
    "modality": "bold",
    "run_id": 5,
    "subject_id": "M80369239",
    "task_id": "ritl"
  },
  "dummy_trs": 1,
  "dvars_nstd": 32.990135804450674,
  "dvars_std": 1.1132630250448423,
  "dvars_vstd": 1.019913941401345,
  "efc": 0.39886008488157326,
  "fber": 27642.478515625,
  "fd_mean": 0.16526830988688962,
  "fd_num": 151,
  "fd_perc": 16.90929451287794,
  "fwhm_avg": 2.0001542670344454,
  "fwhm_x": 1.8579943691283993,
  "fwhm_y": 2.1329952583401837,
  "fwhm_z": 2.0094731736347535,
  "gcor": 0.0247859,
  "gsr_x": -0.007409678306430578,
  "gsr_y": 0.018024234101176262,
  "provenance": {
    "md5sum": "b09f130388c5474735d32d7167fdd57a",
    "settings": {
      "fd_thres": 0.2,
      "testing": false
    },
    "software": "mriqc",
    "version": "22.0.6",
    "webapi_port": null,
    "webapi_url": "https://mriqc.nimh.nih.gov/api/v1"
  },
  "size_t": 893,
  "size_x": 82,
  "size_y": 82,
  "size_z": 56,
  "snr": 6.500440643131694,
  "spacing_tr": 0.46000000834465027,
  "spacing_x": 3.02439022064209,
  "spacing_y": 3.02439022064209,
  "spacing_z": 3.000000238418579,
  "summary_bg_k": 22.159051561717927,
  "summary_bg_mad": 2.1284391619484526,
  "summary_bg_mean": 9.283316612243652,
  "summary_bg_median": 1.6573349237442017,
  "summary_bg_n": 284053.0,
  "summary_bg_p05": 0.021276596933603287,
  "summary_bg_p95": 50.44658660888644,
  "summary_bg_stdv": 21.70180892944336,
  "summary_fg_k": 1.1049692632640422,
  "summary_fg_mad": 37.95991955802591,
  "summary_fg_mean": 266.48992919921875,
  "summary_fg_median": 267.82867431640625,
  "summary_fg_n": 39993.0,
  "summary_fg_p05": 197.44457397460937,
  "summary_fg_p95": 331.1673217773438,
  "summary_fg_stdv": 41.20110321044922,
  "tsnr": 32.85599238937721
}