{
  "aor": 0.01360866890380313,
  "aqi": 0.02245914554809843,
  "bids_meta": {
    "AcquisitionMatrixPE": 82,
    "AcquisitionNumber": 1,
    "AcquisitionTime": "15:40:49.757500",
    "BandwidthPerPixelPhaseEncode": 23.912,
    "BaseResolution": 82,
    "ConversionSoftware": "dcm2niix",
    "ConversionSoftwareVersion": "v1.0.20171215 Clang9.0.0",
    "DerivedVendorReportedEchoSpacing": 0.00051,
    "DeviceSerialNumber": "35451",
    "DwellTime": 2.2e-06,
    "EchoTime": 0.029,
    "EffectiveEchoSpacing": 0.00051,
    "FlipAngle": 44,
    "ImageComments": "Unaliased_MB8_PE3_(remote)",
    "ImageOrientationPatientDICOM": [
      1,
      1e-16,
      0,
      -1e-16,
      0.850811,
      -0.525472
    ],
    "ImageType": [
      "ORIGINAL",
      "PRIMARY",
      "M",
      "ND",
      "NORM",
      "MOSAIC"
    ],
    "InPlanePhaseEncodingDirectionDICOM": "COL",
    "InstitutionAddress": "Exposition_Drive_1777_Boulder-_6392da-_Denver_US_80301",
    "InstitutionName": "Intermountain_Neuroimaging_Consortium",
    "InstitutionalDepartmentName": "Department",
    "MRAcquisitionType": "2D",
    "MagneticFieldStrength": 3,
    "Manufacturer": "Siemens",
    "ManufacturersModelName": "TrioTim",
    "Modality": "MR",
    "MultibandAccelerationFactor": 8,
    "PartialFourier": 1,
    "PatientPosition": "HFS",
    "PercentPhaseFOV": 100,
    "PhaseEncodingDirection": "j",
    "PhaseEncodingSteps": 82,
    "PhaseResolution": 1,
    "PixelBandwidth": 2772,
    "ProcedureStepDescription": "VMITTAL_adaptcog_200068",
    "ProtocolName": "ritl_pa_32ch_mb8_v01_r04",
    "PulseSequenceDetails": "%CustomerSeq%_cmrr_mbep2d_bold",
    "ReceiveCoilName": "32Ch_Head",
    "ReconMatrixPE": 82,
    "RepetitionTime": 0.46,
    "SAR": 0.175979,
    "ScanOptions": "FS",
    "ScanningSequence": "EP",
    "SequenceName": "epfid2d1_82",
    "SequenceVariant": "SK",
    "SeriesDescription": "ritl_pa_32ch_mb8_v01_r04",
    "SeriesNumber": 18,
    "ShimSetting": [
      6778,
      12661,
      -6708,
      956,
      195,
      110,
      -28,
      93
    ],
    "SliceThickness": 3,
    "SliceTiming": [
      0,
      0.2625,
      0.065,
      0.33,
      0.13,
      0.395,
      0.1975,
      0,
      0.2625,
      0.065,
      0.33,
      0.13,
      0.395,
      0.1975,
      0,
      0.2625,
      0.065,
      0.33,
      0.13,
      0.395,
      0.1975,
      0,
      0.2625,
      0.065,
      0.33,
      0.13,
      0.395,
      0.1975,
      0,
      0.2625,
      0.065,
      0.33,
      0.13,
      0.395,
      0.1975,
      0,
      0.2625,
      0.065,
      0.33,
      0.13,
      0.395,
      0.1975,
      0,
      0.2625,
      0.065,
      0.33,
      0.13,
      0.395,
      0.1975,
      0,
      0.2625,
      0.065,
      0.33,
      0.13,
      0.395,
      0.1975
    ],
    "SoftwareVersions": "syngo_MR_B17",
    "SpacingBetweenSlices": 3,
    "StationName": "MRC35451",
    "TaskName": "ritl",
    "TotalReadoutTime": 0.04131,
    "TxRefAmp": 352.147,
    "acq_id": "MB",
    "dataset": "ds001371",
    "modality": "bold",
    "run_id": 4,
    "subject_id": "M80369239",
    "task_id": "ritl"
  },
  "dummy_trs": 0,
  "dvars_nstd": 34.618345566159014,
  "dvars_std": 1.2672939112877946,
  "dvars_vstd": 1.1923904747144458,
  "efc": 0.40091682728644745,
  "fber": 26406.927734375,
  "fd_mean": 0.23293641146468988,
  "fd_num": 275,
  "fd_perc": 30.76062639821029,
  "fwhm_avg": 1.9793884076629382,
  "fwhm_x": 1.8468648529137708,
  "fwhm_y": 2.1163571936960928,
  "fwhm_z": 1.9749431763789513,
  "gcor": 0.0256704,
  "gsr_x": -0.00852282252162695,
  "gsr_y": 0.017391586676239967,
  "provenance": {
    "md5sum": "3a5fc59c12e878cf8eaf226096e6335a",
    "settings": {
      "fd_thres": 0.2,
      "testing": false
    },
    "software": "mriqc",
    "version": "22.0.6",
    "webapi_port": null,
    "webapi_url": "https://mriqc.nimh.nih.gov/api/v1"
  },
  "size_t": 894,
  "size_x": 82,
  "size_y": 82,
  "size_z": 56,
  "snr": 6.514432405386576,
  "spacing_tr": 0.46000000834465027,
  "spacing_x": 3.02439022064209,
  "spacing_y": 3.02439022064209,
  "spacing_z": 3.000000238418579,
  "summary_bg_k": 21.252338239610854,
  "summary_bg_mad": 2.18576032646008,
  "summary_bg_mean": 9.52701187133789,
  "summary_bg_median": 1.7035794258117676,
  "summary_bg_n": 283963.0,
  "summary_bg_p05": 0.02684563770890236,
  "summary_bg_p95": 51.6786350250243,
  "summary_bg_stdv": 21.823522567749023,
  "summary_fg_k": 1.163887568674701,
  "summary_fg_mad": 37.94566724788097,
  "summary_fg_mean": 266.6902770996094,
  "summary_fg_median": 268.0011291503906,
  "summary_fg_n": 40023.0,
  "summary_fg_p05": 197.85794982910156,
  "summary_fg_p95": 331.54274291992186,
  "summary_fg_stdv": 41.13908386230469,
  "tsnr": 31.34958369343076
}