{
  "aor": 0.0014498098434004476,
  "aqi": 0.01334725230425056,
  "bids_meta": {
    "AcquisitionMatrixPE": 82,
    "AcquisitionNumber": 1,
    "AcquisitionTime": "13:13:15.905000",
    "BandwidthPerPixelPhaseEncode": 23.912,
    "BaseResolution": 82,
    "ConversionSoftware": "dcm2niix",
    "ConversionSoftwareVersion": "v1.0.20171215 Clang9.0.0",
    "DerivedVendorReportedEchoSpacing": 0.00051,
    "DeviceSerialNumber": "35451",
    "DwellTime": 2.2e-06,
    "EchoTime": 0.029,
    "EffectiveEchoSpacing": 0.00051,
    "FlipAngle": 44,
    "ImageComments": "Unaliased_MB8_PE3_(remote)",
    "ImageOrientationPatientDICOM": [
      0.998307,
      0.0179754,
      0.0553239,
      4.64036e-08,
      0.951059,
      -0.309011
    ],
    "ImageType": [
      "ORIGINAL",
      "PRIMARY",
      "M",
      "MB",
      "ND",
      "NORM",
      "MOSAIC"
    ],
    "InPlanePhaseEncodingDirectionDICOM": "COL",
    "InstitutionAddress": "Exposition_Drive_1777_Boulder-_c0d8dc-_Denver_US_80301",
    "InstitutionName": "Intermountain_Neuroimaging_Consortium",
    "InstitutionalDepartmentName": "Department",
    "MRAcquisitionType": "2D",
    "MagneticFieldStrength": 3,
    "Manufacturer": "Siemens",
    "ManufacturersModelName": "TrioTim",
    "Modality": "MR",
    "MultibandAccelerationFactor": 8,
    "PartialFourier": 1,
    "PatientPosition": "HFS",
    "PercentPhaseFOV": 100,
    "PhaseEncodingDirection": "j",
    "PhaseEncodingSteps": 82,
    "PhaseResolution": 1,
    "PixelBandwidth": 2772,
    "ProcedureStepDescription": "VMITTAL_adaptcog_200068",
    "ProtocolName": "ritl_pa_32ch_mb8_v01_r05",
    "PulseSequenceDetails": "%CustomerSeq%_cmrr_mbep2d_bold",
    "ReceiveCoilName": "32Ch_Head",
    "ReconMatrixPE": 82,
    "RepetitionTime": 0.46,
    "SAR": 0.145581,
    "ScanOptions": "FS",
    "ScanningSequence": "EP",
    "SequenceName": "epfid2d1_82",
    "SequenceVariant": "SK_SS",
    "SeriesDescription": "ritl_pa_32ch_mb8_v01_r05",
    "SeriesNumber": 20,
    "ShimSetting": [
      6769,
      12665,
      -6822,
      503,
      19,
      -96,
      67,
      0
    ],
    "SliceThickness": 3,
    "SliceTiming": [
      0,
      0.2625,
      0.065,
      0.3275,
      0.13,
      0.395,
      0.1975,
      0,
      0.2625,
      0.065,
      0.3275,
      0.13,
      0.395,
      0.1975,
      0,
      0.2625,
      0.065,
      0.3275,
      0.13,
      0.395,
      0.1975,
      0,
      0.2625,
      0.065,
      0.3275,
      0.13,
      0.395,
      0.1975,
      0,
      0.2625,
      0.065,
      0.3275,
      0.13,
      0.395,
      0.1975,
      0,
      0.2625,
      0.065,
      0.3275,
      0.13,
      0.395,
      0.1975,
      0,
      0.2625,
      0.065,
      0.3275,
      0.13,
      0.395,
      0.1975,
      0,
      0.2625,
      0.065,
      0.3275,
      0.13,
      0.395,
      0.1975
    ],
    "SoftwareVersions": "syngo_MR_B17",
    "SpacingBetweenSlices": 3,
    "StationName": "MRC35451",
    "TaskName": "ritl",
    "TotalReadoutTime": 0.04131,
    "TxRefAmp": 335.513,
    "acq_id": "MB",
    "dataset": "ds001371",
    "modality": "bold",
    "run_id": 5,
    "subject_id": "M80305418",
    "task_id": "ritl"
  },
  "dummy_trs": 0,
  "dvars_nstd": 30.81945484472562,
  "dvars_std": 1.1705821752631578,
  "dvars_vstd": 1.0159216316797315,
  "efc": 0.40455004399629013,
  "fber": 28720.08984375,
  "fd_mean": 0.09828350489368883,
  "fd_num": 43,
  "fd_perc": 4.809843400447427,
  "fwhm_avg": 1.820524202944342,
  "fwhm_x": 1.6634725127936372,
  "fwhm_y": 2.0016100960393883,
  "fwhm_z": 1.7964900000000001,
  "gcor": 0.0448527,
  "gsr_x": -0.02404097653925419,
  "gsr_y": 0.032238684594631195,
  "provenance": {
    "md5sum": "1ad5645f83d936d82a647e025c1b7693",
    "settings": {
      "fd_thres": 0.2,
      "testing": false
    },
    "software": "mriqc",
    "version": "22.0.6",
    "webapi_port": null,
    "webapi_url": "https://mriqc.nimh.nih.gov/api/v1"
  },
  "size_t": 894,
  "size_x": 82,
  "size_y": 82,
  "size_z": 56,
  "snr": 6.58706401323914,
  "spacing_tr": 0.46000000834465027,
  "spacing_x": 3.02439022064209,
  "spacing_y": 3.02439022064209,
  "spacing_z": 3.0,
  "summary_bg_k": 19.838424246813958,
  "summary_bg_mad": 2.2139530670030583,
  "summary_bg_mean": 10.236724853515625,
  "summary_bg_median": 1.715883731842041,
  "summary_bg_n": 284137.0,
  "summary_bg_p05": 0.016778523102402687,
  "summary_bg_p95": 53.50447463989258,
  "summary_bg_stdv": 21.90375518798828,
  "summary_fg_k": 2.191793289935231,
  "summary_fg_mad": 38.55679725781002,
  "summary_fg_mean": 282.7335510253906,
  "summary_fg_median": 283.43011474609375,
  "summary_fg_n": 40108.0,
  "summary_fg_p05": 214.07908782958984,
  "summary_fg_p95": 350.27618408203125,
  "summary_fg_stdv": 43.02775573730469,
  "tsnr": 43.762436161749065
}