{
  "aor": 0.0009103583426651737,
  "aqi": 0.01230451619260918,
  "bids_meta": {
    "AcquisitionMatrixPE": 82,
    "AcquisitionNumber": 1,
    "AcquisitionTime": "15:33:22.490000",
    "BandwidthPerPixelPhaseEncode": 23.912,
    "BaseResolution": 82,
    "ConversionSoftware": "dcm2niix",
    "ConversionSoftwareVersion": "v1.0.20171215 Clang9.0.0",
    "DerivedVendorReportedEchoSpacing": 0.00051,
    "DeviceSerialNumber": "35451",
    "DwellTime": 2.2e-06,
    "EchoTime": 0.029,
    "EffectiveEchoSpacing": 0.00051,
    "FlipAngle": 44,
    "ImageComments": "Unaliased_MB8_PE3_(remote)",
    "ImageOrientationPatientDICOM": [
      0.99863,
      0.0146012,
      0.0502579,
      1.82583e-08,
      0.960294,
      -0.278991
    ],
    "ImageType": [
      "ORIGINAL",
      "PRIMARY",
      "M",
      "MB",
      "ND",
      "NORM",
      "MOSAIC"
    ],
    "InPlanePhaseEncodingDirectionDICOM": "COL",
    "InstitutionAddress": "Exposition_Drive_1777_Boulder-_6392da-_Denver_US_80301",
    "InstitutionName": "Intermountain_Neuroimaging_Consortium",
    "InstitutionalDepartmentName": "Department",
    "MRAcquisitionType": "2D",
    "MagneticFieldStrength": 3,
    "Manufacturer": "Siemens",
    "ManufacturersModelName": "TrioTim",
    "Modality": "MR",
    "MultibandAccelerationFactor": 8,
    "PartialFourier": 1,
    "PatientPosition": "HFS",
    "PercentPhaseFOV": 100,
    "PhaseEncodingDirection": "j",
    "PhaseEncodingSteps": 82,
    "PhaseResolution": 1,
    "PixelBandwidth": 2772,
    "ProcedureStepDescription": "VMITTAL_adaptcog_200068",
    "ProtocolName": "ritl_pa_32ch_mb8_v01_r02",
    "PulseSequenceDetails": "%CustomerSeq%_cmrr_mbep2d_bold",
    "ReceiveCoilName": "32Ch_Head",
    "ReconMatrixPE": 82,
    "RepetitionTime": 0.46,
    "SAR": 0.175613,
    "ScanOptions": "FS",
    "ScanningSequence": "EP",
    "SequenceName": "epfid2d1_82",
    "SequenceVariant": "SK_SS",
    "SeriesDescription": "ritl_pa_32ch_mb8_v01_r02",
    "SeriesNumber": 14,
    "ShimSetting": [
      6807,
      12570,
      -6702,
      652,
      381,
      -41,
      186,
      -28
    ],
    "SliceThickness": 3,
    "SliceTiming": [
      0,
      0.2625,
      0.065,
      0.33,
      0.1325,
      0.395,
      0.1975,
      0,
      0.2625,
      0.065,
      0.33,
      0.1325,
      0.395,
      0.1975,
      0,
      0.2625,
      0.065,
      0.33,
      0.1325,
      0.395,
      0.1975,
      0,
      0.2625,
      0.065,
      0.33,
      0.1325,
      0.395,
      0.1975,
      0,
      0.2625,
      0.065,
      0.33,
      0.1325,
      0.395,
      0.1975,
      0,
      0.2625,
      0.065,
      0.33,
      0.1325,
      0.395,
      0.1975,
      0,
      0.2625,
      0.065,
      0.33,
      0.1325,
      0.395,
      0.1975,
      0,
      0.2625,
      0.065,
      0.33,
      0.1325,
      0.395,
      0.1975
    ],
    "SoftwareVersions": "syngo_MR_B17",
    "SpacingBetweenSlices": 3,
    "StationName": "MRC35451",
    "TaskName": "ritl",
    "TotalReadoutTime": 0.04131,
    "TxRefAmp": 345.439,
    "acq_id": "MB",
    "dataset": "ds001371",
    "modality": "bold",
    "run_id": 2,
    "subject_id": "M80374933",
    "task_id": "ritl"
  },
  "dummy_trs": 1,
  "dvars_nstd": 31.428908884630065,
  "dvars_std": 1.2266557967040344,
  "dvars_vstd": 1.0013488421412569,
  "efc": 0.3966341733221382,
  "fber": 39948.53515625,
  "fd_mean": 0.08680841563860131,
  "fd_num": 48,
  "fd_perc": 5.375139977603584,
  "fwhm_avg": 1.6934702954642515,
  "fwhm_x": 1.5881713831822442,
  "fwhm_y": 1.8155428365438435,
  "fwhm_z": 1.6766966666666667,
  "gcor": 0.0169739,
  "gsr_x": -0.014974084682762623,
  "gsr_y": 0.017074445262551308,
  "provenance": {
    "md5sum": "621e6c7ec6e06c918ad64f7be5b907c3",
    "settings": {
      "fd_thres": 0.2,
      "testing": false
    },
    "software": "mriqc",
    "version": "22.0.6",
    "webapi_port": null,
    "webapi_url": "https://mriqc.nimh.nih.gov/api/v1"
  },
  "size_t": 893,
  "size_x": 82,
  "size_y": 82,
  "size_z": 56,
  "snr": 6.925585298635981,
  "spacing_tr": 0.46000000834465027,
  "spacing_x": 3.02439022064209,
  "spacing_y": 3.02439022064209,
  "spacing_z": 3.0,
  "summary_bg_k": 32.37929466521858,
  "summary_bg_mad": 1.8304244437685764,
  "summary_bg_mean": 8.860029220581055,
  "summary_bg_median": 1.4171333312988281,
  "summary_bg_n": 283062.0,
  "summary_bg_p05": 0.013437850400805473,
  "summary_bg_p95": 48.064896774292,
  "summary_bg_stdv": 22.234153747558594,
  "summary_fg_k": 2.491381889211934,
  "summary_fg_mad": 36.32873135058072,
  "summary_fg_mean": 277.072021484375,
  "summary_fg_median": 275.8493957519531,
  "summary_fg_n": 41536.0,
  "summary_fg_p05": 219.9904899597168,
  "summary_fg_p95": 343.0176544189453,
  "summary_fg_stdv": 39.83000183105469,
  "tsnr": 50.63046271447092
}