{
  "aor": 0.002118868980963046,
  "aqi": 0.019700024524076147,
  "bids_meta": {
    "AcquisitionMatrixPE": 82,
    "AcquisitionNumber": 1,
    "AcquisitionTime": "16:03:51.347500",
    "BandwidthPerPixelPhaseEncode": 23.912,
    "BaseResolution": 82,
    "ConversionSoftware": "dcm2niix",
    "ConversionSoftwareVersion": "v1.0.20171215 Clang9.0.0",
    "DerivedVendorReportedEchoSpacing": 0.00051,
    "DeviceSerialNumber": "35451",
    "DwellTime": 2.2e-06,
    "EchoTime": 0.029,
    "EffectiveEchoSpacing": 0.00051,
    "FlipAngle": 44,
    "ImageComments": "Unaliased_MB8_PE3_(remote)",
    "ImageOrientationPatientDICOM": [
      0.99863,
      0.0146012,
      0.0502579,
      1.82583e-08,
      0.960294,
      -0.278991
    ],
    "ImageType": [
      "ORIGINAL",
      "PRIMARY",
      "M",
      "MB",
      "ND",
      "NORM",
      "MOSAIC"
    ],
    "InPlanePhaseEncodingDirectionDICOM": "COL",
    "InstitutionAddress": "Exposition_Drive_1777_Boulder-_6392da-_Denver_US_80301",
    "InstitutionName": "Intermountain_Neuroimaging_Consortium",
    "InstitutionalDepartmentName": "Department",
    "MRAcquisitionType": "2D",
    "MagneticFieldStrength": 3,
    "Manufacturer": "Siemens",
    "ManufacturersModelName": "TrioTim",
    "Modality": "MR",
    "MultibandAccelerationFactor": 8,
    "PartialFourier": 1,
    "PatientPosition": "HFS",
    "PercentPhaseFOV": 100,
    "PhaseEncodingDirection": "j",
    "PhaseEncodingSteps": 82,
    "PhaseResolution": 1,
    "PixelBandwidth": 2772,
    "ProcedureStepDescription": "VMITTAL_adaptcog_200068",
    "ProtocolName": "ritl_pa_32ch_mb8_v01_r06",
    "PulseSequenceDetails": "%CustomerSeq%_cmrr_mbep2d_bold",
    "ReceiveCoilName": "32Ch_Head",
    "ReconMatrixPE": 82,
    "RepetitionTime": 0.46,
    "SAR": 0.173951,
    "ScanOptions": "FS",
    "ScanningSequence": "EP",
    "SequenceName": "epfid2d1_82",
    "SequenceVariant": "SK_SS",
    "SeriesDescription": "ritl_pa_32ch_mb8_v01_r06",
    "SeriesNumber": 22,
    "ShimSetting": [
      6807,
      12570,
      -6702,
      652,
      381,
      -41,
      186,
      -28
    ],
    "SliceThickness": 3,
    "SliceTiming": [
      0,
      0.265,
      0.0675,
      0.33,
      0.1325,
      0.3975,
      0.1975,
      0,
      0.265,
      0.0675,
      0.33,
      0.1325,
      0.3975,
      0.1975,
      0,
      0.265,
      0.0675,
      0.33,
      0.1325,
      0.3975,
      0.1975,
      0,
      0.265,
      0.0675,
      0.33,
      0.1325,
      0.3975,
      0.1975,
      0,
      0.265,
      0.0675,
      0.33,
      0.1325,
      0.3975,
      0.1975,
      0,
      0.265,
      0.0675,
      0.33,
      0.1325,
      0.3975,
      0.1975,
      0,
      0.265,
      0.0675,
      0.33,
      0.1325,
      0.3975,
      0.1975,
      0,
      0.265,
      0.0675,
      0.33,
      0.1325,
      0.3975,
      0.1975
    ],
    "SoftwareVersions": "syngo_MR_B17",
    "SpacingBetweenSlices": 3,
    "StationName": "MRC35451",
    "TaskName": "ritl",
    "TotalReadoutTime": 0.04131,
    "TxRefAmp": 345.439,
    "acq_id": "MB",
    "dataset": "ds001371",
    "modality": "bold",
    "run_id": 6,
    "subject_id": "M80374933",
    "task_id": "ritl"
  },
  "dummy_trs": 1,
  "dvars_nstd": 30.278759257186117,
  "dvars_std": 1.1708312283520186,
  "dvars_vstd": 0.9872168145627813,
  "efc": 0.3999885196854167,
  "fber": 33843.39453125,
  "fd_mean": 0.09497586736174923,
  "fd_num": 54,
  "fd_perc": 6.047032474804031,
  "fwhm_avg": 1.682185143077362,
  "fwhm_x": 1.573837915330071,
  "fwhm_y": 1.8075875139020143,
  "fwhm_z": 1.6651300000000002,
  "gcor": 0.00916716,
  "gsr_x": -0.016481386497616768,
  "gsr_y": 0.016580678522586823,
  "provenance": {
    "md5sum": "d4309ebe11402f2f33573d2c9aa5e1cf",
    "settings": {
      "fd_thres": 0.2,
      "testing": false
    },
    "software": "mriqc",
    "version": "22.0.6",
    "webapi_port": null,
    "webapi_url": "https://mriqc.nimh.nih.gov/api/v1"
  },
  "size_t": 893,
  "size_x": 82,
  "size_y": 82,
  "size_z": 56,
  "snr": 7.088343349076315,
  "spacing_tr": 0.46000000834465027,
  "spacing_x": 3.02439022064209,
  "spacing_y": 3.02439022064209,
  "spacing_z": 3.0,
  "summary_bg_k": 29.410127309796614,
  "summary_bg_mad": 1.944151547016201,
  "summary_bg_mean": 9.177997589111328,
  "summary_bg_median": 1.5307950973510742,
  "summary_bg_n": 283230.0,
  "summary_bg_p05": 0.02351623773574829,
  "summary_bg_p95": 49.156271743774404,
  "summary_bg_stdv": 22.07131576538086,
  "summary_fg_k": 2.3448276864413042,
  "summary_fg_mad": 35.477868434928034,
  "summary_fg_mean": 275.15118408203125,
  "summary_fg_median": 273.96697998046875,
  "summary_fg_n": 41386.0,
  "summary_fg_p05": 219.68926239013672,
  "summary_fg_p95": 339.40035247802734,
  "summary_fg_stdv": 38.64988708496094,
  "tsnr": 41.589992192573845
}