{
  "aor": 0.0031710526315789473,
  "aqi": 0.016566241287793954,
  "bids_meta": {
    "AcquisitionMatrixPE": 82,
    "AcquisitionNumber": 1,
    "AcquisitionTime": "15:25:47.552500",
    "BandwidthPerPixelPhaseEncode": 23.912,
    "BaseResolution": 82,
    "ConversionSoftware": "dcm2niix",
    "ConversionSoftwareVersion": "v1.0.20171215 Clang9.0.0",
    "DerivedVendorReportedEchoSpacing": 0.00051,
    "DeviceSerialNumber": "35451",
    "DwellTime": 2.2e-06,
    "EchoTime": 0.029,
    "EffectiveEchoSpacing": 0.00051,
    "FlipAngle": 44,
    "ImageComments": "Unaliased_MB8_PE3_(remote)",
    "ImageOrientationPatientDICOM": [
      0.99863,
      0.0146012,
      0.0502579,
      1.82583e-08,
      0.960294,
      -0.278991
    ],
    "ImageType": [
      "ORIGINAL",
      "PRIMARY",
      "M",
      "MB",
      "ND",
      "NORM",
      "MOSAIC"
    ],
    "InPlanePhaseEncodingDirectionDICOM": "COL",
    "InstitutionAddress": "Exposition_Drive_1777_Boulder-_6392da-_Denver_US_80301",
    "InstitutionName": "Intermountain_Neuroimaging_Consortium",
    "InstitutionalDepartmentName": "Department",
    "MRAcquisitionType": "2D",
    "MagneticFieldStrength": 3,
    "Manufacturer": "Siemens",
    "ManufacturersModelName": "TrioTim",
    "Modality": "MR",
    "MultibandAccelerationFactor": 8,
    "PartialFourier": 1,
    "PatientPosition": "HFS",
    "PercentPhaseFOV": 100,
    "PhaseEncodingDirection": "j",
    "PhaseEncodingSteps": 82,
    "PhaseResolution": 1,
    "PixelBandwidth": 2772,
    "ProcedureStepDescription": "VMITTAL_adaptcog_200068",
    "ProtocolName": "ritl_pa_32ch_mb8_v01_r01",
    "PulseSequenceDetails": "%CustomerSeq%_cmrr_mbep2d_bold",
    "ReceiveCoilName": "32Ch_Head",
    "ReconMatrixPE": 82,
    "RepetitionTime": 0.46,
    "SAR": 0.17946,
    "ScanOptions": "FS",
    "ScanningSequence": "EP",
    "SequenceName": "epfid2d1_82",
    "SequenceVariant": "SK_SS",
    "SeriesDescription": "ritl_pa_32ch_mb8_v01_r01",
    "SeriesNumber": 12,
    "ShimSetting": [
      6807,
      12570,
      -6702,
      652,
      381,
      -41,
      186,
      -28
    ],
    "SliceThickness": 3,
    "SliceTiming": [
      0,
      0.265,
      0.0675,
      0.33,
      0.1325,
      0.395,
      0.1975,
      0,
      0.265,
      0.0675,
      0.33,
      0.1325,
      0.395,
      0.1975,
      0,
      0.265,
      0.0675,
      0.33,
      0.1325,
      0.395,
      0.1975,
      0,
      0.265,
      0.0675,
      0.33,
      0.1325,
      0.395,
      0.1975,
      0,
      0.265,
      0.0675,
      0.33,
      0.1325,
      0.395,
      0.1975,
      0,
      0.265,
      0.0675,
      0.33,
      0.1325,
      0.395,
      0.1975,
      0,
      0.265,
      0.0675,
      0.33,
      0.1325,
      0.395,
      0.1975,
      0,
      0.265,
      0.0675,
      0.33,
      0.1325,
      0.395,
      0.1975
    ],
    "SoftwareVersions": "syngo_MR_B17",
    "SpacingBetweenSlices": 3,
    "StationName": "MRC35451",
    "TaskName": "ritl",
    "TotalReadoutTime": 0.04131,
    "TxRefAmp": 345.439,
    "acq_id": "MB",
    "dataset": "ds001371",
    "modality": "bold",
    "run_id": 1,
    "subject_id": "M80374933",
    "task_id": "ritl"
  },
  "dummy_trs": 1,
  "dvars_nstd": 31.578708426479785,
  "dvars_std": 1.2239656891143498,
  "dvars_vstd": 1.020159827152465,
  "efc": 0.39669388919699416,
  "fber": 39081.39453125,
  "fd_mean": 0.10601133543092787,
  "fd_num": 68,
  "fd_perc": 7.61478163493841,
  "fwhm_avg": 1.6934809137369298,
  "fwhm_x": 1.5840945283121795,
  "fwhm_y": 1.8169315462319433,
  "fwhm_z": 1.6794166666666666,
  "gcor": 0.0171241,
  "gsr_x": -0.015239091590046883,
  "gsr_y": 0.017589954659342766,
  "provenance": {
    "md5sum": "ce66b16e4c654ad67e1fd2aa78b8ae53",
    "settings": {
      "fd_thres": 0.2,
      "testing": false
    },
    "software": "mriqc",
    "version": "22.0.6",
    "webapi_port": null,
    "webapi_url": "https://mriqc.nimh.nih.gov/api/v1"
  },
  "size_t": 893,
  "size_x": 82,
  "size_y": 82,
  "size_z": 56,
  "snr": 7.010811421936758,
  "spacing_tr": 0.46000000834465027,
  "spacing_x": 3.02439022064209,
  "spacing_y": 3.02439022064209,
  "spacing_z": 3.0,
  "summary_bg_k": 32.41568094861733,
  "summary_bg_mad": 1.8960042467206335,
  "summary_bg_mean": 8.825742721557617,
  "summary_bg_median": 1.4333707094192505,
  "summary_bg_n": 283013.0,
  "summary_bg_p05": 0.01679731346666813,
  "summary_bg_p95": 47.79843521118164,
  "summary_bg_stdv": 21.911195755004883,
  "summary_fg_k": 2.20576426093377,
  "summary_fg_mad": 36.114562112259904,
  "summary_fg_mean": 277.06689453125,
  "summary_fg_median": 275.650634765625,
  "summary_fg_n": 41556.0,
  "summary_fg_p05": 220.73209381103516,
  "summary_fg_p95": 342.7018508911133,
  "summary_fg_stdv": 39.31746292114258,
  "tsnr": 44.30421856540488
}