{
  "bids_meta": {
    "AcquisitionMatrixPE": 320,
    "AcquisitionNumber": 1,
    "AcquisitionTime": "14:46:32.782500",
    "BaseResolution": 320,
    "ConversionSoftware": "dcm2niix",
    "ConversionSoftwareVersion": "v1.0.20171215 Clang9.0.0",
    "DeviceSerialNumber": "35451",
    "DwellTime": 6.5e-06,
    "EchoTime": 0.00201,
    "FlipAngle": 8,
    "ImageOrientationPatientDICOM": [
      0.0296662,
      0.99956,
      1.83861e-08,
      0.0104671,
      -0.000310639,
      -0.999945
    ],
    "ImageType": [
      "ORIGINAL",
      "PRIMARY",
      "M",
      "ND",
      "NORM"
    ],
    "InPlanePhaseEncodingDirectionDICOM": "ROW",
    "InstitutionAddress": "Exposition_Drive_1777_Boulder-_c0d8dc-_Denver_US_80301",
    "InstitutionName": "Intermountain_Neuroimaging_Consortium",
    "InstitutionalDepartmentName": "Department",
    "InversionTime": 1,
    "MRAcquisitionType": "3D",
    "MagneticFieldStrength": 3,
    "Manufacturer": "Siemens",
    "ManufacturersModelName": "TrioTim",
    "Modality": "MR",
    "ParallelReductionFactorInPlane": 2,
    "PartialFourier": 1,
    "PatientPosition": "HFS",
    "PercentPhaseFOV": 100,
    "PhaseEncodingSteps": 319,
    "PhaseResolution": 1,
    "PixelBandwidth": 240,
    "ProcedureStepDescription": "VMITTAL_adaptcog_200068",
    "ProtocolName": "t1w_32ch_mpr_08mm",
    "PulseSequenceDetails": "%SiemensSeq%_tfl",
    "ReceiveCoilName": "32Ch_Head",
    "ReconMatrixPE": 320,
    "RepetitionTime": 2.4,
    "SAR": 0.069274,
    "ScanOptions": "IR_WE",
    "ScanningSequence": "GR_IR",
    "SequenceName": "_tfl3d1_ns",
    "SequenceVariant": "SP_MP",
    "SeriesDescription": "t1w_32ch_mpr_08mm",
    "SeriesNumber": 2,
    "ShimSetting": [
      6779,
      12627,
      -6768,
      293,
      280,
      -464,
      252,
      226
    ],
    "SliceThickness": 0.8,
    "SoftwareVersions": "syngo_MR_B17",
    "StationName": "MRC35451",
    "TxRefAmp": 346.473,
    "dataset": "ds001371",
    "modality": "T1w",
    "subject_id": "M80392216"
  },
  "cjv": 0.34620990789088085,
  "cnr": 3.794889470352618,
  "efc": 0.5727786524097355,
  "fber": 17459.480730674983,
  "fwhm_avg": 4.430707805948893,
  "fwhm_x": 4.333698551337613,
  "fwhm_y": 4.485887433155068,
  "fwhm_z": 4.472537433353999,
  "icvs_csf": 0.20022934652096483,
  "icvs_gm": 0.44215814332685055,
  "icvs_wm": 0.35761251015218465,
  "inu_med": 0.48593011498451233,
  "inu_range": 0.1961813926696777,
  "provenance": {
    "md5sum": "b1c0a7cd9378b30d20f71208dd3e94d1",
    "settings": {
      "testing": false
    },
    "software": "mriqc",
    "version": "22.0.6",
    "warnings": {
      "large_rot_frame": true,
      "small_air_mask": false
    },
    "webapi_port": null,
    "webapi_url": "https://mriqc.nimh.nih.gov/api/v1"
  },
  "qi_1": 0.0,
  "qi_2": 0.021630741568377194,
  "rpve_csf": 22.969401597850435,
  "rpve_gm": 11.101964481251484,
  "rpve_wm": 15.358944669365721,
  "size_x": 224,
  "size_y": 320,
  "size_z": 320,
  "snr_csf": 2.7530072705523803,
  "snr_gm": 13.337582661587827,
  "snr_total": 12.790221091605432,
  "snr_wm": 22.28007334267609,
  "snrd_csf": 40.35177696335383,
  "snrd_gm": 105.37020468333846,
  "snrd_total": 96.68441047393742,
  "snrd_wm": 144.33124977512,
  "spacing_x": 0.8000025749206543,
  "spacing_y": 0.800000011920929,
  "spacing_z": 0.800000011920929,
  "summary_bg_k": 6.988180992219485,
  "summary_bg_mad": 4.539224614071393,
  "summary_bg_mean": 4.771701701217646,
  "summary_bg_median": 3.061660476028919,
  "summary_bg_n": 4816652.0,
  "summary_bg_p05": 0.0,
  "summary_bg_p95": 19.461717754602432,
  "summary_bg_stdv": 7.0219006833858995,
  "summary_csf_k": 1.5346027787729941,
  "summary_csf_mad": 76.46306268509409,
  "summary_csf_mean": 286.81601036506765,
  "summary_csf_median": 279.58418920636177,
  "summary_csf_n": 110442.0,
  "summary_csf_p05": 116.532968506217,
  "summary_csf_p95": 470.3090232014656,
  "summary_csf_stdv": 101.55546134689071,
  "summary_gm_k": 0.5043004070372521,
  "summary_gm_mad": 51.37417005073049,
  "summary_gm_mean": 728.6159344405103,
  "summary_gm_median": 730.0754876211286,
  "summary_gm_n": 117491.0,
  "summary_gm_p05": 636.445638179779,
  "summary_gm_p95": 815.9562506638467,
  "summary_gm_stdv": 54.737983575909986,
  "summary_wm_k": 0.5880329526076618,
  "summary_wm_mad": 42.08459409635183,
  "summary_wm_mean": 998.7036934687025,
  "summary_wm_median": 1000.0237531587481,
  "summary_wm_n": 510315.0,
  "summary_wm_p05": 924.1705215200782,
  "summary_wm_p95": 1071.0827567651868,
  "summary_wm_stdv": 44.884177801718444,
  "tpm_overlap_csf": 0.15416820171277992,
  "tpm_overlap_gm": 0.44996980382909896,
  "tpm_overlap_wm": 0.49716078227303895,
  "wm2max": 0.8831444755718384
}