{
  "aor": 0.008003605823068308,
  "aqi": 0.013338100683090706,
  "bids_meta": {
    "AcquisitionMatrixPE": 82,
    "AcquisitionNumber": 1,
    "AcquisitionTime": "13:24:5.122500",
    "BandwidthPerPixelPhaseEncode": 23.912,
    "BaseResolution": 82,
    "ConversionSoftware": "dcm2niix",
    "ConversionSoftwareVersion": "v1.0.20171215 Clang9.0.0",
    "DerivedVendorReportedEchoSpacing": 0.00051,
    "DeviceSerialNumber": "35451",
    "DwellTime": 2.2e-06,
    "EchoTime": 0.029,
    "EffectiveEchoSpacing": 0.00051,
    "FlipAngle": 44,
    "ImageComments": "Unaliased_MB8_PE3_(remote)",
    "ImageOrientationPatientDICOM": [
      0.99985,
      0.00665816,
      0.0159926,
      4.78715e-08,
      0.923187,
      -0.384351
    ],
    "ImageType": [
      "ORIGINAL",
      "PRIMARY",
      "M",
      "MB",
      "ND",
      "NORM",
      "MOSAIC"
    ],
    "InPlanePhaseEncodingDirectionDICOM": "COL",
    "InstitutionAddress": "Exposition_Drive_1777_Boulder-_c0d8dc-_Denver_US_80301",
    "InstitutionName": "Intermountain_Neuroimaging_Consortium",
    "InstitutionalDepartmentName": "Department",
    "MRAcquisitionType": "2D",
    "MagneticFieldStrength": 3,
    "Manufacturer": "Siemens",
    "ManufacturersModelName": "TrioTim",
    "Modality": "MR",
    "MultibandAccelerationFactor": 8,
    "PartialFourier": 1,
    "PatientPosition": "HFS",
    "PercentPhaseFOV": 100,
    "PhaseEncodingDirection": "j",
    "PhaseEncodingSteps": 82,
    "PhaseResolution": 1,
    "PixelBandwidth": 2772,
    "ProcedureStepDescription": "VMITTAL_adaptcog_200068",
    "ProtocolName": "ritl_pa_32ch_mb8_v01_r04",
    "PulseSequenceDetails": "%CustomerSeq%_cmrr_mbep2d_bold",
    "ReceiveCoilName": "32Ch_Head",
    "ReconMatrixPE": 82,
    "RepetitionTime": 0.46,
    "SAR": 0.147535,
    "ScanOptions": "FS",
    "ScanningSequence": "EP",
    "SequenceName": "epfid2d1_82",
    "SequenceVariant": "SK_SS",
    "SeriesDescription": "ritl_pa_32ch_mb8_v01_r04",
    "SeriesNumber": 18,
    "ShimSetting": [
      6822,
      12672,
      -6734,
      656,
      257,
      126,
      -43,
      27
    ],
    "SliceThickness": 3,
    "SliceTiming": [
      0,
      0.2625,
      0.065,
      0.3275,
      0.13,
      0.395,
      0.1975,
      0,
      0.2625,
      0.065,
      0.3275,
      0.13,
      0.395,
      0.1975,
      0,
      0.2625,
      0.065,
      0.3275,
      0.13,
      0.395,
      0.1975,
      0,
      0.2625,
      0.065,
      0.3275,
      0.13,
      0.395,
      0.1975,
      0,
      0.2625,
      0.065,
      0.3275,
      0.13,
      0.395,
      0.1975,
      0,
      0.2625,
      0.065,
      0.3275,
      0.13,
      0.395,
      0.1975,
      0,
      0.2625,
      0.065,
      0.3275,
      0.13,
      0.395,
      0.1975,
      0,
      0.2625,
      0.065,
      0.3275,
      0.13,
      0.395,
      0.1975
    ],
    "SoftwareVersions": "syngo_MR_B17",
    "SpacingBetweenSlices": 3,
    "StationName": "MRC35451",
    "TaskName": "ritl",
    "TotalReadoutTime": 0.04131,
    "TxRefAmp": 330.422,
    "acq_id": "MB",
    "dataset": "ds001371",
    "modality": "bold",
    "run_id": 4,
    "subject_id": "M80391297",
    "task_id": "ritl"
  },
  "dummy_trs": 1,
  "dvars_nstd": 29.88221381899106,
  "dvars_std": 1.2641756739013446,
  "dvars_vstd": 1.134170046065022,
  "efc": 0.401214074132124,
  "fber": 37955.1796875,
  "fd_mean": 0.06864823549315854,
  "fd_num": 22,
  "fd_perc": 2.463605823068309,
  "fwhm_avg": 1.8731073033565908,
  "fwhm_x": 1.734061948820406,
  "fwhm_y": 1.9520166279160334,
  "fwhm_z": 1.9332433333333334,
  "gcor": 0.022978,
  "gsr_x": -0.021030856296420097,
  "gsr_y": 0.01969091035425663,
  "provenance": {
    "md5sum": "b00a0cfa515357a3ceb426cf08b370d6",
    "settings": {
      "fd_thres": 0.2,
      "testing": false
    },
    "software": "mriqc",
    "version": "22.0.6",
    "webapi_port": null,
    "webapi_url": "https://mriqc.nimh.nih.gov/api/v1"
  },
  "size_t": 893,
  "size_x": 82,
  "size_y": 82,
  "size_z": 56,
  "snr": 7.2545782098995435,
  "spacing_tr": 0.46000000834465027,
  "spacing_x": 3.02439022064209,
  "spacing_y": 3.02439022064209,
  "spacing_z": 3.0,
  "summary_bg_k": 28.749670475590243,
  "summary_bg_mad": 1.9557732375463552,
  "summary_bg_mean": 8.595115661621094,
  "summary_bg_median": 1.4770437479019165,
  "summary_bg_n": 280556.0,
  "summary_bg_p05": 0.013437850400805473,
  "summary_bg_p95": 44.92553234100342,
  "summary_bg_stdv": 20.386808395385742,
  "summary_fg_k": 1.8189775729571682,
  "summary_fg_mad": 36.605180921963445,
  "summary_fg_mean": 283.4181213378906,
  "summary_fg_median": 282.3561096191406,
  "summary_fg_n": 43279.0,
  "summary_fg_p05": 225.5274444580078,
  "summary_fg_p95": 347.53404846191404,
  "summary_fg_stdv": 38.9206428527832,
  "tsnr": 48.83702433295548
}