{
  "aor": 0.0008355443322109989,
  "aqi": 0.01275790041526375,
  "bids_meta": {
    "AcquisitionMatrixPE": 82,
    "AcquisitionNumber": 1,
    "AcquisitionTime": "13:38:46.800000",
    "BandwidthPerPixelPhaseEncode": 23.912,
    "BaseResolution": 82,
    "ConversionSoftware": "dcm2niix",
    "ConversionSoftwareVersion": "v1.0.20171215 Clang9.0.0",
    "DerivedVendorReportedEchoSpacing": 0.00051,
    "DeviceSerialNumber": "35451",
    "DwellTime": 2.2e-06,
    "EchoTime": 0.029,
    "EffectiveEchoSpacing": 0.00051,
    "FlipAngle": 44,
    "ImageComments": "Unaliased_MB8_PE3_(remote)",
    "ImageOrientationPatientDICOM": [
      0.99985,
      0.00665816,
      0.0159926,
      4.78715e-08,
      0.923187,
      -0.384351
    ],
    "ImageType": [
      "ORIGINAL",
      "PRIMARY",
      "M",
      "MB",
      "ND",
      "NORM",
      "MOSAIC"
    ],
    "InPlanePhaseEncodingDirectionDICOM": "COL",
    "InstitutionAddress": "Exposition_Drive_1777_Boulder-_c0d8dc-_Denver_US_80301",
    "InstitutionName": "Intermountain_Neuroimaging_Consortium",
    "InstitutionalDepartmentName": "Department",
    "MRAcquisitionType": "2D",
    "MagneticFieldStrength": 3,
    "Manufacturer": "Siemens",
    "ManufacturersModelName": "TrioTim",
    "Modality": "MR",
    "MultibandAccelerationFactor": 8,
    "PartialFourier": 1,
    "PatientPosition": "HFS",
    "PercentPhaseFOV": 100,
    "PhaseEncodingDirection": "j",
    "PhaseEncodingSteps": 82,
    "PhaseResolution": 1,
    "PixelBandwidth": 2772,
    "ProcedureStepDescription": "VMITTAL_adaptcog_200068",
    "ProtocolName": "ritl_pa_32ch_mb8_v01_r06",
    "PulseSequenceDetails": "%CustomerSeq%_cmrr_mbep2d_bold",
    "ReceiveCoilName": "32Ch_Head",
    "ReconMatrixPE": 82,
    "RepetitionTime": 0.46,
    "SAR": 0.144113,
    "ScanOptions": "FS",
    "ScanningSequence": "EP",
    "SequenceName": "epfid2d1_82",
    "SequenceVariant": "SK_SS",
    "SeriesDescription": "ritl_pa_32ch_mb8_v01_r06",
    "SeriesNumber": 22,
    "ShimSetting": [
      6822,
      12672,
      -6734,
      656,
      257,
      126,
      -43,
      27
    ],
    "SliceThickness": 3,
    "SliceTiming": [
      0,
      0.265,
      0.0675,
      0.33,
      0.1325,
      0.3975,
      0.2,
      0,
      0.265,
      0.0675,
      0.33,
      0.1325,
      0.3975,
      0.2,
      0,
      0.265,
      0.0675,
      0.33,
      0.1325,
      0.3975,
      0.2,
      0,
      0.265,
      0.0675,
      0.33,
      0.1325,
      0.3975,
      0.2,
      0,
      0.265,
      0.0675,
      0.33,
      0.1325,
      0.3975,
      0.2,
      0,
      0.265,
      0.0675,
      0.33,
      0.1325,
      0.3975,
      0.2,
      0,
      0.265,
      0.0675,
      0.33,
      0.1325,
      0.3975,
      0.2,
      0,
      0.265,
      0.0675,
      0.33,
      0.1325,
      0.3975,
      0.2
    ],
    "SoftwareVersions": "syngo_MR_B17",
    "SpacingBetweenSlices": 3,
    "StationName": "MRC35451",
    "TaskName": "ritl",
    "TotalReadoutTime": 0.04131,
    "TxRefAmp": 330.422,
    "acq_id": "MB",
    "dataset": "ds001371",
    "modality": "bold",
    "run_id": 6,
    "subject_id": "M80391297",
    "task_id": "ritl"
  },
  "dummy_trs": 3,
  "dvars_nstd": 30.43130500894384,
  "dvars_std": 1.209552321191012,
  "dvars_vstd": 1.0111669117752815,
  "efc": 0.4008739384588394,
  "fber": 38922.90625,
  "fd_mean": 0.06781923802420238,
  "fd_num": 20,
  "fd_perc": 2.244668911335578,
  "fwhm_avg": 1.8601281993605363,
  "fwhm_x": 1.7290659003948852,
  "fwhm_y": 1.936182031020057,
  "fwhm_z": 1.9151366666666665,
  "gcor": 0.0229626,
  "gsr_x": -0.020911436527967453,
  "gsr_y": 0.018380016088485718,
  "provenance": {
    "md5sum": "9cc055cd888d97b9088d60b9655590a2",
    "settings": {
      "fd_thres": 0.2,
      "testing": false
    },
    "software": "mriqc",
    "version": "22.0.6",
    "webapi_port": null,
    "webapi_url": "https://mriqc.nimh.nih.gov/api/v1"
  },
  "size_t": 891,
  "size_x": 82,
  "size_y": 82,
  "size_z": 56,
  "snr": 7.301661712978099,
  "spacing_tr": 0.46000000834465027,
  "spacing_x": 3.02439022064209,
  "spacing_y": 3.02439022064209,
  "spacing_z": 3.0,
  "summary_bg_k": 27.65337229516263,
  "summary_bg_mad": 1.9451874640900726,
  "summary_bg_mean": 8.652883529663086,
  "summary_bg_median": 1.4668911695480347,
  "summary_bg_n": 280873.0,
  "summary_bg_p05": 0.011223345063626766,
  "summary_bg_p95": 45.174187469482305,
  "summary_bg_stdv": 20.4859676361084,
  "summary_fg_k": 1.8834698617973373,
  "summary_fg_mad": 36.44107575086604,
  "summary_fg_mean": 284.2771911621094,
  "summary_fg_median": 283.2727355957031,
  "summary_fg_n": 43199.0,
  "summary_fg_p05": 226.82391052246095,
  "summary_fg_p95": 347.67274475097656,
  "summary_fg_stdv": 38.795204162597656,
  "tsnr": 51.05491262488067
}