{
  "aor": 0.00044861486486486485,
  "aqi": 0.009922367815315317,
  "bids_meta": {
    "AcquisitionMatrixPE": 82,
    "AcquisitionNumber": 1,
    "AcquisitionTime": "13:46:4.355000",
    "BandwidthPerPixelPhaseEncode": 23.912,
    "BaseResolution": 82,
    "ConversionSoftware": "dcm2niix",
    "ConversionSoftwareVersion": "v1.0.20171215 Clang9.0.0",
    "DerivedVendorReportedEchoSpacing": 0.00051,
    "DeviceSerialNumber": "35451",
    "DwellTime": 2.2e-06,
    "EchoTime": 0.029,
    "EffectiveEchoSpacing": 0.00051,
    "FlipAngle": 44,
    "ImageComments": "Unaliased_MB8_PE3_(remote)",
    "ImageOrientationPatientDICOM": [
      1,
      0,
      0,
      0,
      0.918446,
      -0.395546
    ],
    "ImageType": [
      "ORIGINAL",
      "PRIMARY",
      "M",
      "MB",
      "ND",
      "NORM",
      "MOSAIC"
    ],
    "InPlanePhaseEncodingDirectionDICOM": "COL",
    "InstitutionAddress": "Exposition_Drive_1777_Boulder-_6392da-_Denver_US_80301",
    "InstitutionName": "Intermountain_Neuroimaging_Consortium",
    "InstitutionalDepartmentName": "Department",
    "MRAcquisitionType": "2D",
    "MagneticFieldStrength": 3,
    "Manufacturer": "Siemens",
    "ManufacturersModelName": "TrioTim",
    "Modality": "MR",
    "MultibandAccelerationFactor": 8,
    "PartialFourier": 1,
    "PatientPosition": "HFS",
    "PercentPhaseFOV": 100,
    "PhaseEncodingDirection": "j",
    "PhaseEncodingSteps": 82,
    "PhaseResolution": 1,
    "PixelBandwidth": 2772,
    "ProcedureStepDescription": "VMITTAL_adaptcog_200068",
    "ProtocolName": "ritl_pa_32ch_mb8_v01_r05",
    "PulseSequenceDetails": "%CustomerSeq%_cmrr_mbep2d_bold",
    "ReceiveCoilName": "32Ch_Head",
    "ReconMatrixPE": 82,
    "RepetitionTime": 0.46,
    "SAR": 0.145782,
    "ScanOptions": "FS",
    "ScanningSequence": "EP",
    "SequenceName": "epfid2d1_82",
    "SequenceVariant": "SK_SS",
    "SeriesDescription": "ritl_pa_32ch_mb8_v01_r05",
    "SeriesNumber": 14,
    "ShimSetting": [
      6777,
      12612,
      -6789,
      646,
      299,
      -178,
      71,
      1
    ],
    "SliceThickness": 3,
    "SliceTiming": [
      0,
      0.2625,
      0.065,
      0.33,
      0.13,
      0.395,
      0.1975,
      0,
      0.2625,
      0.065,
      0.33,
      0.13,
      0.395,
      0.1975,
      0,
      0.2625,
      0.065,
      0.33,
      0.13,
      0.395,
      0.1975,
      0,
      0.2625,
      0.065,
      0.33,
      0.13,
      0.395,
      0.1975,
      0,
      0.2625,
      0.065,
      0.33,
      0.13,
      0.395,
      0.1975,
      0,
      0.2625,
      0.065,
      0.33,
      0.13,
      0.395,
      0.1975,
      0,
      0.2625,
      0.065,
      0.33,
      0.13,
      0.395,
      0.1975,
      0,
      0.2625,
      0.065,
      0.33,
      0.13,
      0.395,
      0.1975
    ],
    "SoftwareVersions": "syngo_MR_B17",
    "SpacingBetweenSlices": 3,
    "StationName": "MRC35451",
    "TaskName": "ritl",
    "TotalReadoutTime": 0.04131,
    "TxRefAmp": 336.374,
    "acq_id": "MB",
    "dataset": "ds001371",
    "modality": "bold",
    "run_id": 5,
    "subject_id": "M80397236",
    "task_id": "ritl"
  },
  "dummy_trs": 6,
  "dvars_nstd": 30.803039808737317,
  "dvars_std": 1.1895623732018046,
  "dvars_vstd": 0.9942613163810591,
  "efc": 0.3825264450853359,
  "fber": 29736.115234375,
  "fd_mean": 0.05375781207599428,
  "fd_num": 2,
  "fd_perc": 0.22522522522522523,
  "fwhm_avg": 1.8863050186164279,
  "fwhm_x": 1.7908204976440285,
  "fwhm_y": 1.9756412248719217,
  "fwhm_z": 1.8924533333333333,
  "gcor": 0.0178456,
  "gsr_x": -0.025521360337734222,
  "gsr_y": 0.01728980429470539,
  "provenance": {
    "md5sum": "a5fa62dadb054e406b2fdc0660f965f5",
    "settings": {
      "fd_thres": 0.2,
      "testing": false
    },
    "software": "mriqc",
    "version": "22.0.6",
    "webapi_port": null,
    "webapi_url": "https://mriqc.nimh.nih.gov/api/v1"
  },
  "size_t": 888,
  "size_x": 82,
  "size_y": 82,
  "size_z": 56,
  "snr": 6.680184232130305,
  "spacing_tr": 0.46000000834465027,
  "spacing_x": 3.02439022064209,
  "spacing_y": 3.02439022064209,
  "spacing_z": 3.0,
  "summary_bg_k": 27.074993486048385,
  "summary_bg_mad": 2.0669612503845096,
  "summary_bg_mean": 8.152928352355957,
  "summary_bg_median": 1.525900959968567,
  "summary_bg_n": 289254.0,
  "summary_bg_p05": 0.013513513840734959,
  "summary_bg_p95": 41.74634017944323,
  "summary_bg_stdv": 18.372373580932617,
  "summary_fg_k": 1.2295987867434457,
  "summary_fg_mad": 36.89642574863949,
  "summary_fg_mean": 259.54248046875,
  "summary_fg_median": 257.7882995605469,
  "summary_fg_n": 35983.0,
  "summary_fg_p05": 202.3448257446289,
  "summary_fg_p95": 324.6151000976563,
  "summary_fg_stdv": 38.58946228027344,
  "tsnr": 52.88057066965848
}