{
  "aor": 0.0008009284116331096,
  "aqi": 0.008851762360178973,
  "bids_meta": {
    "AcquisitionMatrixPE": 82,
    "AcquisitionNumber": 1,
    "AcquisitionTime": "13:30:42.105000",
    "BandwidthPerPixelPhaseEncode": 23.912,
    "BaseResolution": 82,
    "ConversionSoftware": "dcm2niix",
    "ConversionSoftwareVersion": "v1.0.20171215 Clang9.0.0",
    "DerivedVendorReportedEchoSpacing": 0.00051,
    "DeviceSerialNumber": "35451",
    "DwellTime": 2.2e-06,
    "EchoTime": 0.029,
    "EffectiveEchoSpacing": 0.00051,
    "FlipAngle": 44,
    "ImageComments": "Unaliased_MB8_PE3_(remote)",
    "ImageOrientationPatientDICOM": [
      1,
      0,
      0,
      0,
      0.918446,
      -0.395546
    ],
    "ImageType": [
      "ORIGINAL",
      "PRIMARY",
      "M",
      "MB",
      "ND",
      "NORM",
      "MOSAIC"
    ],
    "InPlanePhaseEncodingDirectionDICOM": "COL",
    "InstitutionAddress": "Exposition_Drive_1777_Boulder-_6392da-_Denver_US_80301",
    "InstitutionName": "Intermountain_Neuroimaging_Consortium",
    "InstitutionalDepartmentName": "Department",
    "MRAcquisitionType": "2D",
    "MagneticFieldStrength": 3,
    "Manufacturer": "Siemens",
    "ManufacturersModelName": "TrioTim",
    "Modality": "MR",
    "MultibandAccelerationFactor": 8,
    "PartialFourier": 1,
    "PatientPosition": "HFS",
    "PercentPhaseFOV": 100,
    "PhaseEncodingDirection": "j",
    "PhaseEncodingSteps": 82,
    "PhaseResolution": 1,
    "PixelBandwidth": 2772,
    "ProcedureStepDescription": "VMITTAL_adaptcog_200068",
    "ProtocolName": "ritl_pa_32ch_mb8_v01_r03",
    "PulseSequenceDetails": "%CustomerSeq%_cmrr_mbep2d_bold",
    "ReceiveCoilName": "32Ch_Head",
    "ReconMatrixPE": 82,
    "RepetitionTime": 0.46,
    "SAR": 0.137126,
    "ScanOptions": "FS",
    "ScanningSequence": "EP",
    "SequenceName": "epfid2d1_82",
    "SequenceVariant": "SK_SS",
    "SeriesDescription": "ritl_pa_32ch_mb8_v01_r03",
    "SeriesNumber": 10,
    "ShimSetting": [
      6777,
      12612,
      -6789,
      646,
      299,
      -178,
      71,
      1
    ],
    "SliceThickness": 3,
    "SliceTiming": [
      0,
      0.2625,
      0.065,
      0.3275,
      0.13,
      0.395,
      0.1975,
      0,
      0.2625,
      0.065,
      0.3275,
      0.13,
      0.395,
      0.1975,
      0,
      0.2625,
      0.065,
      0.3275,
      0.13,
      0.395,
      0.1975,
      0,
      0.2625,
      0.065,
      0.3275,
      0.13,
      0.395,
      0.1975,
      0,
      0.2625,
      0.065,
      0.3275,
      0.13,
      0.395,
      0.1975,
      0,
      0.2625,
      0.065,
      0.3275,
      0.13,
      0.395,
      0.1975,
      0,
      0.2625,
      0.065,
      0.3275,
      0.13,
      0.395,
      0.1975,
      0,
      0.2625,
      0.065,
      0.3275,
      0.13,
      0.395,
      0.1975
    ],
    "SoftwareVersions": "syngo_MR_B17",
    "SpacingBetweenSlices": 3,
    "StationName": "MRC35451",
    "TaskName": "ritl",
    "TotalReadoutTime": 0.04131,
    "TxRefAmp": 336.374,
    "acq_id": "MB",
    "dataset": "ds001371",
    "modality": "bold",
    "run_id": 3,
    "subject_id": "M80397236",
    "task_id": "ritl"
  },
  "dummy_trs": 0,
  "dvars_nstd": 30.656983019977602,
  "dvars_std": 1.2074756192161245,
  "dvars_vstd": 1.0195414837513999,
  "efc": 0.3794599249003981,
  "fber": 32683.701171875,
  "fd_mean": 0.0599799875723737,
  "fd_num": 2,
  "fd_perc": 0.22371364653243847,
  "fwhm_avg": 1.9046442570566946,
  "fwhm_x": 1.8001711428772338,
  "fwhm_y": 2.0010116282928503,
  "fwhm_z": 1.91275,
  "gcor": 0.0172243,
  "gsr_x": -0.024827616289258003,
  "gsr_y": 0.016945730894804,
  "provenance": {
    "md5sum": "ff31cbe1f5c1974be100f4c27b01335d",
    "settings": {
      "fd_thres": 0.2,
      "testing": false
    },
    "software": "mriqc",
    "version": "22.0.6",
    "webapi_port": null,
    "webapi_url": "https://mriqc.nimh.nih.gov/api/v1"
  },
  "size_t": 894,
  "size_x": 82,
  "size_y": 82,
  "size_z": 56,
  "snr": 6.597789096542773,
  "spacing_tr": 0.46000000834465027,
  "spacing_x": 3.02439022064209,
  "spacing_y": 3.02439022064209,
  "spacing_z": 3.0,
  "summary_bg_k": 28.883847433616257,
  "summary_bg_mad": 1.9917284853775363,
  "summary_bg_mean": 7.934226036071777,
  "summary_bg_median": 1.4709172248840332,
  "summary_bg_n": 289472.0,
  "summary_bg_p05": 0.01230425015091896,
  "summary_bg_p95": 40.19888248443609,
  "summary_bg_stdv": 18.11236572265625,
  "summary_fg_k": 1.1373682535473204,
  "summary_fg_mad": 37.866894955937056,
  "summary_fg_mean": 261.571044921875,
  "summary_fg_median": 259.6728210449219,
  "summary_fg_n": 35860.0,
  "summary_fg_p05": 202.96924362182617,
  "summary_fg_p95": 327.77277069091787,
  "summary_fg_stdv": 39.35700225830078,
  "tsnr": 55.05020017409697
}