{
  "bids_meta": {
    "AcquisitionMatrixPE": 320,
    "AcquisitionNumber": 1,
    "AcquisitionTime": "10:30:35.717500",
    "BaseResolution": 320,
    "ConversionSoftware": "dcm2niix",
    "ConversionSoftwareVersion": "v1.0.20171215 Clang9.0.0",
    "DeviceSerialNumber": "35451",
    "DwellTime": 6.5e-06,
    "EchoTime": 0.00201,
    "FlipAngle": 8,
    "ImageOrientationPatientDICOM": [
      0.0279217,
      0.99961,
      -7.02752e-09,
      0.0418593,
      -0.00116924,
      -0.999123
    ],
    "ImageType": [
      "ORIGINAL",
      "PRIMARY",
      "M",
      "ND",
      "NORM"
    ],
    "InPlanePhaseEncodingDirectionDICOM": "ROW",
    "InstitutionAddress": "Exposition_Drive_1777_Boulder-_c0d8dc-_Denver_US_80301",
    "InstitutionName": "Intermountain_Neuroimaging_Consortium",
    "InstitutionalDepartmentName": "Department",
    "InversionTime": 1,
    "MRAcquisitionType": "3D",
    "MagneticFieldStrength": 3,
    "Manufacturer": "Siemens",
    "ManufacturersModelName": "TrioTim",
    "Modality": "MR",
    "ParallelReductionFactorInPlane": 2,
    "PartialFourier": 1,
    "PatientPosition": "HFS",
    "PercentPhaseFOV": 100,
    "PhaseEncodingSteps": 319,
    "PhaseResolution": 1,
    "PixelBandwidth": 240,
    "ProcedureStepDescription": "VMITTAL_adaptcog_200068",
    "ProtocolName": "t1w_32ch_mpr_08mm",
    "PulseSequenceDetails": "%SiemensSeq%_tfl",
    "ReceiveCoilName": "32Ch_Head",
    "ReconMatrixPE": 320,
    "RepetitionTime": 2.4,
    "SAR": 0.0807746,
    "ScanOptions": "IR_WE",
    "ScanningSequence": "GR_IR",
    "SequenceName": "_tfl3d1_ns",
    "SequenceVariant": "SP_MP",
    "SeriesDescription": "t1w_32ch_mpr_08mm",
    "SeriesNumber": 2,
    "ShimSetting": [
      6821,
      12574,
      -6881,
      244,
      301,
      -575,
      346,
      92
    ],
    "SliceThickness": 0.8,
    "SoftwareVersions": "syngo_MR_B17",
    "StationName": "MRC35451",
    "TxRefAmp": 330.296,
    "dataset": "ds001371",
    "modality": "T1w",
    "subject_id": "M80318505"
  },
  "cjv": 0.3496020089840708,
  "cnr": 3.7241496120942403,
  "efc": 0.5360249508299935,
  "fber": 8105.162112511402,
  "fwhm_avg": 4.328132001560397,
  "fwhm_x": 4.348933633359607,
  "fwhm_y": 4.282812436181121,
  "fwhm_z": 4.3526499351404615,
  "icvs_csf": 0.22151683260393001,
  "icvs_gm": 0.44873342731069227,
  "icvs_wm": 0.3297497400853777,
  "inu_med": 0.48523397743701935,
  "inu_range": 0.1841177925467491,
  "provenance": {
    "md5sum": "36fbcaa6a77aaed74c4cdea6fd926795",
    "settings": {
      "testing": false
    },
    "software": "mriqc",
    "version": "22.0.6",
    "warnings": {
      "large_rot_frame": true,
      "small_air_mask": false
    },
    "webapi_port": null,
    "webapi_url": "https://mriqc.nimh.nih.gov/api/v1"
  },
  "qi_1": 0.0,
  "qi_2": 0.015933469048943254,
  "rpve_csf": 26.905430667409387,
  "rpve_gm": 14.098314632946472,
  "rpve_wm": 21.357383324952078,
  "size_x": 224,
  "size_y": 320,
  "size_z": 320,
  "snr_csf": 2.445837825517473,
  "snr_gm": 14.050133179940516,
  "snr_total": 13.175542118846204,
  "snr_wm": 23.03065535108063,
  "snrd_csf": 30.819213472897736,
  "snrd_gm": 80.0455188282385,
  "snrd_total": 72.8553071979101,
  "snrd_wm": 107.70118929259405,
  "spacing_x": 0.7999938130378723,
  "spacing_y": 0.800000011920929,
  "spacing_z": 0.800000011920929,
  "summary_bg_k": 6.142041471511105,
  "summary_bg_mad": 6.083066838350799,
  "summary_bg_mean": 6.550728166656367,
  "summary_bg_median": 4.102966232225299,
  "summary_bg_n": 5344410.0,
  "summary_bg_p05": 0.0,
  "summary_bg_p95": 24.06899299286306,
  "summary_bg_stdv": 8.408741937294417,
  "summary_csf_k": 0.7069038942571764,
  "summary_csf_mad": 95.27555003506124,
  "summary_csf_mean": 295.2306811014521,
  "summary_csf_median": 286.1622945405543,
  "summary_csf_n": 79207.0,
  "summary_csf_p05": 93.50581642612815,
  "summary_csf_p95": 508.2111683325841,
  "summary_csf_stdv": 116.99896253498531,
  "summary_gm_k": 0.5019338253455956,
  "summary_gm_mad": 49.51693897714854,
  "summary_gm_mean": 742.3034815142373,
  "summary_gm_median": 743.2379595190287,
  "summary_gm_n": 85735.0,
  "summary_gm_p05": 654.2976730341092,
  "summary_gm_p95": 828.2582145718858,
  "summary_gm_stdv": 52.89868896476027,
  "summary_wm_k": 0.5550420693859319,
  "summary_wm_mad": 40.25672894934064,
  "summary_wm_mean": 1000.2713154861216,
  "summary_wm_median": 1000.0261518619955,
  "summary_wm_n": 348898.0,
  "summary_wm_p05": 929.2826512847096,
  "summary_wm_p95": 1072.1547302119434,
  "summary_wm_stdv": 43.42146167772746,
  "tpm_overlap_csf": 0.1477477434388656,
  "tpm_overlap_gm": 0.45619611224391093,
  "tpm_overlap_wm": 0.5015567998995679,
  "wm2max": 0.8410664439413588
}