{
  "aor": 0.0008208501118568233,
  "aqi": 0.021869101342281882,
  "bids_meta": {
    "AcquisitionMatrixPE": 82,
    "AcquisitionNumber": 1,
    "AcquisitionTime": "15:51:29.730000",
    "BandwidthPerPixelPhaseEncode": 23.912,
    "BaseResolution": 82,
    "ConversionSoftware": "dcm2niix",
    "ConversionSoftwareVersion": "v1.0.20171215 Clang9.0.0",
    "DerivedVendorReportedEchoSpacing": 0.00051,
    "DeviceSerialNumber": "35451",
    "DwellTime": 2.2e-06,
    "EchoTime": 0.029,
    "EffectiveEchoSpacing": 0.00051,
    "FlipAngle": 44,
    "ImageComments": "Unaliased_MB8_PE3_(remote)",
    "ImageOrientationPatientDICOM": [
      0.999975,
      -0.00226842,
      -0.00673683,
      1.31783e-08,
      0.947717,
      -0.319112
    ],
    "ImageType": [
      "ORIGINAL",
      "PRIMARY",
      "M",
      "MB",
      "ND",
      "NORM",
      "MOSAIC"
    ],
    "InPlanePhaseEncodingDirectionDICOM": "COL",
    "InstitutionAddress": "Exposition_Drive_1777_Boulder-_6392da-_Denver_US_80301",
    "InstitutionName": "Intermountain_Neuroimaging_Consortium",
    "InstitutionalDepartmentName": "Department",
    "MRAcquisitionType": "2D",
    "MagneticFieldStrength": 3,
    "Manufacturer": "Siemens",
    "ManufacturersModelName": "TrioTim",
    "Modality": "MR",
    "MultibandAccelerationFactor": 8,
    "PartialFourier": 1,
    "PatientPosition": "HFS",
    "PercentPhaseFOV": 100,
    "PhaseEncodingDirection": "j",
    "PhaseEncodingSteps": 82,
    "PhaseResolution": 1,
    "PixelBandwidth": 2772,
    "ProcedureStepDescription": "VMITTAL_adaptcog_200068",
    "ProtocolName": "ritl_pa_32ch_mb8_v01_r06",
    "PulseSequenceDetails": "%CustomerSeq%_cmrr_mbep2d_bold",
    "ReceiveCoilName": "32Ch_Head",
    "ReconMatrixPE": 82,
    "RepetitionTime": 0.46,
    "SAR": 0.15731,
    "ScanOptions": "FS",
    "ScanningSequence": "EP",
    "SequenceName": "epfid2d1_82",
    "SequenceVariant": "SK_SS",
    "SeriesDescription": "ritl_pa_32ch_mb8_v01_r06",
    "SeriesNumber": 22,
    "ShimSetting": [
      6797,
      12621,
      -6736,
      500,
      236,
      -107,
      150,
      55
    ],
    "SliceThickness": 3,
    "SliceTiming": [
      0,
      0.2625,
      0.065,
      0.3275,
      0.13,
      0.395,
      0.1975,
      0,
      0.2625,
      0.065,
      0.3275,
      0.13,
      0.395,
      0.1975,
      0,
      0.2625,
      0.065,
      0.3275,
      0.13,
      0.395,
      0.1975,
      0,
      0.2625,
      0.065,
      0.3275,
      0.13,
      0.395,
      0.1975,
      0,
      0.2625,
      0.065,
      0.3275,
      0.13,
      0.395,
      0.1975,
      0,
      0.2625,
      0.065,
      0.3275,
      0.13,
      0.395,
      0.1975,
      0,
      0.2625,
      0.065,
      0.3275,
      0.13,
      0.395,
      0.1975,
      0,
      0.2625,
      0.065,
      0.3275,
      0.13,
      0.395,
      0.1975
    ],
    "SoftwareVersions": "syngo_MR_B17",
    "SpacingBetweenSlices": 3,
    "StationName": "MRC35451",
    "TaskName": "ritl",
    "TotalReadoutTime": 0.04131,
    "TxRefAmp": 349.112,
    "acq_id": "MB",
    "dataset": "ds001371",
    "modality": "bold",
    "run_id": 6,
    "subject_id": "M80363504",
    "task_id": "ritl"
  },
  "dummy_trs": 0,
  "dvars_nstd": 32.749791900279945,
  "dvars_std": 1.124347988980963,
  "dvars_vstd": 0.9727466867973131,
  "efc": 0.4205330738246392,
  "fber": 22276.794921875,
  "fd_mean": 0.16324677474236002,
  "fd_num": 160,
  "fd_perc": 17.89709172259508,
  "fwhm_avg": 2.1069733262437134,
  "fwhm_x": 1.9664823538337395,
  "fwhm_y": 2.258574291564067,
  "fwhm_z": 2.0958633333333334,
  "gcor": 0.0215999,
  "gsr_x": -0.017078086733818054,
  "gsr_y": 0.016603728756308556,
  "provenance": {
    "md5sum": "6eadf4cf6293e4b6a7517edcad0e97b6",
    "settings": {
      "fd_thres": 0.2,
      "testing": false
    },
    "software": "mriqc",
    "version": "22.0.6",
    "webapi_port": null,
    "webapi_url": "https://mriqc.nimh.nih.gov/api/v1"
  },
  "size_t": 894,
  "size_x": 82,
  "size_y": 82,
  "size_z": 56,
  "snr": 6.593208974665302,
  "spacing_tr": 0.46000000834465027,
  "spacing_x": 3.02439022064209,
  "spacing_y": 3.02439022064209,
  "spacing_z": 3.0,
  "summary_bg_k": 14.583853905001547,
  "summary_bg_mad": 2.333357256506936,
  "summary_bg_mean": 11.920971870422363,
  "summary_bg_median": 1.706935167312622,
  "summary_bg_n": 284081.0,
  "summary_bg_p05": 0.011185682378709316,
  "summary_bg_p95": 68.30872344970703,
  "summary_bg_stdv": 26.234888076782227,
  "summary_fg_k": 0.8956185108153099,
  "summary_fg_mad": 36.357756293304455,
  "summary_fg_mean": 247.5182342529297,
  "summary_fg_median": 247.9714813232422,
  "summary_fg_n": 39982.0,
  "summary_fg_p05": 186.78703231811522,
  "summary_fg_p95": 308.56688537597654,
  "summary_fg_stdv": 37.60966491699219,
  "tsnr": 30.72535735782003
}