{
  "aor": 0.0045657722660653885,
  "aqi": 0.01734813909808343,
  "bids_meta": {
    "AcquisitionMatrixPE": 82,
    "AcquisitionNumber": 1,
    "AcquisitionTime": "15:21:58.877500",
    "BandwidthPerPixelPhaseEncode": 23.912,
    "BaseResolution": 82,
    "ConversionSoftware": "dcm2niix",
    "ConversionSoftwareVersion": "v1.0.20171215 Clang9.0.0",
    "DerivedVendorReportedEchoSpacing": 0.00051,
    "DeviceSerialNumber": "35451",
    "DwellTime": 2.2e-06,
    "EchoTime": 0.029,
    "EffectiveEchoSpacing": 0.00051,
    "FlipAngle": 44,
    "ImageComments": "Unaliased_MB8_PE3_(remote)",
    "ImageOrientationPatientDICOM": [
      0.999975,
      -0.00226842,
      -0.00673683,
      1.31783e-08,
      0.947717,
      -0.319112
    ],
    "ImageType": [
      "ORIGINAL",
      "PRIMARY",
      "M",
      "MB",
      "ND",
      "NORM",
      "MOSAIC"
    ],
    "InPlanePhaseEncodingDirectionDICOM": "COL",
    "InstitutionAddress": "Exposition_Drive_1777_Boulder-_6392da-_Denver_US_80301",
    "InstitutionName": "Intermountain_Neuroimaging_Consortium",
    "InstitutionalDepartmentName": "Department",
    "MRAcquisitionType": "2D",
    "MagneticFieldStrength": 3,
    "Manufacturer": "Siemens",
    "ManufacturersModelName": "TrioTim",
    "Modality": "MR",
    "MultibandAccelerationFactor": 8,
    "PartialFourier": 1,
    "PatientPosition": "HFS",
    "PercentPhaseFOV": 100,
    "PhaseEncodingDirection": "j",
    "PhaseEncodingSteps": 82,
    "PhaseResolution": 1,
    "PixelBandwidth": 2772,
    "ProcedureStepDescription": "VMITTAL_adaptcog_200068",
    "ProtocolName": "ritl_pa_32ch_mb8_v01_r02",
    "PulseSequenceDetails": "%CustomerSeq%_cmrr_mbep2d_bold",
    "ReceiveCoilName": "32Ch_Head",
    "ReconMatrixPE": 82,
    "RepetitionTime": 0.46,
    "SAR": 0.157649,
    "ScanOptions": "FS",
    "ScanningSequence": "EP",
    "SequenceName": "epfid2d1_82",
    "SequenceVariant": "SK_SS",
    "SeriesDescription": "ritl_pa_32ch_mb8_v01_r02",
    "SeriesNumber": 14,
    "ShimSetting": [
      6797,
      12621,
      -6736,
      500,
      236,
      -107,
      150,
      55
    ],
    "SliceThickness": 3,
    "SliceTiming": [
      0,
      0.265,
      0.0675,
      0.33,
      0.1325,
      0.395,
      0.1975,
      0,
      0.265,
      0.0675,
      0.33,
      0.1325,
      0.395,
      0.1975,
      0,
      0.265,
      0.0675,
      0.33,
      0.1325,
      0.395,
      0.1975,
      0,
      0.265,
      0.0675,
      0.33,
      0.1325,
      0.395,
      0.1975,
      0,
      0.265,
      0.0675,
      0.33,
      0.1325,
      0.395,
      0.1975,
      0,
      0.265,
      0.0675,
      0.33,
      0.1325,
      0.395,
      0.1975,
      0,
      0.265,
      0.0675,
      0.33,
      0.1325,
      0.395,
      0.1975,
      0,
      0.265,
      0.0675,
      0.33,
      0.1325,
      0.395,
      0.1975
    ],
    "SoftwareVersions": "syngo_MR_B17",
    "SpacingBetweenSlices": 3,
    "StationName": "MRC35451",
    "TaskName": "ritl",
    "TotalReadoutTime": 0.04131,
    "TxRefAmp": 349.112,
    "acq_id": "MB",
    "dataset": "ds001371",
    "modality": "bold",
    "run_id": 2,
    "subject_id": "M80363504",
    "task_id": "ritl"
  },
  "dummy_trs": 7,
  "dvars_nstd": 31.708290942042876,
  "dvars_std": 1.1644381043566592,
  "dvars_vstd": 1.002479318792324,
  "efc": 0.42197703900615974,
  "fber": 19227.96875,
  "fd_mean": 0.09347530579470081,
  "fd_num": 43,
  "fd_perc": 4.8478015783540025,
  "fwhm_avg": 2.130000951818017,
  "fwhm_x": 1.9918263056415613,
  "fwhm_y": 2.28248654981249,
  "fwhm_z": 2.1156900000000003,
  "gcor": 0.0213673,
  "gsr_x": -0.020007126033306122,
  "gsr_y": 0.012274294160306454,
  "provenance": {
    "md5sum": "938d314f53ea057770ec9a2fbd3cea66",
    "settings": {
      "fd_thres": 0.2,
      "testing": false
    },
    "software": "mriqc",
    "version": "22.0.6",
    "webapi_port": null,
    "webapi_url": "https://mriqc.nimh.nih.gov/api/v1"
  },
  "size_t": 887,
  "size_x": 82,
  "size_y": 82,
  "size_z": 56,
  "snr": 6.2968951062848655,
  "spacing_tr": 0.46000000834465027,
  "spacing_x": 3.02439022064209,
  "spacing_y": 3.02439022064209,
  "spacing_z": 3.0,
  "summary_bg_k": 14.73998324103254,
  "summary_bg_mad": 2.480475287547388,
  "summary_bg_mean": 12.193405151367188,
  "summary_bg_median": 1.8184891939163208,
  "summary_bg_n": 284465.0,
  "summary_bg_p05": 0.01127395685762167,
  "summary_bg_p95": 69.76279296874998,
  "summary_bg_stdv": 26.547042846679688,
  "summary_fg_k": 0.6610438668967475,
  "summary_fg_mad": 39.52464223022376,
  "summary_fg_mean": 249.0672149658203,
  "summary_fg_median": 248.8258056640625,
  "summary_fg_n": 39690.0,
  "summary_fg_p05": 186.6319549560547,
  "summary_fg_p95": 313.67613983154297,
  "summary_fg_stdv": 39.51513671875,
  "tsnr": 34.21179479872808
}