{
  "aor": 0.0019282885906040268,
  "aqi": 0.01827537998881432,
  "bids_meta": {
    "AcquisitionMatrixPE": 82,
    "AcquisitionNumber": 1,
    "AcquisitionTime": "15:36:49.797500",
    "BandwidthPerPixelPhaseEncode": 23.912,
    "BaseResolution": 82,
    "ConversionSoftware": "dcm2niix",
    "ConversionSoftwareVersion": "v1.0.20171215 Clang9.0.0",
    "DerivedVendorReportedEchoSpacing": 0.00051,
    "DeviceSerialNumber": "35451",
    "DwellTime": 2.2e-06,
    "EchoTime": 0.029,
    "EffectiveEchoSpacing": 0.00051,
    "FlipAngle": 44,
    "ImageComments": "Unaliased_MB8_PE3_(remote)",
    "ImageOrientationPatientDICOM": [
      0.999975,
      -0.00226842,
      -0.00673683,
      1.31783e-08,
      0.947717,
      -0.319112
    ],
    "ImageType": [
      "ORIGINAL",
      "PRIMARY",
      "M",
      "MB",
      "ND",
      "NORM",
      "MOSAIC"
    ],
    "InPlanePhaseEncodingDirectionDICOM": "COL",
    "InstitutionAddress": "Exposition_Drive_1777_Boulder-_6392da-_Denver_US_80301",
    "InstitutionName": "Intermountain_Neuroimaging_Consortium",
    "InstitutionalDepartmentName": "Department",
    "MRAcquisitionType": "2D",
    "MagneticFieldStrength": 3,
    "Manufacturer": "Siemens",
    "ManufacturersModelName": "TrioTim",
    "Modality": "MR",
    "MultibandAccelerationFactor": 8,
    "PartialFourier": 1,
    "PatientPosition": "HFS",
    "PercentPhaseFOV": 100,
    "PhaseEncodingDirection": "j",
    "PhaseEncodingSteps": 82,
    "PhaseResolution": 1,
    "PixelBandwidth": 2772,
    "ProcedureStepDescription": "VMITTAL_adaptcog_200068",
    "ProtocolName": "ritl_pa_32ch_mb8_v01_r04",
    "PulseSequenceDetails": "%CustomerSeq%_cmrr_mbep2d_bold",
    "ReceiveCoilName": "32Ch_Head",
    "ReconMatrixPE": 82,
    "RepetitionTime": 0.46,
    "SAR": 0.153215,
    "ScanOptions": "FS",
    "ScanningSequence": "EP",
    "SequenceName": "epfid2d1_82",
    "SequenceVariant": "SK_SS",
    "SeriesDescription": "ritl_pa_32ch_mb8_v01_r04",
    "SeriesNumber": 18,
    "ShimSetting": [
      6797,
      12621,
      -6736,
      500,
      236,
      -107,
      150,
      55
    ],
    "SliceThickness": 3,
    "SliceTiming": [
      0,
      0.265,
      0.0675,
      0.33,
      0.1325,
      0.3975,
      0.2,
      0,
      0.265,
      0.0675,
      0.33,
      0.1325,
      0.3975,
      0.2,
      0,
      0.265,
      0.0675,
      0.33,
      0.1325,
      0.3975,
      0.2,
      0,
      0.265,
      0.0675,
      0.33,
      0.1325,
      0.3975,
      0.2,
      0,
      0.265,
      0.0675,
      0.33,
      0.1325,
      0.3975,
      0.2,
      0,
      0.265,
      0.0675,
      0.33,
      0.1325,
      0.3975,
      0.2,
      0,
      0.265,
      0.0675,
      0.33,
      0.1325,
      0.3975,
      0.2,
      0,
      0.265,
      0.0675,
      0.33,
      0.1325,
      0.3975,
      0.2
    ],
    "SoftwareVersions": "syngo_MR_B17",
    "SpacingBetweenSlices": 3,
    "StationName": "MRC35451",
    "TaskName": "ritl",
    "TotalReadoutTime": 0.04131,
    "TxRefAmp": 349.112,
    "acq_id": "MB",
    "dataset": "ds001371",
    "modality": "bold",
    "run_id": 4,
    "subject_id": "M80363504",
    "task_id": "ritl"
  },
  "dummy_trs": 0,
  "dvars_nstd": 32.354609659238555,
  "dvars_std": 1.1436159898208287,
  "dvars_vstd": 0.9966357116349391,
  "efc": 0.42085663036297416,
  "fber": 20085.4765625,
  "fd_mean": 0.14260693491183424,
  "fd_num": 123,
  "fd_perc": 13.758389261744966,
  "fwhm_avg": 2.1466666776999865,
  "fwhm_x": 1.9946764669538042,
  "fwhm_y": 2.309093566146155,
  "fwhm_z": 2.13623,
  "gcor": 0.0218079,
  "gsr_x": -0.01837814971804619,
  "gsr_y": 0.014286937192082405,
  "provenance": {
    "md5sum": "7f04e15630d9cabecbfbc412ca8a19e0",
    "settings": {
      "fd_thres": 0.2,
      "testing": false
    },
    "software": "mriqc",
    "version": "22.0.6",
    "webapi_port": null,
    "webapi_url": "https://mriqc.nimh.nih.gov/api/v1"
  },
  "size_t": 894,
  "size_x": 82,
  "size_y": 82,
  "size_z": 56,
  "snr": 6.326332240858282,
  "spacing_tr": 0.46000000834465027,
  "spacing_x": 3.02439022064209,
  "spacing_y": 3.02439022064209,
  "spacing_z": 3.0,
  "summary_bg_k": 15.0692645094352,
  "summary_bg_mad": 2.4527614239183193,
  "summary_bg_mean": 12.143105506896973,
  "summary_bg_median": 1.799776315689087,
  "summary_bg_n": 284310.0,
  "summary_bg_p05": 0.01230425015091896,
  "summary_bg_p95": 69.40889205932616,
  "summary_bg_stdv": 26.520519256591797,
  "summary_fg_k": 0.636315996103102,
  "summary_fg_mad": 38.600707946685134,
  "summary_fg_mean": 248.73641967773438,
  "summary_fg_median": 248.9340057373047,
  "summary_fg_n": 39863.0,
  "summary_fg_p05": 185.57472076416016,
  "summary_fg_p95": 312.94609375,
  "summary_fg_stdv": 39.34837341308594,
  "tsnr": 32.39858741231728
}