{
  "aor": 0.0010827752808988764,
  "aqi": 0.011949602337078652,
  "bids_meta": {
    "AcquisitionMatrixPE": 82,
    "AcquisitionNumber": 1,
    "AcquisitionTime": "15:14:39.652500",
    "BandwidthPerPixelPhaseEncode": 23.912,
    "BaseResolution": 82,
    "ConversionSoftware": "dcm2niix",
    "ConversionSoftwareVersion": "v1.0.20171215 Clang9.0.0",
    "DerivedVendorReportedEchoSpacing": 0.00051,
    "DeviceSerialNumber": "35451",
    "DwellTime": 2.2e-06,
    "EchoTime": 0.029,
    "EffectiveEchoSpacing": 0.00051,
    "FlipAngle": 44,
    "ImageComments": "Unaliased_MB8_PE3_(remote)",
    "ImageOrientationPatientDICOM": [
      0.999975,
      -0.00226842,
      -0.00673683,
      1.31783e-08,
      0.947717,
      -0.319112
    ],
    "ImageType": [
      "ORIGINAL",
      "PRIMARY",
      "M",
      "MB",
      "ND",
      "NORM",
      "MOSAIC"
    ],
    "InPlanePhaseEncodingDirectionDICOM": "COL",
    "InstitutionAddress": "Exposition_Drive_1777_Boulder-_6392da-_Denver_US_80301",
    "InstitutionName": "Intermountain_Neuroimaging_Consortium",
    "InstitutionalDepartmentName": "Department",
    "MRAcquisitionType": "2D",
    "MagneticFieldStrength": 3,
    "Manufacturer": "Siemens",
    "ManufacturersModelName": "TrioTim",
    "Modality": "MR",
    "MultibandAccelerationFactor": 8,
    "PartialFourier": 1,
    "PatientPosition": "HFS",
    "PercentPhaseFOV": 100,
    "PhaseEncodingDirection": "j",
    "PhaseEncodingSteps": 82,
    "PhaseResolution": 1,
    "PixelBandwidth": 2772,
    "ProcedureStepDescription": "VMITTAL_adaptcog_200068",
    "ProtocolName": "ritl_pa_32ch_mb8_v01_r01",
    "PulseSequenceDetails": "%CustomerSeq%_cmrr_mbep2d_bold",
    "ReceiveCoilName": "32Ch_Head",
    "ReconMatrixPE": 82,
    "RepetitionTime": 0.46,
    "SAR": 0.191573,
    "ScanOptions": "FS",
    "ScanningSequence": "EP",
    "SequenceName": "epfid2d1_82",
    "SequenceVariant": "SK_SS",
    "SeriesDescription": "ritl_pa_32ch_mb8_v01_r01",
    "SeriesNumber": 12,
    "ShimSetting": [
      6797,
      12621,
      -6736,
      500,
      236,
      -107,
      150,
      55
    ],
    "SliceThickness": 3,
    "SliceTiming": [
      0,
      0.2625,
      0.065,
      0.3275,
      0.13,
      0.395,
      0.1975,
      0,
      0.2625,
      0.065,
      0.3275,
      0.13,
      0.395,
      0.1975,
      0,
      0.2625,
      0.065,
      0.3275,
      0.13,
      0.395,
      0.1975,
      0,
      0.2625,
      0.065,
      0.3275,
      0.13,
      0.395,
      0.1975,
      0,
      0.2625,
      0.065,
      0.3275,
      0.13,
      0.395,
      0.1975,
      0,
      0.2625,
      0.065,
      0.3275,
      0.13,
      0.395,
      0.1975,
      0,
      0.2625,
      0.065,
      0.3275,
      0.13,
      0.395,
      0.1975,
      0,
      0.2625,
      0.065,
      0.3275,
      0.13,
      0.395,
      0.1975
    ],
    "SoftwareVersions": "syngo_MR_B17",
    "SpacingBetweenSlices": 3,
    "StationName": "MRC35451",
    "TaskName": "ritl",
    "TotalReadoutTime": 0.04131,
    "TxRefAmp": 349.112,
    "acq_id": "MB",
    "dataset": "ds001371",
    "modality": "bold",
    "run_id": 1,
    "subject_id": "M80363504",
    "task_id": "ritl"
  },
  "dummy_trs": 4,
  "dvars_nstd": 31.87489550131606,
  "dvars_std": 1.1833587396175478,
  "dvars_vstd": 0.9994506775253109,
  "efc": 0.42271857567944937,
  "fber": 19680.9453125,
  "fd_mean": 0.08075077335416087,
  "fd_num": 41,
  "fd_perc": 4.606741573033708,
  "fwhm_avg": 2.076936292062495,
  "fwhm_x": 1.9434429988178359,
  "fwhm_y": 2.230499210702982,
  "fwhm_z": 2.0568666666666666,
  "gcor": 0.0189993,
  "gsr_x": -0.02014850452542305,
  "gsr_y": 0.013394000940024853,
  "provenance": {
    "md5sum": "6b9e9786bc81a748f4320af995c16188",
    "settings": {
      "fd_thres": 0.2,
      "testing": false
    },
    "software": "mriqc",
    "version": "22.0.6",
    "webapi_port": null,
    "webapi_url": "https://mriqc.nimh.nih.gov/api/v1"
  },
  "size_t": 890,
  "size_x": 82,
  "size_y": 82,
  "size_z": 56,
  "snr": 6.411402563501277,
  "spacing_tr": 0.46000000834465027,
  "spacing_x": 3.02439022064209,
  "spacing_y": 3.02439022064209,
  "spacing_z": 3.0,
  "summary_bg_k": 15.05065667269914,
  "summary_bg_mad": 2.4587876047286947,
  "summary_bg_mean": 11.98452377319336,
  "summary_bg_median": 1.7831461429595947,
  "summary_bg_n": 283744.0,
  "summary_bg_p05": 0.007865168154239655,
  "summary_bg_p95": 69.00191307067865,
  "summary_bg_stdv": 26.169214248657227,
  "summary_fg_k": 0.7942682610381033,
  "summary_fg_mad": 37.93462736319727,
  "summary_fg_mean": 247.78102111816406,
  "summary_fg_median": 247.5898895263672,
  "summary_fg_n": 39922.0,
  "summary_fg_p05": 186.26989288330077,
  "summary_fg_p95": 311.0328781127929,
  "summary_fg_stdv": 38.616634368896484,
  "tsnr": 42.58331663534045
}