{
  "aor": 0.0016501233183856506,
  "aqi": 0.016345707118834082,
  "bids_meta": {
    "AcquisitionMatrixPE": 82,
    "AcquisitionNumber": 1,
    "AcquisitionTime": "11:16:39.302500",
    "BandwidthPerPixelPhaseEncode": 23.912,
    "BaseResolution": 82,
    "ConversionSoftware": "dcm2niix",
    "ConversionSoftwareVersion": "v1.0.20171215 Clang9.0.0",
    "DerivedVendorReportedEchoSpacing": 0.00051,
    "DeviceSerialNumber": "35451",
    "DwellTime": 2.2e-06,
    "EchoTime": 0.029,
    "EffectiveEchoSpacing": 0.00051,
    "FlipAngle": 44,
    "ImageComments": "Unaliased_MB8_PE3_(remote)",
    "ImageOrientationPatientDICOM": [
      0.999785,
      0.00792798,
      0.019142,
      -6.24517e-08,
      0.923896,
      -0.382644
    ],
    "ImageType": [
      "ORIGINAL",
      "PRIMARY",
      "M",
      "MB",
      "ND",
      "NORM",
      "MOSAIC"
    ],
    "InPlanePhaseEncodingDirectionDICOM": "COL",
    "InstitutionAddress": "Exposition_Drive_1777_Boulder-_6392da-_Denver_US_80301",
    "InstitutionName": "Intermountain_Neuroimaging_Consortium",
    "InstitutionalDepartmentName": "Department",
    "MRAcquisitionType": "2D",
    "MagneticFieldStrength": 3,
    "Manufacturer": "Siemens",
    "ManufacturersModelName": "TrioTim",
    "Modality": "MR",
    "MultibandAccelerationFactor": 8,
    "PartialFourier": 1,
    "PatientPosition": "HFS",
    "PercentPhaseFOV": 100,
    "PhaseEncodingDirection": "j",
    "PhaseEncodingSteps": 82,
    "PhaseResolution": 1,
    "PixelBandwidth": 2772,
    "ProcedureStepDescription": "VMITTAL_adaptcog_200068",
    "ProtocolName": "ritl_pa_32ch_mb8_v01_r03",
    "PulseSequenceDetails": "%CustomerSeq%_cmrr_mbep2d_bold",
    "ReceiveCoilName": "32Ch_Head",
    "ReconMatrixPE": 82,
    "RepetitionTime": 0.46,
    "SAR": 0.171498,
    "ScanOptions": "FS",
    "ScanningSequence": "EP",
    "SequenceName": "epfid2d1_82",
    "SequenceVariant": "SK_SS",
    "SeriesDescription": "ritl_pa_32ch_mb8_v01_r03",
    "SeriesNumber": 20,
    "ShimSetting": [
      6776,
      12725,
      -6795,
      724,
      190,
      309,
      -40,
      63
    ],
    "SliceThickness": 3,
    "SliceTiming": [
      0,
      0.2625,
      0.065,
      0.33,
      0.1325,
      0.395,
      0.1975,
      0,
      0.2625,
      0.065,
      0.33,
      0.1325,
      0.395,
      0.1975,
      0,
      0.2625,
      0.065,
      0.33,
      0.1325,
      0.395,
      0.1975,
      0,
      0.2625,
      0.065,
      0.33,
      0.1325,
      0.395,
      0.1975,
      0,
      0.2625,
      0.065,
      0.33,
      0.1325,
      0.395,
      0.1975,
      0,
      0.2625,
      0.065,
      0.33,
      0.1325,
      0.395,
      0.1975,
      0,
      0.2625,
      0.065,
      0.33,
      0.1325,
      0.395,
      0.1975,
      0,
      0.2625,
      0.065,
      0.33,
      0.1325,
      0.395,
      0.1975
    ],
    "SoftwareVersions": "syngo_MR_B17",
    "SpacingBetweenSlices": 3,
    "StationName": "MRC35451",
    "TaskName": "ritl",
    "TotalReadoutTime": 0.04131,
    "TxRefAmp": 327.857,
    "acq_id": "MB",
    "dataset": "ds001371",
    "modality": "bold",
    "run_id": 3,
    "subject_id": "M80352984",
    "task_id": "ritl"
  },
  "dummy_trs": 2,
  "dvars_nstd": 26.965323308013485,
  "dvars_std": 1.126714223512906,
  "dvars_vstd": 1.0078787424803592,
  "efc": 0.3547985391354,
  "fber": 66096.0390625,
  "fd_mean": 0.11048848754039256,
  "fd_num": 74,
  "fd_perc": 8.295964125560538,
  "fwhm_avg": 1.9635825369897904,
  "fwhm_x": 1.868512191789936,
  "fwhm_y": 2.074345419179435,
  "fwhm_z": 1.9478900000000001,
  "gcor": 0.0335679,
  "gsr_x": -0.012913895770907402,
  "gsr_y": 0.015788160264492035,
  "provenance": {
    "md5sum": "b7e518853fa153479c58ce6a703e2dea",
    "settings": {
      "fd_thres": 0.2,
      "testing": false
    },
    "software": "mriqc",
    "version": "22.0.6",
    "webapi_port": null,
    "webapi_url": "https://mriqc.nimh.nih.gov/api/v1"
  },
  "size_t": 892,
  "size_x": 82,
  "size_y": 82,
  "size_z": 56,
  "snr": 7.274809863418447,
  "spacing_tr": 0.46000000834465027,
  "spacing_x": 3.02439022064209,
  "spacing_y": 3.02439022064209,
  "spacing_z": 3.0,
  "summary_bg_k": 40.51073181066621,
  "summary_bg_mad": 1.6637723394261008,
  "summary_bg_mean": 7.2003984451293945,
  "summary_bg_median": 1.3340808153152466,
  "summary_bg_n": 291509.0,
  "summary_bg_p05": 0.039237670600414276,
  "summary_bg_p95": 36.70852279663086,
  "summary_bg_stdv": 18.538564682006836,
  "summary_fg_k": 1.615564807177412,
  "summary_fg_mad": 42.33227946063261,
  "summary_fg_mean": 333.0745849609375,
  "summary_fg_median": 331.47479248046875,
  "summary_fg_n": 34680.0,
  "summary_fg_p05": 262.01183319091797,
  "summary_fg_p95": 407.3817550659179,
  "summary_fg_stdv": 45.56407928466797,
  "tsnr": 43.23529656906612
}