{
  "aor": 0.00044496636771300445,
  "aqi": 0.02354902556053812,
  "bids_meta": {
    "AcquisitionMatrixPE": 82,
    "AcquisitionNumber": 1,
    "AcquisitionTime": "11:38:57.375000",
    "BandwidthPerPixelPhaseEncode": 23.912,
    "BaseResolution": 82,
    "ConversionSoftware": "dcm2niix",
    "ConversionSoftwareVersion": "v1.0.20171215 Clang9.0.0",
    "DerivedVendorReportedEchoSpacing": 0.00051,
    "DeviceSerialNumber": "35451",
    "DwellTime": 2.2e-06,
    "EchoTime": 0.029,
    "EffectiveEchoSpacing": 0.00051,
    "FlipAngle": 44,
    "ImageComments": "Unaliased_MB8_PE3_(remote)",
    "ImageOrientationPatientDICOM": [
      0.999785,
      0.00792798,
      0.019142,
      -6.24517e-08,
      0.923896,
      -0.382644
    ],
    "ImageType": [
      "ORIGINAL",
      "PRIMARY",
      "M",
      "MB",
      "ND",
      "NORM",
      "MOSAIC"
    ],
    "InPlanePhaseEncodingDirectionDICOM": "COL",
    "InstitutionAddress": "Exposition_Drive_1777_Boulder-_6392da-_Denver_US_80301",
    "InstitutionName": "Intermountain_Neuroimaging_Consortium",
    "InstitutionalDepartmentName": "Department",
    "MRAcquisitionType": "2D",
    "MagneticFieldStrength": 3,
    "Manufacturer": "Siemens",
    "ManufacturersModelName": "TrioTim",
    "Modality": "MR",
    "MultibandAccelerationFactor": 8,
    "PartialFourier": 1,
    "PatientPosition": "HFS",
    "PercentPhaseFOV": 100,
    "PhaseEncodingDirection": "j",
    "PhaseEncodingSteps": 82,
    "PhaseResolution": 1,
    "PixelBandwidth": 2772,
    "ProcedureStepDescription": "VMITTAL_adaptcog_200068",
    "ProtocolName": "ritl_pa_32ch_mb8_v01_r06",
    "PulseSequenceDetails": "%CustomerSeq%_cmrr_mbep2d_bold",
    "ReceiveCoilName": "32Ch_Head",
    "ReconMatrixPE": 82,
    "RepetitionTime": 0.46,
    "SAR": 0.171371,
    "ScanOptions": "FS",
    "ScanningSequence": "EP",
    "SequenceName": "epfid2d1_82",
    "SequenceVariant": "SK_SS",
    "SeriesDescription": "ritl_pa_32ch_mb8_v01_r06",
    "SeriesNumber": 26,
    "ShimSetting": [
      6776,
      12725,
      -6795,
      724,
      190,
      309,
      -40,
      63
    ],
    "SliceThickness": 3,
    "SliceTiming": [
      0,
      0.2625,
      0.065,
      0.33,
      0.1325,
      0.395,
      0.1975,
      0,
      0.2625,
      0.065,
      0.33,
      0.1325,
      0.395,
      0.1975,
      0,
      0.2625,
      0.065,
      0.33,
      0.1325,
      0.395,
      0.1975,
      0,
      0.2625,
      0.065,
      0.33,
      0.1325,
      0.395,
      0.1975,
      0,
      0.2625,
      0.065,
      0.33,
      0.1325,
      0.395,
      0.1975,
      0,
      0.2625,
      0.065,
      0.33,
      0.1325,
      0.395,
      0.1975,
      0,
      0.2625,
      0.065,
      0.33,
      0.1325,
      0.395,
      0.1975,
      0,
      0.2625,
      0.065,
      0.33,
      0.1325,
      0.395,
      0.1975
    ],
    "SoftwareVersions": "syngo_MR_B17",
    "SpacingBetweenSlices": 3,
    "StationName": "MRC35451",
    "TaskName": "ritl",
    "TotalReadoutTime": 0.04131,
    "TxRefAmp": 327.857,
    "acq_id": "MB",
    "dataset": "ds001371",
    "modality": "bold",
    "run_id": 6,
    "subject_id": "M80352984",
    "task_id": "ritl"
  },
  "dummy_trs": 2,
  "dvars_nstd": 26.993167301357992,
  "dvars_std": 1.0538554857014582,
  "dvars_vstd": 0.9408321631537601,
  "efc": 0.35635620309473404,
  "fber": 61205.14453125,
  "fd_mean": 0.10347148916589279,
  "fd_num": 65,
  "fd_perc": 7.286995515695067,
  "fwhm_avg": 2.0072420622291003,
  "fwhm_x": 1.88925025646556,
  "fwhm_y": 2.1120025968884084,
  "fwhm_z": 2.0204733333333333,
  "gcor": 0.0159151,
  "gsr_x": -0.012294511310756207,
  "gsr_y": 0.017531458288431168,
  "provenance": {
    "md5sum": "68d8cd6584d070ae9784b51d27bf8942",
    "settings": {
      "fd_thres": 0.2,
      "testing": false
    },
    "software": "mriqc",
    "version": "22.0.6",
    "webapi_port": null,
    "webapi_url": "https://mriqc.nimh.nih.gov/api/v1"
  },
  "size_t": 892,
  "size_x": 82,
  "size_y": 82,
  "size_z": 56,
  "snr": 7.284829562213255,
  "spacing_tr": 0.46000000834465027,
  "spacing_x": 3.02439022064209,
  "spacing_y": 3.02439022064209,
  "spacing_z": 3.0,
  "summary_bg_k": 39.184024249191275,
  "summary_bg_mad": 1.7086492214619875,
  "summary_bg_mean": 7.173847198486328,
  "summary_bg_median": 1.3699551820755005,
  "summary_bg_n": 291125.0,
  "summary_bg_p05": 0.041479822248220444,
  "summary_bg_p95": 36.81592254638671,
  "summary_bg_stdv": 18.362810134887695,
  "summary_fg_k": 1.4353324567652184,
  "summary_fg_mad": 42.124535073234284,
  "summary_fg_mean": 330.641357421875,
  "summary_fg_median": 329.28253173828125,
  "summary_fg_n": 35025.0,
  "summary_fg_p05": 259.4919372558594,
  "summary_fg_p95": 404.13096923828124,
  "summary_fg_stdv": 45.20048522949219,
  "tsnr": 38.64912863494828
}