{
  "bids_meta": {
    "AcquisitionMatrixPE": 320,
    "AcquisitionNumber": 1,
    "AcquisitionTime": "15:33:18.335000",
    "BaseResolution": 320,
    "ConversionSoftware": "dcm2niix",
    "ConversionSoftwareVersion": "v1.0.20171215 Clang9.0.0",
    "DeviceSerialNumber": "35451",
    "DwellTime": 6.5e-06,
    "EchoTime": 0.00201,
    "FlipAngle": 8,
    "ImageOrientationPatientDICOM": [
      0,
      1,
      0,
      0,
      0,
      -1
    ],
    "ImageType": [
      "ORIGINAL",
      "PRIMARY",
      "M",
      "ND",
      "NORM"
    ],
    "InPlanePhaseEncodingDirectionDICOM": "ROW",
    "InstitutionAddress": "Exposition_Drive_1777_Boulder-_6392da-_Denver_US_80301",
    "InstitutionName": "Intermountain_Neuroimaging_Consortium",
    "InstitutionalDepartmentName": "Department",
    "InversionTime": 1,
    "MRAcquisitionType": "3D",
    "MagneticFieldStrength": 3,
    "Manufacturer": "Siemens",
    "ManufacturersModelName": "TrioTim",
    "Modality": "MR",
    "ParallelReductionFactorInPlane": 2,
    "PartialFourier": 1,
    "PatientPosition": "HFS",
    "PercentPhaseFOV": 100,
    "PhaseEncodingSteps": 319,
    "PhaseResolution": 1,
    "PixelBandwidth": 240,
    "ProcedureStepDescription": "VMITTAL_adaptcog_200068",
    "ProtocolName": "t1w_32ch_mpr_08mm",
    "PulseSequenceDetails": "%SiemensSeq%_tfl",
    "ReceiveCoilName": "32Ch_Head",
    "ReconMatrixPE": 320,
    "RepetitionTime": 2.4,
    "SAR": 0.104991,
    "ScanOptions": "IR_WE",
    "ScanningSequence": "GR_IR",
    "SequenceName": "_tfl3d1_ns",
    "SequenceVariant": "SP_MP",
    "SeriesDescription": "t1w_32ch_mpr_08mm",
    "SeriesNumber": 2,
    "ShimSetting": [
      6797,
      12671,
      -6766,
      -28,
      169,
      -474,
      283,
      27
    ],
    "SliceThickness": 0.8,
    "SoftwareVersions": "syngo_MR_B17",
    "StationName": "MRC35451",
    "TxRefAmp": 337.763,
    "dataset": "ds001371",
    "modality": "T1w",
    "subject_id": "M80354361"
  },
  "cjv": 0.3612059592660675,
  "cnr": 3.618524949389032,
  "efc": 0.5824485086476402,
  "fber": 8466.14799618465,
  "fwhm_avg": 4.556502533671419,
  "fwhm_x": 4.525320237273265,
  "fwhm_y": 4.581312431733125,
  "fwhm_z": 4.562874932007865,
  "icvs_csf": 0.22965080170141666,
  "icvs_gm": 0.4172986607387951,
  "icvs_wm": 0.3530505375597882,
  "inu_med": 0.5051780343055725,
  "inu_range": 0.23775480687618256,
  "provenance": {
    "md5sum": "0a3c9bcf7147fdc13fe3ee4ac7be602e",
    "settings": {
      "testing": false
    },
    "software": "mriqc",
    "version": "22.0.6",
    "warnings": {
      "large_rot_frame": true,
      "small_air_mask": false
    },
    "webapi_port": null,
    "webapi_url": "https://mriqc.nimh.nih.gov/api/v1"
  },
  "qi_1": 0.0,
  "qi_2": 0.016752563799931938,
  "rpve_csf": 23.968280504307177,
  "rpve_gm": 13.395341191246743,
  "rpve_wm": 17.91703049903074,
  "size_x": 224,
  "size_y": 320,
  "size_z": 320,
  "snr_csf": 2.924491047119788,
  "snr_gm": 13.580645454784326,
  "snr_total": 12.813399864984747,
  "snr_wm": 21.93506309305013,
  "snrd_csf": 34.52600703324027,
  "snrd_gm": 92.70144163928455,
  "snrd_total": 84.09690516914415,
  "snrd_wm": 125.06326683490762,
  "spacing_x": 0.8000030517578125,
  "spacing_y": 0.800000011920929,
  "spacing_z": 0.800000011920929,
  "summary_bg_k": 6.468864416439608,
  "summary_bg_mad": 5.2385856877329156,
  "summary_bg_mean": 5.4838188267611,
  "summary_bg_median": 3.533372351899743,
  "summary_bg_n": 4612098.0,
  "summary_bg_p05": 0.0,
  "summary_bg_p95": 20.81072849780321,
  "summary_bg_stdv": 7.513917065366716,
  "summary_csf_k": 1.8076529055035948,
  "summary_csf_mad": 71.15401819952189,
  "summary_csf_mean": 288.2832917333302,
  "summary_csf_median": 276.07601455040276,
  "summary_csf_n": 129663.0,
  "summary_csf_p05": 152.24105125665665,
  "summary_csf_p95": 465.59553521107864,
  "summary_csf_stdv": 94.40102414732081,
  "summary_gm_k": 0.5652852199598835,
  "summary_gm_mad": 50.7359086292243,
  "summary_gm_mean": 740.362547814369,
  "summary_gm_median": 741.2570045012981,
  "summary_gm_n": 79883.0,
  "summary_gm_p05": 649.1111050564796,
  "summary_gm_p95": 828.4784401170909,
  "summary_gm_stdv": 54.5815268731493,
  "summary_wm_k": 0.533267870694067,
  "summary_wm_mad": 42.73365962591575,
  "summary_wm_mean": 1000.6691586600406,
  "summary_wm_median": 1000.0278410762548,
  "summary_wm_n": 442750.0,
  "summary_wm_p05": 927.051182186231,
  "summary_wm_p95": 1076.9273779317737,
  "summary_wm_stdv": 45.59032757264081,
  "tpm_overlap_csf": 0.13472382516207804,
  "tpm_overlap_gm": 0.40746250854724836,
  "tpm_overlap_wm": 0.4529666060046941,
  "wm2max": 0.8670815844068124
}