{
  "bids_meta": {
    "AcquisitionMatrixPE": 320,
    "AcquisitionNumber": 1,
    "AcquisitionTime": "15:47:25.702500",
    "BaseResolution": 320,
    "ConversionSoftware": "dcm2niix",
    "ConversionSoftwareVersion": "v1.0.20171215 Clang9.0.0",
    "DeviceSerialNumber": "35451",
    "DwellTime": 6.5e-06,
    "EchoTime": 0.00201,
    "FlipAngle": 8,
    "ImageOrientationPatientDICOM": [
      0.0314107,
      0.999507,
      -1.76122e-08,
      0.041855,
      -0.00131536,
      -0.999123
    ],
    "ImageType": [
      "ORIGINAL",
      "PRIMARY",
      "M",
      "ND",
      "NORM"
    ],
    "InPlanePhaseEncodingDirectionDICOM": "ROW",
    "InstitutionAddress": "Exposition_Drive_1777_Boulder-_6392da-_Denver_US_80301",
    "InstitutionName": "Intermountain_Neuroimaging_Consortium",
    "InstitutionalDepartmentName": "Department",
    "InversionTime": 1,
    "MRAcquisitionType": "3D",
    "MagneticFieldStrength": 3,
    "Manufacturer": "Siemens",
    "ManufacturersModelName": "TrioTim",
    "Modality": "MR",
    "ParallelReductionFactorInPlane": 2,
    "PartialFourier": 1,
    "PatientPosition": "HFS",
    "PercentPhaseFOV": 100,
    "PhaseEncodingSteps": 319,
    "PhaseResolution": 1,
    "PixelBandwidth": 240,
    "ProcedureStepDescription": "VMITTAL_adaptcog_200068",
    "ProtocolName": "t1w_32ch_mpr_08mm",
    "PulseSequenceDetails": "%SiemensSeq%_tfl",
    "ReceiveCoilName": "32Ch_Head",
    "ReconMatrixPE": 320,
    "RepetitionTime": 2.4,
    "SAR": 0.0747099,
    "ScanOptions": "IR_WE",
    "ScanningSequence": "GR_IR",
    "SequenceName": "_tfl3d1_ns",
    "SequenceVariant": "SP_MP",
    "SeriesDescription": "t1w_32ch_mpr_08mm",
    "SeriesNumber": 2,
    "ShimSetting": [
      6778,
      12609,
      -6785,
      36,
      98,
      -391,
      518,
      42
    ],
    "SliceThickness": 0.8,
    "SoftwareVersions": "syngo_MR_B17",
    "StationName": "MRC35451",
    "TxRefAmp": 328.335,
    "dataset": "ds001371",
    "modality": "T1w",
    "subject_id": "M80336555"
  },
  "cjv": 0.33065133492055926,
  "cnr": 3.9161422776193984,
  "efc": 0.5366554685440821,
  "fber": 18041.040341604705,
  "fwhm_avg": 4.522535888932874,
  "fwhm_x": 4.439757802814186,
  "fwhm_y": 4.54127493232973,
  "fwhm_z": 4.586574931654708,
  "icvs_csf": 0.18919994010137844,
  "icvs_gm": 0.45325514813667367,
  "icvs_wm": 0.3575449117619479,
  "inu_med": 0.4630718529224396,
  "inu_range": 0.1805519521236419,
  "provenance": {
    "md5sum": "984365b5129a872f6c660c2fbd5b20ad",
    "settings": {
      "testing": false
    },
    "software": "mriqc",
    "version": "22.0.6",
    "warnings": {
      "large_rot_frame": true,
      "small_air_mask": false
    },
    "webapi_port": null,
    "webapi_url": "https://mriqc.nimh.nih.gov/api/v1"
  },
  "qi_1": 0.0,
  "qi_2": 0.014739497911152734,
  "rpve_csf": 29.398578655590274,
  "rpve_gm": 13.543233884780559,
  "rpve_wm": 19.306424790091008,
  "size_x": 224,
  "size_y": 320,
  "size_z": 320,
  "snr_csf": 2.4903971576793533,
  "snr_gm": 13.29311400395545,
  "snr_total": 13.295224033469447,
  "snr_wm": 24.10216093877354,
  "snrd_csf": 35.53182667513731,
  "snrd_gm": 95.3004473532492,
  "snrd_total": 87.17065181325178,
  "snrd_wm": 130.67968141136885,
  "spacing_x": 0.8000008463859558,
  "spacing_y": 0.800000011920929,
  "spacing_z": 0.800000011920929,
  "summary_bg_k": 7.168774167121599,
  "summary_bg_mad": 5.013421625132799,
  "summary_bg_mean": 5.091755624095036,
  "summary_bg_median": 3.3815014995634556,
  "summary_bg_n": 5000883.0,
  "summary_bg_p05": 0.0,
  "summary_bg_p95": 18.99965950474143,
  "summary_bg_stdv": 6.944476627539756,
  "summary_csf_k": 0.8466643907105147,
  "summary_csf_mad": 88.11359014531962,
  "summary_csf_mean": 277.78307511014447,
  "summary_csf_median": 271.90677885338664,
  "summary_csf_n": 64145.0,
  "summary_csf_p05": 90.6534330070019,
  "summary_csf_p95": 476.5241106003523,
  "summary_csf_stdv": 109.1812438577914,
  "summary_gm_k": 0.5426048006789586,
  "summary_gm_mad": 50.56702962903729,
  "summary_gm_mean": 728.4789705155194,
  "summary_gm_median": 729.2852658554912,
  "summary_gm_n": 102928.0,
  "summary_gm_p05": 636.3791203387082,
  "summary_gm_p95": 817.5935424268246,
  "summary_gm_stdv": 54.861616543249305,
  "summary_wm_k": 0.45453336141570144,
  "summary_wm_mad": 38.953203993837576,
  "summary_wm_mean": 999.8055371395892,
  "summary_wm_median": 1000.0243319608271,
  "summary_wm_n": 418963.0,
  "summary_wm_p05": 931.3238986171782,
  "summary_wm_p95": 1068.116581581533,
  "summary_wm_stdv": 41.49101572463218,
  "tpm_overlap_csf": 0.13855906628824433,
  "tpm_overlap_gm": 0.45215573104080853,
  "tpm_overlap_wm": 0.5000559861501941,
  "wm2max": 0.8962021452864742
}