{
  "aor": 0.0013255331088664422,
  "aqi": 0.010357765578002245,
  "bids_meta": {
    "AcquisitionMatrixPE": 82,
    "AcquisitionNumber": 1,
    "AcquisitionTime": "14:25:14.060000",
    "BandwidthPerPixelPhaseEncode": 23.912,
    "BaseResolution": 82,
    "ConversionSoftware": "dcm2niix",
    "ConversionSoftwareVersion": "v1.0.20171215 Clang9.0.0",
    "DerivedVendorReportedEchoSpacing": 0.00051,
    "DeviceSerialNumber": "35451",
    "DwellTime": 2.2e-06,
    "EchoTime": 0.029,
    "EffectiveEchoSpacing": 0.00051,
    "FlipAngle": 44,
    "ImageComments": "Unaliased_MB8_PE3_(remote)",
    "ImageOrientationPatientDICOM": [
      0.999532,
      0.011773,
      0.0282518,
      1.12312e-08,
      0.92306,
      -0.384656
    ],
    "ImageType": [
      "ORIGINAL",
      "PRIMARY",
      "M",
      "MB",
      "ND",
      "NORM",
      "MOSAIC"
    ],
    "InPlanePhaseEncodingDirectionDICOM": "COL",
    "InstitutionAddress": "Exposition_Drive_1777_Boulder-_6392da-_Denver_US_80301",
    "InstitutionName": "Intermountain_Neuroimaging_Consortium",
    "InstitutionalDepartmentName": "Department",
    "MRAcquisitionType": "2D",
    "MagneticFieldStrength": 3,
    "Manufacturer": "Siemens",
    "ManufacturersModelName": "TrioTim",
    "Modality": "MR",
    "MultibandAccelerationFactor": 8,
    "PartialFourier": 1,
    "PatientPosition": "HFS",
    "PercentPhaseFOV": 100,
    "PhaseEncodingDirection": "j",
    "PhaseEncodingSteps": 82,
    "PhaseResolution": 1,
    "PixelBandwidth": 2772,
    "ProcedureStepDescription": "VMITTAL_adaptcog_200068",
    "ProtocolName": "ritl_pa_32ch_mb8_v01_r06",
    "PulseSequenceDetails": "%CustomerSeq%_cmrr_mbep2d_bold",
    "ReceiveCoilName": "32Ch_Head",
    "ReconMatrixPE": 82,
    "RepetitionTime": 0.46,
    "SAR": 0.154403,
    "ScanOptions": "FS",
    "ScanningSequence": "EP",
    "SequenceName": "epfid2d1_82",
    "SequenceVariant": "SK_SS",
    "SeriesDescription": "ritl_pa_32ch_mb8_v01_r06",
    "SeriesNumber": 16,
    "ShimSetting": [
      6793,
      12714,
      -6686,
      561,
      251,
      345,
      -18,
      -8
    ],
    "SliceThickness": 3,
    "SliceTiming": [
      0,
      0.265,
      0.0675,
      0.33,
      0.1325,
      0.395,
      0.1975,
      0,
      0.265,
      0.0675,
      0.33,
      0.1325,
      0.395,
      0.1975,
      0,
      0.265,
      0.0675,
      0.33,
      0.1325,
      0.395,
      0.1975,
      0,
      0.265,
      0.0675,
      0.33,
      0.1325,
      0.395,
      0.1975,
      0,
      0.265,
      0.0675,
      0.33,
      0.1325,
      0.395,
      0.1975,
      0,
      0.265,
      0.0675,
      0.33,
      0.1325,
      0.395,
      0.1975,
      0,
      0.265,
      0.0675,
      0.33,
      0.1325,
      0.395,
      0.1975,
      0,
      0.265,
      0.0675,
      0.33,
      0.1325,
      0.395,
      0.1975
    ],
    "SoftwareVersions": "syngo_MR_B17",
    "SpacingBetweenSlices": 3,
    "StationName": "MRC35451",
    "TaskName": "ritl",
    "TotalReadoutTime": 0.04131,
    "TxRefAmp": 340.595,
    "acq_id": "MB",
    "dataset": "ds001371",
    "modality": "bold",
    "run_id": 6,
    "subject_id": "M80390041",
    "task_id": "ritl"
  },
  "dummy_trs": 3,
  "dvars_nstd": 32.22055390613487,
  "dvars_std": 1.2654850445056167,
  "dvars_vstd": 1.0282749591910114,
  "efc": 0.410218775620464,
  "fber": 24512.8671875,
  "fd_mean": 0.05811823001563681,
  "fd_num": 10,
  "fd_perc": 1.122334455667789,
  "fwhm_avg": 1.700550044506417,
  "fwhm_x": 1.5927640445078886,
  "fwhm_y": 1.786852755678029,
  "fwhm_z": 1.7220333333333333,
  "gcor": 0.0358854,
  "gsr_x": -0.017962155863642693,
  "gsr_y": 0.014286299236118793,
  "provenance": {
    "md5sum": "71e5dee1c7dd423a6dbd1ea7aa5f3c9d",
    "settings": {
      "fd_thres": 0.2,
      "testing": false
    },
    "software": "mriqc",
    "version": "22.0.6",
    "webapi_port": null,
    "webapi_url": "https://mriqc.nimh.nih.gov/api/v1"
  },
  "size_t": 891,
  "size_x": 82,
  "size_y": 82,
  "size_z": 56,
  "snr": 6.9201150846414325,
  "spacing_tr": 0.46000000834465027,
  "spacing_x": 3.02439022064209,
  "spacing_y": 3.02439022064209,
  "spacing_z": 3.0,
  "summary_bg_k": 20.625598465909054,
  "summary_bg_mad": 2.256351016492391,
  "summary_bg_mean": 10.140166282653809,
  "summary_bg_median": 1.708193063735962,
  "summary_bg_n": 282733.0,
  "summary_bg_p05": 0.010101011022925377,
  "summary_bg_p95": 60.769026947021366,
  "summary_bg_stdv": 23.993022918701172,
  "summary_fg_k": 2.2749453428080084,
  "summary_fg_mad": 32.87433333488047,
  "summary_fg_mean": 257.4149169921875,
  "summary_fg_median": 255.0998992919922,
  "summary_fg_n": 41540.0,
  "summary_fg_p05": 204.70696487426758,
  "summary_fg_p95": 320.1419799804687,
  "summary_fg_stdv": 36.86309051513672,
  "tsnr": 55.54125440167263
}