{
  "aor": 0.0008837556053811658,
  "aqi": 0.010245879024663675,
  "bids_meta": {
    "AcquisitionMatrixPE": 82,
    "AcquisitionNumber": 1,
    "AcquisitionTime": "13:55:10.772500",
    "BandwidthPerPixelPhaseEncode": 23.912,
    "BaseResolution": 82,
    "ConversionSoftware": "dcm2niix",
    "ConversionSoftwareVersion": "v1.0.20171215 Clang9.0.0",
    "DerivedVendorReportedEchoSpacing": 0.00051,
    "DeviceSerialNumber": "35451",
    "DwellTime": 2.2e-06,
    "EchoTime": 0.029,
    "EffectiveEchoSpacing": 0.00051,
    "FlipAngle": 44,
    "ImageComments": "Unaliased_MB8_PE3_(remote)",
    "ImageOrientationPatientDICOM": [
      0.999532,
      0.011773,
      0.0282518,
      1.12312e-08,
      0.92306,
      -0.384656
    ],
    "ImageType": [
      "ORIGINAL",
      "PRIMARY",
      "M",
      "MB",
      "ND",
      "NORM",
      "MOSAIC"
    ],
    "InPlanePhaseEncodingDirectionDICOM": "COL",
    "InstitutionAddress": "Exposition_Drive_1777_Boulder-_6392da-_Denver_US_80301",
    "InstitutionName": "Intermountain_Neuroimaging_Consortium",
    "InstitutionalDepartmentName": "Department",
    "MRAcquisitionType": "2D",
    "MagneticFieldStrength": 3,
    "Manufacturer": "Siemens",
    "ManufacturersModelName": "TrioTim",
    "Modality": "MR",
    "MultibandAccelerationFactor": 8,
    "PartialFourier": 1,
    "PatientPosition": "HFS",
    "PercentPhaseFOV": 100,
    "PhaseEncodingDirection": "j",
    "PhaseEncodingSteps": 82,
    "PhaseResolution": 1,
    "PixelBandwidth": 2772,
    "ProcedureStepDescription": "VMITTAL_adaptcog_200068",
    "ProtocolName": "ritl_pa_32ch_mb8_v01_r02",
    "PulseSequenceDetails": "%CustomerSeq%_cmrr_mbep2d_bold",
    "ReceiveCoilName": "32Ch_Head",
    "ReconMatrixPE": 82,
    "RepetitionTime": 0.46,
    "SAR": 0.149726,
    "ScanOptions": "FS",
    "ScanningSequence": "EP",
    "SequenceName": "epfid2d1_82",
    "SequenceVariant": "SK_SS",
    "SeriesDescription": "ritl_pa_32ch_mb8_v01_r02",
    "SeriesNumber": 8,
    "ShimSetting": [
      6793,
      12714,
      -6686,
      561,
      251,
      345,
      -18,
      -8
    ],
    "SliceThickness": 3,
    "SliceTiming": [
      0,
      0.2625,
      0.065,
      0.3275,
      0.13,
      0.395,
      0.1975,
      0,
      0.2625,
      0.065,
      0.3275,
      0.13,
      0.395,
      0.1975,
      0,
      0.2625,
      0.065,
      0.3275,
      0.13,
      0.395,
      0.1975,
      0,
      0.2625,
      0.065,
      0.3275,
      0.13,
      0.395,
      0.1975,
      0,
      0.2625,
      0.065,
      0.3275,
      0.13,
      0.395,
      0.1975,
      0,
      0.2625,
      0.065,
      0.3275,
      0.13,
      0.395,
      0.1975,
      0,
      0.2625,
      0.065,
      0.3275,
      0.13,
      0.395,
      0.1975,
      0,
      0.2625,
      0.065,
      0.3275,
      0.13,
      0.395,
      0.1975
    ],
    "SoftwareVersions": "syngo_MR_B17",
    "SpacingBetweenSlices": 3,
    "StationName": "MRC35451",
    "TaskName": "ritl",
    "TotalReadoutTime": 0.04131,
    "TxRefAmp": 340.595,
    "acq_id": "MB",
    "dataset": "ds001371",
    "modality": "bold",
    "run_id": 2,
    "subject_id": "M80390041",
    "task_id": "ritl"
  },
  "dummy_trs": 2,
  "dvars_nstd": 32.46256241976431,
  "dvars_std": 1.2569780677665534,
  "dvars_vstd": 1.0151133013580236,
  "efc": 0.4080587467543054,
  "fber": 26972.73828125,
  "fd_mean": 0.05963871460614141,
  "fd_num": 6,
  "fd_perc": 0.672645739910314,
  "fwhm_avg": 1.7112399907955815,
  "fwhm_x": 1.603060334909657,
  "fwhm_y": 1.797076304143754,
  "fwhm_z": 1.7335833333333335,
  "gcor": 0.0316978,
  "gsr_x": -0.01752306893467903,
  "gsr_y": 0.013669667765498161,
  "provenance": {
    "md5sum": "f703903fd9109dd5ed3fb9e77d560328",
    "settings": {
      "fd_thres": 0.2,
      "testing": false
    },
    "software": "mriqc",
    "version": "22.0.6",
    "webapi_port": null,
    "webapi_url": "https://mriqc.nimh.nih.gov/api/v1"
  },
  "size_t": 892,
  "size_x": 82,
  "size_y": 82,
  "size_z": 56,
  "snr": 6.867252061069631,
  "spacing_tr": 0.46000000834465027,
  "spacing_x": 3.02439022064209,
  "spacing_y": 3.02439022064209,
  "spacing_z": 3.0,
  "summary_bg_k": 22.430691339479857,
  "summary_bg_mad": 2.1673917206205218,
  "summary_bg_mean": 9.787758827209473,
  "summary_bg_median": 1.6255606412887573,
  "summary_bg_n": 282466.0,
  "summary_bg_p05": 0.007847534492611885,
  "summary_bg_p95": 57.55437469482422,
  "summary_bg_stdv": 23.615705490112305,
  "summary_fg_k": 2.0569318796605556,
  "summary_fg_mad": 33.21893383374196,
  "summary_fg_mean": 258.1677551269531,
  "summary_fg_median": 255.92713928222656,
  "summary_fg_n": 41710.0,
  "summary_fg_p05": 204.64015197753906,
  "summary_fg_p95": 322.0443069458007,
  "summary_fg_stdv": 37.26731872558594,
  "tsnr": 55.1709867331665
}