{
  "aor": 0.000687880496054115,
  "aqi": 0.015231354937993234,
  "bids_meta": {
    "AcquisitionMatrixPE": 82,
    "AcquisitionNumber": 1,
    "AcquisitionTime": "15:00:49.437500",
    "BandwidthPerPixelPhaseEncode": 23.912,
    "BaseResolution": 82,
    "ConversionSoftware": "dcm2niix",
    "ConversionSoftwareVersion": "v1.0.20171215 Clang9.0.0",
    "DerivedVendorReportedEchoSpacing": 0.00051,
    "DeviceSerialNumber": "35451",
    "DwellTime": 2.2e-06,
    "EchoTime": 0.029,
    "EffectiveEchoSpacing": 0.00051,
    "FlipAngle": 44,
    "ImageComments": "Unaliased_MB8_PE3_(remote)",
    "ImageOrientationPatientDICOM": [
      0.998449,
      0.0282006,
      0.0479979,
      -1.14798e-08,
      0.862197,
      -0.506573
    ],
    "ImageType": [
      "ORIGINAL",
      "PRIMARY",
      "M",
      "MB",
      "ND",
      "NORM",
      "MOSAIC"
    ],
    "InPlanePhaseEncodingDirectionDICOM": "COL",
    "InstitutionAddress": "Exposition_Drive_1777_Boulder-_6392da-_Denver_US_80301",
    "InstitutionName": "Intermountain_Neuroimaging_Consortium",
    "InstitutionalDepartmentName": "Department",
    "MRAcquisitionType": "2D",
    "MagneticFieldStrength": 3,
    "Manufacturer": "Siemens",
    "ManufacturersModelName": "TrioTim",
    "Modality": "MR",
    "MultibandAccelerationFactor": 8,
    "PartialFourier": 1,
    "PatientPosition": "HFS",
    "PercentPhaseFOV": 100,
    "PhaseEncodingDirection": "j",
    "PhaseEncodingSteps": 82,
    "PhaseResolution": 1,
    "PixelBandwidth": 2772,
    "ProcedureStepDescription": "VMITTAL_adaptcog_200068",
    "ProtocolName": "ritl_pa_32ch_mb8_v01_r01",
    "PulseSequenceDetails": "%CustomerSeq%_cmrr_mbep2d_bold",
    "ReceiveCoilName": "32Ch_Head",
    "ReconMatrixPE": 82,
    "RepetitionTime": 0.46,
    "SAR": 0.157148,
    "ScanOptions": "FS",
    "ScanningSequence": "EP",
    "SequenceName": "epfid2d1_82",
    "SequenceVariant": "SK_SS",
    "SeriesDescription": "ritl_pa_32ch_mb8_v01_r01",
    "SeriesNumber": 6,
    "ShimSetting": [
      6778,
      12711,
      -6808,
      391,
      -12,
      161,
      59,
      75
    ],
    "SliceThickness": 3,
    "SliceTiming": [
      0,
      0.2625,
      0.065,
      0.33,
      0.13,
      0.395,
      0.1975,
      0,
      0.2625,
      0.065,
      0.33,
      0.13,
      0.395,
      0.1975,
      0,
      0.2625,
      0.065,
      0.33,
      0.13,
      0.395,
      0.1975,
      0,
      0.2625,
      0.065,
      0.33,
      0.13,
      0.395,
      0.1975,
      0,
      0.2625,
      0.065,
      0.33,
      0.13,
      0.395,
      0.1975,
      0,
      0.2625,
      0.065,
      0.33,
      0.13,
      0.395,
      0.1975,
      0,
      0.2625,
      0.065,
      0.33,
      0.13,
      0.395,
      0.1975,
      0,
      0.2625,
      0.065,
      0.33,
      0.13,
      0.395,
      0.1975
    ],
    "SoftwareVersions": "syngo_MR_B17",
    "SpacingBetweenSlices": 3,
    "StationName": "MRC35451",
    "TaskName": "ritl",
    "TotalReadoutTime": 0.04131,
    "TxRefAmp": 338.9,
    "acq_id": "MB",
    "dataset": "ds001371",
    "modality": "bold",
    "run_id": 1,
    "subject_id": "M80333697",
    "task_id": "ritl"
  },
  "dummy_trs": 7,
  "dvars_nstd": 30.495772951625284,
  "dvars_std": 1.1207701046952594,
  "dvars_vstd": 0.9900372716252815,
  "efc": 0.4083264610474455,
  "fber": 25174.474609375,
  "fd_mean": 0.06036110550201735,
  "fd_num": 10,
  "fd_perc": 1.1273957158962795,
  "fwhm_avg": 1.8214218820528973,
  "fwhm_x": 1.697370254989826,
  "fwhm_y": 1.9275687245022,
  "fwhm_z": 1.8393266666666666,
  "gcor": 0.00998782,
  "gsr_x": -0.032172977924346924,
  "gsr_y": 0.028859904035925865,
  "provenance": {
    "md5sum": "bcada094647ae7490f2181c34f44b715",
    "settings": {
      "fd_thres": 0.2,
      "testing": false
    },
    "software": "mriqc",
    "version": "22.0.6",
    "webapi_port": null,
    "webapi_url": "https://mriqc.nimh.nih.gov/api/v1"
  },
  "size_t": 887,
  "size_x": 82,
  "size_y": 82,
  "size_z": 56,
  "snr": 6.8282507562426416,
  "spacing_tr": 0.46000000834465027,
  "spacing_x": 3.02439022064209,
  "spacing_y": 3.02439022064209,
  "spacing_z": 3.0,
  "summary_bg_k": 21.68142504791229,
  "summary_bg_mad": 2.086006173762614,
  "summary_bg_mean": 8.968705177307129,
  "summary_bg_median": 1.5569334030151367,
  "summary_bg_n": 283390.0,
  "summary_bg_p05": 0.013528747484087944,
  "summary_bg_p95": 49.359130096435536,
  "summary_bg_stdv": 19.30329704284668,
  "summary_fg_k": 2.1074566573774183,
  "summary_fg_mad": 31.117928402590486,
  "summary_fg_mean": 242.78456115722656,
  "summary_fg_median": 241.7823944091797,
  "summary_fg_n": 40697.0,
  "summary_fg_p05": 188.84869689941405,
  "summary_fg_p95": 301.8324523925781,
  "summary_fg_stdv": 35.40869140625,
  "tsnr": 43.75053669756744
}