{
  "aor": 0.0028288031319910513,
  "aqi": 0.013286274832214765,
  "bids_meta": {
    "AcquisitionMatrixPE": 82,
    "AcquisitionNumber": 1,
    "AcquisitionTime": "15:38:31.360000",
    "BandwidthPerPixelPhaseEncode": 23.912,
    "BaseResolution": 82,
    "ConversionSoftware": "dcm2niix",
    "ConversionSoftwareVersion": "v1.0.20171215 Clang9.0.0",
    "DerivedVendorReportedEchoSpacing": 0.00051,
    "DeviceSerialNumber": "35451",
    "DwellTime": 2.2e-06,
    "EchoTime": 0.029,
    "EffectiveEchoSpacing": 0.00051,
    "FlipAngle": 44,
    "ImageComments": "Unaliased_MB8_PE3_(remote)",
    "ImageOrientationPatientDICOM": [
      0.998449,
      0.0282006,
      0.0479979,
      -1.14798e-08,
      0.862197,
      -0.506573
    ],
    "ImageType": [
      "ORIGINAL",
      "PRIMARY",
      "M",
      "MB",
      "ND",
      "NORM",
      "MOSAIC"
    ],
    "InPlanePhaseEncodingDirectionDICOM": "COL",
    "InstitutionAddress": "Exposition_Drive_1777_Boulder-_6392da-_Denver_US_80301",
    "InstitutionName": "Intermountain_Neuroimaging_Consortium",
    "InstitutionalDepartmentName": "Department",
    "MRAcquisitionType": "2D",
    "MagneticFieldStrength": 3,
    "Manufacturer": "Siemens",
    "ManufacturersModelName": "TrioTim",
    "Modality": "MR",
    "MultibandAccelerationFactor": 8,
    "PartialFourier": 1,
    "PatientPosition": "HFS",
    "PercentPhaseFOV": 100,
    "PhaseEncodingDirection": "j",
    "PhaseEncodingSteps": 82,
    "PhaseResolution": 1,
    "PixelBandwidth": 2772,
    "ProcedureStepDescription": "VMITTAL_adaptcog_200068",
    "ProtocolName": "ritl_pa_32ch_mb8_v01_r06",
    "PulseSequenceDetails": "%CustomerSeq%_cmrr_mbep2d_bold",
    "ReceiveCoilName": "32Ch_Head",
    "ReconMatrixPE": 82,
    "RepetitionTime": 0.46,
    "SAR": 0.153808,
    "ScanOptions": "FS",
    "ScanningSequence": "EP",
    "SequenceName": "epfid2d1_82",
    "SequenceVariant": "SK_SS",
    "SeriesDescription": "ritl_pa_32ch_mb8_v01_r06",
    "SeriesNumber": 16,
    "ShimSetting": [
      6778,
      12711,
      -6808,
      391,
      -12,
      161,
      59,
      75
    ],
    "SliceThickness": 3,
    "SliceTiming": [
      0,
      0.265,
      0.065,
      0.33,
      0.1325,
      0.395,
      0.1975,
      0,
      0.265,
      0.065,
      0.33,
      0.1325,
      0.395,
      0.1975,
      0,
      0.265,
      0.065,
      0.33,
      0.1325,
      0.395,
      0.1975,
      0,
      0.265,
      0.065,
      0.33,
      0.1325,
      0.395,
      0.1975,
      0,
      0.265,
      0.065,
      0.33,
      0.1325,
      0.395,
      0.1975,
      0,
      0.265,
      0.065,
      0.33,
      0.1325,
      0.395,
      0.1975,
      0,
      0.265,
      0.065,
      0.33,
      0.1325,
      0.395,
      0.1975,
      0,
      0.265,
      0.065,
      0.33,
      0.1325,
      0.395,
      0.1975
    ],
    "SoftwareVersions": "syngo_MR_B17",
    "SpacingBetweenSlices": 3,
    "StationName": "MRC35451",
    "TaskName": "ritl",
    "TotalReadoutTime": 0.04131,
    "TxRefAmp": 338.9,
    "acq_id": "MB",
    "dataset": "ds001371",
    "modality": "bold",
    "run_id": 6,
    "subject_id": "M80333697",
    "task_id": "ritl"
  },
  "dummy_trs": 0,
  "dvars_nstd": 30.22848475489359,
  "dvars_std": 1.1709621562821957,
  "dvars_vstd": 1.0585152088129908,
  "efc": 0.40765362706982566,
  "fber": 25426.580078125,
  "fd_mean": 0.07465756784753812,
  "fd_num": 29,
  "fd_perc": 3.243847874720358,
  "fwhm_avg": 1.8218397404694537,
  "fwhm_x": 1.6948738840028847,
  "fwhm_y": 1.9275753374054767,
  "fwhm_z": 1.84307,
  "gcor": 0.0255523,
  "gsr_x": -0.031521398574113846,
  "gsr_y": 0.03020550310611725,
  "provenance": {
    "md5sum": "e2010eebaf95fe36b42c9387738c328b",
    "settings": {
      "fd_thres": 0.2,
      "testing": false
    },
    "software": "mriqc",
    "version": "22.0.6",
    "webapi_port": null,
    "webapi_url": "https://mriqc.nimh.nih.gov/api/v1"
  },
  "size_t": 894,
  "size_x": 82,
  "size_y": 82,
  "size_z": 56,
  "snr": 6.75224795492332,
  "spacing_tr": 0.46000000834465027,
  "spacing_x": 3.02439022064209,
  "spacing_y": 3.02439022064209,
  "spacing_z": 3.0,
  "summary_bg_k": 21.10803194285084,
  "summary_bg_mad": 2.0978656237201303,
  "summary_bg_mean": 9.013226509094238,
  "summary_bg_median": 1.5514541864395142,
  "summary_bg_n": 283849.0,
  "summary_bg_p05": 0.010067114606499672,
  "summary_bg_p95": 50.48232727050776,
  "summary_bg_stdv": 19.36717414855957,
  "summary_fg_k": 2.145142717816114,
  "summary_fg_mad": 31.336961524532185,
  "summary_fg_mean": 241.60845947265625,
  "summary_fg_median": 240.61521911621094,
  "summary_fg_n": 40507.0,
  "summary_fg_p05": 187.33143463134766,
  "summary_fg_p95": 300.78143615722655,
  "summary_fg_stdv": 35.63439178466797,
  "tsnr": 46.50804277160205
}