{
  "aor": 0.00045851518560179977,
  "aqi": 0.010678108852643418,
  "bids_meta": {
    "AcquisitionMatrixPE": 82,
    "AcquisitionNumber": 1,
    "AcquisitionTime": "15:08:22.357500",
    "BandwidthPerPixelPhaseEncode": 23.912,
    "BaseResolution": 82,
    "ConversionSoftware": "dcm2niix",
    "ConversionSoftwareVersion": "v1.0.20171215 Clang9.0.0",
    "DerivedVendorReportedEchoSpacing": 0.00051,
    "DeviceSerialNumber": "35451",
    "DwellTime": 2.2e-06,
    "EchoTime": 0.029,
    "EffectiveEchoSpacing": 0.00051,
    "FlipAngle": 44,
    "ImageComments": "Unaliased_MB8_PE3_(remote)",
    "ImageOrientationPatientDICOM": [
      0.998449,
      0.0282006,
      0.0479979,
      -1.14798e-08,
      0.862197,
      -0.506573
    ],
    "ImageType": [
      "ORIGINAL",
      "PRIMARY",
      "M",
      "MB",
      "ND",
      "NORM",
      "MOSAIC"
    ],
    "InPlanePhaseEncodingDirectionDICOM": "COL",
    "InstitutionAddress": "Exposition_Drive_1777_Boulder-_6392da-_Denver_US_80301",
    "InstitutionName": "Intermountain_Neuroimaging_Consortium",
    "InstitutionalDepartmentName": "Department",
    "MRAcquisitionType": "2D",
    "MagneticFieldStrength": 3,
    "Manufacturer": "Siemens",
    "ManufacturersModelName": "TrioTim",
    "Modality": "MR",
    "MultibandAccelerationFactor": 8,
    "PartialFourier": 1,
    "PatientPosition": "HFS",
    "PercentPhaseFOV": 100,
    "PhaseEncodingDirection": "j",
    "PhaseEncodingSteps": 82,
    "PhaseResolution": 1,
    "PixelBandwidth": 2772,
    "ProcedureStepDescription": "VMITTAL_adaptcog_200068",
    "ProtocolName": "ritl_pa_32ch_mb8_v01_r02",
    "PulseSequenceDetails": "%CustomerSeq%_cmrr_mbep2d_bold",
    "ReceiveCoilName": "32Ch_Head",
    "ReconMatrixPE": 82,
    "RepetitionTime": 0.46,
    "SAR": 0.150513,
    "ScanOptions": "FS",
    "ScanningSequence": "EP",
    "SequenceName": "epfid2d1_82",
    "SequenceVariant": "SK_SS",
    "SeriesDescription": "ritl_pa_32ch_mb8_v01_r02",
    "SeriesNumber": 8,
    "ShimSetting": [
      6778,
      12711,
      -6808,
      391,
      -12,
      161,
      59,
      75
    ],
    "SliceThickness": 3,
    "SliceTiming": [
      0,
      0.2625,
      0.065,
      0.33,
      0.1325,
      0.395,
      0.1975,
      0,
      0.2625,
      0.065,
      0.33,
      0.1325,
      0.395,
      0.1975,
      0,
      0.2625,
      0.065,
      0.33,
      0.1325,
      0.395,
      0.1975,
      0,
      0.2625,
      0.065,
      0.33,
      0.1325,
      0.395,
      0.1975,
      0,
      0.2625,
      0.065,
      0.33,
      0.1325,
      0.395,
      0.1975,
      0,
      0.2625,
      0.065,
      0.33,
      0.1325,
      0.395,
      0.1975,
      0,
      0.2625,
      0.065,
      0.33,
      0.1325,
      0.395,
      0.1975,
      0,
      0.2625,
      0.065,
      0.33,
      0.1325,
      0.395,
      0.1975
    ],
    "SoftwareVersions": "syngo_MR_B17",
    "SpacingBetweenSlices": 3,
    "StationName": "MRC35451",
    "TaskName": "ritl",
    "TotalReadoutTime": 0.04131,
    "TxRefAmp": 338.9,
    "acq_id": "MB",
    "dataset": "ds001371",
    "modality": "bold",
    "run_id": 2,
    "subject_id": "M80333697",
    "task_id": "ritl"
  },
  "dummy_trs": 5,
  "dvars_nstd": 30.25638936664412,
  "dvars_std": 1.140791016182431,
  "dvars_vstd": 1.0075625819594607,
  "efc": 0.40891525275593743,
  "fber": 24889.587890625,
  "fd_mean": 0.054332295864637545,
  "fd_num": 4,
  "fd_perc": 0.4499437570303712,
  "fwhm_avg": 1.8036681274521333,
  "fwhm_x": 1.6708425934954811,
  "fwhm_y": 1.9071017888609194,
  "fwhm_z": 1.83306,
  "gcor": 0.0269437,
  "gsr_x": -0.03260362148284912,
  "gsr_y": 0.02852034568786621,
  "provenance": {
    "md5sum": "7494e3f5f28fdf63c335c5554233dfa4",
    "settings": {
      "fd_thres": 0.2,
      "testing": false
    },
    "software": "mriqc",
    "version": "22.0.6",
    "webapi_port": null,
    "webapi_url": "https://mriqc.nimh.nih.gov/api/v1"
  },
  "size_t": 889,
  "size_x": 82,
  "size_y": 82,
  "size_z": 56,
  "snr": 6.797769446251003,
  "spacing_tr": 0.46000000834465027,
  "spacing_x": 3.02439022064209,
  "spacing_y": 3.02439022064209,
  "spacing_z": 3.0,
  "summary_bg_k": 21.018288121769704,
  "summary_bg_mad": 2.104661540182655,
  "summary_bg_mean": 9.140332221984863,
  "summary_bg_median": 1.565804362297058,
  "summary_bg_n": 283599.0,
  "summary_bg_p05": 0.012373453937470913,
  "summary_bg_p95": 50.83318481445294,
  "summary_bg_stdv": 19.643110275268555,
  "summary_fg_k": 2.192978146322975,
  "summary_fg_mad": 31.14299437027396,
  "summary_fg_mean": 242.3812713623047,
  "summary_fg_median": 241.33859252929688,
  "summary_fg_n": 40625.0,
  "summary_fg_p05": 188.36424255371094,
  "summary_fg_p95": 301.3619934082031,
  "summary_fg_stdv": 35.50217819213867,
  "tsnr": 52.07274558953941
}