{
  "aor": 0.0011411297539149887,
  "aqi": 0.014810964642058166,
  "bids_meta": {
    "AcquisitionMatrixPE": 82,
    "AcquisitionNumber": 1,
    "AcquisitionTime": "11:24:5.125000",
    "BandwidthPerPixelPhaseEncode": 23.912,
    "BaseResolution": 82,
    "ConversionSoftware": "dcm2niix",
    "ConversionSoftwareVersion": "v1.0.20171215 Clang9.0.0",
    "DerivedVendorReportedEchoSpacing": 0.00051,
    "DeviceSerialNumber": "35451",
    "DwellTime": 2.2e-06,
    "EchoTime": 0.029,
    "EffectiveEchoSpacing": 0.00051,
    "FlipAngle": 44,
    "ImageComments": "Unaliased_MB8_PE3_(remote)",
    "ImageOrientationPatientDICOM": [
      0.999785,
      0.00792798,
      0.019142,
      -6.24517e-08,
      0.923896,
      -0.382644
    ],
    "ImageType": [
      "ORIGINAL",
      "PRIMARY",
      "M",
      "MB",
      "ND",
      "NORM",
      "MOSAIC"
    ],
    "InPlanePhaseEncodingDirectionDICOM": "COL",
    "InstitutionAddress": "Exposition_Drive_1777_Boulder-_6392da-_Denver_US_80301",
    "InstitutionName": "Intermountain_Neuroimaging_Consortium",
    "InstitutionalDepartmentName": "Department",
    "MRAcquisitionType": "2D",
    "MagneticFieldStrength": 3,
    "Manufacturer": "Siemens",
    "ManufacturersModelName": "TrioTim",
    "Modality": "MR",
    "MultibandAccelerationFactor": 8,
    "PartialFourier": 1,
    "PatientPosition": "HFS",
    "PercentPhaseFOV": 100,
    "PhaseEncodingDirection": "j",
    "PhaseEncodingSteps": 82,
    "PhaseResolution": 1,
    "PixelBandwidth": 2772,
    "ProcedureStepDescription": "VMITTAL_adaptcog_200068",
    "ProtocolName": "ritl_pa_32ch_mb8_v01_r04",
    "PulseSequenceDetails": "%CustomerSeq%_cmrr_mbep2d_bold",
    "ReceiveCoilName": "32Ch_Head",
    "ReconMatrixPE": 82,
    "RepetitionTime": 0.46,
    "SAR": 0.168683,
    "ScanOptions": "FS",
    "ScanningSequence": "EP",
    "SequenceName": "epfid2d1_82",
    "SequenceVariant": "SK_SS",
    "SeriesDescription": "ritl_pa_32ch_mb8_v01_r04",
    "SeriesNumber": 22,
    "ShimSetting": [
      6776,
      12725,
      -6795,
      724,
      190,
      309,
      -40,
      63
    ],
    "SliceThickness": 3,
    "SliceTiming": [
      0,
      0.2625,
      0.065,
      0.33,
      0.1325,
      0.395,
      0.1975,
      0,
      0.2625,
      0.065,
      0.33,
      0.1325,
      0.395,
      0.1975,
      0,
      0.2625,
      0.065,
      0.33,
      0.1325,
      0.395,
      0.1975,
      0,
      0.2625,
      0.065,
      0.33,
      0.1325,
      0.395,
      0.1975,
      0,
      0.2625,
      0.065,
      0.33,
      0.1325,
      0.395,
      0.1975,
      0,
      0.2625,
      0.065,
      0.33,
      0.1325,
      0.395,
      0.1975,
      0,
      0.2625,
      0.065,
      0.33,
      0.1325,
      0.395,
      0.1975,
      0,
      0.2625,
      0.065,
      0.33,
      0.1325,
      0.395,
      0.1975
    ],
    "SoftwareVersions": "syngo_MR_B17",
    "SpacingBetweenSlices": 3,
    "StationName": "MRC35451",
    "TaskName": "ritl",
    "TotalReadoutTime": 0.04131,
    "TxRefAmp": 327.857,
    "acq_id": "MB",
    "dataset": "ds001371",
    "modality": "bold",
    "run_id": 4,
    "subject_id": "M80352984",
    "task_id": "ritl"
  },
  "dummy_trs": 0,
  "dvars_nstd": 26.883234137088433,
  "dvars_std": 1.1315378009854433,
  "dvars_vstd": 1.0096515375363935,
  "efc": 0.3540828473192094,
  "fber": 66966.2890625,
  "fd_mean": 0.11101487510568374,
  "fd_num": 86,
  "fd_perc": 9.619686800894854,
  "fwhm_avg": 1.9755871607128048,
  "fwhm_x": 1.8845650144940422,
  "fwhm_y": 2.084466467644372,
  "fwhm_z": 1.95773,
  "gcor": 0.0381042,
  "gsr_x": -0.012771799229085445,
  "gsr_y": 0.015505186282098293,
  "provenance": {
    "md5sum": "0230832ed1a09ea8f771164f4cba2308",
    "settings": {
      "fd_thres": 0.2,
      "testing": false
    },
    "software": "mriqc",
    "version": "22.0.6",
    "webapi_port": null,
    "webapi_url": "https://mriqc.nimh.nih.gov/api/v1"
  },
  "size_t": 894,
  "size_x": 82,
  "size_y": 82,
  "size_z": 56,
  "snr": 7.184582799783081,
  "spacing_tr": 0.46000000834465027,
  "spacing_x": 3.02439022064209,
  "spacing_y": 3.02439022064209,
  "spacing_z": 3.0,
  "summary_bg_k": 40.2371936008681,
  "summary_bg_mad": 1.6484414516001349,
  "summary_bg_mean": 7.157810688018799,
  "summary_bg_median": 1.3187919855117798,
  "summary_bg_n": 291687.0,
  "summary_bg_p05": 0.03467561677098274,
  "summary_bg_p95": 36.74463195800782,
  "summary_bg_stdv": 18.514015197753906,
  "summary_fg_k": 1.527911879433681,
  "summary_fg_mad": 42.6646071368693,
  "summary_fg_mean": 332.5636291503906,
  "summary_fg_median": 330.928955078125,
  "summary_fg_n": 34568.0,
  "summary_fg_p05": 260.50497283935545,
  "summary_fg_p95": 407.9025253295899,
  "summary_fg_stdv": 46.06031799316406,
  "tsnr": 44.23305770382285
}