{
  "aor": 0.0007011011235955056,
  "aqi": 0.018981450921348317,
  "bids_meta": {
    "AcquisitionMatrixPE": 82,
    "AcquisitionNumber": 1,
    "AcquisitionTime": "11:31:31.212500",
    "BandwidthPerPixelPhaseEncode": 23.912,
    "BaseResolution": 82,
    "ConversionSoftware": "dcm2niix",
    "ConversionSoftwareVersion": "v1.0.20171215 Clang9.0.0",
    "DerivedVendorReportedEchoSpacing": 0.00051,
    "DeviceSerialNumber": "35451",
    "DwellTime": 2.2e-06,
    "EchoTime": 0.029,
    "EffectiveEchoSpacing": 0.00051,
    "FlipAngle": 44,
    "ImageComments": "Unaliased_MB8_PE3_(remote)",
    "ImageOrientationPatientDICOM": [
      0.999785,
      0.00792798,
      0.019142,
      -6.24517e-08,
      0.923896,
      -0.382644
    ],
    "ImageType": [
      "ORIGINAL",
      "PRIMARY",
      "M",
      "MB",
      "ND",
      "NORM",
      "MOSAIC"
    ],
    "InPlanePhaseEncodingDirectionDICOM": "COL",
    "InstitutionAddress": "Exposition_Drive_1777_Boulder-_6392da-_Denver_US_80301",
    "InstitutionName": "Intermountain_Neuroimaging_Consortium",
    "InstitutionalDepartmentName": "Department",
    "MRAcquisitionType": "2D",
    "MagneticFieldStrength": 3,
    "Manufacturer": "Siemens",
    "ManufacturersModelName": "TrioTim",
    "Modality": "MR",
    "MultibandAccelerationFactor": 8,
    "PartialFourier": 1,
    "PatientPosition": "HFS",
    "PercentPhaseFOV": 100,
    "PhaseEncodingDirection": "j",
    "PhaseEncodingSteps": 82,
    "PhaseResolution": 1,
    "PixelBandwidth": 2772,
    "ProcedureStepDescription": "VMITTAL_adaptcog_200068",
    "ProtocolName": "ritl_pa_32ch_mb8_v01_r05",
    "PulseSequenceDetails": "%CustomerSeq%_cmrr_mbep2d_bold",
    "ReceiveCoilName": "32Ch_Head",
    "ReconMatrixPE": 82,
    "RepetitionTime": 0.46,
    "SAR": 0.167979,
    "ScanOptions": "FS",
    "ScanningSequence": "EP",
    "SequenceName": "epfid2d1_82",
    "SequenceVariant": "SK_SS",
    "SeriesDescription": "ritl_pa_32ch_mb8_v01_r05",
    "SeriesNumber": 24,
    "ShimSetting": [
      6776,
      12725,
      -6795,
      724,
      190,
      309,
      -40,
      63
    ],
    "SliceThickness": 3,
    "SliceTiming": [
      0,
      0.265,
      0.0675,
      0.33,
      0.1325,
      0.3975,
      0.1975,
      0,
      0.265,
      0.0675,
      0.33,
      0.1325,
      0.3975,
      0.1975,
      0,
      0.265,
      0.0675,
      0.33,
      0.1325,
      0.3975,
      0.1975,
      0,
      0.265,
      0.0675,
      0.33,
      0.1325,
      0.3975,
      0.1975,
      0,
      0.265,
      0.0675,
      0.33,
      0.1325,
      0.3975,
      0.1975,
      0,
      0.265,
      0.0675,
      0.33,
      0.1325,
      0.3975,
      0.1975,
      0,
      0.265,
      0.0675,
      0.33,
      0.1325,
      0.3975,
      0.1975,
      0,
      0.265,
      0.0675,
      0.33,
      0.1325,
      0.3975,
      0.1975
    ],
    "SoftwareVersions": "syngo_MR_B17",
    "SpacingBetweenSlices": 3,
    "StationName": "MRC35451",
    "TaskName": "ritl",
    "TotalReadoutTime": 0.04131,
    "TxRefAmp": 327.857,
    "acq_id": "MB",
    "dataset": "ds001371",
    "modality": "bold",
    "run_id": 5,
    "subject_id": "M80352984",
    "task_id": "ritl"
  },
  "dummy_trs": 4,
  "dvars_nstd": 26.916054342587163,
  "dvars_std": 1.0978276522947126,
  "dvars_vstd": 0.9798237344994363,
  "efc": 0.3552510410578947,
  "fber": 63693.46875,
  "fd_mean": 0.11616287543954502,
  "fd_num": 91,
  "fd_perc": 10.224719101123595,
  "fwhm_avg": 1.9902924833073345,
  "fwhm_x": 1.8860529177312921,
  "fwhm_y": 2.0883945321907116,
  "fwhm_z": 1.99643,
  "gcor": 0.0291716,
  "gsr_x": -0.012642116285860538,
  "gsr_y": 0.016505340114235878,
  "provenance": {
    "md5sum": "8804780049061d561359d431f963071f",
    "settings": {
      "fd_thres": 0.2,
      "testing": false
    },
    "software": "mriqc",
    "version": "22.0.6",
    "webapi_port": null,
    "webapi_url": "https://mriqc.nimh.nih.gov/api/v1"
  },
  "size_t": 890,
  "size_x": 82,
  "size_y": 82,
  "size_z": 56,
  "snr": 7.3143928320060585,
  "spacing_tr": 0.46000000834465027,
  "spacing_x": 3.02439022064209,
  "spacing_y": 3.02439022064209,
  "spacing_z": 3.0,
  "summary_bg_k": 40.18440830108078,
  "summary_bg_mad": 1.6758403425330595,
  "summary_bg_mean": 7.166772365570068,
  "summary_bg_median": 1.344943881034851,
  "summary_bg_n": 291480.0,
  "summary_bg_p05": 0.03932584449648857,
  "summary_bg_p95": 36.558482170104966,
  "summary_bg_stdv": 18.41488265991211,
  "summary_fg_k": 1.6514678761174508,
  "summary_fg_mad": 41.582856796868654,
  "summary_fg_mean": 331.8356018066406,
  "summary_fg_median": 330.373046875,
  "summary_fg_n": 34703.0,
  "summary_fg_p05": 260.22484436035154,
  "summary_fg_p95": 405.0600067138672,
  "summary_fg_stdv": 45.16687774658203,
  "tsnr": 40.78326851292513
}