{
  "bids_meta": {
    "AcquisitionMatrixPE": 320,
    "AcquisitionNumber": 1,
    "AcquisitionTime": "13:43:50.927500",
    "BaseResolution": 320,
    "ConversionSoftware": "dcm2niix",
    "ConversionSoftwareVersion": "v1.0.20171215 Clang9.0.0",
    "DeviceSerialNumber": "35451",
    "DwellTime": 6.5e-06,
    "EchoTime": 0.00201,
    "FlipAngle": 8,
    "ImageOrientationPatientDICOM": [
      -0.0348995,
      0.999391,
      -2.77935e-08,
      -0.0818886,
      -0.00285964,
      -0.996637
    ],
    "ImageType": [
      "ORIGINAL",
      "PRIMARY",
      "M",
      "ND",
      "NORM"
    ],
    "InPlanePhaseEncodingDirectionDICOM": "ROW",
    "InstitutionAddress": "Exposition_Drive_1777_Boulder-_6392da-_Denver_US_80301",
    "InstitutionName": "Intermountain_Neuroimaging_Consortium",
    "InstitutionalDepartmentName": "Department",
    "InversionTime": 1,
    "MRAcquisitionType": "3D",
    "MagneticFieldStrength": 3,
    "Manufacturer": "Siemens",
    "ManufacturersModelName": "TrioTim",
    "Modality": "MR",
    "ParallelReductionFactorInPlane": 2,
    "PartialFourier": 1,
    "PatientPosition": "HFS",
    "PercentPhaseFOV": 100,
    "PhaseEncodingSteps": 319,
    "PhaseResolution": 1,
    "PixelBandwidth": 240,
    "ProcedureStepDescription": "VMITTAL_adaptcog_200068",
    "ProtocolName": "t1w_32ch_mpr_08mm",
    "PulseSequenceDetails": "%SiemensSeq%_tfl",
    "ReceiveCoilName": "32Ch_Head",
    "ReconMatrixPE": 320,
    "RepetitionTime": 2.4,
    "SAR": 0.0819887,
    "ScanOptions": "IR_WE",
    "ScanningSequence": "GR_IR",
    "SequenceName": "_tfl3d1_ns",
    "SequenceVariant": "SP_MP",
    "SeriesDescription": "t1w_32ch_mpr_08mm",
    "SeriesNumber": 2,
    "ShimSetting": [
      6732,
      12620,
      -6790,
      112,
      303,
      -691,
      489,
      88
    ],
    "SliceThickness": 0.8,
    "SoftwareVersions": "syngo_MR_B17",
    "StationName": "MRC35451",
    "TxRefAmp": 333.437,
    "dataset": "ds001371",
    "modality": "T1w",
    "subject_id": "M80398133"
  },
  "cjv": 0.4215056547176341,
  "cnr": 3.2326587334393957,
  "efc": 0.5813117538060022,
  "fber": 10705.611406194375,
  "fwhm_avg": 4.579242783400956,
  "fwhm_x": 4.489278488015512,
  "fwhm_y": 4.690024930113182,
  "fwhm_z": 4.558424932074175,
  "icvs_csf": 0.1360981427275932,
  "icvs_gm": 0.46588099548541123,
  "icvs_wm": 0.39802086178699553,
  "inu_med": 0.5512959063053131,
  "inu_range": 0.2854048281908035,
  "provenance": {
    "md5sum": "c4f551ee0d5fd9b1406629989dff933f",
    "settings": {
      "testing": false
    },
    "software": "mriqc",
    "version": "22.0.6",
    "warnings": {
      "large_rot_frame": true,
      "small_air_mask": false
    },
    "webapi_port": null,
    "webapi_url": "https://mriqc.nimh.nih.gov/api/v1"
  },
  "qi_1": 0.0,
  "qi_2": 0.017747535171885678,
  "rpve_csf": 33.76267191384209,
  "rpve_gm": 11.454801990735579,
  "rpve_wm": 14.536104081442144,
  "size_x": 224,
  "size_y": 320,
  "size_z": 320,
  "snr_csf": 2.2092310276914198,
  "snr_gm": 13.195110138542178,
  "snr_total": 10.949638590259951,
  "snr_wm": 17.444574604546258,
  "snrd_csf": 29.708819479447808,
  "snrd_gm": 75.19025513644401,
  "snrd_total": 68.8769631249242,
  "snrd_wm": 101.73181475888082,
  "spacing_x": 0.7999971508979797,
  "spacing_y": 0.800000011920929,
  "spacing_z": 0.800000011920929,
  "summary_bg_k": 9.980513295322478,
  "summary_bg_mad": 6.440166848163078,
  "summary_bg_mean": 6.650080969921118,
  "summary_bg_median": 4.343826528638601,
  "summary_bg_n": 4949742.0,
  "summary_bg_p05": 0.0,
  "summary_bg_p95": 25.449713073670864,
  "summary_bg_stdv": 9.488450615427253,
  "summary_csf_k": 0.07358498482968612,
  "summary_csf_mad": 130.4512620097033,
  "summary_csf_mean": 294.36573830147154,
  "summary_csf_median": 292.04567828867584,
  "summary_csf_n": 41622.0,
  "summary_csf_p05": 78.47378143193201,
  "summary_csf_p95": 519.1869226632638,
  "summary_csf_stdv": 132.19177455774363,
  "summary_gm_k": 0.13533237369069173,
  "summary_gm_mad": 55.23390155659863,
  "summary_gm_mean": 739.3263233553722,
  "summary_gm_median": 739.1404117289931,
  "summary_gm_n": 129772.0,
  "summary_gm_p05": 647.2697582443245,
  "summary_gm_p95": 831.3687921042554,
  "summary_gm_stdv": 56.016020792589856,
  "summary_wm_k": 0.41845958993464016,
  "summary_wm_mad": 54.74141820938616,
  "summary_wm_mean": 1003.2493282717235,
  "summary_wm_median": 1000.0510745756328,
  "summary_wm_n": 501773.0,
  "summary_wm_p05": 915.7297360785306,
  "summary_wm_p95": 1104.328463183716,
  "summary_wm_stdv": 57.32728373881285,
  "tpm_overlap_csf": 0.13489248018308247,
  "tpm_overlap_gm": 0.4590329752138265,
  "tpm_overlap_wm": 0.5016639031291077,
  "wm2max": 0.7964266818607302
}