{
  "aor": 0.0006713758389261745,
  "aqi": 0.01071896331096197,
  "bids_meta": {
    "AcquisitionMatrixPE": 82,
    "AcquisitionNumber": 1,
    "AcquisitionTime": "13:41:50.212500",
    "BandwidthPerPixelPhaseEncode": 23.912,
    "BaseResolution": 82,
    "ConversionSoftware": "dcm2niix",
    "ConversionSoftwareVersion": "v1.0.20171215 Clang9.0.0",
    "DerivedVendorReportedEchoSpacing": 0.00051,
    "DeviceSerialNumber": "35451",
    "DwellTime": 2.2e-06,
    "EchoTime": 0.029,
    "EffectiveEchoSpacing": 0.00051,
    "FlipAngle": 44,
    "ImageComments": "Unaliased_MB8_PE3_(remote)",
    "ImageOrientationPatientDICOM": [
      0.999294,
      0.0143856,
      0.0347,
      -2.17628e-08,
      0.923763,
      -0.382964
    ],
    "ImageType": [
      "ORIGINAL",
      "PRIMARY",
      "M",
      "ND",
      "NORM",
      "MOSAIC"
    ],
    "InPlanePhaseEncodingDirectionDICOM": "COL",
    "InstitutionAddress": "Exposition_Drive_1777_Boulder-_6392da-_Denver_US_80301",
    "InstitutionName": "Intermountain_Neuroimaging_Consortium",
    "InstitutionalDepartmentName": "Department",
    "MRAcquisitionType": "2D",
    "MagneticFieldStrength": 3,
    "Manufacturer": "Siemens",
    "ManufacturersModelName": "TrioTim",
    "Modality": "MR",
    "MultibandAccelerationFactor": 8,
    "PartialFourier": 1,
    "PatientPosition": "HFS",
    "PercentPhaseFOV": 100,
    "PhaseEncodingDirection": "j",
    "PhaseEncodingSteps": 82,
    "PhaseResolution": 1,
    "PixelBandwidth": 2772,
    "ProcedureStepDescription": "VMITTAL_adaptcog_200068",
    "ProtocolName": "ritl_pa_32ch_mb8_v01_r04",
    "PulseSequenceDetails": "%CustomerSeq%_cmrr_mbep2d_bold",
    "ReceiveCoilName": "32Ch_Head",
    "ReconMatrixPE": 82,
    "RepetitionTime": 0.46,
    "SAR": 0.155234,
    "ScanOptions": "FS",
    "ScanningSequence": "EP",
    "SequenceName": "epfid2d1_82",
    "SequenceVariant": "SK",
    "SeriesDescription": "ritl_pa_32ch_mb8_v01_r04",
    "SeriesNumber": 18,
    "ShimSetting": [
      6831,
      12733,
      -6889,
      677,
      299,
      177,
      -767,
      81
    ],
    "SliceThickness": 3,
    "SliceTiming": [
      0,
      0.2625,
      0.065,
      0.33,
      0.1325,
      0.395,
      0.1975,
      0,
      0.2625,
      0.065,
      0.33,
      0.1325,
      0.395,
      0.1975,
      0,
      0.2625,
      0.065,
      0.33,
      0.1325,
      0.395,
      0.1975,
      0,
      0.2625,
      0.065,
      0.33,
      0.1325,
      0.395,
      0.1975,
      0,
      0.2625,
      0.065,
      0.33,
      0.1325,
      0.395,
      0.1975,
      0,
      0.2625,
      0.065,
      0.33,
      0.1325,
      0.395,
      0.1975,
      0,
      0.2625,
      0.065,
      0.33,
      0.1325,
      0.395,
      0.1975,
      0,
      0.2625,
      0.065,
      0.33,
      0.1325,
      0.395,
      0.1975
    ],
    "SoftwareVersions": "syngo_MR_B17",
    "SpacingBetweenSlices": 3,
    "StationName": "MRC35451",
    "TaskName": "ritl",
    "TotalReadoutTime": 0.04131,
    "TxRefAmp": 337.811,
    "acq_id": "MB",
    "dataset": "ds001371",
    "modality": "bold",
    "run_id": 4,
    "subject_id": "M80384859",
    "task_id": "ritl"
  },
  "dummy_trs": 0,
  "dvars_nstd": 28.4447601763046,
  "dvars_std": 1.2122778089809647,
  "dvars_vstd": 1.0092915893840992,
  "efc": 0.3762502043741475,
  "fber": 37130.91015625,
  "fd_mean": 0.052089614746935686,
  "fd_num": 4,
  "fd_perc": 0.44742729306487694,
  "fwhm_avg": 1.7571950090441268,
  "fwhm_x": 1.6666830773344585,
  "fwhm_y": 1.8611619497979222,
  "fwhm_z": 1.74374,
  "gcor": 0.0303967,
  "gsr_x": -0.028451623395085335,
  "gsr_y": 0.012605387717485428,
  "provenance": {
    "md5sum": "e7b592fef7a82423a181cfb0f0398ebd",
    "settings": {
      "fd_thres": 0.2,
      "testing": false
    },
    "software": "mriqc",
    "version": "22.0.6",
    "webapi_port": null,
    "webapi_url": "https://mriqc.nimh.nih.gov/api/v1"
  },
  "size_t": 894,
  "size_x": 82,
  "size_y": 82,
  "size_z": 56,
  "snr": 7.250788438913608,
  "spacing_tr": 0.46000000834465027,
  "spacing_x": 3.02439022064209,
  "spacing_y": 3.02439022064209,
  "spacing_z": 3.0,
  "summary_bg_k": 32.57674575749152,
  "summary_bg_mad": 1.9850948824731633,
  "summary_bg_mean": 9.073676109313965,
  "summary_bg_median": 1.5447427034378052,
  "summary_bg_n": 290780.0,
  "summary_bg_p05": 0.032438479363918304,
  "summary_bg_p95": 46.58406066894527,
  "summary_bg_stdv": 22.661325454711914,
  "summary_fg_k": 2.0572229391553005,
  "summary_fg_mad": 36.643820518356385,
  "summary_fg_mean": 288.3026123046875,
  "summary_fg_median": 287.15771484375,
  "summary_fg_n": 35503.0,
  "summary_fg_p05": 229.25302124023438,
  "summary_fg_p95": 353.2813140869141,
  "summary_fg_stdv": 39.60309600830078,
  "tsnr": 54.59098982065916
}