{
  "aor": 0.0007759977578475336,
  "aqi": 0.009785576468609865,
  "bids_meta": {
    "AcquisitionMatrixPE": 82,
    "AcquisitionNumber": 1,
    "AcquisitionTime": "13:49:30.087500",
    "BandwidthPerPixelPhaseEncode": 23.912,
    "BaseResolution": 82,
    "ConversionSoftware": "dcm2niix",
    "ConversionSoftwareVersion": "v1.0.20171215 Clang9.0.0",
    "DerivedVendorReportedEchoSpacing": 0.00051,
    "DeviceSerialNumber": "35451",
    "DwellTime": 2.2e-06,
    "EchoTime": 0.029,
    "EffectiveEchoSpacing": 0.00051,
    "FlipAngle": 44,
    "ImageComments": "Unaliased_MB8_PE3_(remote)",
    "ImageOrientationPatientDICOM": [
      0.999294,
      0.0143856,
      0.0347,
      -2.17628e-08,
      0.923763,
      -0.382964
    ],
    "ImageType": [
      "ORIGINAL",
      "PRIMARY",
      "M",
      "ND",
      "NORM",
      "MOSAIC"
    ],
    "InPlanePhaseEncodingDirectionDICOM": "COL",
    "InstitutionAddress": "Exposition_Drive_1777_Boulder-_6392da-_Denver_US_80301",
    "InstitutionName": "Intermountain_Neuroimaging_Consortium",
    "InstitutionalDepartmentName": "Department",
    "MRAcquisitionType": "2D",
    "MagneticFieldStrength": 3,
    "Manufacturer": "Siemens",
    "ManufacturersModelName": "TrioTim",
    "Modality": "MR",
    "MultibandAccelerationFactor": 8,
    "PartialFourier": 1,
    "PatientPosition": "HFS",
    "PercentPhaseFOV": 100,
    "PhaseEncodingDirection": "j",
    "PhaseEncodingSteps": 82,
    "PhaseResolution": 1,
    "PixelBandwidth": 2772,
    "ProcedureStepDescription": "VMITTAL_adaptcog_200068",
    "ProtocolName": "ritl_pa_32ch_mb8_v01_r05",
    "PulseSequenceDetails": "%CustomerSeq%_cmrr_mbep2d_bold",
    "ReceiveCoilName": "32Ch_Head",
    "ReconMatrixPE": 82,
    "RepetitionTime": 0.46,
    "SAR": 0.155611,
    "ScanOptions": "FS",
    "ScanningSequence": "EP",
    "SequenceName": "epfid2d1_82",
    "SequenceVariant": "SK",
    "SeriesDescription": "ritl_pa_32ch_mb8_v01_r05",
    "SeriesNumber": 20,
    "ShimSetting": [
      6831,
      12733,
      -6889,
      677,
      299,
      177,
      -767,
      81
    ],
    "SliceThickness": 3,
    "SliceTiming": [
      0,
      0.2625,
      0.065,
      0.33,
      0.13,
      0.395,
      0.1975,
      0,
      0.2625,
      0.065,
      0.33,
      0.13,
      0.395,
      0.1975,
      0,
      0.2625,
      0.065,
      0.33,
      0.13,
      0.395,
      0.1975,
      0,
      0.2625,
      0.065,
      0.33,
      0.13,
      0.395,
      0.1975,
      0,
      0.2625,
      0.065,
      0.33,
      0.13,
      0.395,
      0.1975,
      0,
      0.2625,
      0.065,
      0.33,
      0.13,
      0.395,
      0.1975,
      0,
      0.2625,
      0.065,
      0.33,
      0.13,
      0.395,
      0.1975,
      0,
      0.2625,
      0.065,
      0.33,
      0.13,
      0.395,
      0.1975
    ],
    "SoftwareVersions": "syngo_MR_B17",
    "SpacingBetweenSlices": 3,
    "StationName": "MRC35451",
    "TaskName": "ritl",
    "TotalReadoutTime": 0.04131,
    "TxRefAmp": 337.811,
    "acq_id": "MB",
    "dataset": "ds001371",
    "modality": "bold",
    "run_id": 5,
    "subject_id": "M80384859",
    "task_id": "ritl"
  },
  "dummy_trs": 2,
  "dvars_nstd": 28.364926240841715,
  "dvars_std": 1.2173649961952857,
  "dvars_vstd": 1.0152296311223352,
  "efc": 0.3761679594691824,
  "fber": 36990.94140625,
  "fd_mean": 0.05173069879190322,
  "fd_num": 2,
  "fd_perc": 0.2242152466367713,
  "fwhm_avg": 1.7347840501438474,
  "fwhm_x": 1.6465798513733945,
  "fwhm_y": 1.834878965724814,
  "fwhm_z": 1.7228933333333334,
  "gcor": 0.0339405,
  "gsr_x": -0.02842985838651657,
  "gsr_y": 0.012287245132029057,
  "provenance": {
    "md5sum": "31ffc3b582ee52f25bcafdffd6f514cb",
    "settings": {
      "fd_thres": 0.2,
      "testing": false
    },
    "software": "mriqc",
    "version": "22.0.6",
    "webapi_port": null,
    "webapi_url": "https://mriqc.nimh.nih.gov/api/v1"
  },
  "size_t": 892,
  "size_x": 82,
  "size_y": 82,
  "size_z": 56,
  "snr": 7.314538704730901,
  "spacing_tr": 0.46000000834465027,
  "spacing_x": 3.02439022064209,
  "spacing_y": 3.02439022064209,
  "spacing_z": 3.0,
  "summary_bg_k": 32.302994300394325,
  "summary_bg_mad": 1.9862217322549909,
  "summary_bg_mean": 9.076423645019531,
  "summary_bg_median": 1.545964241027832,
  "summary_bg_n": 290776.0,
  "summary_bg_p05": 0.03139013797044754,
  "summary_bg_p95": 46.768500328063965,
  "summary_bg_stdv": 22.746307373046875,
  "summary_fg_k": 2.0474469687557946,
  "summary_fg_mad": 36.0561728860947,
  "summary_fg_mean": 287.6988525390625,
  "summary_fg_median": 286.5683898925781,
  "summary_fg_n": 35449.0,
  "summary_fg_p05": 229.43655700683593,
  "summary_fg_p95": 352.2114624023437,
  "summary_fg_stdv": 39.177364349365234,
  "tsnr": 56.433180347085
}