{
  "bids_meta": {
    "AcquisitionMatrixPE": 320,
    "AcquisitionNumber": 1,
    "AcquisitionTime": "12:39:48.055000",
    "BaseResolution": 320,
    "ConversionSoftware": "dcm2niix",
    "ConversionSoftwareVersion": "v1.0.20171215 Clang9.0.0",
    "DeviceSerialNumber": "35451",
    "DwellTime": 6.5e-06,
    "EchoTime": 0.00201,
    "FlipAngle": 8,
    "ImageOrientationPatientDICOM": [
      0.0104718,
      0.999945,
      1.83861e-08,
      0.0296646,
      -0.000310639,
      -0.99956
    ],
    "ImageType": [
      "ORIGINAL",
      "PRIMARY",
      "M",
      "ND",
      "NORM"
    ],
    "InPlanePhaseEncodingDirectionDICOM": "ROW",
    "InstitutionAddress": "Exposition_Drive_1777_Boulder-_6392da-_Denver_US_80301",
    "InstitutionName": "Intermountain_Neuroimaging_Consortium",
    "InstitutionalDepartmentName": "Department",
    "InversionTime": 1,
    "MRAcquisitionType": "3D",
    "MagneticFieldStrength": 3,
    "Manufacturer": "Siemens",
    "ManufacturersModelName": "TrioTim",
    "Modality": "MR",
    "ParallelReductionFactorInPlane": 2,
    "PartialFourier": 1,
    "PatientPosition": "HFS",
    "PercentPhaseFOV": 100,
    "PhaseEncodingSteps": 319,
    "PhaseResolution": 1,
    "PixelBandwidth": 240,
    "ProcedureStepDescription": "VMITTAL_adaptcog_200068",
    "ProtocolName": "t1w_32ch_mpr_08mm",
    "PulseSequenceDetails": "%SiemensSeq%_tfl",
    "ReceiveCoilName": "32Ch_Head",
    "ReconMatrixPE": 320,
    "RepetitionTime": 2.4,
    "SAR": 0.074601,
    "ScanOptions": "IR_WE",
    "ScanningSequence": "GR_IR",
    "SequenceName": "_tfl3d1_ns",
    "SequenceVariant": "SP_MP",
    "SeriesDescription": "t1w_32ch_mpr_08mm",
    "SeriesNumber": 2,
    "ShimSetting": [
      6819,
      12697,
      -6928,
      303,
      312,
      -275,
      -303,
      120
    ],
    "SliceThickness": 0.8,
    "SoftwareVersions": "syngo_MR_B17",
    "StationName": "MRC35451",
    "TxRefAmp": 337.811,
    "dataset": "ds001371",
    "modality": "T1w",
    "subject_id": "M80384859"
  },
  "cjv": 0.31405735024423564,
  "cnr": 4.148501296211182,
  "efc": 0.5479413650885123,
  "fber": 13447.265016368761,
  "fwhm_avg": 4.600989180965785,
  "fwhm_x": 4.561680180603268,
  "fwhm_y": 4.664174930498377,
  "fwhm_z": 4.57711243179571,
  "icvs_csf": 0.18889068107954385,
  "icvs_gm": 0.47883332842150456,
  "icvs_wm": 0.3322759904989516,
  "inu_med": 0.534824013710022,
  "inu_range": 0.23868106305599207,
  "provenance": {
    "md5sum": "d9873bf713ba1ae027844a6fae96ac4a",
    "settings": {
      "testing": false
    },
    "software": "mriqc",
    "version": "22.0.6",
    "warnings": {
      "large_rot_frame": true,
      "small_air_mask": false
    },
    "webapi_port": null,
    "webapi_url": "https://mriqc.nimh.nih.gov/api/v1"
  },
  "qi_1": 0.0,
  "qi_2": 0.018631542671152766,
  "rpve_csf": 29.12288831609414,
  "rpve_gm": 12.92216344621406,
  "rpve_wm": 20.0747675896157,
  "size_x": 224,
  "size_y": 320,
  "size_z": 320,
  "snr_csf": 2.386111309000511,
  "snr_gm": 14.641694644441975,
  "snr_total": 13.0118909725141,
  "snr_wm": 22.007866964099815,
  "snrd_csf": 30.124556687601878,
  "snrd_gm": 80.98057507007228,
  "snrd_total": 74.50538764144163,
  "snrd_wm": 112.41103116665074,
  "spacing_x": 0.799994707107544,
  "spacing_y": 0.800000011920929,
  "spacing_z": 0.800000011920929,
  "summary_bg_k": 5.887852672430174,
  "summary_bg_mad": 5.828299578549004,
  "summary_bg_mean": 5.891471637910913,
  "summary_bg_median": 3.931128326803446,
  "summary_bg_n": 4618755.0,
  "summary_bg_p05": 0.0,
  "summary_bg_p95": 20.40233640000224,
  "summary_bg_stdv": 7.5591348161340415,
  "summary_csf_k": 0.7937249868614571,
  "summary_csf_mad": 90.51772529813536,
  "summary_csf_mean": 272.96438945428673,
  "summary_csf_median": 267.99753615632653,
  "summary_csf_n": 74405.0,
  "summary_csf_p05": 72.96086328104138,
  "summary_csf_p95": 471.71343760564923,
  "summary_csf_stdv": 112.31485061141295,
  "summary_gm_k": 0.4887279510709748,
  "summary_gm_mad": 46.46359496418675,
  "summary_gm_mean": 719.0292804591992,
  "summary_gm_median": 720.428679510951,
  "summary_gm_n": 138496.0,
  "summary_gm_p05": 636.2717870622873,
  "summary_gm_p95": 798.062973562628,
  "summary_gm_stdv": 49.20373604971045,
  "summary_wm_k": 0.7321531498721292,
  "summary_wm_mad": 41.35162270814098,
  "summary_wm_mean": 998.8197255192682,
  "summary_wm_median": 1000.0439077615738,
  "summary_wm_n": 373164.0,
  "summary_wm_p05": 921.9044966623187,
  "summary_wm_p95": 1071.309334691614,
  "summary_wm_stdv": 45.44023141541637,
  "tpm_overlap_csf": 0.14729360960534624,
  "tpm_overlap_gm": 0.4734573573261145,
  "tpm_overlap_wm": 0.5160022327230008,
  "wm2max": 0.8887500975876337
}