{
  "aor": 0.00043591470258136925,
  "aqi": 0.009994977508417508,
  "bids_meta": {
    "AcquisitionMatrixPE": 82,
    "AcquisitionNumber": 1,
    "AcquisitionTime": "14:40:5.277500",
    "BandwidthPerPixelPhaseEncode": 23.912,
    "BaseResolution": 82,
    "ConversionSoftware": "dcm2niix",
    "ConversionSoftwareVersion": "v1.0.20171215 Clang9.0.0",
    "DerivedVendorReportedEchoSpacing": 0.00051,
    "DeviceSerialNumber": "35451",
    "DwellTime": 2.2e-06,
    "EchoTime": 0.029,
    "EffectiveEchoSpacing": 0.00051,
    "FlipAngle": 44,
    "ImageComments": "Unaliased_MB8_PE3_(remote)",
    "ImageOrientationPatientDICOM": [
      0.999155,
      0.0129884,
      0.0390016,
      1.49137e-08,
      0.948772,
      -0.315962
    ],
    "ImageType": [
      "ORIGINAL",
      "PRIMARY",
      "M",
      "ND",
      "NORM",
      "MOSAIC"
    ],
    "InPlanePhaseEncodingDirectionDICOM": "COL",
    "InstitutionAddress": "Exposition_Drive_1777_Boulder-_6392da-_Denver_US_80301",
    "InstitutionName": "Intermountain_Neuroimaging_Consortium",
    "InstitutionalDepartmentName": "Department",
    "MRAcquisitionType": "2D",
    "MagneticFieldStrength": 3,
    "Manufacturer": "Siemens",
    "ManufacturersModelName": "TrioTim",
    "Modality": "MR",
    "MultibandAccelerationFactor": 8,
    "PartialFourier": 1,
    "PatientPosition": "HFS",
    "PercentPhaseFOV": 100,
    "PhaseEncodingDirection": "j",
    "PhaseEncodingSteps": 82,
    "PhaseResolution": 1,
    "PixelBandwidth": 2772,
    "ProcedureStepDescription": "VMITTAL_adaptcog_200068",
    "ProtocolName": "ritl_pa_32ch_mb8_v01_r06",
    "PulseSequenceDetails": "%CustomerSeq%_cmrr_mbep2d_bold",
    "ReceiveCoilName": "32Ch_Head",
    "ReconMatrixPE": 82,
    "RepetitionTime": 0.46,
    "SAR": 0.170828,
    "ScanOptions": "FS",
    "ScanningSequence": "EP",
    "SequenceName": "epfid2d1_82",
    "SequenceVariant": "SK",
    "SeriesDescription": "ritl_pa_32ch_mb8_v01_r06",
    "SeriesNumber": 16,
    "ShimSetting": [
      6842,
      12612,
      -6788,
      469,
      472,
      -85,
      -59,
      -30
    ],
    "SliceThickness": 3,
    "SliceTiming": [
      0,
      0.2625,
      0.065,
      0.3275,
      0.13,
      0.395,
      0.1975,
      0,
      0.2625,
      0.065,
      0.3275,
      0.13,
      0.395,
      0.1975,
      0,
      0.2625,
      0.065,
      0.3275,
      0.13,
      0.395,
      0.1975,
      0,
      0.2625,
      0.065,
      0.3275,
      0.13,
      0.395,
      0.1975,
      0,
      0.2625,
      0.065,
      0.3275,
      0.13,
      0.395,
      0.1975,
      0,
      0.2625,
      0.065,
      0.3275,
      0.13,
      0.395,
      0.1975,
      0,
      0.2625,
      0.065,
      0.3275,
      0.13,
      0.395,
      0.1975,
      0,
      0.2625,
      0.065,
      0.3275,
      0.13,
      0.395,
      0.1975
    ],
    "SoftwareVersions": "syngo_MR_B17",
    "SpacingBetweenSlices": 3,
    "StationName": "MRC35451",
    "TaskName": "ritl",
    "TotalReadoutTime": 0.04131,
    "TxRefAmp": 343.2,
    "acq_id": "MB",
    "dataset": "ds001371",
    "modality": "bold",
    "run_id": 6,
    "subject_id": "M80375491",
    "task_id": "ritl"
  },
  "dummy_trs": 3,
  "dvars_nstd": 28.83713783305619,
  "dvars_std": 1.178595685202248,
  "dvars_vstd": 1.0076349493932586,
  "efc": 0.39190558711123946,
  "fber": 23948.6015625,
  "fd_mean": 0.04384444064789676,
  "fd_num": 5,
  "fd_perc": 0.5611672278338945,
  "fwhm_avg": 1.716073628836475,
  "fwhm_x": 1.6586847708213313,
  "fwhm_y": 1.7601994490214274,
  "fwhm_z": 1.7293366666666667,
  "gcor": 0.0373266,
  "gsr_x": -0.020088737830519676,
  "gsr_y": 0.007613676134496927,
  "provenance": {
    "md5sum": "b01b7a35d2808f1c73be2b9dbbab4bd3",
    "settings": {
      "fd_thres": 0.2,
      "testing": false
    },
    "software": "mriqc",
    "version": "22.0.6",
    "webapi_port": null,
    "webapi_url": "https://mriqc.nimh.nih.gov/api/v1"
  },
  "size_t": 891,
  "size_x": 82,
  "size_y": 82,
  "size_z": 56,
  "snr": 7.199873474657561,
  "spacing_tr": 0.46000000834465027,
  "spacing_x": 3.02439022064209,
  "spacing_y": 3.02439022064209,
  "spacing_z": 3.0,
  "summary_bg_k": 35.031004441655774,
  "summary_bg_mad": 2.5824903198692684,
  "summary_bg_mean": 11.338836669921875,
  "summary_bg_median": 2.024691343307495,
  "summary_bg_n": 289173.0,
  "summary_bg_p05": 0.039281707257032394,
  "summary_bg_p95": 58.880361938476526,
  "summary_bg_stdv": 27.53935432434082,
  "summary_fg_k": 1.2961320569278243,
  "summary_fg_mad": 40.682563249999006,
  "summary_fg_mean": 303.1666259765625,
  "summary_fg_median": 301.092041015625,
  "summary_fg_n": 37209.0,
  "summary_fg_p05": 242.2401885986328,
  "summary_fg_p95": 373.4244750976562,
  "summary_fg_stdv": 41.818511962890625,
  "tsnr": 56.257675405591726
}