{
  "bids_meta": {
    "AcquisitionMatrixPE": 320,
    "AcquisitionNumber": 1,
    "AcquisitionTime": "10:01:6.812500",
    "BaseResolution": 320,
    "ConversionSoftware": "dcm2niix",
    "ConversionSoftwareVersion": "v1.0.20171215 Clang9.0.0",
    "DeviceSerialNumber": "35451",
    "DwellTime": 6.5e-06,
    "EchoTime": 0.00201,
    "FlipAngle": 8,
    "ImageOrientationPatientDICOM": [
      -0.0296663,
      0.99956,
      1.01427e-08,
      0.0348842,
      0.00103535,
      -0.999391
    ],
    "ImageType": [
      "ORIGINAL",
      "PRIMARY",
      "M",
      "ND",
      "NORM"
    ],
    "InPlanePhaseEncodingDirectionDICOM": "ROW",
    "InstitutionAddress": "Exposition_Drive_1777_Boulder-_6392da-_Denver_US_80301",
    "InstitutionName": "Intermountain_Neuroimaging_Consortium",
    "InstitutionalDepartmentName": "Department",
    "InversionTime": 1,
    "MRAcquisitionType": "3D",
    "MagneticFieldStrength": 3,
    "Manufacturer": "Siemens",
    "ManufacturersModelName": "TrioTim",
    "Modality": "MR",
    "ParallelReductionFactorInPlane": 2,
    "PartialFourier": 1,
    "PatientPosition": "HFS",
    "PercentPhaseFOV": 100,
    "PhaseEncodingSteps": 319,
    "PhaseResolution": 1,
    "PixelBandwidth": 240,
    "ProcedureStepDescription": "VMITTAL_adaptcog_200068",
    "ProtocolName": "t1w_32ch_mpr_08mm",
    "PulseSequenceDetails": "%SiemensSeq%_tfl",
    "ReceiveCoilName": "32Ch_Head",
    "ReconMatrixPE": 320,
    "RepetitionTime": 2.4,
    "SAR": 0.0674327,
    "ScanOptions": "IR_WE",
    "ScanningSequence": "GR_IR",
    "SequenceName": "_tfl3d1_ns",
    "SequenceVariant": "SP_MP",
    "SeriesDescription": "t1w_32ch_mpr_08mm",
    "SeriesNumber": 2,
    "ShimSetting": [
      6784,
      12595,
      -6835,
      273,
      196,
      -526,
      578,
      85
    ],
    "SliceThickness": 0.8,
    "SoftwareVersions": "syngo_MR_B17",
    "StationName": "MRC35451",
    "TxRefAmp": 343.253,
    "dataset": "ds001371",
    "modality": "T1w",
    "subject_id": "M80323465"
  },
  "cjv": 0.30370824490398624,
  "cnr": 4.248863850221292,
  "efc": 0.5309863902137395,
  "fber": 23820.55175716739,
  "fwhm_avg": 4.661093324239364,
  "fwhm_x": 4.586292612744118,
  "fwhm_y": 4.738912429384702,
  "fwhm_z": 4.658074930589274,
  "icvs_csf": 0.17769091172488422,
  "icvs_gm": 0.47024942569184125,
  "icvs_wm": 0.3520596625832745,
  "inu_med": 0.468366339802742,
  "inu_range": 0.18914519250392903,
  "provenance": {
    "md5sum": "9da87f86bb20f37844765e0abfe418eb",
    "settings": {
      "testing": false
    },
    "software": "mriqc",
    "version": "22.0.6",
    "warnings": {
      "large_rot_frame": true,
      "small_air_mask": false
    },
    "webapi_port": null,
    "webapi_url": "https://mriqc.nimh.nih.gov/api/v1"
  },
  "qi_1": 0.0010814380001437365,
  "qi_2": 0.013846026909318384,
  "rpve_csf": 28.985348958737287,
  "rpve_gm": 12.397748726339463,
  "rpve_wm": 18.25175809508406,
  "size_x": 224,
  "size_y": 320,
  "size_z": 320,
  "snr_csf": 2.3877154530670848,
  "snr_gm": 13.006343779286958,
  "snr_total": 13.36760303583055,
  "snr_wm": 24.708749875137613,
  "snrd_csf": 18.812215771413836,
  "snrd_gm": 50.90579921916466,
  "snrd_total": 47.17412928818883,
  "snrd_wm": 71.80437287398802,
  "spacing_x": 0.8000034689903259,
  "spacing_y": 0.800000011920929,
  "spacing_z": 0.800000011920929,
  "summary_bg_k": 262.72863751944726,
  "summary_bg_mad": 0.0,
  "summary_bg_mean": 3.9247452929057114,
  "summary_bg_median": 0.0,
  "summary_bg_n": 5503356.0,
  "summary_bg_p05": 0.0,
  "summary_bg_p95": 14.180282467976213,
  "summary_bg_stdv": 9.12411863184378,
  "summary_csf_k": 0.8227916346829187,
  "summary_csf_mad": 87.29488247176464,
  "summary_csf_mean": 265.35647961757695,
  "summary_csf_median": 261.9987050425261,
  "summary_csf_n": 72552.0,
  "summary_csf_p05": 68.95191360451281,
  "summary_csf_p95": 459.7335767727345,
  "summary_csf_stdv": 109.72701923388193,
  "summary_gm_k": 0.41484196721063027,
  "summary_gm_mad": 50.718429942207756,
  "summary_gm_mean": 709.2599044696345,
  "summary_gm_median": 708.9677067622542,
  "summary_gm_n": 175731.0,
  "summary_gm_p05": 619.5228481180966,
  "summary_gm_p95": 800.7914180299267,
  "summary_gm_stdv": 54.509222698890405,
  "summary_wm_k": 0.5650766443739297,
  "summary_wm_mad": 37.67753106290196,
  "summary_wm_mean": 999.3448867834369,
  "summary_wm_median": 1000.0232262890786,
  "summary_wm_n": 450458.0,
  "summary_wm_p05": 931.6051040049642,
  "summary_wm_p95": 1064.6816010121256,
  "summary_wm_stdv": 40.47238817563673,
  "tpm_overlap_csf": 0.14729990563672676,
  "tpm_overlap_gm": 0.4645698709089702,
  "tpm_overlap_wm": 0.5172914628288857,
  "wm2max": 0.90236853678457
}