{
  "bids_meta": {
    "AcquisitionMatrixPE": 320,
    "AcquisitionNumber": 1,
    "AcquisitionTime": "14:48:0.117500",
    "BaseResolution": 320,
    "ConversionSoftware": "dcm2niix",
    "ConversionSoftwareVersion": "v1.0.20171215 Clang9.0.0",
    "DeviceSerialNumber": "35451",
    "DwellTime": 6.5e-06,
    "EchoTime": 0.00201,
    "FlipAngle": 8,
    "ImageOrientationPatientDICOM": [
      0,
      1,
      0,
      0.0645323,
      0,
      -0.997916
    ],
    "ImageType": [
      "ORIGINAL",
      "PRIMARY",
      "M",
      "ND",
      "NORM"
    ],
    "InPlanePhaseEncodingDirectionDICOM": "ROW",
    "InstitutionAddress": "Exposition_Drive_1777_Boulder-_6392da-_Denver_US_80301",
    "InstitutionName": "Intermountain_Neuroimaging_Consortium",
    "InstitutionalDepartmentName": "Department",
    "InversionTime": 1,
    "MRAcquisitionType": "3D",
    "MagneticFieldStrength": 3,
    "Manufacturer": "Siemens",
    "ManufacturersModelName": "TrioTim",
    "Modality": "MR",
    "ParallelReductionFactorInPlane": 2,
    "PartialFourier": 1,
    "PatientPosition": "HFS",
    "PercentPhaseFOV": 100,
    "PhaseEncodingSteps": 319,
    "PhaseResolution": 1,
    "PixelBandwidth": 240,
    "ProcedureStepDescription": "VMITTAL_adaptcog_200068",
    "ProtocolName": "t1w_32ch_mpr_08mm",
    "PulseSequenceDetails": "%SiemensSeq%_tfl",
    "ReceiveCoilName": "32Ch_Head",
    "ReconMatrixPE": 320,
    "RepetitionTime": 2.4,
    "SAR": 0.0769974,
    "ScanOptions": "IR_WE",
    "ScanningSequence": "GR_IR",
    "SequenceName": "_tfl3d1_ns",
    "SequenceVariant": "SP_MP",
    "SeriesDescription": "t1w_32ch_mpr_08mm",
    "SeriesNumber": 2,
    "ShimSetting": [
      6772,
      12696,
      -6825,
      220,
      8,
      -501,
      533,
      91
    ],
    "SliceThickness": 0.8,
    "SoftwareVersions": "syngo_MR_B17",
    "StationName": "MRC35451",
    "TxRefAmp": 338.9,
    "dataset": "ds001371",
    "modality": "T1w",
    "subject_id": "M80333697"
  },
  "cjv": 0.34797841226148674,
  "cnr": 3.767085248525161,
  "efc": 0.5632522250392674,
  "fber": 18298.710743801654,
  "fwhm_avg": 4.471151044440195,
  "fwhm_x": 4.473740766532683,
  "fwhm_y": 4.465774933454768,
  "fwhm_z": 4.473937433333137,
  "icvs_csf": 0.18597552616745638,
  "icvs_gm": 0.43100762862746184,
  "icvs_wm": 0.3830168452050818,
  "inu_med": 0.44149667024612427,
  "inu_range": 0.17518969774246212,
  "provenance": {
    "md5sum": "51eb44e69d43d2482623fbc546e77b2d",
    "settings": {
      "testing": false
    },
    "software": "mriqc",
    "version": "22.0.6",
    "warnings": {
      "large_rot_frame": true,
      "small_air_mask": false
    },
    "webapi_port": null,
    "webapi_url": "https://mriqc.nimh.nih.gov/api/v1"
  },
  "qi_1": 0.0,
  "qi_2": 0.021233965444609645,
  "rpve_csf": 25.971443229623887,
  "rpve_gm": 12.320409159929635,
  "rpve_wm": 16.034820535122424,
  "size_x": 224,
  "size_y": 320,
  "size_z": 320,
  "snr_csf": 2.45269870515814,
  "snr_gm": 12.868389397183497,
  "snr_total": 12.953607827720225,
  "snr_wm": 23.539735380819035,
  "snrd_csf": 38.397635591571,
  "snrd_gm": 98.13425262534881,
  "snrd_total": 90.24411669622089,
  "snrd_wm": 134.20046187174285,
  "spacing_x": 0.7999994158744812,
  "spacing_y": 0.800000011920929,
  "spacing_z": 0.800000011920929,
  "summary_bg_k": 7.1041238302740854,
  "summary_bg_mad": 4.881894438779669,
  "summary_bg_mean": 5.2022733365753915,
  "summary_bg_median": 3.2927877604961395,
  "summary_bg_n": 4933058.0,
  "summary_bg_p05": 0.0,
  "summary_bg_p95": 20.34647959470749,
  "summary_bg_stdv": 7.4718669910889846,
  "summary_csf_k": 0.6796402409208282,
  "summary_csf_mad": 98.54868997685824,
  "summary_csf_mean": 293.1718465380081,
  "summary_csf_median": 286.12851256132126,
  "summary_csf_n": 70497.0,
  "summary_csf_p05": 91.8245470404625,
  "summary_csf_p95": 497.7269857376814,
  "summary_csf_stdv": 116.65781964405176,
  "summary_gm_k": 0.4555259561711016,
  "summary_gm_mad": 53.627974730475174,
  "summary_gm_mean": 730.9307343817807,
  "summary_gm_median": 731.2691863030195,
  "summary_gm_n": 100671.0,
  "summary_gm_p05": 636.9824203550816,
  "summary_gm_p95": 823.7129740267992,
  "summary_gm_stdv": 56.82650188365261,
  "summary_wm_k": 0.5232212814167068,
  "summary_wm_mad": 39.89309261540103,
  "summary_wm_mean": 1000.6192030214225,
  "summary_wm_median": 1000.0245574712753,
  "summary_wm_n": 554196.0,
  "summary_wm_p05": 931.7360710054636,
  "summary_wm_p95": 1071.21880627051,
  "summary_wm_stdv": 42.48236605309005,
  "tpm_overlap_csf": 0.1540537322093131,
  "tpm_overlap_gm": 0.44890965076561035,
  "tpm_overlap_wm": 0.5232157532285192,
  "wm2max": 0.8846571888178775
}