{
  "aor": 0.0023199327354260094,
  "aqi": 0.032360981390134526,
  "bids_meta": {
    "AcquisitionMatrixPE": 82,
    "AcquisitionNumber": 1,
    "AcquisitionTime": "13:08:11.585000",
    "BandwidthPerPixelPhaseEncode": 23.912,
    "BaseResolution": 82,
    "ConversionSoftware": "dcm2niix",
    "ConversionSoftwareVersion": "v1.0.20171215 Clang9.0.0",
    "DerivedVendorReportedEchoSpacing": 0.00051,
    "DeviceSerialNumber": "35451",
    "DwellTime": 2.2e-06,
    "EchoTime": 0.029,
    "EffectiveEchoSpacing": 0.00051,
    "FlipAngle": 44,
    "ImageComments": "Unaliased_MB8_PE3_(remote)",
    "ImageOrientationPatientDICOM": [
      0.999189,
      0.0113012,
      0.0386529,
      6.28941e-08,
      0.959816,
      -0.28063
    ],
    "ImageType": [
      "ORIGINAL",
      "PRIMARY",
      "M",
      "MB",
      "ND",
      "NORM",
      "MOSAIC"
    ],
    "InPlanePhaseEncodingDirectionDICOM": "COL",
    "InstitutionAddress": "Exposition_Drive_1777_Boulder-_c0d8dc-_Denver_US_80301",
    "InstitutionName": "Intermountain_Neuroimaging_Consortium",
    "InstitutionalDepartmentName": "Department",
    "MRAcquisitionType": "2D",
    "MagneticFieldStrength": 3,
    "Manufacturer": "Siemens",
    "ManufacturersModelName": "TrioTim",
    "Modality": "MR",
    "MultibandAccelerationFactor": 8,
    "PartialFourier": 1,
    "PatientPosition": "HFS",
    "PercentPhaseFOV": 100,
    "PhaseEncodingDirection": "j",
    "PhaseEncodingSteps": 82,
    "PhaseResolution": 1,
    "PixelBandwidth": 2772,
    "ProcedureStepDescription": "VMITTAL_adaptcog_200068",
    "ProtocolName": "ritl_pa_32ch_mb8_v01_r01",
    "PulseSequenceDetails": "%CustomerSeq%_cmrr_mbep2d_bold",
    "ReceiveCoilName": "32Ch_Head",
    "ReconMatrixPE": 82,
    "RepetitionTime": 0.46,
    "SAR": 0.181397,
    "ScanOptions": "FS",
    "ScanningSequence": "EP",
    "SequenceName": "epfid2d1_82",
    "SequenceVariant": "SK_SS",
    "SeriesDescription": "ritl_pa_32ch_mb8_v01_r01",
    "SeriesNumber": 12,
    "ShimSetting": [
      6789,
      12668,
      -6711,
      23,
      197,
      -388,
      394,
      39
    ],
    "SliceThickness": 3,
    "SliceTiming": [
      0,
      0.2625,
      0.065,
      0.33,
      0.1325,
      0.395,
      0.1975,
      0,
      0.2625,
      0.065,
      0.33,
      0.1325,
      0.395,
      0.1975,
      0,
      0.2625,
      0.065,
      0.33,
      0.1325,
      0.395,
      0.1975,
      0,
      0.2625,
      0.065,
      0.33,
      0.1325,
      0.395,
      0.1975,
      0,
      0.2625,
      0.065,
      0.33,
      0.1325,
      0.395,
      0.1975,
      0,
      0.2625,
      0.065,
      0.33,
      0.1325,
      0.395,
      0.1975,
      0,
      0.2625,
      0.065,
      0.33,
      0.1325,
      0.395,
      0.1975,
      0,
      0.2625,
      0.065,
      0.33,
      0.1325,
      0.395,
      0.1975
    ],
    "SoftwareVersions": "syngo_MR_B17",
    "SpacingBetweenSlices": 3,
    "StationName": "MRC35451",
    "TaskName": "ritl",
    "TotalReadoutTime": 0.04131,
    "TxRefAmp": 375.602,
    "acq_id": "MB",
    "dataset": "ds001371",
    "modality": "bold",
    "run_id": 1,
    "subject_id": "M80319521",
    "task_id": "ritl"
  },
  "dummy_trs": 2,
  "dvars_nstd": 37.001846159203076,
  "dvars_std": 1.0924093717732892,
  "dvars_vstd": 0.9879727764758708,
  "efc": 0.4112016549161608,
  "fber": 14540.859375,
  "fd_mean": 0.2205209704510047,
  "fd_num": 371,
  "fd_perc": 41.591928251121075,
  "fwhm_avg": 1.746707070008763,
  "fwhm_x": 1.6415639642380435,
  "fwhm_y": 1.8990505791215788,
  "fwhm_z": 1.6995066666666665,
  "gcor": 0.0111747,
  "gsr_x": -0.022367030382156372,
  "gsr_y": 0.024264540523290634,
  "provenance": {
    "md5sum": "14705b86faedd3864adffa02925afd67",
    "settings": {
      "fd_thres": 0.2,
      "testing": false
    },
    "software": "mriqc",
    "version": "22.0.6",
    "webapi_port": null,
    "webapi_url": "https://mriqc.nimh.nih.gov/api/v1"
  },
  "size_t": 892,
  "size_x": 82,
  "size_y": 82,
  "size_z": 56,
  "snr": 7.110889867288897,
  "spacing_tr": 0.46000000834465027,
  "spacing_x": 3.02439022064209,
  "spacing_y": 3.02439022064209,
  "spacing_z": 3.0,
  "summary_bg_k": 25.839274391525656,
  "summary_bg_mad": 2.1058935557621137,
  "summary_bg_mean": 6.646353721618652,
  "summary_bg_median": 1.4405829906463623,
  "summary_bg_n": 284211.0,
  "summary_bg_p05": 0.0,
  "summary_bg_p95": 31.423208236694336,
  "summary_bg_stdv": 13.430097579956055,
  "summary_fg_k": 1.7855546761662247,
  "summary_fg_mad": 21.56337197449874,
  "summary_fg_mean": 170.5266876220703,
  "summary_fg_median": 169.38510131835938,
  "summary_fg_n": 41270.0,
  "summary_fg_p05": 135.38340759277344,
  "summary_fg_p95": 210.5181686401367,
  "summary_fg_stdv": 23.820232391357422,
  "tsnr": 31.159576643956825
}