{
  "aor": 0.002646535874439462,
  "aqi": 0.025585067040358744,
  "bids_meta": {
    "AcquisitionMatrixPE": 82,
    "AcquisitionNumber": 1,
    "AcquisitionTime": "13:15:33.365000",
    "BandwidthPerPixelPhaseEncode": 23.912,
    "BaseResolution": 82,
    "ConversionSoftware": "dcm2niix",
    "ConversionSoftwareVersion": "v1.0.20171215 Clang9.0.0",
    "DerivedVendorReportedEchoSpacing": 0.00051,
    "DeviceSerialNumber": "35451",
    "DwellTime": 2.2e-06,
    "EchoTime": 0.029,
    "EffectiveEchoSpacing": 0.00051,
    "FlipAngle": 44,
    "ImageComments": "Unaliased_MB8_PE3_(remote)",
    "ImageOrientationPatientDICOM": [
      0.999189,
      0.0113012,
      0.0386529,
      6.28941e-08,
      0.959816,
      -0.28063
    ],
    "ImageType": [
      "ORIGINAL",
      "PRIMARY",
      "M",
      "MB",
      "ND",
      "NORM",
      "MOSAIC"
    ],
    "InPlanePhaseEncodingDirectionDICOM": "COL",
    "InstitutionAddress": "Exposition_Drive_1777_Boulder-_c0d8dc-_Denver_US_80301",
    "InstitutionName": "Intermountain_Neuroimaging_Consortium",
    "InstitutionalDepartmentName": "Department",
    "MRAcquisitionType": "2D",
    "MagneticFieldStrength": 3,
    "Manufacturer": "Siemens",
    "ManufacturersModelName": "TrioTim",
    "Modality": "MR",
    "MultibandAccelerationFactor": 8,
    "PartialFourier": 1,
    "PatientPosition": "HFS",
    "PercentPhaseFOV": 100,
    "PhaseEncodingDirection": "j",
    "PhaseEncodingSteps": 82,
    "PhaseResolution": 1,
    "PixelBandwidth": 2772,
    "ProcedureStepDescription": "VMITTAL_adaptcog_200068",
    "ProtocolName": "ritl_pa_32ch_mb8_v01_r02",
    "PulseSequenceDetails": "%CustomerSeq%_cmrr_mbep2d_bold",
    "ReceiveCoilName": "32Ch_Head",
    "ReconMatrixPE": 82,
    "RepetitionTime": 0.46,
    "SAR": 0.17717,
    "ScanOptions": "FS",
    "ScanningSequence": "EP",
    "SequenceName": "epfid2d1_82",
    "SequenceVariant": "SK_SS",
    "SeriesDescription": "ritl_pa_32ch_mb8_v01_r02",
    "SeriesNumber": 14,
    "ShimSetting": [
      6789,
      12668,
      -6711,
      23,
      197,
      -388,
      394,
      39
    ],
    "SliceThickness": 3,
    "SliceTiming": [
      0,
      0.2625,
      0.065,
      0.33,
      0.13,
      0.395,
      0.1975,
      0,
      0.2625,
      0.065,
      0.33,
      0.13,
      0.395,
      0.1975,
      0,
      0.2625,
      0.065,
      0.33,
      0.13,
      0.395,
      0.1975,
      0,
      0.2625,
      0.065,
      0.33,
      0.13,
      0.395,
      0.1975,
      0,
      0.2625,
      0.065,
      0.33,
      0.13,
      0.395,
      0.1975,
      0,
      0.2625,
      0.065,
      0.33,
      0.13,
      0.395,
      0.1975,
      0,
      0.2625,
      0.065,
      0.33,
      0.13,
      0.395,
      0.1975,
      0,
      0.2625,
      0.065,
      0.33,
      0.13,
      0.395,
      0.1975
    ],
    "SoftwareVersions": "syngo_MR_B17",
    "SpacingBetweenSlices": 3,
    "StationName": "MRC35451",
    "TaskName": "ritl",
    "TotalReadoutTime": 0.04131,
    "TxRefAmp": 375.602,
    "acq_id": "MB",
    "dataset": "ds001371",
    "modality": "bold",
    "run_id": 2,
    "subject_id": "M80319521",
    "task_id": "ritl"
  },
  "dummy_trs": 2,
  "dvars_nstd": 37.041044866790116,
  "dvars_std": 1.1330979776767687,
  "dvars_vstd": 1.029100318709315,
  "efc": 0.40942068395412184,
  "fber": 16720.984375,
  "fd_mean": 0.1902094324258308,
  "fd_num": 325,
  "fd_perc": 36.43497757847533,
  "fwhm_avg": 1.7174564246347115,
  "fwhm_x": 1.6169143672742718,
  "fwhm_y": 1.840708239963195,
  "fwhm_z": 1.6947466666666668,
  "gcor": 0.00719866,
  "gsr_x": -0.021580353379249573,
  "gsr_y": 0.024876857176423073,
  "provenance": {
    "md5sum": "9cf48f4d3abc34d7aa8a5aa6aa2b62e0",
    "settings": {
      "fd_thres": 0.2,
      "testing": false
    },
    "software": "mriqc",
    "version": "22.0.6",
    "webapi_port": null,
    "webapi_url": "https://mriqc.nimh.nih.gov/api/v1"
  },
  "size_t": 892,
  "size_x": 82,
  "size_y": 82,
  "size_z": 56,
  "snr": 7.0833724895016585,
  "spacing_tr": 0.46000000834465027,
  "spacing_x": 3.02439022064209,
  "spacing_y": 3.02439022064209,
  "spacing_z": 3.0,
  "summary_bg_k": 26.929629190502865,
  "summary_bg_mad": 1.9546416475436457,
  "summary_bg_mean": 6.458149433135986,
  "summary_bg_median": 1.3295965194702148,
  "summary_bg_n": 284400.0,
  "summary_bg_p05": 0.0,
  "summary_bg_p95": 31.18184003829951,
  "summary_bg_stdv": 13.215886116027832,
  "summary_fg_k": 1.8887014205867079,
  "summary_fg_mad": 21.93320811140257,
  "summary_fg_mean": 170.91769409179688,
  "summary_fg_median": 170.051025390625,
  "summary_fg_n": 41086.0,
  "summary_fg_p05": 134.9983253479004,
  "summary_fg_p95": 210.67153930664062,
  "summary_fg_stdv": 24.006778717041016,
  "tsnr": 34.969054969842546
}