{
  "aor": 0.0017557959641255605,
  "aqi": 0.01432248764573991,
  "bids_meta": {
    "AcquisitionMatrixPE": 82,
    "AcquisitionNumber": 1,
    "AcquisitionTime": "12:52:11.952500",
    "BandwidthPerPixelPhaseEncode": 23.912,
    "BaseResolution": 82,
    "ConversionSoftware": "dcm2niix",
    "ConversionSoftwareVersion": "v1.0.20171215 Clang9.0.0",
    "DerivedVendorReportedEchoSpacing": 0.00051,
    "DeviceSerialNumber": "35451",
    "DwellTime": 2.2e-06,
    "EchoTime": 0.029,
    "EffectiveEchoSpacing": 0.00051,
    "FlipAngle": 44,
    "ImageComments": "Unaliased_MB8_PE3_(remote)",
    "ImageOrientationPatientDICOM": [
      0.999824,
      0.00642563,
      0.0176543,
      3.51562e-08,
      0.939692,
      -0.342022
    ],
    "ImageType": [
      "ORIGINAL",
      "PRIMARY",
      "M",
      "MB",
      "ND",
      "NORM",
      "MOSAIC"
    ],
    "InPlanePhaseEncodingDirectionDICOM": "COL",
    "InstitutionAddress": "Exposition_Drive_1777_Boulder-_c0d8dc-_Denver_US_80301",
    "InstitutionName": "Intermountain_Neuroimaging_Consortium",
    "InstitutionalDepartmentName": "Department",
    "MRAcquisitionType": "2D",
    "MagneticFieldStrength": 3,
    "Manufacturer": "Siemens",
    "ManufacturersModelName": "TrioTim",
    "Modality": "MR",
    "MultibandAccelerationFactor": 8,
    "PartialFourier": 1,
    "PatientPosition": "HFS",
    "PercentPhaseFOV": 100,
    "PhaseEncodingDirection": "j",
    "PhaseEncodingSteps": 82,
    "PhaseResolution": 1,
    "PixelBandwidth": 2772,
    "ProcedureStepDescription": "VMITTAL_adaptcog_200068",
    "ProtocolName": "ritl_pa_32ch_mb8_v01_r06",
    "PulseSequenceDetails": "%CustomerSeq%_cmrr_mbep2d_bold",
    "ReceiveCoilName": "32Ch_Head",
    "ReconMatrixPE": 82,
    "RepetitionTime": 0.46,
    "SAR": 0.152007,
    "ScanOptions": "FS",
    "ScanningSequence": "EP",
    "SequenceName": "epfid2d1_82",
    "SequenceVariant": "SK_SS",
    "SeriesDescription": "ritl_pa_32ch_mb8_v01_r06",
    "SeriesNumber": 22,
    "ShimSetting": [
      6808,
      12500,
      -6835,
      1032,
      331,
      416,
      25,
      44
    ],
    "SliceThickness": 3,
    "SliceTiming": [
      0,
      0.265,
      0.0675,
      0.33,
      0.1325,
      0.395,
      0.1975,
      0,
      0.265,
      0.0675,
      0.33,
      0.1325,
      0.395,
      0.1975,
      0,
      0.265,
      0.0675,
      0.33,
      0.1325,
      0.395,
      0.1975,
      0,
      0.265,
      0.0675,
      0.33,
      0.1325,
      0.395,
      0.1975,
      0,
      0.265,
      0.0675,
      0.33,
      0.1325,
      0.395,
      0.1975,
      0,
      0.265,
      0.0675,
      0.33,
      0.1325,
      0.395,
      0.1975,
      0,
      0.265,
      0.0675,
      0.33,
      0.1325,
      0.395,
      0.1975,
      0,
      0.265,
      0.0675,
      0.33,
      0.1325,
      0.395,
      0.1975
    ],
    "SoftwareVersions": "syngo_MR_B17",
    "SpacingBetweenSlices": 3,
    "StationName": "MRC35451",
    "TaskName": "ritl",
    "TotalReadoutTime": 0.04131,
    "TxRefAmp": 332.418,
    "acq_id": "MB",
    "dataset": "ds001371",
    "modality": "bold",
    "run_id": 6,
    "subject_id": "M80306555",
    "task_id": "ritl"
  },
  "dummy_trs": 2,
  "dvars_nstd": 31.7148410035129,
  "dvars_std": 1.136730101133556,
  "dvars_vstd": 1.020736610886645,
  "efc": 0.3516348993075983,
  "fber": 67253.890625,
  "fd_mean": 0.10067569246103028,
  "fd_num": 52,
  "fd_perc": 5.829596412556054,
  "fwhm_avg": 1.824300170684836,
  "fwhm_x": 1.7421859004957898,
  "fwhm_y": 1.9223346115587188,
  "fwhm_z": 1.8083799999999999,
  "gcor": 0.0080918,
  "gsr_x": -0.015920912846922874,
  "gsr_y": 0.015713756904006004,
  "provenance": {
    "md5sum": "226f8313970dd76aceb4c5751e672732",
    "settings": {
      "fd_thres": 0.2,
      "testing": false
    },
    "software": "mriqc",
    "version": "22.0.6",
    "webapi_port": null,
    "webapi_url": "https://mriqc.nimh.nih.gov/api/v1"
  },
  "size_t": 892,
  "size_x": 82,
  "size_y": 82,
  "size_z": 56,
  "snr": 6.307273536614618,
  "spacing_tr": 0.46000000834465027,
  "spacing_x": 3.02439022064209,
  "spacing_y": 3.02439022064209,
  "spacing_z": 3.0,
  "summary_bg_k": 37.956705135239055,
  "summary_bg_mad": 1.2598794842645928,
  "summary_bg_mean": 4.828624248504639,
  "summary_bg_median": 0.9035874605178833,
  "summary_bg_n": 291946.0,
  "summary_bg_p05": 0.0044843051582574844,
  "summary_bg_p95": 24.82090950012207,
  "summary_bg_stdv": 12.111847877502441,
  "summary_fg_k": 1.7603695075873862,
  "summary_fg_mad": 32.23745867583247,
  "summary_fg_mean": 231.37220764160156,
  "summary_fg_median": 229.53475952148438,
  "summary_fg_n": 34664.0,
  "summary_fg_p05": 176.99456939697265,
  "summary_fg_p95": 292.9945327758789,
  "summary_fg_stdv": 36.39154815673828,
  "tsnr": 42.16208183206618
}