{
  "aor": 0.0023027466367713007,
  "aqi": 0.03624676872197309,
  "bids_meta": {
    "AcquisitionMatrixPE": 82,
    "AcquisitionNumber": 1,
    "AcquisitionTime": "12:07:39.195000",
    "BandwidthPerPixelPhaseEncode": 23.912,
    "BaseResolution": 82,
    "ConversionSoftware": "dcm2niix",
    "ConversionSoftwareVersion": "v1.0.20171215 Clang9.0.0",
    "DerivedVendorReportedEchoSpacing": 0.00051,
    "DeviceSerialNumber": "35451",
    "DwellTime": 2.2e-06,
    "EchoTime": 0.029,
    "EffectiveEchoSpacing": 0.00051,
    "FlipAngle": 44,
    "ImageComments": "Unaliased_MB8_PE3_(remote)",
    "ImageOrientationPatientDICOM": [
      0.999824,
      0.00642563,
      0.0176543,
      3.51562e-08,
      0.939692,
      -0.342022
    ],
    "ImageType": [
      "ORIGINAL",
      "PRIMARY",
      "M",
      "MB",
      "ND",
      "NORM",
      "MOSAIC"
    ],
    "InPlanePhaseEncodingDirectionDICOM": "COL",
    "InstitutionAddress": "Exposition_Drive_1777_Boulder-_c0d8dc-_Denver_US_80301",
    "InstitutionName": "Intermountain_Neuroimaging_Consortium",
    "InstitutionalDepartmentName": "Department",
    "MRAcquisitionType": "2D",
    "MagneticFieldStrength": 3,
    "Manufacturer": "Siemens",
    "ManufacturersModelName": "TrioTim",
    "Modality": "MR",
    "MultibandAccelerationFactor": 8,
    "PartialFourier": 1,
    "PatientPosition": "HFS",
    "PercentPhaseFOV": 100,
    "PhaseEncodingDirection": "j",
    "PhaseEncodingSteps": 82,
    "PhaseResolution": 1,
    "PixelBandwidth": 2772,
    "ProcedureStepDescription": "VMITTAL_adaptcog_200068",
    "ProtocolName": "ritl_pa_32ch_mb8_v01_r01",
    "PulseSequenceDetails": "%CustomerSeq%_cmrr_mbep2d_bold",
    "ReceiveCoilName": "32Ch_Head",
    "ReconMatrixPE": 82,
    "RepetitionTime": 0.46,
    "SAR": 0.159978,
    "ScanOptions": "FS",
    "ScanningSequence": "EP",
    "SequenceName": "epfid2d1_82",
    "SequenceVariant": "SK_SS",
    "SeriesDescription": "ritl_pa_32ch_mb8_v01_r01",
    "SeriesNumber": 12,
    "ShimSetting": [
      6808,
      12500,
      -6835,
      1032,
      331,
      416,
      25,
      44
    ],
    "SliceThickness": 3,
    "SliceTiming": [
      0,
      0.265,
      0.0675,
      0.33,
      0.1325,
      0.3975,
      0.1975,
      0,
      0.265,
      0.0675,
      0.33,
      0.1325,
      0.3975,
      0.1975,
      0,
      0.265,
      0.0675,
      0.33,
      0.1325,
      0.3975,
      0.1975,
      0,
      0.265,
      0.0675,
      0.33,
      0.1325,
      0.3975,
      0.1975,
      0,
      0.265,
      0.0675,
      0.33,
      0.1325,
      0.3975,
      0.1975,
      0,
      0.265,
      0.0675,
      0.33,
      0.1325,
      0.3975,
      0.1975,
      0,
      0.265,
      0.0675,
      0.33,
      0.1325,
      0.3975,
      0.1975,
      0,
      0.265,
      0.0675,
      0.33,
      0.1325,
      0.3975,
      0.1975
    ],
    "SoftwareVersions": "syngo_MR_B17",
    "SpacingBetweenSlices": 3,
    "StationName": "MRC35451",
    "TaskName": "ritl",
    "TotalReadoutTime": 0.04131,
    "TxRefAmp": 332.418,
    "acq_id": "MB",
    "dataset": "ds001371",
    "modality": "bold",
    "run_id": 1,
    "subject_id": "M80306555",
    "task_id": "ritl"
  },
  "dummy_trs": 2,
  "dvars_nstd": 31.435597268776643,
  "dvars_std": 1.0355999103254772,
  "dvars_vstd": 0.9674967647250279,
  "efc": 0.3554848223552033,
  "fber": 57683.453125,
  "fd_mean": 0.15613354689096226,
  "fd_num": 165,
  "fd_perc": 18.49775784753363,
  "fwhm_avg": 1.8666378500813916,
  "fwhm_x": 1.7472381585991625,
  "fwhm_y": 1.989478724978345,
  "fwhm_z": 1.8631966666666668,
  "gcor": 0.0135899,
  "gsr_x": -0.017632411792874336,
  "gsr_y": 0.014316018670797348,
  "provenance": {
    "md5sum": "b9f5046bfac3b4aad6605d89b07ae56c",
    "settings": {
      "fd_thres": 0.2,
      "testing": false
    },
    "software": "mriqc",
    "version": "22.0.6",
    "webapi_port": null,
    "webapi_url": "https://mriqc.nimh.nih.gov/api/v1"
  },
  "size_t": 892,
  "size_x": 82,
  "size_y": 82,
  "size_z": 56,
  "snr": 6.539463105189508,
  "spacing_tr": 0.46000000834465027,
  "spacing_x": 3.02439022064209,
  "spacing_y": 3.02439022064209,
  "spacing_z": 3.0,
  "summary_bg_k": 34.221144532517634,
  "summary_bg_mad": 1.37622722131942,
  "summary_bg_mean": 5.150312900543213,
  "summary_bg_median": 0.9966368079185486,
  "summary_bg_n": 291806.0,
  "summary_bg_p05": 0.007847534492611885,
  "summary_bg_p95": 26.500561714172363,
  "summary_bg_stdv": 12.44956111907959,
  "summary_fg_k": 1.7334522949632243,
  "summary_fg_mad": 31.47206437562037,
  "summary_fg_mean": 231.92266845703125,
  "summary_fg_median": 230.51177978515625,
  "summary_fg_n": 34780.0,
  "summary_fg_p05": 179.3834228515625,
  "summary_fg_p95": 290.92830963134764,
  "summary_fg_stdv": 35.248836517333984,
  "tsnr": 28.26075916044647
}