{
  "aor": 0.00037369248035914706,
  "aqi": 0.013105799797979798,
  "bids_meta": {
    "AcquisitionMatrixPE": 82,
    "AcquisitionNumber": 1,
    "AcquisitionTime": "16:12:7.820000",
    "BandwidthPerPixelPhaseEncode": 23.912,
    "BaseResolution": 82,
    "ConversionSoftware": "dcm2niix",
    "ConversionSoftwareVersion": "v1.0.20171215 Clang9.0.0",
    "DerivedVendorReportedEchoSpacing": 0.00051,
    "DeviceSerialNumber": "35451",
    "DwellTime": 2.2e-06,
    "EchoTime": 0.029,
    "EffectiveEchoSpacing": 0.00051,
    "FlipAngle": 44,
    "ImageComments": "Unaliased_MB8_PE3_(remote)",
    "ImageOrientationPatientDICOM": [
      0.999647,
      0.0102411,
      0.0245199,
      5.40269e-08,
      0.922749,
      -0.385403
    ],
    "ImageType": [
      "ORIGINAL",
      "PRIMARY",
      "M",
      "MB",
      "ND",
      "NORM",
      "MOSAIC"
    ],
    "InPlanePhaseEncodingDirectionDICOM": "COL",
    "InstitutionAddress": "Exposition_Drive_1777_Boulder-_6392da-_Denver_US_80301",
    "InstitutionName": "Intermountain_Neuroimaging_Consortium",
    "InstitutionalDepartmentName": "Department",
    "MRAcquisitionType": "2D",
    "MagneticFieldStrength": 3,
    "Manufacturer": "Siemens",
    "ManufacturersModelName": "TrioTim",
    "Modality": "MR",
    "MultibandAccelerationFactor": 8,
    "PartialFourier": 1,
    "PatientPosition": "HFS",
    "PercentPhaseFOV": 100,
    "PhaseEncodingDirection": "j",
    "PhaseEncodingSteps": 82,
    "PhaseResolution": 1,
    "PixelBandwidth": 2772,
    "ProcedureStepDescription": "VMITTAL_adaptcog_200068",
    "ProtocolName": "ritl_pa_32ch_mb8_v01_r03",
    "PulseSequenceDetails": "%CustomerSeq%_cmrr_mbep2d_bold",
    "ReceiveCoilName": "32Ch_Head",
    "ReconMatrixPE": 82,
    "RepetitionTime": 0.46,
    "SAR": 0.154417,
    "ScanOptions": "FS",
    "ScanningSequence": "EP",
    "SequenceName": "epfid2d1_82",
    "SequenceVariant": "SK_SS",
    "SeriesDescription": "ritl_pa_32ch_mb8_v01_r03",
    "SeriesNumber": 10,
    "ShimSetting": [
      6773,
      12635,
      -6747,
      467,
      -17,
      214,
      212,
      48
    ],
    "SliceThickness": 3,
    "SliceTiming": [
      0,
      0.2625,
      0.065,
      0.33,
      0.1325,
      0.395,
      0.1975,
      0,
      0.2625,
      0.065,
      0.33,
      0.1325,
      0.395,
      0.1975,
      0,
      0.2625,
      0.065,
      0.33,
      0.1325,
      0.395,
      0.1975,
      0,
      0.2625,
      0.065,
      0.33,
      0.1325,
      0.395,
      0.1975,
      0,
      0.2625,
      0.065,
      0.33,
      0.1325,
      0.395,
      0.1975,
      0,
      0.2625,
      0.065,
      0.33,
      0.1325,
      0.395,
      0.1975,
      0,
      0.2625,
      0.065,
      0.33,
      0.1325,
      0.395,
      0.1975,
      0,
      0.2625,
      0.065,
      0.33,
      0.1325,
      0.395,
      0.1975
    ],
    "SoftwareVersions": "syngo_MR_B17",
    "SpacingBetweenSlices": 3,
    "StationName": "MRC35451",
    "TaskName": "ritl",
    "TotalReadoutTime": 0.04131,
    "TxRefAmp": 328.335,
    "acq_id": "MB",
    "dataset": "ds001371",
    "modality": "bold",
    "run_id": 3,
    "subject_id": "M80336555",
    "task_id": "ritl"
  },
  "dummy_trs": 3,
  "dvars_nstd": 28.98405340823594,
  "dvars_std": 1.1314047717078648,
  "dvars_vstd": 0.9964148494382031,
  "efc": 0.36618288879716604,
  "fber": 50577.046875,
  "fd_mean": 0.0766930473266133,
  "fd_num": 12,
  "fd_perc": 1.3468013468013469,
  "fwhm_avg": 1.74141689065031,
  "fwhm_x": 1.6175624317953852,
  "fwhm_y": 1.865718240155545,
  "fwhm_z": 1.74097,
  "gcor": 0.0222783,
  "gsr_x": -0.027085863053798676,
  "gsr_y": 0.011483598500490189,
  "provenance": {
    "md5sum": "c1cefb6737c4ec103aa1203553e89fb3",
    "settings": {
      "fd_thres": 0.2,
      "testing": false
    },
    "software": "mriqc",
    "version": "22.0.6",
    "webapi_port": null,
    "webapi_url": "https://mriqc.nimh.nih.gov/api/v1"
  },
  "size_t": 891,
  "size_x": 82,
  "size_y": 82,
  "size_z": 56,
  "snr": 7.573050375144538,
  "spacing_tr": 0.46000000834465027,
  "spacing_x": 3.02439022064209,
  "spacing_y": 3.02439022064209,
  "spacing_z": 3.0,
  "summary_bg_k": 40.43894078676746,
  "summary_bg_mad": 1.5841046828592398,
  "summary_bg_mean": 7.168574810028076,
  "summary_bg_median": 1.2008979320526123,
  "summary_bg_n": 291675.0,
  "summary_bg_p05": 0.014590349048376083,
  "summary_bg_p95": 35.234906005859365,
  "summary_bg_stdv": 18.911609649658203,
  "summary_fg_k": 2.1623668467468056,
  "summary_fg_mad": 31.167901978955825,
  "summary_fg_mean": 265.0885925292969,
  "summary_fg_median": 264.28509521484375,
  "summary_fg_n": 34805.0,
  "summary_fg_p05": 212.53020324707032,
  "summary_fg_p95": 322.32098999023435,
  "summary_fg_stdv": 34.89760208129883,
  "tsnr": 49.817295835353434
}