{
  "aor": 0.0017318008948545864,
  "aqi": 0.01470940100671141,
  "bids_meta": {
    "AcquisitionMatrixPE": 82,
    "AcquisitionNumber": 1,
    "AcquisitionTime": "16:19:27.575000",
    "BandwidthPerPixelPhaseEncode": 23.912,
    "BaseResolution": 82,
    "ConversionSoftware": "dcm2niix",
    "ConversionSoftwareVersion": "v1.0.20171215 Clang9.0.0",
    "DerivedVendorReportedEchoSpacing": 0.00051,
    "DeviceSerialNumber": "35451",
    "DwellTime": 2.2e-06,
    "EchoTime": 0.029,
    "EffectiveEchoSpacing": 0.00051,
    "FlipAngle": 44,
    "ImageComments": "Unaliased_MB8_PE3_(remote)",
    "ImageOrientationPatientDICOM": [
      0.999647,
      0.0102411,
      0.0245199,
      5.40269e-08,
      0.922749,
      -0.385403
    ],
    "ImageType": [
      "ORIGINAL",
      "PRIMARY",
      "M",
      "MB",
      "ND",
      "NORM",
      "MOSAIC"
    ],
    "InPlanePhaseEncodingDirectionDICOM": "COL",
    "InstitutionAddress": "Exposition_Drive_1777_Boulder-_6392da-_Denver_US_80301",
    "InstitutionName": "Intermountain_Neuroimaging_Consortium",
    "InstitutionalDepartmentName": "Department",
    "MRAcquisitionType": "2D",
    "MagneticFieldStrength": 3,
    "Manufacturer": "Siemens",
    "ManufacturersModelName": "TrioTim",
    "Modality": "MR",
    "MultibandAccelerationFactor": 8,
    "PartialFourier": 1,
    "PatientPosition": "HFS",
    "PercentPhaseFOV": 100,
    "PhaseEncodingDirection": "j",
    "PhaseEncodingSteps": 82,
    "PhaseResolution": 1,
    "PixelBandwidth": 2772,
    "ProcedureStepDescription": "VMITTAL_adaptcog_200068",
    "ProtocolName": "ritl_pa_32ch_mb8_v01_r04",
    "PulseSequenceDetails": "%CustomerSeq%_cmrr_mbep2d_bold",
    "ReceiveCoilName": "32Ch_Head",
    "ReconMatrixPE": 82,
    "RepetitionTime": 0.46,
    "SAR": 0.151979,
    "ScanOptions": "FS",
    "ScanningSequence": "EP",
    "SequenceName": "epfid2d1_82",
    "SequenceVariant": "SK_SS",
    "SeriesDescription": "ritl_pa_32ch_mb8_v01_r04",
    "SeriesNumber": 12,
    "ShimSetting": [
      6773,
      12635,
      -6747,
      467,
      -17,
      214,
      212,
      48
    ],
    "SliceThickness": 3,
    "SliceTiming": [
      0,
      0.2625,
      0.065,
      0.33,
      0.1325,
      0.395,
      0.1975,
      0,
      0.2625,
      0.065,
      0.33,
      0.1325,
      0.395,
      0.1975,
      0,
      0.2625,
      0.065,
      0.33,
      0.1325,
      0.395,
      0.1975,
      0,
      0.2625,
      0.065,
      0.33,
      0.1325,
      0.395,
      0.1975,
      0,
      0.2625,
      0.065,
      0.33,
      0.1325,
      0.395,
      0.1975,
      0,
      0.2625,
      0.065,
      0.33,
      0.1325,
      0.395,
      0.1975,
      0,
      0.2625,
      0.065,
      0.33,
      0.1325,
      0.395,
      0.1975,
      0,
      0.2625,
      0.065,
      0.33,
      0.1325,
      0.395,
      0.1975
    ],
    "SoftwareVersions": "syngo_MR_B17",
    "SpacingBetweenSlices": 3,
    "StationName": "MRC35451",
    "TaskName": "ritl",
    "TotalReadoutTime": 0.04131,
    "TxRefAmp": 328.335,
    "acq_id": "MB",
    "dataset": "ds001371",
    "modality": "bold",
    "run_id": 4,
    "subject_id": "M80336555",
    "task_id": "ritl"
  },
  "dummy_trs": 0,
  "dvars_nstd": 28.78281611689811,
  "dvars_std": 1.1432034987122053,
  "dvars_vstd": 1.0191148233034717,
  "efc": 0.3665510075711227,
  "fber": 50251.5546875,
  "fd_mean": 0.08587112371801386,
  "fd_num": 27,
  "fd_perc": 3.0201342281879193,
  "fwhm_avg": 1.73949950713529,
  "fwhm_x": 1.6188023511597598,
  "fwhm_y": 1.8635128369127767,
  "fwhm_z": 1.7361833333333332,
  "gcor": 0.0398894,
  "gsr_x": -0.027065139263868332,
  "gsr_y": 0.011741976253688335,
  "provenance": {
    "md5sum": "0a3ff84d68406540770e9584d4c38316",
    "settings": {
      "fd_thres": 0.2,
      "testing": false
    },
    "software": "mriqc",
    "version": "22.0.6",
    "webapi_port": null,
    "webapi_url": "https://mriqc.nimh.nih.gov/api/v1"
  },
  "size_t": 894,
  "size_x": 82,
  "size_y": 82,
  "size_z": 56,
  "snr": 7.5692048741621045,
  "spacing_tr": 0.46000000834465027,
  "spacing_x": 3.02439022064209,
  "spacing_y": 3.02439022064209,
  "spacing_z": 3.0,
  "summary_bg_k": 41.70716888718817,
  "summary_bg_mad": 1.5837640828693085,
  "summary_bg_mean": 7.17001485824585,
  "summary_bg_median": 1.2046979665756226,
  "summary_bg_n": 291694.0,
  "summary_bg_p05": 0.016778523102402687,
  "summary_bg_p95": 35.377740669250436,
  "summary_bg_stdv": 18.78470230102539,
  "summary_fg_k": 2.2977137018604274,
  "summary_fg_mad": 30.72252859828383,
  "summary_fg_mean": 263.74774169921875,
  "summary_fg_median": 263.0939636230469,
  "summary_fg_n": 34838.0,
  "summary_fg_p05": 210.76907348632812,
  "summary_fg_p95": 320.38606414794924,
  "summary_fg_stdv": 34.75796890258789,
  "tsnr": 46.565336157451384
}