{
  "aor": 0.0007108724832214765,
  "aqi": 0.010917564642058165,
  "bids_meta": {
    "AcquisitionMatrixPE": 82,
    "AcquisitionNumber": 1,
    "AcquisitionTime": "15:57:24.125000",
    "BandwidthPerPixelPhaseEncode": 23.912,
    "BaseResolution": 82,
    "ConversionSoftware": "dcm2niix",
    "ConversionSoftwareVersion": "v1.0.20171215 Clang9.0.0",
    "DerivedVendorReportedEchoSpacing": 0.00051,
    "DeviceSerialNumber": "35451",
    "DwellTime": 2.2e-06,
    "EchoTime": 0.029,
    "EffectiveEchoSpacing": 0.00051,
    "FlipAngle": 44,
    "ImageComments": "Unaliased_MB8_PE3_(remote)",
    "ImageOrientationPatientDICOM": [
      0.999647,
      0.0102411,
      0.0245199,
      5.40269e-08,
      0.922749,
      -0.385403
    ],
    "ImageType": [
      "ORIGINAL",
      "PRIMARY",
      "M",
      "MB",
      "ND",
      "NORM",
      "MOSAIC"
    ],
    "InPlanePhaseEncodingDirectionDICOM": "COL",
    "InstitutionAddress": "Exposition_Drive_1777_Boulder-_6392da-_Denver_US_80301",
    "InstitutionName": "Intermountain_Neuroimaging_Consortium",
    "InstitutionalDepartmentName": "Department",
    "MRAcquisitionType": "2D",
    "MagneticFieldStrength": 3,
    "Manufacturer": "Siemens",
    "ManufacturersModelName": "TrioTim",
    "Modality": "MR",
    "MultibandAccelerationFactor": 8,
    "PartialFourier": 1,
    "PatientPosition": "HFS",
    "PercentPhaseFOV": 100,
    "PhaseEncodingDirection": "j",
    "PhaseEncodingSteps": 82,
    "PhaseResolution": 1,
    "PixelBandwidth": 2772,
    "ProcedureStepDescription": "VMITTAL_adaptcog_200068",
    "ProtocolName": "ritl_pa_32ch_mb8_v01_r01",
    "PulseSequenceDetails": "%CustomerSeq%_cmrr_mbep2d_bold",
    "ReceiveCoilName": "32Ch_Head",
    "ReconMatrixPE": 82,
    "RepetitionTime": 0.46,
    "SAR": 0.15248,
    "ScanOptions": "FS",
    "ScanningSequence": "EP",
    "SequenceName": "epfid2d1_82",
    "SequenceVariant": "SK_SS",
    "SeriesDescription": "ritl_pa_32ch_mb8_v01_r01",
    "SeriesNumber": 6,
    "ShimSetting": [
      6773,
      12635,
      -6747,
      467,
      -17,
      214,
      212,
      48
    ],
    "SliceThickness": 3,
    "SliceTiming": [
      0,
      0.2625,
      0.065,
      0.33,
      0.13,
      0.395,
      0.1975,
      0,
      0.2625,
      0.065,
      0.33,
      0.13,
      0.395,
      0.1975,
      0,
      0.2625,
      0.065,
      0.33,
      0.13,
      0.395,
      0.1975,
      0,
      0.2625,
      0.065,
      0.33,
      0.13,
      0.395,
      0.1975,
      0,
      0.2625,
      0.065,
      0.33,
      0.13,
      0.395,
      0.1975,
      0,
      0.2625,
      0.065,
      0.33,
      0.13,
      0.395,
      0.1975,
      0,
      0.2625,
      0.065,
      0.33,
      0.13,
      0.395,
      0.1975,
      0,
      0.2625,
      0.065,
      0.33,
      0.13,
      0.395,
      0.1975
    ],
    "SoftwareVersions": "syngo_MR_B17",
    "SpacingBetweenSlices": 3,
    "StationName": "MRC35451",
    "TaskName": "ritl",
    "TotalReadoutTime": 0.04131,
    "TxRefAmp": 328.335,
    "acq_id": "MB",
    "dataset": "ds001371",
    "modality": "bold",
    "run_id": 1,
    "subject_id": "M80336555",
    "task_id": "ritl"
  },
  "dummy_trs": 0,
  "dvars_nstd": 29.021200357390793,
  "dvars_std": 1.1538389048152293,
  "dvars_vstd": 1.0115965879843218,
  "efc": 0.3660618766065523,
  "fber": 51098.671875,
  "fd_mean": 0.07803332406329107,
  "fd_num": 10,
  "fd_perc": 1.1185682326621924,
  "fwhm_avg": 1.7595414068454935,
  "fwhm_x": 1.6242579963630093,
  "fwhm_y": 1.8848262241734706,
  "fwhm_z": 1.7695400000000001,
  "gcor": 0.0151546,
  "gsr_x": -0.02711680717766285,
  "gsr_y": 0.011528542265295982,
  "provenance": {
    "md5sum": "39241a461202e245a446974d0d07665f",
    "settings": {
      "fd_thres": 0.2,
      "testing": false
    },
    "software": "mriqc",
    "version": "22.0.6",
    "webapi_port": null,
    "webapi_url": "https://mriqc.nimh.nih.gov/api/v1"
  },
  "size_t": 894,
  "size_x": 82,
  "size_y": 82,
  "size_z": 56,
  "snr": 7.540180155057739,
  "spacing_tr": 0.46000000834465027,
  "spacing_x": 3.02439022064209,
  "spacing_y": 3.02439022064209,
  "spacing_z": 3.0,
  "summary_bg_k": 39.27944069817933,
  "summary_bg_mad": 1.592056036791662,
  "summary_bg_mean": 7.185756683349609,
  "summary_bg_median": 1.2046979665756226,
  "summary_bg_n": 291586.0,
  "summary_bg_p05": 0.014541387557983398,
  "summary_bg_p95": 35.04194736480713,
  "summary_bg_stdv": 19.031173706054688,
  "summary_fg_k": 1.92604010321078,
  "summary_fg_mad": 31.81208377479242,
  "summary_fg_mean": 266.9115295410156,
  "summary_fg_median": 266.08837890625,
  "summary_fg_n": 34890.0,
  "summary_fg_p05": 213.49267578125,
  "summary_fg_p95": 325.72070312499994,
  "summary_fg_stdv": 35.28888702392578,
  "tsnr": 53.9955375934951
}