{
  "aor": 0.0004321324354657688,
  "aqi": 0.011704298922558922,
  "bids_meta": {
    "AcquisitionMatrixPE": 82,
    "AcquisitionNumber": 1,
    "AcquisitionTime": "16:25:11.892500",
    "BandwidthPerPixelPhaseEncode": 23.912,
    "BaseResolution": 82,
    "ConversionSoftware": "dcm2niix",
    "ConversionSoftwareVersion": "v1.0.20171215 Clang9.0.0",
    "DerivedVendorReportedEchoSpacing": 0.00051,
    "DeviceSerialNumber": "35451",
    "DwellTime": 2.2e-06,
    "EchoTime": 0.029,
    "EffectiveEchoSpacing": 0.00051,
    "FlipAngle": 44,
    "ImageComments": "Unaliased_MB8_PE3_(remote)",
    "ImageOrientationPatientDICOM": [
      0.999858,
      0.00810567,
      0.0147413,
      -5.4478e-08,
      0.876269,
      -0.481822
    ],
    "ImageType": [
      "ORIGINAL",
      "PRIMARY",
      "M",
      "MB",
      "ND",
      "NORM",
      "MOSAIC"
    ],
    "InPlanePhaseEncodingDirectionDICOM": "COL",
    "InstitutionAddress": "Exposition_Drive_1777_Boulder-_6392da-_Denver_US_80301",
    "InstitutionName": "Intermountain_Neuroimaging_Consortium",
    "InstitutionalDepartmentName": "Department",
    "MRAcquisitionType": "2D",
    "MagneticFieldStrength": 3,
    "Manufacturer": "Siemens",
    "ManufacturersModelName": "TrioTim",
    "Modality": "MR",
    "MultibandAccelerationFactor": 8,
    "PartialFourier": 1,
    "PatientPosition": "HFS",
    "PercentPhaseFOV": 100,
    "PhaseEncodingDirection": "j",
    "PhaseEncodingSteps": 82,
    "PhaseResolution": 1,
    "PixelBandwidth": 2772,
    "ProcedureStepDescription": "VMITTAL_adaptcog_200068",
    "ProtocolName": "ritl_pa_32ch_mb8_v01_r05",
    "PulseSequenceDetails": "%CustomerSeq%_cmrr_mbep2d_bold",
    "ReceiveCoilName": "32Ch_Head",
    "ReconMatrixPE": 82,
    "RepetitionTime": 0.46,
    "SAR": 0.165504,
    "ScanOptions": "FS",
    "ScanningSequence": "EP",
    "SequenceName": "epfid2d1_82",
    "SequenceVariant": "SK_SS",
    "SeriesDescription": "ritl_pa_32ch_mb8_v01_r05",
    "SeriesNumber": 20,
    "ShimSetting": [
      6786,
      12663,
      -6758,
      608,
      267,
      50,
      23,
      111
    ],
    "SliceThickness": 3,
    "SliceTiming": [
      0,
      0.2625,
      0.065,
      0.3275,
      0.13,
      0.395,
      0.1975,
      0,
      0.2625,
      0.065,
      0.3275,
      0.13,
      0.395,
      0.1975,
      0,
      0.2625,
      0.065,
      0.3275,
      0.13,
      0.395,
      0.1975,
      0,
      0.2625,
      0.065,
      0.3275,
      0.13,
      0.395,
      0.1975,
      0,
      0.2625,
      0.065,
      0.3275,
      0.13,
      0.395,
      0.1975,
      0,
      0.2625,
      0.065,
      0.3275,
      0.13,
      0.395,
      0.1975,
      0,
      0.2625,
      0.065,
      0.3275,
      0.13,
      0.395,
      0.1975,
      0,
      0.2625,
      0.065,
      0.3275,
      0.13,
      0.395,
      0.1975
    ],
    "SoftwareVersions": "syngo_MR_B17",
    "SpacingBetweenSlices": 3,
    "StationName": "MRC35451",
    "TaskName": "ritl",
    "TotalReadoutTime": 0.04131,
    "TxRefAmp": 338.283,
    "acq_id": "MB",
    "dataset": "ds001371",
    "modality": "bold",
    "run_id": 5,
    "subject_id": "M80328669",
    "task_id": "ritl"
  },
  "dummy_trs": 3,
  "dvars_nstd": 32.499246648764085,
  "dvars_std": 1.1625764015505622,
  "dvars_vstd": 1.0104708345280904,
  "efc": 0.38666118837466457,
  "fber": 27458.5546875,
  "fd_mean": 0.055676370788941935,
  "fd_num": 3,
  "fd_perc": 0.3367003367003367,
  "fwhm_avg": 1.7918324822141984,
  "fwhm_x": 1.7084071905585814,
  "fwhm_y": 1.8396402560840135,
  "fwhm_z": 1.82745,
  "gcor": 0.0302746,
  "gsr_x": -0.033008817583322525,
  "gsr_y": 0.014498761855065823,
  "provenance": {
    "md5sum": "20a80611a64f2b69cd1c136dd0e296fe",
    "settings": {
      "fd_thres": 0.2,
      "testing": false
    },
    "software": "mriqc",
    "version": "22.0.6",
    "webapi_port": null,
    "webapi_url": "https://mriqc.nimh.nih.gov/api/v1"
  },
  "size_t": 891,
  "size_x": 82,
  "size_y": 82,
  "size_z": 56,
  "snr": 7.1063013363893734,
  "spacing_tr": 0.46000000834465027,
  "spacing_x": 3.02439022064209,
  "spacing_y": 3.02439022064209,
  "spacing_z": 3.0,
  "summary_bg_k": 21.546830287734814,
  "summary_bg_mad": 2.1565123379104163,
  "summary_bg_mean": 9.381141662597656,
  "summary_bg_median": 1.6127946376800537,
  "summary_bg_n": 291173.0,
  "summary_bg_p05": 0.014590349048376083,
  "summary_bg_p95": 51.26823959350566,
  "summary_bg_stdv": 20.983810424804688,
  "summary_fg_k": 1.8755018067270592,
  "summary_fg_mad": 34.48255948709215,
  "summary_fg_mean": 262.93853759765625,
  "summary_fg_median": 261.46240234375,
  "summary_fg_n": 35283.0,
  "summary_fg_p05": 209.48373413085938,
  "summary_fg_p95": 324.4115875244141,
  "summary_fg_stdv": 36.79251480102539,
  "tsnr": 50.89805113733746
}