{
  "aor": 0.000356247191011236,
  "aqi": 0.012069434651685392,
  "bids_meta": {
    "AcquisitionMatrixPE": 82,
    "AcquisitionNumber": 1,
    "AcquisitionTime": "16:17:48.302500",
    "BandwidthPerPixelPhaseEncode": 23.912,
    "BaseResolution": 82,
    "ConversionSoftware": "dcm2niix",
    "ConversionSoftwareVersion": "v1.0.20171215 Clang9.0.0",
    "DerivedVendorReportedEchoSpacing": 0.00051,
    "DeviceSerialNumber": "35451",
    "DwellTime": 2.2e-06,
    "EchoTime": 0.029,
    "EffectiveEchoSpacing": 0.00051,
    "FlipAngle": 44,
    "ImageComments": "Unaliased_MB8_PE3_(remote)",
    "ImageOrientationPatientDICOM": [
      0.999858,
      0.00810567,
      0.0147413,
      -5.4478e-08,
      0.876269,
      -0.481822
    ],
    "ImageType": [
      "ORIGINAL",
      "PRIMARY",
      "M",
      "MB",
      "ND",
      "NORM",
      "MOSAIC"
    ],
    "InPlanePhaseEncodingDirectionDICOM": "COL",
    "InstitutionAddress": "Exposition_Drive_1777_Boulder-_6392da-_Denver_US_80301",
    "InstitutionName": "Intermountain_Neuroimaging_Consortium",
    "InstitutionalDepartmentName": "Department",
    "MRAcquisitionType": "2D",
    "MagneticFieldStrength": 3,
    "Manufacturer": "Siemens",
    "ManufacturersModelName": "TrioTim",
    "Modality": "MR",
    "MultibandAccelerationFactor": 8,
    "PartialFourier": 1,
    "PatientPosition": "HFS",
    "PercentPhaseFOV": 100,
    "PhaseEncodingDirection": "j",
    "PhaseEncodingSteps": 82,
    "PhaseResolution": 1,
    "PixelBandwidth": 2772,
    "ProcedureStepDescription": "VMITTAL_adaptcog_200068",
    "ProtocolName": "ritl_pa_32ch_mb8_v01_r04",
    "PulseSequenceDetails": "%CustomerSeq%_cmrr_mbep2d_bold",
    "ReceiveCoilName": "32Ch_Head",
    "ReconMatrixPE": 82,
    "RepetitionTime": 0.46,
    "SAR": 0.166351,
    "ScanOptions": "FS",
    "ScanningSequence": "EP",
    "SequenceName": "epfid2d1_82",
    "SequenceVariant": "SK_SS",
    "SeriesDescription": "ritl_pa_32ch_mb8_v01_r04",
    "SeriesNumber": 18,
    "ShimSetting": [
      6786,
      12663,
      -6758,
      608,
      267,
      50,
      23,
      111
    ],
    "SliceThickness": 3,
    "SliceTiming": [
      0,
      0.265,
      0.065,
      0.33,
      0.1325,
      0.395,
      0.1975,
      0,
      0.265,
      0.065,
      0.33,
      0.1325,
      0.395,
      0.1975,
      0,
      0.265,
      0.065,
      0.33,
      0.1325,
      0.395,
      0.1975,
      0,
      0.265,
      0.065,
      0.33,
      0.1325,
      0.395,
      0.1975,
      0,
      0.265,
      0.065,
      0.33,
      0.1325,
      0.395,
      0.1975,
      0,
      0.265,
      0.065,
      0.33,
      0.1325,
      0.395,
      0.1975,
      0,
      0.265,
      0.065,
      0.33,
      0.1325,
      0.395,
      0.1975,
      0,
      0.265,
      0.065,
      0.33,
      0.1325,
      0.395,
      0.1975
    ],
    "SoftwareVersions": "syngo_MR_B17",
    "SpacingBetweenSlices": 3,
    "StationName": "MRC35451",
    "TaskName": "ritl",
    "TotalReadoutTime": 0.04131,
    "TxRefAmp": 338.283,
    "acq_id": "MB",
    "dataset": "ds001371",
    "modality": "bold",
    "run_id": 4,
    "subject_id": "M80328669",
    "task_id": "ritl"
  },
  "dummy_trs": 4,
  "dvars_nstd": 32.35447342725532,
  "dvars_std": 1.1586040852081,
  "dvars_vstd": 1.0069342857480315,
  "efc": 0.38649124449417144,
  "fber": 27744.673828125,
  "fd_mean": 0.056164758204408895,
  "fd_num": 2,
  "fd_perc": 0.2247191011235955,
  "fwhm_avg": 1.7828948119095946,
  "fwhm_x": 1.7030970292274186,
  "fwhm_y": 1.824000739834699,
  "fwhm_z": 1.8215866666666667,
  "gcor": 0.0240635,
  "gsr_x": -0.03297882899641991,
  "gsr_y": 0.013901169411838055,
  "provenance": {
    "md5sum": "08b9adcad07f5092289c9e21014dce78",
    "settings": {
      "fd_thres": 0.2,
      "testing": false
    },
    "software": "mriqc",
    "version": "22.0.6",
    "webapi_port": null,
    "webapi_url": "https://mriqc.nimh.nih.gov/api/v1"
  },
  "size_t": 890,
  "size_x": 82,
  "size_y": 82,
  "size_z": 56,
  "snr": 7.1359869290037885,
  "spacing_tr": 0.46000000834465027,
  "spacing_x": 3.02439022064209,
  "spacing_y": 3.02439022064209,
  "spacing_z": 3.0,
  "summary_bg_k": 21.945826755744058,
  "summary_bg_mad": 2.1472745601073506,
  "summary_bg_mean": 9.379854202270508,
  "summary_bg_median": 1.6044944524765015,
  "summary_bg_n": 291291.0,
  "summary_bg_p05": 0.014606742188334465,
  "summary_bg_p95": 51.058427810668945,
  "summary_bg_stdv": 21.016094207763672,
  "summary_fg_k": 1.8959346694887866,
  "summary_fg_mad": 34.2097974181755,
  "summary_fg_mean": 262.937255859375,
  "summary_fg_median": 261.2657470703125,
  "summary_fg_n": 35260.0,
  "summary_fg_p05": 209.85955810546875,
  "summary_fg_p95": 324.0822555541992,
  "summary_fg_stdv": 36.611900329589844,
  "tsnr": 50.2757489902433
}