{
  "aor": 0.00048133109619686795,
  "aqi": 0.011930238221476512,
  "bids_meta": {
    "AcquisitionMatrixPE": 82,
    "AcquisitionNumber": 1,
    "AcquisitionTime": "16:10:22.960000",
    "BandwidthPerPixelPhaseEncode": 23.912,
    "BaseResolution": 82,
    "ConversionSoftware": "dcm2niix",
    "ConversionSoftwareVersion": "v1.0.20171215 Clang9.0.0",
    "DerivedVendorReportedEchoSpacing": 0.00051,
    "DeviceSerialNumber": "35451",
    "DwellTime": 2.2e-06,
    "EchoTime": 0.029,
    "EffectiveEchoSpacing": 0.00051,
    "FlipAngle": 44,
    "ImageComments": "Unaliased_MB8_PE3_(remote)",
    "ImageOrientationPatientDICOM": [
      0.999858,
      0.00810567,
      0.0147413,
      -5.4478e-08,
      0.876269,
      -0.481822
    ],
    "ImageType": [
      "ORIGINAL",
      "PRIMARY",
      "M",
      "MB",
      "ND",
      "NORM",
      "MOSAIC"
    ],
    "InPlanePhaseEncodingDirectionDICOM": "COL",
    "InstitutionAddress": "Exposition_Drive_1777_Boulder-_6392da-_Denver_US_80301",
    "InstitutionName": "Intermountain_Neuroimaging_Consortium",
    "InstitutionalDepartmentName": "Department",
    "MRAcquisitionType": "2D",
    "MagneticFieldStrength": 3,
    "Manufacturer": "Siemens",
    "ManufacturersModelName": "TrioTim",
    "Modality": "MR",
    "MultibandAccelerationFactor": 8,
    "PartialFourier": 1,
    "PatientPosition": "HFS",
    "PercentPhaseFOV": 100,
    "PhaseEncodingDirection": "j",
    "PhaseEncodingSteps": 82,
    "PhaseResolution": 1,
    "PixelBandwidth": 2772,
    "ProcedureStepDescription": "VMITTAL_adaptcog_200068",
    "ProtocolName": "ritl_pa_32ch_mb8_v01_r03",
    "PulseSequenceDetails": "%CustomerSeq%_cmrr_mbep2d_bold",
    "ReceiveCoilName": "32Ch_Head",
    "ReconMatrixPE": 82,
    "RepetitionTime": 0.46,
    "SAR": 0.166237,
    "ScanOptions": "FS",
    "ScanningSequence": "EP",
    "SequenceName": "epfid2d1_82",
    "SequenceVariant": "SK_SS",
    "SeriesDescription": "ritl_pa_32ch_mb8_v01_r03",
    "SeriesNumber": 16,
    "ShimSetting": [
      6786,
      12663,
      -6758,
      608,
      267,
      50,
      23,
      111
    ],
    "SliceThickness": 3,
    "SliceTiming": [
      0,
      0.2625,
      0.065,
      0.3275,
      0.13,
      0.395,
      0.1975,
      0,
      0.2625,
      0.065,
      0.3275,
      0.13,
      0.395,
      0.1975,
      0,
      0.2625,
      0.065,
      0.3275,
      0.13,
      0.395,
      0.1975,
      0,
      0.2625,
      0.065,
      0.3275,
      0.13,
      0.395,
      0.1975,
      0,
      0.2625,
      0.065,
      0.3275,
      0.13,
      0.395,
      0.1975,
      0,
      0.2625,
      0.065,
      0.3275,
      0.13,
      0.395,
      0.1975,
      0,
      0.2625,
      0.065,
      0.3275,
      0.13,
      0.395,
      0.1975,
      0,
      0.2625,
      0.065,
      0.3275,
      0.13,
      0.395,
      0.1975
    ],
    "SoftwareVersions": "syngo_MR_B17",
    "SpacingBetweenSlices": 3,
    "StationName": "MRC35451",
    "TaskName": "ritl",
    "TotalReadoutTime": 0.04131,
    "TxRefAmp": 338.283,
    "acq_id": "MB",
    "dataset": "ds001371",
    "modality": "bold",
    "run_id": 3,
    "subject_id": "M80328669",
    "task_id": "ritl"
  },
  "dummy_trs": 0,
  "dvars_nstd": 32.23353143919368,
  "dvars_std": 1.1604191263045915,
  "dvars_vstd": 1.0115434324524073,
  "efc": 0.3851121703567342,
  "fber": 28312.30859375,
  "fd_mean": 0.05758730093746181,
  "fd_num": 3,
  "fd_perc": 0.33557046979865773,
  "fwhm_avg": 1.7886555377700164,
  "fwhm_x": 1.7157904970669784,
  "fwhm_y": 1.8323594495764042,
  "fwhm_z": 1.8178166666666666,
  "gcor": 0.030545,
  "gsr_x": -0.032707422971725464,
  "gsr_y": 0.01378259900957346,
  "provenance": {
    "md5sum": "4435a2e5edcb71d3b3bcd7f305a51655",
    "settings": {
      "fd_thres": 0.2,
      "testing": false
    },
    "software": "mriqc",
    "version": "22.0.6",
    "webapi_port": null,
    "webapi_url": "https://mriqc.nimh.nih.gov/api/v1"
  },
  "size_t": 894,
  "size_x": 82,
  "size_y": 82,
  "size_z": 56,
  "snr": 7.116995566281495,
  "spacing_tr": 0.46000000834465027,
  "spacing_x": 3.02439022064209,
  "spacing_y": 3.02439022064209,
  "spacing_z": 3.0,
  "summary_bg_k": 22.36414102551085,
  "summary_bg_mad": 2.1293750662990694,
  "summary_bg_mean": 9.237401008605957,
  "summary_bg_median": 1.5906040668487549,
  "summary_bg_n": 291403.0,
  "summary_bg_p05": 0.012416107021272589,
  "summary_bg_p95": 50.051005554199065,
  "summary_bg_stdv": 20.731218338012695,
  "summary_fg_k": 1.913185458852741,
  "summary_fg_mad": 34.04017230473624,
  "summary_fg_mean": 263.2014465332031,
  "summary_fg_median": 261.44183349609375,
  "summary_fg_n": 35131.0,
  "summary_fg_p05": 209.80648803710938,
  "summary_fg_p95": 324.7242736816406,
  "summary_fg_stdv": 36.734336853027344,
  "tsnr": 50.5902139081154
}