{
  "bids_meta": {
    "AcquisitionMatrixPE": 320,
    "AcquisitionNumber": 1,
    "AcquisitionTime": "14:38:42.200000",
    "BaseResolution": 320,
    "ConversionSoftware": "dcm2niix",
    "ConversionSoftwareVersion": "v1.0.20171215 Clang9.0.0",
    "DeviceSerialNumber": "35451",
    "DwellTime": 6.5e-06,
    "EchoTime": 0.00201,
    "FlipAngle": 8,
    "ImageOrientationPatientDICOM": [
      0.0348995,
      0.999391,
      1.46298e-08,
      0.0540459,
      -0.00188731,
      -0.998537
    ],
    "ImageType": [
      "ORIGINAL",
      "PRIMARY",
      "M",
      "ND",
      "NORM"
    ],
    "InPlanePhaseEncodingDirectionDICOM": "ROW",
    "InstitutionAddress": "Exposition_Drive_1777_Boulder-_6392da-_Denver_US_80301",
    "InstitutionName": "Intermountain_Neuroimaging_Consortium",
    "InstitutionalDepartmentName": "Department",
    "InversionTime": 1,
    "MRAcquisitionType": "3D",
    "MagneticFieldStrength": 3,
    "Manufacturer": "Siemens",
    "ManufacturersModelName": "TrioTim",
    "Modality": "MR",
    "ParallelReductionFactorInPlane": 2,
    "PartialFourier": 1,
    "PatientPosition": "HFS",
    "PercentPhaseFOV": 100,
    "PhaseEncodingSteps": 319,
    "PhaseResolution": 1,
    "PixelBandwidth": 240,
    "ProcedureStepDescription": "VMITTAL_adaptcog_200068",
    "ProtocolName": "t1w_32ch_mpr_08mm",
    "PulseSequenceDetails": "%SiemensSeq%_tfl",
    "ReceiveCoilName": "32Ch_Head",
    "ReconMatrixPE": 320,
    "RepetitionTime": 2.4,
    "SAR": 0.0896979,
    "ScanOptions": "IR_WE",
    "ScanningSequence": "GR_IR",
    "SequenceName": "_tfl3d1_ns",
    "SequenceVariant": "SP_MP",
    "SeriesDescription": "t1w_32ch_mpr_08mm",
    "SeriesNumber": 2,
    "ShimSetting": [
      6799,
      12515,
      -6762,
      97,
      320,
      -562,
      363,
      -33
    ],
    "SliceThickness": 0.8,
    "SoftwareVersions": "syngo_MR_B17",
    "StationName": "MRC35451",
    "TxRefAmp": 345.439,
    "dataset": "ds001371",
    "modality": "T1w",
    "subject_id": "M80374933"
  },
  "cjv": 0.37011296743856253,
  "cnr": 3.667763268583713,
  "efc": 0.5584631194220642,
  "fber": 15164.48023699375,
  "fwhm_avg": 4.547717568625018,
  "fwhm_x": 4.4960528421774635,
  "fwhm_y": 4.607137431348303,
  "fwhm_z": 4.539962432349288,
  "icvs_csf": 0.19672136751589553,
  "icvs_gm": 0.4374146481739711,
  "icvs_wm": 0.36586398431013334,
  "inu_med": 0.5077364444732666,
  "inu_range": 0.20783120989799497,
  "provenance": {
    "md5sum": "c6f1136a7a8f0b3635330c58af931eb0",
    "settings": {
      "testing": false
    },
    "software": "mriqc",
    "version": "22.0.6",
    "warnings": {
      "large_rot_frame": true,
      "small_air_mask": false
    },
    "webapi_port": null,
    "webapi_url": "https://mriqc.nimh.nih.gov/api/v1"
  },
  "qi_1": 1.1637520496582975e-06,
  "qi_2": 0.019170333894536207,
  "rpve_csf": 25.32668540980891,
  "rpve_gm": 12.18533368379324,
  "rpve_wm": 16.430601996434785,
  "size_x": 224,
  "size_y": 320,
  "size_z": 320,
  "snr_csf": 2.9288359408914753,
  "snr_gm": 12.327200139700738,
  "snr_total": 12.394706602393285,
  "snr_wm": 21.92808372658764,
  "snrd_csf": 35.35951991129017,
  "snrd_gm": 91.93831055689897,
  "snrd_total": 84.66553278879358,
  "snrd_wm": 126.6987678981916,
  "spacing_x": 0.7999972701072693,
  "spacing_y": 0.800000011920929,
  "spacing_z": 0.800000011920929,
  "summary_bg_k": 10.865997348571128,
  "summary_bg_mad": 5.171061110092938,
  "summary_bg_mean": 4.987227566778241,
  "summary_bg_median": 3.487827716395259,
  "summary_bg_n": 5668083.0,
  "summary_bg_p05": 0.0,
  "summary_bg_p95": 18.91385768353939,
  "summary_bg_stdv": 7.10791132545249,
  "summary_csf_k": 1.1783508290291076,
  "summary_csf_mad": 77.53121154327265,
  "summary_csf_mean": 285.88981874191853,
  "summary_csf_median": 279.09644203074276,
  "summary_csf_n": 120815.0,
  "summary_csf_p05": 135.33239704407754,
  "summary_csf_p95": 457.0294945182276,
  "summary_csf_stdv": 95.29222278197078,
  "summary_gm_k": 0.19373067015817647,
  "summary_gm_mad": 57.64518458969376,
  "summary_gm_mean": 725.7475159978359,
  "summary_gm_median": 725.67883916758,
  "summary_gm_n": 117715.0,
  "summary_gm_p05": 629.0496256556362,
  "summary_gm_p95": 822.7762174736708,
  "summary_gm_stdv": 58.86784903158425,
  "summary_wm_k": 0.3311556904001298,
  "summary_wm_mad": 43.90196177360783,
  "summary_wm_mean": 999.1652200274176,
  "summary_wm_median": 1000.0468167774379,
  "summary_wm_n": 480545.0,
  "summary_wm_p05": 923.5955058932304,
  "summary_wm_p95": 1073.338015301153,
  "summary_wm_stdv": 45.605707672045874,
  "tpm_overlap_csf": 0.13828774743305897,
  "tpm_overlap_gm": 0.4237204586400313,
  "tpm_overlap_wm": 0.47031226558350403,
  "wm2max": 0.8956957460636937
}