{
  "bids_meta": {
    "AcquisitionMatrixPE": 320,
    "AcquisitionNumber": 1,
    "AcquisitionTime": "15:12:8.367500",
    "BaseResolution": 320,
    "ConversionSoftware": "dcm2niix",
    "ConversionSoftwareVersion": "v1.0.20171215 Clang9.0.0",
    "DeviceSerialNumber": "35451",
    "DwellTime": 6.5e-06,
    "EchoTime": 0.00201,
    "FlipAngle": 8,
    "ImageOrientationPatientDICOM": [
      0.029667,
      0.99956,
      9.84473e-09,
      -0.00697515,
      0.000207033,
      -0.999976
    ],
    "ImageType": [
      "ORIGINAL",
      "PRIMARY",
      "M",
      "ND",
      "NORM"
    ],
    "InPlanePhaseEncodingDirectionDICOM": "ROW",
    "InstitutionAddress": "Exposition_Drive_1777_Boulder-_6392da-_Denver_US_80301",
    "InstitutionName": "Intermountain_Neuroimaging_Consortium",
    "InstitutionalDepartmentName": "Department",
    "InversionTime": 1,
    "MRAcquisitionType": "3D",
    "MagneticFieldStrength": 3,
    "Manufacturer": "Siemens",
    "ManufacturersModelName": "TrioTim",
    "Modality": "MR",
    "ParallelReductionFactorInPlane": 2,
    "PartialFourier": 1,
    "PatientPosition": "HFS",
    "PercentPhaseFOV": 100,
    "PhaseEncodingSteps": 319,
    "PhaseResolution": 1,
    "PixelBandwidth": 240,
    "ProcedureStepDescription": "VMITTAL_adaptcog_200068",
    "ProtocolName": "t1w_32ch_mpr_08mm",
    "PulseSequenceDetails": "%SiemensSeq%_tfl",
    "ReceiveCoilName": "32Ch_Head",
    "ReconMatrixPE": 320,
    "RepetitionTime": 2.4,
    "SAR": 0.0790832,
    "ScanOptions": "IR_WE",
    "ScanningSequence": "GR_IR",
    "SequenceName": "_tfl3d1_ns",
    "SequenceVariant": "SP_MP",
    "SeriesDescription": "t1w_32ch_mpr_08mm",
    "SeriesNumber": 2,
    "ShimSetting": [
      6780,
      12640,
      -6803,
      83,
      380,
      -602,
      269,
      147
    ],
    "SliceThickness": 0.8,
    "SoftwareVersions": "syngo_MR_B17",
    "StationName": "MRC35451",
    "TxRefAmp": 338.283,
    "dataset": "ds001371",
    "modality": "T1w",
    "subject_id": "M80328669"
  },
  "cjv": 0.3688322536389168,
  "cnr": 3.6015384849849856,
  "efc": 0.5489441851355641,
  "fber": 17208.942008163267,
  "fwhm_avg": 4.423298832215975,
  "fwhm_x": 4.436721628272489,
  "fwhm_y": 4.398499934457243,
  "fwhm_z": 4.434674933918194,
  "icvs_csf": 0.1961925089728665,
  "icvs_gm": 0.4635891042916437,
  "icvs_wm": 0.3402183867354898,
  "inu_med": 0.5140764713287354,
  "inu_range": 0.24805516600608823,
  "provenance": {
    "md5sum": "e2e0aaabd90155fc3a979141688a4b3b",
    "settings": {
      "testing": false
    },
    "software": "mriqc",
    "version": "22.0.6",
    "warnings": {
      "large_rot_frame": true,
      "small_air_mask": false
    },
    "webapi_port": null,
    "webapi_url": "https://mriqc.nimh.nih.gov/api/v1"
  },
  "qi_1": 0.0,
  "qi_2": 0.013602602432586581,
  "rpve_csf": 29.27603907931777,
  "rpve_gm": 13.639067981117059,
  "rpve_wm": 20.117267850210002,
  "size_x": 224,
  "size_y": 320,
  "size_z": 320,
  "snr_csf": 2.676473976577223,
  "snr_gm": 15.087214503103924,
  "snr_total": 13.121175717235765,
  "snr_wm": 21.599838672026145,
  "snrd_csf": 35.70802813761881,
  "snrd_gm": 90.91088510378295,
  "snrd_total": 82.44471416196411,
  "snrd_wm": 120.71522924449062,
  "spacing_x": 0.8000006079673767,
  "spacing_y": 0.800000011920929,
  "spacing_z": 0.800000011920929,
  "summary_bg_k": 7.764388529378456,
  "summary_bg_mad": 5.427269187164199,
  "summary_bg_mean": 5.623741168696606,
  "summary_bg_median": 3.6606374382972717,
  "summary_bg_n": 5236049.0,
  "summary_bg_p05": 0.0,
  "summary_bg_p95": 21.802325919270515,
  "summary_bg_stdv": 8.035415636157456,
  "summary_csf_k": 1.1579647899951562,
  "summary_csf_mad": 89.51003519712718,
  "summary_csf_mean": 307.797171267928,
  "summary_csf_median": 295.8118047565222,
  "summary_csf_n": 68662.0,
  "summary_csf_p05": 136.09092588163912,
  "summary_csf_p95": 510.3359252214432,
  "summary_csf_stdv": 110.52214713147454,
  "summary_gm_k": 0.3583906814270743,
  "summary_gm_mad": 47.36888621444047,
  "summary_gm_mean": 751.7263137440876,
  "summary_gm_median": 753.1223200261593,
  "summary_gm_n": 105646.0,
  "summary_gm_p05": 667.1511731296778,
  "summary_gm_p95": 831.6847135778517,
  "summary_gm_stdv": 49.91768066234944,
  "summary_wm_k": 0.3760194569705839,
  "summary_wm_mad": 43.697498234888215,
  "summary_wm_mean": 999.2474261765288,
  "summary_wm_median": 1000.0269319489598,
  "summary_wm_n": 369479.0,
  "summary_wm_p05": 922.2922192886472,
  "summary_wm_p95": 1075.4468297585845,
  "summary_wm_stdv": 46.297826286538125,
  "tpm_overlap_csf": 0.15063250835000075,
  "tpm_overlap_gm": 0.456417190464113,
  "tpm_overlap_wm": 0.4904707035170179,
  "wm2max": 0.8332473520657058
}