{
  "bids_meta": {
    "AcquisitionMatrixPE": 320,
    "AcquisitionNumber": 1,
    "AcquisitionTime": "16:20:49.185000",
    "BaseResolution": 320,
    "ConversionSoftware": "dcm2niix",
    "ConversionSoftwareVersion": "v1.0.20171215 Clang9.0.0",
    "DeviceSerialNumber": "35451",
    "DwellTime": 6.5e-06,
    "EchoTime": 0.00201,
    "FlipAngle": 8,
    "ImageOrientationPatientDICOM": [
      -0.00174527,
      0.999998,
      3.40792e-08,
      -0.0191974,
      -3.34707e-05,
      -0.999816
    ],
    "ImageType": [
      "ORIGINAL",
      "PRIMARY",
      "M",
      "ND",
      "NORM"
    ],
    "InPlanePhaseEncodingDirectionDICOM": "ROW",
    "InstitutionAddress": "Exposition_Drive_1777_Boulder-_c0d8dc-_Denver_US_80301",
    "InstitutionName": "Intermountain_Neuroimaging_Consortium",
    "InstitutionalDepartmentName": "Department",
    "InversionTime": 1,
    "MRAcquisitionType": "3D",
    "MagneticFieldStrength": 3,
    "Manufacturer": "Siemens",
    "ManufacturersModelName": "TrioTim",
    "Modality": "MR",
    "ParallelReductionFactorInPlane": 2,
    "PartialFourier": 1,
    "PatientPosition": "HFS",
    "PercentPhaseFOV": 100,
    "PhaseEncodingSteps": 319,
    "PhaseResolution": 1,
    "PixelBandwidth": 240,
    "ProcedureStepDescription": "VMITTAL_adaptcog_200068",
    "ProtocolName": "t1w_32ch_mpr_08mm",
    "PulseSequenceDetails": "%SiemensSeq%_tfl",
    "ReceiveCoilName": "32Ch_Head",
    "ReconMatrixPE": 320,
    "RepetitionTime": 2.4,
    "SAR": 0.0721766,
    "ScanOptions": "IR_WE",
    "ScanningSequence": "GR_IR",
    "SequenceName": "_tfl3d1_ns",
    "SequenceVariant": "SP_MP",
    "SeriesDescription": "t1w_32ch_mpr_08mm",
    "SeriesNumber": 16,
    "ShimSetting": [
      6759,
      12713,
      -6816,
      167,
      111,
      -606,
      219,
      202
    ],
    "SliceThickness": 0.8,
    "SoftwareVersions": "syngo_MR_B17",
    "StationName": "MRC35451",
    "TxRefAmp": 337.336,
    "dataset": "ds001371",
    "modality": "T1w",
    "subject_id": "M80353242"
  },
  "cjv": 0.35495821134095806,
  "cnr": 3.7141840182322405,
  "efc": 0.5558737445014382,
  "fber": 18891.424476163014,
  "fwhm_avg": 4.528380749968933,
  "fwhm_x": 4.431279886309976,
  "fwhm_y": 4.6313749309871355,
  "fwhm_z": 4.522487432609686,
  "icvs_csf": 0.19004613186484617,
  "icvs_gm": 0.4410140092914825,
  "icvs_wm": 0.36893985884367136,
  "inu_med": 0.4825935959815979,
  "inu_range": 0.20187200903892516,
  "provenance": {
    "md5sum": "8143737847ce1da6ab6dcbb807605179",
    "settings": {
      "testing": false
    },
    "software": "mriqc",
    "version": "22.0.6",
    "warnings": {
      "large_rot_frame": true,
      "small_air_mask": false
    },
    "webapi_port": null,
    "webapi_url": "https://mriqc.nimh.nih.gov/api/v1"
  },
  "qi_1": 1.3050655015765022e-05,
  "qi_2": 0.010901261645928601,
  "rpve_csf": 26.742529167351346,
  "rpve_gm": 12.53924378652054,
  "rpve_wm": 16.984284769490817,
  "size_x": 224,
  "size_y": 320,
  "size_z": 320,
  "snr_csf": 2.8128586293401154,
  "snr_gm": 13.051508428841075,
  "snr_total": 12.608821006240284,
  "snr_wm": 21.96209596053966,
  "snrd_csf": 36.007515810025126,
  "snrd_gm": 91.80782168026586,
  "snrd_total": 84.50884728162428,
  "snrd_wm": 125.71120435458182,
  "spacing_x": 0.7999991178512573,
  "spacing_y": 0.800000011920929,
  "spacing_z": 0.800000011920929,
  "summary_bg_k": 9.091787964681755,
  "summary_bg_mad": 5.211562780681657,
  "summary_bg_mean": 5.65905747130723,
  "summary_bg_median": 3.515145678073168,
  "summary_bg_n": 5549383.0,
  "summary_bg_p05": 0.0,
  "summary_bg_p95": 22.176086828112602,
  "summary_bg_stdv": 8.256701173979637,
  "summary_csf_k": 1.018452932465114,
  "summary_csf_mad": 86.13069360690322,
  "summary_csf_mean": 297.0498434404645,
  "summary_csf_median": 286.4371895994991,
  "summary_csf_n": 78388.0,
  "summary_csf_p05": 143.0216050922871,
  "summary_csf_p95": 483.66517203748174,
  "summary_csf_stdv": 101.83069975807058,
  "summary_gm_k": 0.41250213193024665,
  "summary_gm_mad": 53.025028023579814,
  "summary_gm_mean": 729.7482552387571,
  "summary_gm_median": 730.3245956785977,
  "summary_gm_n": 93157.0,
  "summary_gm_p05": 636.9255236014724,
  "summary_gm_p95": 820.5623958036304,
  "summary_gm_stdv": 55.956802218761105,
  "summary_wm_k": 0.5523516376753079,
  "summary_wm_mad": 42.70683325645841,
  "summary_wm_mean": 1000.3893493188056,
  "summary_wm_median": 1000.0235580392182,
  "summary_wm_n": 465776.0,
  "summary_wm_p05": 926.3942314535379,
  "summary_wm_p95": 1075.7997185625136,
  "summary_wm_stdv": 45.53401853505973,
  "tpm_overlap_csf": 0.14596165028041788,
  "tpm_overlap_gm": 0.4465950783621076,
  "tpm_overlap_wm": 0.5033582922842825,
  "wm2max": 0.8650286717139767
}