{
  "aor": 0.002947054871220605,
  "aqi": 0.023133187793952965,
  "bids_meta": {
    "AcquisitionMatrixPE": 82,
    "AcquisitionNumber": 1,
    "AcquisitionTime": "11:17:43.097500",
    "BandwidthPerPixelPhaseEncode": 23.912,
    "BaseResolution": 82,
    "ConversionSoftware": "dcm2niix",
    "ConversionSoftwareVersion": "v1.0.20171215 Clang9.0.0",
    "DerivedVendorReportedEchoSpacing": 0.00051,
    "DeviceSerialNumber": "35451",
    "DwellTime": 2.2e-06,
    "EchoTime": 0.029,
    "EffectiveEchoSpacing": 0.00051,
    "FlipAngle": 44,
    "ImageComments": "Unaliased_MB8_PE3_(remote)",
    "ImageOrientationPatientDICOM": [
      0.999385,
      0.0073945,
      0.0342882,
      -3.09878e-08,
      0.977527,
      -0.21081
    ],
    "ImageType": [
      "ORIGINAL",
      "PRIMARY",
      "M",
      "MB",
      "ND",
      "NORM",
      "MOSAIC"
    ],
    "InPlanePhaseEncodingDirectionDICOM": "COL",
    "InstitutionAddress": "Exposition_Drive_1777_Boulder-_c0d8dc-_Denver_US_80301",
    "InstitutionName": "Intermountain_Neuroimaging_Consortium",
    "InstitutionalDepartmentName": "Department",
    "MRAcquisitionType": "2D",
    "MagneticFieldStrength": 3,
    "Manufacturer": "Siemens",
    "ManufacturersModelName": "TrioTim",
    "Modality": "MR",
    "MultibandAccelerationFactor": 8,
    "PartialFourier": 1,
    "PatientPosition": "HFS",
    "PercentPhaseFOV": 100,
    "PhaseEncodingDirection": "j",
    "PhaseEncodingSteps": 82,
    "PhaseResolution": 1,
    "PixelBandwidth": 2772,
    "ProcedureStepDescription": "VMITTAL_adaptcog_200068",
    "ProtocolName": "ritl_pa_32ch_mb8_v01_r02",
    "PulseSequenceDetails": "%CustomerSeq%_cmrr_mbep2d_bold",
    "ReceiveCoilName": "32Ch_Head",
    "ReconMatrixPE": 82,
    "RepetitionTime": 0.46,
    "SAR": 0.16854,
    "ScanOptions": "FS",
    "ScanningSequence": "EP",
    "SequenceName": "epfid2d1_82",
    "SequenceVariant": "SK_SS",
    "SeriesDescription": "ritl_pa_32ch_mb8_v01_r02",
    "SeriesNumber": 14,
    "ShimSetting": [
      6833,
      12605,
      -6831,
      612,
      462,
      152,
      123,
      120
    ],
    "SliceThickness": 3,
    "SliceTiming": [
      0,
      0.265,
      0.0675,
      0.33,
      0.1325,
      0.3975,
      0.2,
      0,
      0.265,
      0.0675,
      0.33,
      0.1325,
      0.3975,
      0.2,
      0,
      0.265,
      0.0675,
      0.33,
      0.1325,
      0.3975,
      0.2,
      0,
      0.265,
      0.0675,
      0.33,
      0.1325,
      0.3975,
      0.2,
      0,
      0.265,
      0.0675,
      0.33,
      0.1325,
      0.3975,
      0.2,
      0,
      0.265,
      0.0675,
      0.33,
      0.1325,
      0.3975,
      0.2,
      0,
      0.265,
      0.0675,
      0.33,
      0.1325,
      0.3975,
      0.2,
      0,
      0.265,
      0.0675,
      0.33,
      0.1325,
      0.3975,
      0.2
    ],
    "SoftwareVersions": "syngo_MR_B17",
    "SpacingBetweenSlices": 3,
    "StationName": "MRC35451",
    "TaskName": "ritl",
    "TotalReadoutTime": 0.04131,
    "TxRefAmp": 330.296,
    "acq_id": "MB",
    "dataset": "ds001371",
    "modality": "bold",
    "run_id": 2,
    "subject_id": "M80318505",
    "task_id": "ritl"
  },
  "dummy_trs": 1,
  "dvars_nstd": 29.657679743822882,
  "dvars_std": 1.165477761188342,
  "dvars_vstd": 1.0232302999103131,
  "efc": 0.35642828359546835,
  "fber": 60598.51171875,
  "fd_mean": 0.10097019252046917,
  "fd_num": 41,
  "fd_perc": 4.591265397536394,
  "fwhm_avg": 1.8077898749094616,
  "fwhm_x": 1.7244633197143255,
  "fwhm_y": 1.910236305014059,
  "fwhm_z": 1.78867,
  "gcor": 0.0187023,
  "gsr_x": -0.02410910464823246,
  "gsr_y": 0.01764250360429287,
  "provenance": {
    "md5sum": "e0df2edefd3c379bfde9f9c38c7e15d4",
    "settings": {
      "fd_thres": 0.2,
      "testing": false
    },
    "software": "mriqc",
    "version": "22.0.6",
    "webapi_port": null,
    "webapi_url": "https://mriqc.nimh.nih.gov/api/v1"
  },
  "size_t": 893,
  "size_x": 82,
  "size_y": 82,
  "size_z": 56,
  "snr": 7.688872397517298,
  "spacing_tr": 0.46000000834465027,
  "spacing_x": 3.02439022064209,
  "spacing_y": 3.02439022064209,
  "spacing_z": 3.0,
  "summary_bg_k": 72.10348134471563,
  "summary_bg_mad": 1.3846475989131408,
  "summary_bg_mean": 6.117214679718018,
  "summary_bg_median": 1.0100784301757812,
  "summary_bg_n": 293809.0,
  "summary_bg_p05": 0.008958566933870316,
  "summary_bg_p95": 30.419037628173776,
  "summary_bg_stdv": 16.49523162841797,
  "summary_fg_k": 2.568607879005145,
  "summary_fg_mad": 26.736632527750047,
  "summary_fg_mean": 237.50082397460938,
  "summary_fg_median": 237.41769409179688,
  "summary_fg_n": 32631.0,
  "summary_fg_p05": 189.4591293334961,
  "summary_fg_p95": 287.10304260253906,
  "summary_fg_stdv": 30.87761688232422,
  "tsnr": 39.252624589949846
}