{
  "aor": 0.00475368125701459,
  "aqi": 0.020661380359147028,
  "bids_meta": {
    "AcquisitionMatrixPE": 82,
    "AcquisitionNumber": 1,
    "AcquisitionTime": "11:25:22.942500",
    "BandwidthPerPixelPhaseEncode": 23.912,
    "BaseResolution": 82,
    "ConversionSoftware": "dcm2niix",
    "ConversionSoftwareVersion": "v1.0.20171215 Clang9.0.0",
    "DerivedVendorReportedEchoSpacing": 0.00051,
    "DeviceSerialNumber": "35451",
    "DwellTime": 2.2e-06,
    "EchoTime": 0.029,
    "EffectiveEchoSpacing": 0.00051,
    "FlipAngle": 44,
    "ImageComments": "Unaliased_MB8_PE3_(remote)",
    "ImageOrientationPatientDICOM": [
      0.999385,
      0.0073945,
      0.0342882,
      -3.09878e-08,
      0.977527,
      -0.21081
    ],
    "ImageType": [
      "ORIGINAL",
      "PRIMARY",
      "M",
      "MB",
      "ND",
      "NORM",
      "MOSAIC"
    ],
    "InPlanePhaseEncodingDirectionDICOM": "COL",
    "InstitutionAddress": "Exposition_Drive_1777_Boulder-_c0d8dc-_Denver_US_80301",
    "InstitutionName": "Intermountain_Neuroimaging_Consortium",
    "InstitutionalDepartmentName": "Department",
    "MRAcquisitionType": "2D",
    "MagneticFieldStrength": 3,
    "Manufacturer": "Siemens",
    "ManufacturersModelName": "TrioTim",
    "Modality": "MR",
    "MultibandAccelerationFactor": 8,
    "PartialFourier": 1,
    "PatientPosition": "HFS",
    "PercentPhaseFOV": 100,
    "PhaseEncodingDirection": "j",
    "PhaseEncodingSteps": 82,
    "PhaseResolution": 1,
    "PixelBandwidth": 2772,
    "ProcedureStepDescription": "VMITTAL_adaptcog_200068",
    "ProtocolName": "ritl_pa_32ch_mb8_v01_r03",
    "PulseSequenceDetails": "%CustomerSeq%_cmrr_mbep2d_bold",
    "ReceiveCoilName": "32Ch_Head",
    "ReconMatrixPE": 82,
    "RepetitionTime": 0.46,
    "SAR": 0.165278,
    "ScanOptions": "FS",
    "ScanningSequence": "EP",
    "SequenceName": "epfid2d1_82",
    "SequenceVariant": "SK_SS",
    "SeriesDescription": "ritl_pa_32ch_mb8_v01_r03",
    "SeriesNumber": 16,
    "ShimSetting": [
      6833,
      12605,
      -6831,
      612,
      462,
      152,
      123,
      120
    ],
    "SliceThickness": 3,
    "SliceTiming": [
      0,
      0.2625,
      0.065,
      0.33,
      0.13,
      0.395,
      0.1975,
      0,
      0.2625,
      0.065,
      0.33,
      0.13,
      0.395,
      0.1975,
      0,
      0.2625,
      0.065,
      0.33,
      0.13,
      0.395,
      0.1975,
      0,
      0.2625,
      0.065,
      0.33,
      0.13,
      0.395,
      0.1975,
      0,
      0.2625,
      0.065,
      0.33,
      0.13,
      0.395,
      0.1975,
      0,
      0.2625,
      0.065,
      0.33,
      0.13,
      0.395,
      0.1975,
      0,
      0.2625,
      0.065,
      0.33,
      0.13,
      0.395,
      0.1975,
      0,
      0.2625,
      0.065,
      0.33,
      0.13,
      0.395,
      0.1975
    ],
    "SoftwareVersions": "syngo_MR_B17",
    "SpacingBetweenSlices": 3,
    "StationName": "MRC35451",
    "TaskName": "ritl",
    "TotalReadoutTime": 0.04131,
    "TxRefAmp": 330.296,
    "acq_id": "MB",
    "dataset": "ds001371",
    "modality": "bold",
    "run_id": 3,
    "subject_id": "M80318505",
    "task_id": "ritl"
  },
  "dummy_trs": 3,
  "dvars_nstd": 30.114722920719128,
  "dvars_std": 1.2086481136516865,
  "dvars_vstd": 1.0604334235280912,
  "efc": 0.3591134526875272,
  "fber": 53605.71875,
  "fd_mean": 0.08482548034140137,
  "fd_num": 17,
  "fd_perc": 1.9079685746352413,
  "fwhm_avg": 1.7880034231681217,
  "fwhm_x": 1.6902779162256019,
  "fwhm_y": 1.8943223532787627,
  "fwhm_z": 1.7794100000000002,
  "gcor": 0.0145639,
  "gsr_x": -0.02519482560455799,
  "gsr_y": 0.017721600830554962,
  "provenance": {
    "md5sum": "df62fd90ae3f157ce4b66352db915783",
    "settings": {
      "fd_thres": 0.2,
      "testing": false
    },
    "software": "mriqc",
    "version": "22.0.6",
    "webapi_port": null,
    "webapi_url": "https://mriqc.nimh.nih.gov/api/v1"
  },
  "size_t": 891,
  "size_x": 82,
  "size_y": 82,
  "size_z": 56,
  "snr": 7.836226916965048,
  "spacing_tr": 0.46000000834465027,
  "spacing_x": 3.02439022064209,
  "spacing_y": 3.02439022064209,
  "spacing_z": 3.0,
  "summary_bg_k": 56.41620801037245,
  "summary_bg_mad": 1.4526506281865061,
  "summary_bg_mean": 6.1649627685546875,
  "summary_bg_median": 1.0549944639205933,
  "summary_bg_n": 293575.0,
  "summary_bg_p05": 0.007856341078877449,
  "summary_bg_p95": 30.70920467376705,
  "summary_bg_stdv": 16.359880447387695,
  "summary_fg_k": 2.875346842996497,
  "summary_fg_mad": 25.953026942352754,
  "summary_fg_mean": 235.61663818359375,
  "summary_fg_median": 235.87094116210938,
  "summary_fg_n": 32743.0,
  "summary_fg_p05": 187.13491516113282,
  "summary_fg_p95": 283.43715209960936,
  "summary_fg_stdv": 30.099605560302734,
  "tsnr": 43.493374075042084
}