{
  "aor": 0.0023603251121076235,
  "aqi": 0.042786648094170404,
  "bids_meta": {
    "AcquisitionMatrixPE": 82,
    "AcquisitionNumber": 1,
    "AcquisitionTime": "12:30:45.680000",
    "BandwidthPerPixelPhaseEncode": 23.912,
    "BaseResolution": 82,
    "ConversionSoftware": "dcm2niix",
    "ConversionSoftwareVersion": "v1.0.20171215 Clang9.0.0",
    "DerivedVendorReportedEchoSpacing": 0.00051,
    "DeviceSerialNumber": "35451",
    "DwellTime": 2.2e-06,
    "EchoTime": 0.029,
    "EffectiveEchoSpacing": 0.00051,
    "FlipAngle": 44,
    "ImageComments": "Unaliased_MB8_PE3_(remote)",
    "ImageOrientationPatientDICOM": [
      0.999824,
      0.00642563,
      0.0176543,
      3.51562e-08,
      0.939692,
      -0.342022
    ],
    "ImageType": [
      "ORIGINAL",
      "PRIMARY",
      "M",
      "MB",
      "ND",
      "NORM",
      "MOSAIC"
    ],
    "InPlanePhaseEncodingDirectionDICOM": "COL",
    "InstitutionAddress": "Exposition_Drive_1777_Boulder-_c0d8dc-_Denver_US_80301",
    "InstitutionName": "Intermountain_Neuroimaging_Consortium",
    "InstitutionalDepartmentName": "Department",
    "MRAcquisitionType": "2D",
    "MagneticFieldStrength": 3,
    "Manufacturer": "Siemens",
    "ManufacturersModelName": "TrioTim",
    "Modality": "MR",
    "MultibandAccelerationFactor": 8,
    "PartialFourier": 1,
    "PatientPosition": "HFS",
    "PercentPhaseFOV": 100,
    "PhaseEncodingDirection": "j",
    "PhaseEncodingSteps": 82,
    "PhaseResolution": 1,
    "PixelBandwidth": 2772,
    "ProcedureStepDescription": "VMITTAL_adaptcog_200068",
    "ProtocolName": "ritl_pa_32ch_mb8_v01_r04",
    "PulseSequenceDetails": "%CustomerSeq%_cmrr_mbep2d_bold",
    "ReceiveCoilName": "32Ch_Head",
    "ReconMatrixPE": 82,
    "RepetitionTime": 0.46,
    "SAR": 0.14673,
    "ScanOptions": "FS",
    "ScanningSequence": "EP",
    "SequenceName": "epfid2d1_82",
    "SequenceVariant": "SK_SS",
    "SeriesDescription": "ritl_pa_32ch_mb8_v01_r04",
    "SeriesNumber": 18,
    "ShimSetting": [
      6808,
      12500,
      -6835,
      1032,
      331,
      416,
      25,
      44
    ],
    "SliceThickness": 3,
    "SliceTiming": [
      0,
      0.2625,
      0.065,
      0.33,
      0.13,
      0.395,
      0.1975,
      0,
      0.2625,
      0.065,
      0.33,
      0.13,
      0.395,
      0.1975,
      0,
      0.2625,
      0.065,
      0.33,
      0.13,
      0.395,
      0.1975,
      0,
      0.2625,
      0.065,
      0.33,
      0.13,
      0.395,
      0.1975,
      0,
      0.2625,
      0.065,
      0.33,
      0.13,
      0.395,
      0.1975,
      0,
      0.2625,
      0.065,
      0.33,
      0.13,
      0.395,
      0.1975,
      0,
      0.2625,
      0.065,
      0.33,
      0.13,
      0.395,
      0.1975,
      0,
      0.2625,
      0.065,
      0.33,
      0.13,
      0.395,
      0.1975
    ],
    "SoftwareVersions": "syngo_MR_B17",
    "SpacingBetweenSlices": 3,
    "StationName": "MRC35451",
    "TaskName": "ritl",
    "TotalReadoutTime": 0.04131,
    "TxRefAmp": 332.418,
    "acq_id": "MB",
    "dataset": "ds001371",
    "modality": "bold",
    "run_id": 4,
    "subject_id": "M80306555",
    "task_id": "ritl"
  },
  "dummy_trs": 2,
  "dvars_nstd": 32.121242726599355,
  "dvars_std": 1.0184605621997758,
  "dvars_vstd": 0.9498850773849614,
  "efc": 0.35516706076684135,
  "fber": 56694.98828125,
  "fd_mean": 0.20231527270824687,
  "fd_num": 136,
  "fd_perc": 15.246636771300448,
  "fwhm_avg": 1.841400636720406,
  "fwhm_x": 1.7257958197245737,
  "fwhm_y": 1.9721727571033105,
  "fwhm_z": 1.8262333333333334,
  "gcor": 0.0173797,
  "gsr_x": -0.017253387719392776,
  "gsr_y": 0.015789490193128586,
  "provenance": {
    "md5sum": "c3cf576888acaa18a2ff83c49ac59c78",
    "settings": {
      "fd_thres": 0.2,
      "testing": false
    },
    "software": "mriqc",
    "version": "22.0.6",
    "webapi_port": null,
    "webapi_url": "https://mriqc.nimh.nih.gov/api/v1"
  },
  "size_t": 892,
  "size_x": 82,
  "size_y": 82,
  "size_z": 56,
  "snr": 6.710048577180056,
  "spacing_tr": 0.46000000834465027,
  "spacing_x": 3.02439022064209,
  "spacing_y": 3.02439022064209,
  "spacing_z": 3.0,
  "summary_bg_k": 33.07855106881359,
  "summary_bg_mad": 1.387862101068877,
  "summary_bg_mean": 5.079577922821045,
  "summary_bg_median": 1.0044844150543213,
  "summary_bg_n": 291862.0,
  "summary_bg_p05": 0.007847534492611885,
  "summary_bg_p95": 25.93722152709961,
  "summary_bg_stdv": 12.072755813598633,
  "summary_fg_k": 1.9422063232291586,
  "summary_fg_mad": 30.1149390431765,
  "summary_fg_mean": 230.2130889892578,
  "summary_fg_median": 228.96469116210938,
  "summary_fg_n": 34672.0,
  "summary_fg_p05": 179.53717422485352,
  "summary_fg_p95": 287.85903320312497,
  "summary_fg_stdv": 34.12216567993164,
  "tsnr": 25.901998355984688
}