{
  "bids_meta": {
    "AcquisitionMatrixPE": 320,
    "AcquisitionNumber": 1,
    "AcquisitionTime": "16:44:34.387500",
    "BaseResolution": 320,
    "ConversionSoftware": "dcm2niix",
    "ConversionSoftwareVersion": "v1.0.20171215 Clang9.0.0",
    "DeviceSerialNumber": "35451",
    "DwellTime": 6.5e-06,
    "EchoTime": 0.00201,
    "FlipAngle": 8,
    "ImageOrientationPatientDICOM": [
      0,
      1,
      0,
      0.0436194,
      0,
      -0.999048
    ],
    "ImageType": [
      "ORIGINAL",
      "PRIMARY",
      "M",
      "ND",
      "NORM"
    ],
    "InPlanePhaseEncodingDirectionDICOM": "ROW",
    "InstitutionAddress": "Exposition_Drive_1777_Boulder-_6392da-_Denver_US_80301",
    "InstitutionName": "Intermountain_Neuroimaging_Consortium",
    "InstitutionalDepartmentName": "Department",
    "InversionTime": 1,
    "MRAcquisitionType": "3D",
    "MagneticFieldStrength": 3,
    "Manufacturer": "Siemens",
    "ManufacturersModelName": "TrioTim",
    "Modality": "MR",
    "ParallelReductionFactorInPlane": 2,
    "PartialFourier": 1,
    "PatientPosition": "HFS",
    "PercentPhaseFOV": 100,
    "PhaseEncodingSteps": 319,
    "PhaseResolution": 1,
    "PixelBandwidth": 240,
    "ProcedureStepDescription": "VMITTAL_adaptcog_200068",
    "ProtocolName": "t1w_32ch_mpr_08mm",
    "PulseSequenceDetails": "%SiemensSeq%_tfl",
    "ReceiveCoilName": "32Ch_Head",
    "ReconMatrixPE": 320,
    "RepetitionTime": 2.4,
    "SAR": 0.0732978,
    "ScanOptions": "IR_WE",
    "ScanningSequence": "GR_IR",
    "SequenceName": "_tfl3d1_ns",
    "SequenceVariant": "SP_MP",
    "SeriesDescription": "t1w_32ch_mpr_08mm",
    "SeriesNumber": 2,
    "ShimSetting": [
      6767,
      12558,
      -6783,
      5,
      160,
      -500,
      252,
      80
    ],
    "SliceThickness": 0.8,
    "SoftwareVersions": "syngo_MR_B17",
    "StationName": "MRC35451",
    "TxRefAmp": 331.467,
    "dataset": "ds001371",
    "modality": "T1w",
    "subject_id": "M80303045"
  },
  "cjv": 0.3289277665304021,
  "cnr": 4.032268742295112,
  "efc": 0.5395985098722359,
  "fber": 19831.792391030485,
  "fwhm_avg": 4.434980364935066,
  "fwhm_x": 4.328241228568449,
  "fwhm_y": 4.667349930451066,
  "fwhm_z": 4.309349935785682,
  "icvs_csf": 0.1517234262490492,
  "icvs_gm": 0.4976475383414298,
  "icvs_wm": 0.35062903540952106,
  "inu_med": 0.4719964861869812,
  "inu_range": 0.17360661029815672,
  "provenance": {
    "md5sum": "e7d78ae752c7c8610913311735bfbdb8",
    "settings": {
      "testing": false
    },
    "software": "mriqc",
    "version": "22.0.6",
    "warnings": {
      "large_rot_frame": true,
      "small_air_mask": false
    },
    "webapi_port": null,
    "webapi_url": "https://mriqc.nimh.nih.gov/api/v1"
  },
  "qi_1": 0.0,
  "qi_2": 0.02714733514066393,
  "rpve_csf": 34.86647071141539,
  "rpve_gm": 12.731954719491679,
  "rpve_wm": 19.3066262436599,
  "size_x": 224,
  "size_y": 320,
  "size_z": 320,
  "snr_csf": 2.1208545488534116,
  "snr_gm": 13.909842049696378,
  "snr_total": 13.011453011600842,
  "snr_wm": 23.00366243625274,
  "snrd_csf": 38.84425872541104,
  "snrd_gm": 102.93107164565016,
  "snrd_total": 94.57212226238835,
  "snrd_wm": 141.94103641610383,
  "spacing_x": 0.8000016212463379,
  "spacing_y": 0.800000011920929,
  "spacing_z": 0.800000011920929,
  "summary_bg_k": 5.5140279363825915,
  "summary_bg_mad": 4.615665429824259,
  "summary_bg_mean": 4.490416930408385,
  "summary_bg_median": 3.1132190227508545,
  "summary_bg_n": 5715463.0,
  "summary_bg_p05": 0.0,
  "summary_bg_p95": 17.438890932127833,
  "summary_bg_stdv": 6.157210930301473,
  "summary_csf_k": 0.024217945536485708,
  "summary_csf_mad": 114.61634819294068,
  "summary_csf_mean": 277.31694107894106,
  "summary_csf_median": 273.6714097186923,
  "summary_csf_n": 37358.0,
  "summary_csf_p05": 61.50674941940233,
  "summary_csf_p95": 509.91852170061327,
  "summary_csf_stdv": 129.03654662226435,
  "summary_gm_k": 0.3184738260575468,
  "summary_gm_mad": 50.159301663168314,
  "summary_gm_mean": 723.4354357279099,
  "summary_gm_median": 725.1854561120272,
  "summary_gm_n": 166952.0,
  "summary_gm_p05": 635.2559898958542,
  "summary_gm_p95": 806.3833158503282,
  "summary_gm_stdv": 52.134544855340245,
  "summary_wm_k": 0.7478762788035218,
  "summary_wm_mad": 40.242832966280254,
  "summary_wm_mean": 998.411666167057,
  "summary_wm_median": 1000.024322964251,
  "summary_wm_n": 384179.0,
  "summary_wm_p05": 925.0881682056934,
  "summary_wm_p95": 1066.812599811703,
  "summary_wm_stdv": 43.47233942535609,
  "tpm_overlap_csf": 0.13103918767495215,
  "tpm_overlap_gm": 0.45888598945616066,
  "tpm_overlap_wm": 0.4933576165280276,
  "wm2max": 0.7977957583871781
}