{
  "bids_meta": {
    "AcquisitionMatrixPE": 320,
    "AcquisitionNumber": 1,
    "AcquisitionTime": "10:12:58.212500",
    "BaseResolution": 320,
    "ConversionSoftware": "dcm2niix",
    "ConversionSoftwareVersion": "v1.0.20171215 Clang9.0.0",
    "DeviceSerialNumber": "35451",
    "DwellTime": 6.5e-06,
    "EchoTime": 0.00201,
    "FlipAngle": 8,
    "ImageOrientationPatientDICOM": [
      -0.0540789,
      0.998537,
      0,
      0,
      0,
      -1
    ],
    "ImageType": [
      "ORIGINAL",
      "PRIMARY",
      "M",
      "ND",
      "NORM"
    ],
    "InPlanePhaseEncodingDirectionDICOM": "ROW",
    "InstitutionAddress": "Exposition_Drive_1777_Boulder-_6392da-_Denver_US_80301",
    "InstitutionName": "Intermountain_Neuroimaging_Consortium",
    "InstitutionalDepartmentName": "Department",
    "InversionTime": 1,
    "MRAcquisitionType": "3D",
    "MagneticFieldStrength": 3,
    "Manufacturer": "Siemens",
    "ManufacturersModelName": "TrioTim",
    "Modality": "MR",
    "ParallelReductionFactorInPlane": 2,
    "PartialFourier": 1,
    "PatientPosition": "HFS",
    "PercentPhaseFOV": 100,
    "PhaseEncodingSteps": 319,
    "PhaseResolution": 1,
    "PixelBandwidth": 240,
    "ProcedureStepDescription": "VMITTAL_adaptcog_200068",
    "ProtocolName": "t1w_32ch_mpr_08mm",
    "PulseSequenceDetails": "%SiemensSeq%_tfl",
    "ReceiveCoilName": "32Ch_Head",
    "ReconMatrixPE": 320,
    "RepetitionTime": 2.4,
    "SAR": 0.0786792,
    "ScanOptions": "IR_WE",
    "ScanningSequence": "GR_IR",
    "SequenceName": "_tfl3d1_ns",
    "SequenceVariant": "SP_MP",
    "SeriesDescription": "t1w_32ch_mpr_08mm",
    "SeriesNumber": 2,
    "ShimSetting": [
      6791,
      12636,
      -6882,
      372,
      284,
      -405,
      322,
      78
    ],
    "SliceThickness": 0.8,
    "SoftwareVersions": "syngo_MR_B17",
    "StationName": "MRC35451",
    "TxRefAmp": 327.857,
    "dataset": "ds001371",
    "modality": "T1w",
    "subject_id": "M80352984"
  },
  "cjv": 0.36699863956304235,
  "cnr": 3.6560961042091575,
  "efc": 0.5324336869219611,
  "fber": 11248.090970298552,
  "fwhm_avg": 4.810786231415141,
  "fwhm_x": 4.78314633802989,
  "fwhm_y": 4.931524926514552,
  "fwhm_z": 4.717687429700979,
  "icvs_csf": 0.1918469080661145,
  "icvs_gm": 0.44860367839242954,
  "icvs_wm": 0.359549413541456,
  "inu_med": 0.5132194757461548,
  "inu_range": 0.24549579918384545,
  "provenance": {
    "md5sum": "e63354f323a238493f3638d3d59252a7",
    "settings": {
      "testing": false
    },
    "software": "mriqc",
    "version": "22.0.6",
    "warnings": {
      "large_rot_frame": true,
      "small_air_mask": false
    },
    "webapi_port": null,
    "webapi_url": "https://mriqc.nimh.nih.gov/api/v1"
  },
  "qi_1": 0.0,
  "qi_2": 0.018475235957157048,
  "rpve_csf": 29.104936056645574,
  "rpve_gm": 13.531223174682879,
  "rpve_wm": 18.884863728041342,
  "size_x": 224,
  "size_y": 320,
  "size_z": 320,
  "snr_csf": 2.440743479836118,
  "snr_gm": 13.930496950908644,
  "snr_total": 12.64962430492225,
  "snr_wm": 21.577632484021994,
  "snrd_csf": 31.32806415438309,
  "snrd_gm": 80.1831952321575,
  "snrd_total": 73.25371290699108,
  "snrd_wm": 108.24987933443263,
  "spacing_x": 0.7999985218048096,
  "spacing_y": 0.800000011920929,
  "spacing_z": 0.800000011920929,
  "summary_bg_k": 10.556582275583594,
  "summary_bg_mad": 6.052234696426417,
  "summary_bg_mean": 5.910472248887158,
  "summary_bg_median": 4.082170268520713,
  "summary_bg_n": 5564308.0,
  "summary_bg_p05": 0.0,
  "summary_bg_p95": 20.305505013093352,
  "summary_bg_stdv": 7.349932985606351,
  "summary_csf_k": 0.3321880274955116,
  "summary_csf_mad": 108.1592910264592,
  "summary_csf_mean": 294.9344243894595,
  "summary_csf_median": 289.41270374692976,
  "summary_csf_n": 62241.0,
  "summary_csf_p05": 96.47090124897659,
  "summary_csf_p95": 501.7645674571395,
  "summary_csf_stdv": 118.57468070379035,
  "summary_gm_k": 0.2667107230929884,
  "summary_gm_mad": 52.01017171380638,
  "summary_gm_mean": 739.8322463524479,
  "summary_gm_median": 740.7427159510553,
  "summary_gm_n": 99788.0,
  "summary_gm_p05": 651.2338902535848,
  "summary_gm_p95": 825.4319470734334,
  "summary_gm_stdv": 53.17391095019812,
  "summary_wm_k": 0.5135568683190987,
  "summary_wm_mad": 43.14657638420123,
  "summary_wm_mean": 1000.9470089607973,
  "summary_wm_median": 1000.0263694580644,
  "summary_wm_n": 397791.0,
  "summary_wm_p05": 925.9152266476303,
  "summary_wm_p95": 1078.9044336788356,
  "summary_wm_stdv": 46.345451162131816,
  "tpm_overlap_csf": 0.14120722415461395,
  "tpm_overlap_gm": 0.4553281478718319,
  "tpm_overlap_wm": 0.5036854312721097,
  "wm2max": 0.8693153621252698
}