{
  "aor": 0.0014422060470324748,
  "aqi": 0.01015837358342665,
  "bids_meta": {
    "AcquisitionMatrixPE": 82,
    "AcquisitionNumber": 1,
    "AcquisitionTime": "14:17:27.165000",
    "BandwidthPerPixelPhaseEncode": 23.912,
    "BaseResolution": 82,
    "ConversionSoftware": "dcm2niix",
    "ConversionSoftwareVersion": "v1.0.20171215 Clang9.0.0",
    "DerivedVendorReportedEchoSpacing": 0.00051,
    "DeviceSerialNumber": "35451",
    "DwellTime": 2.2e-06,
    "EchoTime": 0.029,
    "EffectiveEchoSpacing": 0.00051,
    "FlipAngle": 44,
    "ImageComments": "Unaliased_MB8_PE3_(remote)",
    "ImageOrientationPatientDICOM": [
      0.999253,
      0.0148772,
      0.0356774,
      -1.07619e-09,
      0.922971,
      -0.38487
    ],
    "ImageType": [
      "ORIGINAL",
      "PRIMARY",
      "M",
      "MB",
      "ND",
      "NORM",
      "MOSAIC"
    ],
    "InPlanePhaseEncodingDirectionDICOM": "COL",
    "InstitutionAddress": "Exposition_Drive_1777_Boulder-_6392da-_Denver_US_80301",
    "InstitutionName": "Intermountain_Neuroimaging_Consortium",
    "InstitutionalDepartmentName": "Department",
    "MRAcquisitionType": "2D",
    "MagneticFieldStrength": 3,
    "Manufacturer": "Siemens",
    "ManufacturersModelName": "TrioTim",
    "Modality": "MR",
    "MultibandAccelerationFactor": 8,
    "PartialFourier": 1,
    "PatientPosition": "HFS",
    "PercentPhaseFOV": 100,
    "PhaseEncodingDirection": "j",
    "PhaseEncodingSteps": 82,
    "PhaseResolution": 1,
    "PixelBandwidth": 2772,
    "ProcedureStepDescription": "VMITTAL_adaptcog_200068",
    "ProtocolName": "ritl_pa_32ch_mb8_v01_r03",
    "PulseSequenceDetails": "%CustomerSeq%_cmrr_mbep2d_bold",
    "ReceiveCoilName": "32Ch_Head",
    "ReconMatrixPE": 82,
    "RepetitionTime": 0.46,
    "SAR": 0.177961,
    "ScanOptions": "FS",
    "ScanningSequence": "EP",
    "SequenceName": "epfid2d1_82",
    "SequenceVariant": "SK_SS",
    "SeriesDescription": "ritl_pa_32ch_mb8_v01_r03",
    "SeriesNumber": 16,
    "ShimSetting": [
      6816,
      12703,
      -6754,
      460,
      190,
      -57,
      173,
      110
    ],
    "SliceThickness": 3,
    "SliceTiming": [
      0,
      0.2625,
      0.065,
      0.33,
      0.13,
      0.395,
      0.1975,
      0,
      0.2625,
      0.065,
      0.33,
      0.13,
      0.395,
      0.1975,
      0,
      0.2625,
      0.065,
      0.33,
      0.13,
      0.395,
      0.1975,
      0,
      0.2625,
      0.065,
      0.33,
      0.13,
      0.395,
      0.1975,
      0,
      0.2625,
      0.065,
      0.33,
      0.13,
      0.395,
      0.1975,
      0,
      0.2625,
      0.065,
      0.33,
      0.13,
      0.395,
      0.1975,
      0,
      0.2625,
      0.065,
      0.33,
      0.13,
      0.395,
      0.1975,
      0,
      0.2625,
      0.065,
      0.33,
      0.13,
      0.395,
      0.1975
    ],
    "SoftwareVersions": "syngo_MR_B17",
    "SpacingBetweenSlices": 3,
    "StationName": "MRC35451",
    "TaskName": "ritl",
    "TotalReadoutTime": 0.04131,
    "TxRefAmp": 355.596,
    "acq_id": "MB",
    "dataset": "ds001371",
    "modality": "bold",
    "run_id": 3,
    "subject_id": "M80392026",
    "task_id": "ritl"
  },
  "dummy_trs": 1,
  "dvars_nstd": 30.61190738152467,
  "dvars_std": 1.209705779147981,
  "dvars_vstd": 1.0314344937780275,
  "efc": 0.4177678600492628,
  "fber": 22111.306640625,
  "fd_mean": 0.09470311467567825,
  "fd_num": 37,
  "fd_perc": 4.143337066069429,
  "fwhm_avg": 1.7440909408340988,
  "fwhm_x": 1.6396660609976403,
  "fwhm_y": 1.8454000948379892,
  "fwhm_z": 1.7472066666666668,
  "gcor": 0.0234564,
  "gsr_x": -0.009975118562579155,
  "gsr_y": 0.02120460942387581,
  "provenance": {
    "md5sum": "b7a5875010ee617575c1852278184c8d",
    "settings": {
      "fd_thres": 0.2,
      "testing": false
    },
    "software": "mriqc",
    "version": "22.0.6",
    "webapi_port": null,
    "webapi_url": "https://mriqc.nimh.nih.gov/api/v1"
  },
  "size_t": 893,
  "size_x": 82,
  "size_y": 82,
  "size_z": 56,
  "snr": 6.584036008828313,
  "spacing_tr": 0.46000000834465027,
  "spacing_x": 3.02439022064209,
  "spacing_y": 3.02439022064209,
  "spacing_z": 3.0,
  "summary_bg_k": 25.44022225093768,
  "summary_bg_mad": 2.2944640603679765,
  "summary_bg_mean": 9.300647735595703,
  "summary_bg_median": 1.6450169086456299,
  "summary_bg_n": 279926.0,
  "summary_bg_p05": 0.007838746532797813,
  "summary_bg_p95": 45.75559997558594,
  "summary_bg_stdv": 20.623111724853516,
  "summary_fg_k": 2.224012224756345,
  "summary_fg_mad": 30.286260860204436,
  "summary_fg_mean": 239.02777099609375,
  "summary_fg_median": 236.34994506835938,
  "summary_fg_n": 43636.0,
  "summary_fg_p05": 188.3653450012207,
  "summary_fg_p95": 301.5744857788086,
  "summary_fg_stdv": 35.89701461791992,
  "tsnr": 53.935026994440705
}