{
  "aor": 0.0011303033707865165,
  "aqi": 0.010851277932584268,
  "bids_meta": {
    "AcquisitionMatrixPE": 82,
    "AcquisitionNumber": 1,
    "AcquisitionTime": "14:02:34.580000",
    "BandwidthPerPixelPhaseEncode": 23.912,
    "BaseResolution": 82,
    "ConversionSoftware": "dcm2niix",
    "ConversionSoftwareVersion": "v1.0.20171215 Clang9.0.0",
    "DerivedVendorReportedEchoSpacing": 0.00051,
    "DeviceSerialNumber": "35451",
    "DwellTime": 2.2e-06,
    "EchoTime": 0.029,
    "EffectiveEchoSpacing": 0.00051,
    "FlipAngle": 44,
    "ImageComments": "Unaliased_MB8_PE3_(remote)",
    "ImageOrientationPatientDICOM": [
      0.999253,
      0.0148772,
      0.0356774,
      -1.07619e-09,
      0.922971,
      -0.38487
    ],
    "ImageType": [
      "ORIGINAL",
      "PRIMARY",
      "M",
      "MB",
      "ND",
      "NORM",
      "MOSAIC"
    ],
    "InPlanePhaseEncodingDirectionDICOM": "COL",
    "InstitutionAddress": "Exposition_Drive_1777_Boulder-_6392da-_Denver_US_80301",
    "InstitutionName": "Intermountain_Neuroimaging_Consortium",
    "InstitutionalDepartmentName": "Department",
    "MRAcquisitionType": "2D",
    "MagneticFieldStrength": 3,
    "Manufacturer": "Siemens",
    "ManufacturersModelName": "TrioTim",
    "Modality": "MR",
    "MultibandAccelerationFactor": 8,
    "PartialFourier": 1,
    "PatientPosition": "HFS",
    "PercentPhaseFOV": 100,
    "PhaseEncodingDirection": "j",
    "PhaseEncodingSteps": 82,
    "PhaseResolution": 1,
    "PixelBandwidth": 2772,
    "ProcedureStepDescription": "VMITTAL_adaptcog_200068",
    "ProtocolName": "ritl_pa_32ch_mb8_v01_r01",
    "PulseSequenceDetails": "%CustomerSeq%_cmrr_mbep2d_bold",
    "ReceiveCoilName": "32Ch_Head",
    "ReconMatrixPE": 82,
    "RepetitionTime": 0.46,
    "SAR": 0.177961,
    "ScanOptions": "FS",
    "ScanningSequence": "EP",
    "SequenceName": "epfid2d1_82",
    "SequenceVariant": "SK_SS",
    "SeriesDescription": "ritl_pa_32ch_mb8_v01_r01",
    "SeriesNumber": 12,
    "ShimSetting": [
      6816,
      12703,
      -6754,
      460,
      190,
      -57,
      173,
      110
    ],
    "SliceThickness": 3,
    "SliceTiming": [
      0,
      0.265,
      0.0675,
      0.33,
      0.1325,
      0.395,
      0.1975,
      0,
      0.265,
      0.0675,
      0.33,
      0.1325,
      0.395,
      0.1975,
      0,
      0.265,
      0.0675,
      0.33,
      0.1325,
      0.395,
      0.1975,
      0,
      0.265,
      0.0675,
      0.33,
      0.1325,
      0.395,
      0.1975,
      0,
      0.265,
      0.0675,
      0.33,
      0.1325,
      0.395,
      0.1975,
      0,
      0.265,
      0.0675,
      0.33,
      0.1325,
      0.395,
      0.1975,
      0,
      0.265,
      0.0675,
      0.33,
      0.1325,
      0.395,
      0.1975,
      0,
      0.265,
      0.0675,
      0.33,
      0.1325,
      0.395,
      0.1975
    ],
    "SoftwareVersions": "syngo_MR_B17",
    "SpacingBetweenSlices": 3,
    "StationName": "MRC35451",
    "TaskName": "ritl",
    "TotalReadoutTime": 0.04131,
    "TxRefAmp": 355.596,
    "acq_id": "MB",
    "dataset": "ds001371",
    "modality": "bold",
    "run_id": 1,
    "subject_id": "M80392026",
    "task_id": "ritl"
  },
  "dummy_trs": 4,
  "dvars_nstd": 30.949332345590513,
  "dvars_std": 1.211592465421821,
  "dvars_vstd": 1.0225790308548937,
  "efc": 0.4167190670712522,
  "fber": 22892.767578125,
  "fd_mean": 0.08471894733009659,
  "fd_num": 11,
  "fd_perc": 1.2359550561797752,
  "fwhm_avg": 1.7671962545889393,
  "fwhm_x": 1.6677477547620017,
  "fwhm_y": 1.8698876756714826,
  "fwhm_z": 1.7639533333333333,
  "gcor": 0.023426,
  "gsr_x": -0.009432647377252579,
  "gsr_y": 0.022293109446763992,
  "provenance": {
    "md5sum": "f54e4a2a28098ecd423ae44db16b34eb",
    "settings": {
      "fd_thres": 0.2,
      "testing": false
    },
    "software": "mriqc",
    "version": "22.0.6",
    "webapi_port": null,
    "webapi_url": "https://mriqc.nimh.nih.gov/api/v1"
  },
  "size_t": 890,
  "size_x": 82,
  "size_y": 82,
  "size_z": 56,
  "snr": 6.572973432534853,
  "spacing_tr": 0.46000000834465027,
  "spacing_x": 3.02439022064209,
  "spacing_y": 3.02439022064209,
  "spacing_z": 3.0,
  "summary_bg_k": 26.32425643988003,
  "summary_bg_mad": 2.2422276160537047,
  "summary_bg_mean": 9.11186408996582,
  "summary_bg_median": 1.6089887619018555,
  "summary_bg_n": 279812.0,
  "summary_bg_p05": 0.007865168154239655,
  "summary_bg_p95": 44.687022209167495,
  "summary_bg_stdv": 20.30379867553711,
  "summary_fg_k": 2.3103686743592373,
  "summary_fg_mad": 30.47830508372882,
  "summary_fg_mean": 239.3343505859375,
  "summary_fg_median": 236.71853637695312,
  "summary_fg_n": 43738.0,
  "summary_fg_p05": 188.2769691467285,
  "summary_fg_p95": 301.72298126220704,
  "summary_fg_stdv": 36.01350784301758,
  "tsnr": 52.283201491925865
}