{
  "aor": 0.0017423266219239375,
  "aqi": 0.014218619574944073,
  "bids_meta": {
    "AcquisitionMatrixPE": 82,
    "AcquisitionNumber": 1,
    "AcquisitionTime": "15:32:50.557500",
    "BandwidthPerPixelPhaseEncode": 23.912,
    "BaseResolution": 82,
    "ConversionSoftware": "dcm2niix",
    "ConversionSoftwareVersion": "v1.0.20171215 Clang9.0.0",
    "DerivedVendorReportedEchoSpacing": 0.00051,
    "DeviceSerialNumber": "35451",
    "DwellTime": 2.2e-06,
    "EchoTime": 0.029,
    "EffectiveEchoSpacing": 0.00051,
    "FlipAngle": 44,
    "ImageComments": "Unaliased_MB8_PE3_(remote)",
    "ImageOrientationPatientDICOM": [
      0.999811,
      0.00750331,
      0.0179596,
      -2.87014e-08,
      0.92271,
      -0.385496
    ],
    "ImageType": [
      "ORIGINAL",
      "PRIMARY",
      "M",
      "MB",
      "ND",
      "NORM",
      "MOSAIC"
    ],
    "InPlanePhaseEncodingDirectionDICOM": "COL",
    "InstitutionAddress": "Exposition_Drive_1777_Boulder-_6392da-_Denver_US_80301",
    "InstitutionName": "Intermountain_Neuroimaging_Consortium",
    "InstitutionalDepartmentName": "Department",
    "MRAcquisitionType": "2D",
    "MagneticFieldStrength": 3,
    "Manufacturer": "Siemens",
    "ManufacturersModelName": "TrioTim",
    "Modality": "MR",
    "MultibandAccelerationFactor": 8,
    "PartialFourier": 1,
    "PatientPosition": "HFS",
    "PercentPhaseFOV": 100,
    "PhaseEncodingDirection": "j",
    "PhaseEncodingSteps": 82,
    "PhaseResolution": 1,
    "PixelBandwidth": 2772,
    "ProcedureStepDescription": "VMITTAL_adaptcog_200068",
    "ProtocolName": "ritl_pa_32ch_mb8_v01_r04",
    "PulseSequenceDetails": "%CustomerSeq%_cmrr_mbep2d_bold",
    "ReceiveCoilName": "32Ch_Head",
    "ReconMatrixPE": 82,
    "RepetitionTime": 0.46,
    "SAR": 0.151467,
    "ScanOptions": "FS",
    "ScanningSequence": "EP",
    "SequenceName": "epfid2d1_82",
    "SequenceVariant": "SK_SS",
    "SeriesDescription": "ritl_pa_32ch_mb8_v01_r04",
    "SeriesNumber": 12,
    "ShimSetting": [
      6825,
      12625,
      -6690,
      527,
      197,
      55,
      -241,
      20
    ],
    "SliceThickness": 3,
    "SliceTiming": [
      0,
      0.2625,
      0.065,
      0.33,
      0.1325,
      0.395,
      0.1975,
      0,
      0.2625,
      0.065,
      0.33,
      0.1325,
      0.395,
      0.1975,
      0,
      0.2625,
      0.065,
      0.33,
      0.1325,
      0.395,
      0.1975,
      0,
      0.2625,
      0.065,
      0.33,
      0.1325,
      0.395,
      0.1975,
      0,
      0.2625,
      0.065,
      0.33,
      0.1325,
      0.395,
      0.1975,
      0,
      0.2625,
      0.065,
      0.33,
      0.1325,
      0.395,
      0.1975,
      0,
      0.2625,
      0.065,
      0.33,
      0.1325,
      0.395,
      0.1975,
      0,
      0.2625,
      0.065,
      0.33,
      0.1325,
      0.395,
      0.1975
    ],
    "SoftwareVersions": "syngo_MR_B17",
    "SpacingBetweenSlices": 3,
    "StationName": "MRC35451",
    "TaskName": "ritl",
    "TotalReadoutTime": 0.04131,
    "TxRefAmp": 332.258,
    "acq_id": "MB",
    "dataset": "ds001371",
    "modality": "bold",
    "run_id": 4,
    "subject_id": "M80303730",
    "task_id": "ritl"
  },
  "dummy_trs": 0,
  "dvars_nstd": 33.00753650254203,
  "dvars_std": 1.2682514989921614,
  "dvars_vstd": 1.035996087290035,
  "efc": 0.40524391953022926,
  "fber": 28979.76171875,
  "fd_mean": 0.07705377048687756,
  "fd_num": 33,
  "fd_perc": 3.6912751677852347,
  "fwhm_avg": 1.8746279663984593,
  "fwhm_x": 1.7420172714622348,
  "fwhm_y": 1.928236627733143,
  "fwhm_z": 1.9536300000000002,
  "gcor": 0.032956,
  "gsr_x": -0.019338978454470634,
  "gsr_y": 0.015820542350411415,
  "provenance": {
    "md5sum": "9f5096ba17b65b4f98a950ac7502b721",
    "settings": {
      "fd_thres": 0.2,
      "testing": false
    },
    "software": "mriqc",
    "version": "22.0.6",
    "webapi_port": null,
    "webapi_url": "https://mriqc.nimh.nih.gov/api/v1"
  },
  "size_t": 894,
  "size_x": 82,
  "size_y": 82,
  "size_z": 56,
  "snr": 6.86770384956181,
  "spacing_tr": 0.46000000834465027,
  "spacing_x": 3.02439022064209,
  "spacing_y": 3.02439022064209,
  "spacing_z": 3.0,
  "summary_bg_k": 22.365741487986178,
  "summary_bg_mad": 2.2089778593016547,
  "summary_bg_mean": 10.403800964355469,
  "summary_bg_median": 1.8087248802185059,
  "summary_bg_n": 281893.0,
  "summary_bg_p05": 0.044742729514837265,
  "summary_bg_p95": 57.21096115112289,
  "summary_bg_stdv": 24.018753051757812,
  "summary_fg_k": 0.9031096073235294,
  "summary_fg_mad": 42.53111049851173,
  "summary_fg_mean": 303.0744934082031,
  "summary_fg_median": 301.0425109863281,
  "summary_fg_n": 42320.0,
  "summary_fg_p05": 237.61510696411133,
  "summary_fg_p95": 376.7955413818359,
  "summary_fg_stdv": 43.83400344848633,
  "tsnr": 45.45250596781261
}