{
  "bids_meta": {
    "AcquisitionMatrixPE": 320,
    "AcquisitionNumber": 1,
    "AcquisitionTime": "10:03:10.907500",
    "BaseResolution": 320,
    "ConversionSoftware": "dcm2niix",
    "ConversionSoftwareVersion": "v1.0.20171215 Clang9.0.0",
    "DeviceSerialNumber": "35451",
    "DwellTime": 6.5e-06,
    "EchoTime": 0.00201,
    "FlipAngle": 8,
    "ImageOrientationPatientDICOM": [
      0,
      1,
      0,
      0,
      0,
      -1
    ],
    "ImageType": [
      "ORIGINAL",
      "PRIMARY",
      "M",
      "ND",
      "NORM"
    ],
    "InPlanePhaseEncodingDirectionDICOM": "ROW",
    "InstitutionAddress": "Exposition_Drive_1777_Boulder-_6392da-_Denver_US_80301",
    "InstitutionName": "Intermountain_Neuroimaging_Consortium",
    "InstitutionalDepartmentName": "Department",
    "InversionTime": 1,
    "MRAcquisitionType": "3D",
    "MagneticFieldStrength": 3,
    "Manufacturer": "Siemens",
    "ManufacturersModelName": "TrioTim",
    "Modality": "MR",
    "ParallelReductionFactorInPlane": 2,
    "PartialFourier": 1,
    "PatientPosition": "HFS",
    "PercentPhaseFOV": 100,
    "PhaseEncodingSteps": 319,
    "PhaseResolution": 1,
    "PixelBandwidth": 240,
    "ProcedureStepDescription": "VMITTAL_adaptcog_200068",
    "ProtocolName": "t1w_32ch_mpr_08mm",
    "PulseSequenceDetails": "%SiemensSeq%_tfl",
    "ReceiveCoilName": "32Ch_Head",
    "ReconMatrixPE": 320,
    "RepetitionTime": 2.4,
    "SAR": 0.0870995,
    "ScanOptions": "IR_WE",
    "ScanningSequence": "GR_IR",
    "SequenceName": "_tfl3d1_ns",
    "SequenceVariant": "SP_MP",
    "SeriesDescription": "t1w_32ch_mpr_08mm",
    "SeriesNumber": 2,
    "ShimSetting": [
      6784,
      12595,
      -6768,
      247,
      154,
      -615,
      269,
      140
    ],
    "SliceThickness": 0.8,
    "SoftwareVersions": "syngo_MR_B17",
    "StationName": "MRC35451",
    "TxRefAmp": 345.795,
    "dataset": "ds001371",
    "modality": "T1w",
    "subject_id": "M80375100"
  },
  "cjv": 0.3697852225922532,
  "cnr": 3.6461127796185844,
  "efc": 0.5658701027278955,
  "fber": 20534.89,
  "fwhm_avg": 4.371823532007357,
  "fwhm_x": 4.397220725934121,
  "fwhm_y": 4.3680249349113565,
  "fwhm_z": 4.3502249351765965,
  "icvs_csf": 0.14324169303861198,
  "icvs_gm": 0.4748864137119073,
  "icvs_wm": 0.38187189324948073,
  "inu_med": 0.4952036440372467,
  "inu_range": 0.22870691418647765,
  "provenance": {
    "md5sum": "50f967939d8762623bb4e604f675a5c2",
    "settings": {
      "testing": false
    },
    "software": "mriqc",
    "version": "22.0.6",
    "warnings": {
      "large_rot_frame": true,
      "small_air_mask": false
    },
    "webapi_port": null,
    "webapi_url": "https://mriqc.nimh.nih.gov/api/v1"
  },
  "qi_1": 0.00020562191734408276,
  "qi_2": 0.020009508309507536,
  "rpve_csf": 28.502178473454897,
  "rpve_gm": 10.08739359632907,
  "rpve_wm": 13.613501149645526,
  "size_x": 224,
  "size_y": 320,
  "size_z": 320,
  "snr_csf": 2.4211244767873272,
  "snr_gm": 13.862856565931006,
  "snr_total": 12.356290704777363,
  "snr_wm": 20.784891071613757,
  "snrd_csf": 35.72049520099312,
  "snrd_gm": 94.40252928542496,
  "snrd_total": 86.05803656123682,
  "snrd_wm": 128.0510851972924,
  "spacing_x": 0.8000030517578125,
  "spacing_y": 0.800000011920929,
  "spacing_z": 0.800000011920929,
  "summary_bg_k": 7.855271971536846,
  "summary_bg_mad": 5.116341985792708,
  "summary_bg_mean": 5.049472261236503,
  "summary_bg_median": 3.4509202279150486,
  "summary_bg_n": 5978033.0,
  "summary_bg_p05": 0.0,
  "summary_bg_p95": 19.146216671913862,
  "summary_bg_stdv": 7.156626083338456,
  "summary_csf_k": 3.5789033902983594,
  "summary_csf_mad": 90.08551777947606,
  "summary_csf_mean": 287.23335147091046,
  "summary_csf_median": 278.9621662758291,
  "summary_csf_n": 74753.0,
  "summary_csf_p05": 98.84969275072217,
  "summary_csf_p95": 491.71778891980574,
  "summary_csf_stdv": 115.21931360876113,
  "summary_gm_k": 0.27116021105101096,
  "summary_gm_mad": 51.80769995984172,
  "summary_gm_mean": 735.7866589555305,
  "summary_gm_median": 737.2443725429475,
  "summary_gm_n": 177785.0,
  "summary_gm_p05": 646.0122666656971,
  "summary_gm_p95": 819.9130837805569,
  "summary_gm_stdv": 53.18112436770744,
  "summary_wm_k": 0.5502970204178177,
  "summary_wm_mad": 45.36489894069535,
  "summary_wm_mean": 1000.1468931512261,
  "summary_wm_median": 1000.0255573056638,
  "summary_wm_n": 564309.0,
  "summary_wm_p05": 922.1625720150769,
  "summary_wm_p95": 1079.4222849197686,
  "summary_wm_stdv": 48.113058076546245,
  "tpm_overlap_csf": 0.14491009686684708,
  "tpm_overlap_gm": 0.451500280025563,
  "tpm_overlap_wm": 0.4982304468458019,
  "wm2max": 0.7828427350769416
}