{
  "bids_meta": {
    "AcquisitionMatrixPE": 320,
    "AcquisitionNumber": 1,
    "AcquisitionTime": "09:42:33.485000",
    "BaseResolution": 320,
    "ConversionSoftware": "dcm2niix",
    "ConversionSoftwareVersion": "v1.0.20171215 Clang9.0.0",
    "DeviceSerialNumber": "35451",
    "DwellTime": 6.5e-06,
    "EchoTime": 0.00201,
    "FlipAngle": 8,
    "ImageOrientationPatientDICOM": [
      0,
      1,
      1e-16,
      -0.0209424,
      0,
      -0.999781
    ],
    "ImageType": [
      "ORIGINAL",
      "PRIMARY",
      "M",
      "ND",
      "NORM"
    ],
    "InPlanePhaseEncodingDirectionDICOM": "ROW",
    "InstitutionAddress": "Exposition_Drive_1777_Boulder-_6392da-_Denver_US_80301",
    "InstitutionName": "Intermountain_Neuroimaging_Consortium",
    "InstitutionalDepartmentName": "Department",
    "InversionTime": 1,
    "MRAcquisitionType": "3D",
    "MagneticFieldStrength": 3,
    "Manufacturer": "Siemens",
    "ManufacturersModelName": "TrioTim",
    "Modality": "MR",
    "ParallelReductionFactorInPlane": 2,
    "PartialFourier": 1,
    "PatientPosition": "HFS",
    "PercentPhaseFOV": 100,
    "PhaseEncodingSteps": 319,
    "PhaseResolution": 1,
    "PixelBandwidth": 240,
    "ProcedureStepDescription": "VMITTAL_adaptcog_200068",
    "ProtocolName": "t1w_32ch_mpr_08mm",
    "PulseSequenceDetails": "%SiemensSeq%_tfl",
    "ReceiveCoilName": "32Ch_Head",
    "ReconMatrixPE": 320,
    "RepetitionTime": 2.4,
    "SAR": 0.09029,
    "ScanOptions": "IR_WE",
    "ScanningSequence": "GR_IR",
    "SequenceName": "_tfl3d1_ns",
    "SequenceVariant": "SP_MP",
    "SeriesDescription": "t1w_32ch_mpr_08mm",
    "SeriesNumber": 2,
    "ShimSetting": [
      6784,
      12573,
      -6797,
      231,
      512,
      -590,
      668,
      189
    ],
    "SliceThickness": 0.8,
    "SoftwareVersions": "syngo_MR_B17",
    "StationName": "MRC35451",
    "TxRefAmp": 349.52,
    "dataset": "ds001371",
    "modality": "T1w",
    "subject_id": "M80334186"
  },
  "cjv": 0.3753318766387696,
  "cnr": 3.5190111547271323,
  "efc": 0.5642835779004717,
  "fber": 16441.619949176988,
  "fwhm_avg": 4.488762444120522,
  "fwhm_x": 4.363474968004043,
  "fwhm_y": 4.608449931328745,
  "fwhm_z": 4.494362433028781,
  "icvs_csf": 0.16132960485008566,
  "icvs_gm": 0.4500444116680865,
  "icvs_wm": 0.3886259834818278,
  "inu_med": 0.46543216705322266,
  "inu_range": 0.21783270239830016,
  "provenance": {
    "md5sum": "f57d592597beb23b9057ec8115a2367a",
    "settings": {
      "testing": false
    },
    "software": "mriqc",
    "version": "22.0.6",
    "warnings": {
      "large_rot_frame": true,
      "small_air_mask": false
    },
    "webapi_port": null,
    "webapi_url": "https://mriqc.nimh.nih.gov/api/v1"
  },
  "qi_1": 0.0,
  "qi_2": 0.01774829536195222,
  "rpve_csf": 26.061739262824,
  "rpve_gm": 10.81689672774706,
  "rpve_wm": 14.218570973404887,
  "size_x": 224,
  "size_y": 320,
  "size_z": 320,
  "snr_csf": 2.5166711180865122,
  "snr_gm": 12.460397322934458,
  "snr_total": 12.208975237360287,
  "snr_wm": 21.64985727105989,
  "snrd_csf": 39.52995708609956,
  "snrd_gm": 100.92467924021662,
  "snrd_total": 92.56713533655653,
  "snrd_wm": 137.24676968335342,
  "spacing_x": 0.7999954223632812,
  "spacing_y": 0.800000011920929,
  "spacing_z": 0.800000011920929,
  "summary_bg_k": 9.253872111230805,
  "summary_bg_mad": 4.773653923730103,
  "summary_bg_mean": 4.496093083699086,
  "summary_bg_median": 3.2197806425392628,
  "summary_bg_n": 5988426.0,
  "summary_bg_p05": 0.0,
  "summary_bg_p95": 16.787100601941347,
  "summary_bg_stdv": 6.2918533834258605,
  "summary_csf_k": 0.901417770864223,
  "summary_csf_mad": 89.13249998048728,
  "summary_csf_mean": 300.24289593475265,
  "summary_csf_median": 288.03518587723374,
  "summary_csf_n": 54937.0,
  "summary_csf_p05": 113.20847053080797,
  "summary_csf_p95": 515.8039432391521,
  "summary_csf_stdv": 114.44982313771628,
  "summary_gm_k": 0.26596456387984446,
  "summary_gm_mad": 56.29996421498481,
  "summary_gm_mean": 734.3708504320809,
  "summary_gm_median": 735.3880673646927,
  "summary_gm_n": 140159.0,
  "summary_gm_p05": 635.6486028805375,
  "summary_gm_p95": 831.0499623175712,
  "summary_gm_stdv": 59.01781659883005,
  "summary_wm_k": 0.6912409659662404,
  "summary_wm_mad": 43.03576552614696,
  "summary_wm_mean": 1000.3618995843439,
  "summary_wm_median": 1000.0491204857826,
  "summary_wm_n": 589607.0,
  "summary_wm_p05": 925.9941657073796,
  "summary_wm_p95": 1077.028914168477,
  "summary_wm_stdv": 46.19191063943273,
  "tpm_overlap_csf": 0.14612222211194165,
  "tpm_overlap_gm": 0.444400459373465,
  "tpm_overlap_wm": 0.4996854765063085,
  "wm2max": 0.8548401917041271
}