{
  "aor": 0.0013289809630459128,
  "aqi": 0.03356786494960806,
  "bids_meta": {
    "AcquisitionMatrixPE": 82,
    "AcquisitionNumber": 1,
    "AcquisitionTime": "10:20:27.740000",
    "BandwidthPerPixelPhaseEncode": 23.912,
    "BaseResolution": 82,
    "ConversionSoftware": "dcm2niix",
    "ConversionSoftwareVersion": "v1.0.20171215 Clang9.0.0",
    "DerivedVendorReportedEchoSpacing": 0.00051,
    "DeviceSerialNumber": "35451",
    "DwellTime": 2.2e-06,
    "EchoTime": 0.029,
    "EffectiveEchoSpacing": 0.00051,
    "FlipAngle": 44,
    "ImageComments": "Unaliased_MB8_PE3_(remote)",
    "ImageOrientationPatientDICOM": [
      1,
      0,
      0,
      0,
      0.945519,
      -0.325568
    ],
    "ImageType": [
      "ORIGINAL",
      "PRIMARY",
      "M",
      "MB",
      "ND",
      "NORM",
      "MOSAIC"
    ],
    "InPlanePhaseEncodingDirectionDICOM": "COL",
    "InstitutionAddress": "Exposition_Drive_1777_Boulder-_c0d8dc-_Denver_US_80301",
    "InstitutionName": "Intermountain_Neuroimaging_Consortium",
    "InstitutionalDepartmentName": "Department",
    "MRAcquisitionType": "2D",
    "MagneticFieldStrength": 3,
    "Manufacturer": "Siemens",
    "ManufacturersModelName": "TrioTim",
    "Modality": "MR",
    "MultibandAccelerationFactor": 8,
    "PartialFourier": 1,
    "PatientPosition": "HFS",
    "PercentPhaseFOV": 100,
    "PhaseEncodingDirection": "j",
    "PhaseEncodingSteps": 82,
    "PhaseResolution": 1,
    "PixelBandwidth": 2772,
    "ProcedureStepDescription": "VMITTAL_adaptcog_200068",
    "ProtocolName": "ritl_pa_32ch_mb8_v01_r02",
    "PulseSequenceDetails": "%CustomerSeq%_cmrr_mbep2d_bold",
    "ReceiveCoilName": "32Ch_Head",
    "ReconMatrixPE": 82,
    "RepetitionTime": 0.46,
    "SAR": 0.178105,
    "ScanOptions": "FS",
    "ScanningSequence": "EP",
    "SequenceName": "epfid2d1_82",
    "SequenceVariant": "SK_SS",
    "SeriesDescription": "ritl_pa_32ch_mb8_v01_r02",
    "SeriesNumber": 8,
    "ShimSetting": [
      6753,
      12645,
      -6744,
      470,
      257,
      245,
      -183,
      -50
    ],
    "SliceThickness": 3,
    "SliceTiming": [
      0,
      0.265,
      0.0675,
      0.33,
      0.1325,
      0.3975,
      0.1975,
      0,
      0.265,
      0.0675,
      0.33,
      0.1325,
      0.3975,
      0.1975,
      0,
      0.265,
      0.0675,
      0.33,
      0.1325,
      0.3975,
      0.1975,
      0,
      0.265,
      0.0675,
      0.33,
      0.1325,
      0.3975,
      0.1975,
      0,
      0.265,
      0.0675,
      0.33,
      0.1325,
      0.3975,
      0.1975,
      0,
      0.265,
      0.0675,
      0.33,
      0.1325,
      0.3975,
      0.1975,
      0,
      0.265,
      0.0675,
      0.33,
      0.1325,
      0.3975,
      0.1975,
      0,
      0.265,
      0.0675,
      0.33,
      0.1325,
      0.3975,
      0.1975
    ],
    "SoftwareVersions": "syngo_MR_B17",
    "SpacingBetweenSlices": 3,
    "StationName": "MRC35451",
    "TaskName": "ritl",
    "TotalReadoutTime": 0.04131,
    "TxRefAmp": 333.922,
    "acq_id": "MB",
    "dataset": "ds001371",
    "modality": "bold",
    "run_id": 2,
    "subject_id": "M80363038",
    "task_id": "ritl"
  },
  "dummy_trs": 1,
  "dvars_nstd": 33.72874917697309,
  "dvars_std": 1.095750410650224,
  "dvars_vstd": 0.983840027062779,
  "efc": 0.3808052209871903,
  "fber": 47314.19140625,
  "fd_mean": 0.21361157104422526,
  "fd_num": 289,
  "fd_perc": 32.36282194848824,
  "fwhm_avg": 1.7651359409229161,
  "fwhm_x": 1.6500218675288991,
  "fwhm_y": 1.8696892885731828,
  "fwhm_z": 1.7756966666666667,
  "gcor": 0.0135226,
  "gsr_x": -0.015520048327744007,
  "gsr_y": 0.02141399495303631,
  "provenance": {
    "md5sum": "3d15b28c13058d2e7584eddc1f9f5c52",
    "settings": {
      "fd_thres": 0.2,
      "testing": false
    },
    "software": "mriqc",
    "version": "22.0.6",
    "webapi_port": null,
    "webapi_url": "https://mriqc.nimh.nih.gov/api/v1"
  },
  "size_t": 893,
  "size_x": 82,
  "size_y": 82,
  "size_z": 56,
  "snr": 7.657033070121286,
  "spacing_tr": 0.46000000834465027,
  "spacing_x": 3.02439022064209,
  "spacing_y": 3.02439022064209,
  "spacing_z": 3.0,
  "summary_bg_k": 37.01014878856671,
  "summary_bg_mad": 1.5556533054814605,
  "summary_bg_mean": 6.883634090423584,
  "summary_bg_median": 1.1870101690292358,
  "summary_bg_n": 285928.0,
  "summary_bg_p05": 0.015677493065595627,
  "summary_bg_p95": 36.023854064941325,
  "summary_bg_stdv": 17.537517547607422,
  "summary_fg_k": 2.213454045803796,
  "summary_fg_mad": 29.585624080293734,
  "summary_fg_mean": 250.7852020263672,
  "summary_fg_median": 250.29452514648438,
  "summary_fg_n": 39320.0,
  "summary_fg_p05": 201.42480926513673,
  "summary_fg_p95": 304.5120025634765,
  "summary_fg_stdv": 32.68777084350586,
  "tsnr": 31.3459193543531
}